{
  "aor": 0.0005409677419354839,
  "aqi": 0.040286815770609316,
  "bids_meta": {
    "AccelFactPE": 2,
    "AcquisitionNumber": 1,
    "AcquisitionTime": "09:43:31.650000",
    "BandwidthPerPixelPhaseEncode": 22.321,
    "ConversionSoftware": "dcm2niix",
    "ConversionSoftwareVersion": "v1.0.20170724 (OpenJPEG build) GCC6.1.0",
    "DeviceSerialNumber": "35002",
    "EchoTime": 0.028,
    "EffectiveEchoSpacing": 0.000350007,
    "FlipAngle": 90,
    "ImageType": [
      "ORIGINAL",
      "PRIMARY",
      "M",
      "ND",
      "MOSAIC"
    ],
    "InstitutionAddress": "University_Pkwy_1700_North_685_Provo_FC28C0_UT_US_84601",
    "InstitutionName": "Brigham_Young_University",
    "MagneticFieldStrength": 3,
    "Manufacturer": "Siemens",
    "ManufacturersModelName": "TrioTim",
    "PhaseEncodingDirection": "j-",
    "PhaseEncodingLines": 128,
    "ProcedureStepDescription": "Research_KIRWAN",
    "ProtocolName": "12Chan_1.8x1.8x1.8_TR1900_29Slice",
    "RepetitionTime": 1.9,
    "ScanningSequence": "EP",
    "SequenceName": "epfid2d1_128",
    "SequenceVariant": "SK",
    "SeriesDescription": "12Chan_1.8x1.8x1.8_TR1900_29Slice",
    "SliceTiming": [
      0,
      0.9875,
      0.0675,
      1.0525,
      0.1325,
      1.1175,
      0.1975,
      1.185,
      0.2625,
      1.25,
      0.33,
      1.315,
      0.395,
      1.3825,
      0.46,
      1.4475,
      0.5275,
      1.5125,
      0.5925,
      1.58,
      0.6575,
      1.645,
      0.725,
      1.71,
      0.79,
      1.775,
      0.855,
      1.8425,
      0.9225
    ],
    "SoftwareVersions": "syngo_MR_B17",
    "TaskName": "MST",
    "TotalReadoutTime": 0.0437508,
    "TrueEchoSpacing": 0.000700013,
    "dataset": "ds003711",
    "modality": "bold",
    "run_id": 3,
    "subject_id": "19",
    "task_id": "MST"
  },
  "dummy_trs": 0,
  "dvars_nstd": 85.09145297597124,
  "dvars_std": 1.0190270071223027,
  "dvars_vstd": 0.9914602044244605,
  "efc": 0.6507375913442733,
  "fber": 87.54052734375,
  "fd_mean": 0.12980400125691471,
  "fd_num": 31,
  "fd_perc": 11.11111111111111,
  "fwhm_avg": 2.5038860033644617,
  "fwhm_x": 2.411922123893805,
  "fwhm_y": 2.6401302654867256,
  "fwhm_z": 2.459605620712853,
  "gcor": 0.00597671,
  "gsr_x": -0.03479642793536186,
  "gsr_y": 0.0768459215760231,
  "provenance": {
    "md5sum": "b1c3e2736a6a6d9bef37ae897112f601",
    "settings": {
      "fd_thres": 0.2,
      "testing": false
    },
    "software": "mriqc",
    "version": "22.0.0rc1",
    "webapi_port": null,
    "webapi_url": "https://mriqc.nimh.nih.gov/api/v1"
  },
  "size_t": 279,
  "size_x": 128,
  "size_y": 128,
  "size_z": 29,
  "snr": 4.292471535616139,
  "spacing_tr": 1.899999976158142,
  "spacing_x": 1.765625,
  "spacing_y": 1.765625,
  "spacing_z": 1.7999999523162842,
  "summary_bg_k": 18.180783362206157,
  "summary_bg_mad": 16.6859147248984,
  "summary_bg_mean": 116.1491928100586,
  "summary_bg_median": 83.34408569335938,
  "summary_bg_n": 310629.0,
  "summary_bg_p05": 67.7741928100586,
  "summary_bg_p95": 307.3641601562499,
  "summary_bg_stdv": 92.33258056640625,
  "summary_fg_k": 0.8823972044304149,
  "summary_fg_mad": 167.28696540319177,
  "summary_fg_mean": 799.2357788085938,
  "summary_fg_median": 790.6774291992188,
  "summary_fg_n": 94456.0,
  "summary_fg_p05": 515.2419281005859,
  "summary_fg_p95": 1113.1531982421875,
  "summary_fg_stdv": 184.1999969482422,
  "tsnr": 15.058419620152563
}