{
  "aor": 0.0007343010752688172,
  "aqi": 0.04262093655913979,
  "bids_meta": {
    "AccelFactPE": 2,
    "AcquisitionNumber": 1,
    "AcquisitionTime": "09:33:7.962500",
    "BandwidthPerPixelPhaseEncode": 22.321,
    "ConversionSoftware": "dcm2niix",
    "ConversionSoftwareVersion": "v1.0.20170724 (OpenJPEG build) GCC6.1.0",
    "DeviceSerialNumber": "35002",
    "EchoTime": 0.028,
    "EffectiveEchoSpacing": 0.000350007,
    "FlipAngle": 90,
    "ImageType": [
      "ORIGINAL",
      "PRIMARY",
      "M",
      "ND",
      "MOSAIC"
    ],
    "InstitutionAddress": "University_Pkwy_1700_North_685_Provo_FC28C0_UT_US_84601",
    "InstitutionName": "Brigham_Young_University",
    "MagneticFieldStrength": 3,
    "Manufacturer": "Siemens",
    "ManufacturersModelName": "TrioTim",
    "PhaseEncodingDirection": "j-",
    "PhaseEncodingLines": 128,
    "ProcedureStepDescription": "Research_KIRWAN",
    "ProtocolName": "12Chan_1.8x1.8x1.8_TR1900_29Slice",
    "RepetitionTime": 1.9,
    "ScanningSequence": "EP",
    "SequenceName": "epfid2d1_128",
    "SequenceVariant": "SK",
    "SeriesDescription": "12Chan_1.8x1.8x1.8_TR1900_29Slice",
    "SliceTiming": [
      0,
      0.985,
      0.065,
      1.0525,
      0.13,
      1.1175,
      0.1975,
      1.1825,
      0.2625,
      1.25,
      0.3275,
      1.315,
      0.395,
      1.38,
      0.46,
      1.4475,
      0.525,
      1.5125,
      0.5925,
      1.5775,
      0.6575,
      1.6425,
      0.7225,
      1.71,
      0.7875,
      1.775,
      0.855,
      1.84,
      0.92
    ],
    "SoftwareVersions": "syngo_MR_B17",
    "TaskName": "MST",
    "TotalReadoutTime": 0.0437508,
    "TrueEchoSpacing": 0.000700013,
    "dataset": "ds003711",
    "modality": "bold",
    "run_id": 2,
    "subject_id": "19",
    "task_id": "MST"
  },
  "dummy_trs": 0,
  "dvars_nstd": 83.68092889582734,
  "dvars_std": 1.016197745035971,
  "dvars_vstd": 0.9914253916187051,
  "efc": 0.6475203360253109,
  "fber": 90.61821746826172,
  "fd_mean": 0.14959756475574718,
  "fd_num": 45,
  "fd_perc": 16.129032258064516,
  "fwhm_avg": 2.4979124232368375,
  "fwhm_x": 2.44772814159292,
  "fwhm_y": 2.6966201769911504,
  "fwhm_z": 2.349388951126442,
  "gcor": 0.00693252,
  "gsr_x": -0.03384898975491524,
  "gsr_y": 0.07620476186275482,
  "provenance": {
    "md5sum": "c624f256cfaffc07ba251f7a982c4038",
    "settings": {
      "fd_thres": 0.2,
      "testing": false
    },
    "software": "mriqc",
    "version": "22.0.0rc1",
    "webapi_port": null,
    "webapi_url": "https://mriqc.nimh.nih.gov/api/v1"
  },
  "size_t": 279,
  "size_x": 128,
  "size_y": 128,
  "size_z": 29,
  "snr": 4.2599157736295,
  "spacing_tr": 1.899999976158142,
  "spacing_x": 1.765625,
  "spacing_y": 1.765625,
  "spacing_z": 1.7999999523162842,
  "summary_bg_k": 18.382522379407504,
  "summary_bg_mad": 15.70813838081224,
  "summary_bg_mean": 114.7601089477539,
  "summary_bg_median": 81.77777862548828,
  "summary_bg_n": 310501.0,
  "summary_bg_p05": 67.2078857421875,
  "summary_bg_p95": 305.1971435546875,
  "summary_bg_stdv": 92.7212905883789,
  "summary_fg_k": 0.907112641048498,
  "summary_fg_mad": 168.3577889720813,
  "summary_fg_mean": 800.6752319335938,
  "summary_fg_median": 791.3189697265625,
  "summary_fg_n": 94449.0,
  "summary_fg_p05": 516.3268676757813,
  "summary_fg_p95": 1117.2322753906249,
  "summary_fg_stdv": 185.75831604003906,
  "tsnr": 15.118188581254799
}