{
  "aor": 0.0006517921146953406,
  "aqi": 0.03741501254480287,
  "bids_meta": {
    "AccelFactPE": 2,
    "AcquisitionNumber": 1,
    "AcquisitionTime": "09:53:35.697500",
    "BandwidthPerPixelPhaseEncode": 22.321,
    "ConversionSoftware": "dcm2niix",
    "ConversionSoftwareVersion": "v1.0.20170724 (OpenJPEG build) GCC6.1.0",
    "DeviceSerialNumber": "35002",
    "EchoTime": 0.028,
    "EffectiveEchoSpacing": 0.000350007,
    "FlipAngle": 90,
    "ImageType": [
      "ORIGINAL",
      "PRIMARY",
      "M",
      "ND",
      "MOSAIC"
    ],
    "InstitutionAddress": "University_Pkwy_1700_North_685_Provo_FC28C0_UT_US_84601",
    "InstitutionName": "Brigham_Young_University",
    "MagneticFieldStrength": 3,
    "Manufacturer": "Siemens",
    "ManufacturersModelName": "TrioTim",
    "PhaseEncodingDirection": "j-",
    "PhaseEncodingLines": 128,
    "ProcedureStepDescription": "Research_KIRWAN",
    "ProtocolName": "12Chan_1.8x1.8x1.8_TR1900_29Slice",
    "RepetitionTime": 1.9,
    "ScanningSequence": "EP",
    "SequenceName": "epfid2d1_128",
    "SequenceVariant": "SK",
    "SeriesDescription": "12Chan_1.8x1.8x1.8_TR1900_29Slice",
    "SliceTiming": [
      0,
      0.985,
      0.065,
      1.0525,
      0.13,
      1.1175,
      0.1975,
      1.1825,
      0.2625,
      1.2475,
      0.3275,
      1.315,
      0.395,
      1.38,
      0.46,
      1.445,
      0.525,
      1.5125,
      0.59,
      1.5775,
      0.6575,
      1.6425,
      0.7225,
      1.71,
      0.7875,
      1.775,
      0.855,
      1.84,
      0.92
    ],
    "SoftwareVersions": "syngo_MR_B17",
    "TaskName": "MST",
    "TotalReadoutTime": 0.0437508,
    "TrueEchoSpacing": 0.000700013,
    "dataset": "ds003711",
    "modality": "bold",
    "run_id": 4,
    "subject_id": "19",
    "task_id": "MST"
  },
  "dummy_trs": 0,
  "dvars_nstd": 87.17855082989203,
  "dvars_std": 1.0346469694244602,
  "dvars_vstd": 1.0063683845683447,
  "efc": 0.6541528124300788,
  "fber": 84.56834411621094,
  "fd_mean": 0.11563044475413234,
  "fd_num": 11,
  "fd_perc": 3.942652329749104,
  "fwhm_avg": 2.4805018310834854,
  "fwhm_x": 2.3747568141592916,
  "fwhm_y": 2.593381946902655,
  "fwhm_z": 2.4733667321885093,
  "gcor": 0.00660688,
  "gsr_x": -0.03518464416265488,
  "gsr_y": 0.07927607744932175,
  "provenance": {
    "md5sum": "848a5aa0af1cf253d3dcc156e3084875",
    "settings": {
      "fd_thres": 0.2,
      "testing": false
    },
    "software": "mriqc",
    "version": "22.0.0rc1",
    "webapi_port": null,
    "webapi_url": "https://mriqc.nimh.nih.gov/api/v1"
  },
  "size_t": 279,
  "size_x": 128,
  "size_y": 128,
  "size_z": 29,
  "snr": 4.287536149871418,
  "spacing_tr": 1.899999976158142,
  "spacing_x": 1.765625,
  "spacing_y": 1.765625,
  "spacing_z": 1.7999999523162842,
  "summary_bg_k": 18.175097575935332,
  "summary_bg_mad": 18.01441101212257,
  "summary_bg_mean": 117.78633117675781,
  "summary_bg_median": 84.8100357055664,
  "summary_bg_n": 310489.0,
  "summary_bg_p05": 68.54122161865234,
  "summary_bg_p95": 309.11828002929644,
  "summary_bg_stdv": 92.84230041503906,
  "summary_fg_k": 0.896803954707118,
  "summary_fg_mad": 164.79466619041824,
  "summary_fg_mean": 795.26611328125,
  "summary_fg_median": 787.2491455078125,
  "summary_fg_n": 94558.0,
  "summary_fg_p05": 511.7605743408203,
  "summary_fg_p95": 1108.428125,
  "summary_fg_stdv": 183.61244201660156,
  "tsnr": 15.368104089051485
}