{
  "aor": 0.00026756272401433687,
  "aqi": 0.036003306451612906,
  "bids_meta": {
    "AccelFactPE": 2,
    "AcquisitionNumber": 1,
    "AcquisitionTime": "09:20:42.797500",
    "BandwidthPerPixelPhaseEncode": 22.321,
    "ConversionSoftware": "dcm2niix",
    "ConversionSoftwareVersion": "v1.0.20170724 (OpenJPEG build) GCC6.1.0",
    "DeviceSerialNumber": "35002",
    "EchoTime": 0.028,
    "EffectiveEchoSpacing": 0.000350007,
    "FlipAngle": 90,
    "ImageType": [
      "ORIGINAL",
      "PRIMARY",
      "M",
      "ND",
      "MOSAIC"
    ],
    "InstitutionAddress": "University_Pkwy_1700_North_685_Provo_FC28C0_UT_US_84601",
    "InstitutionName": "Brigham_Young_University",
    "MagneticFieldStrength": 3,
    "Manufacturer": "Siemens",
    "ManufacturersModelName": "TrioTim",
    "PhaseEncodingDirection": "j-",
    "PhaseEncodingLines": 128,
    "ProcedureStepDescription": "Research_KIRWAN",
    "ProtocolName": "12Chan_1.8x1.8x1.8_TR1900_29Slice",
    "RepetitionTime": 1.9,
    "ScanningSequence": "EP",
    "SequenceName": "epfid2d1_128",
    "SequenceVariant": "SK",
    "SeriesDescription": "12Chan_1.8x1.8x1.8_TR1900_29Slice",
    "SliceTiming": [
      0,
      0.9875,
      0.065,
      1.0525,
      0.1325,
      1.1175,
      0.1975,
      1.1825,
      0.2625,
      1.25,
      0.3275,
      1.315,
      0.395,
      1.38,
      0.46,
      1.4475,
      0.525,
      1.5125,
      0.5925,
      1.5775,
      0.6575,
      1.645,
      0.7225,
      1.71,
      0.79,
      1.775,
      0.855,
      1.84,
      0.92
    ],
    "SoftwareVersions": "syngo_MR_B17",
    "TaskName": "MST",
    "TotalReadoutTime": 0.0437508,
    "TrueEchoSpacing": 0.000700013,
    "dataset": "ds003711",
    "modality": "bold",
    "run_id": 1,
    "subject_id": "15",
    "task_id": "MST"
  },
  "dummy_trs": 0,
  "dvars_nstd": 71.10096194586328,
  "dvars_std": 1.0199517766546762,
  "dvars_vstd": 0.9935997699280574,
  "efc": 0.6144150730593009,
  "fber": 122.82401275634766,
  "fd_mean": 0.13350571758500937,
  "fd_num": 29,
  "fd_perc": 10.394265232974911,
  "fwhm_avg": 2.444609127845571,
  "fwhm_x": 2.311906548672566,
  "fwhm_y": 2.4586874336283184,
  "fwhm_z": 2.5632334012358293,
  "gcor": 0.00811777,
  "gsr_x": -0.012130111455917358,
  "gsr_y": 0.023158669471740723,
  "provenance": {
    "md5sum": "bdad08f8b185e8dd900a62a3ec7aeb7c",
    "settings": {
      "fd_thres": 0.2,
      "testing": false
    },
    "software": "mriqc",
    "version": "22.0.0rc1",
    "webapi_port": null,
    "webapi_url": "https://mriqc.nimh.nih.gov/api/v1"
  },
  "size_t": 279,
  "size_x": 128,
  "size_y": 128,
  "size_z": 29,
  "snr": 4.720384217203514,
  "spacing_tr": 1.899999976158142,
  "spacing_x": 1.765625,
  "spacing_y": 1.765625,
  "spacing_z": 1.7999999523162842,
  "summary_bg_k": 25.376749920002304,
  "summary_bg_mad": 11.324105157515394,
  "summary_bg_mean": 95.10771179199219,
  "summary_bg_median": 75.6451644897461,
  "summary_bg_n": 314819.0,
  "summary_bg_p05": 64.4731216430664,
  "summary_bg_p95": 204.3555587768553,
  "summary_bg_stdv": 60.73356628417969,
  "summary_fg_k": 0.7119802224976968,
  "summary_fg_mad": 166.39155836265752,
  "summary_fg_mean": 852.8057250976562,
  "summary_fg_median": 845.367431640625,
  "summary_fg_n": 92460.0,
  "summary_fg_p05": 575.6342193603516,
  "summary_fg_p95": 1155.2990966796876,
  "summary_fg_stdv": 179.0877227783203,
  "tsnr": 18.150468762614764
}