{
  "aor": 0.0002745519713261649,
  "aqi": 0.0497681605734767,
  "bids_meta": {
    "AccelFactPE": 2,
    "AcquisitionNumber": 1,
    "AcquisitionTime": "10:02:1.820000",
    "BandwidthPerPixelPhaseEncode": 22.321,
    "ConversionSoftware": "dcm2niix",
    "ConversionSoftwareVersion": "v1.0.20170724 (OpenJPEG build) GCC6.1.0",
    "DeviceSerialNumber": "35002",
    "EchoTime": 0.028,
    "EffectiveEchoSpacing": 0.000350007,
    "FlipAngle": 90,
    "ImageType": [
      "ORIGINAL",
      "PRIMARY",
      "M",
      "ND",
      "MOSAIC"
    ],
    "InstitutionAddress": "University_Pkwy_1700_North_685_Provo_FC28C0_UT_US_84601",
    "InstitutionName": "Brigham_Young_University",
    "MagneticFieldStrength": 3,
    "Manufacturer": "Siemens",
    "ManufacturersModelName": "TrioTim",
    "PhaseEncodingDirection": "j-",
    "PhaseEncodingLines": 128,
    "ProcedureStepDescription": "Research_KIRWAN",
    "ProtocolName": "12Chan_1.8x1.8x1.8_TR1900_29Slice",
    "RepetitionTime": 1.9,
    "ScanningSequence": "EP",
    "SequenceName": "epfid2d1_128",
    "SequenceVariant": "SK",
    "SeriesDescription": "12Chan_1.8x1.8x1.8_TR1900_29Slice",
    "SliceTiming": [
      0,
      0.985,
      0.065,
      1.05,
      0.13,
      1.1175,
      0.195,
      1.1825,
      0.2625,
      1.2475,
      0.3275,
      1.315,
      0.3925,
      1.38,
      0.46,
      1.445,
      0.525,
      1.5125,
      0.59,
      1.5775,
      0.6575,
      1.6425,
      0.7225,
      1.7075,
      0.7875,
      1.775,
      0.855,
      1.84,
      0.92
    ],
    "SoftwareVersions": "syngo_MR_B17",
    "TaskName": "MST",
    "TotalReadoutTime": 0.0437508,
    "TrueEchoSpacing": 0.000700013,
    "dataset": "ds003711",
    "modality": "bold",
    "run_id": 5,
    "subject_id": "15",
    "task_id": "MST"
  },
  "dummy_trs": 0,
  "dvars_nstd": 88.35573704147487,
  "dvars_std": 1.0278462074100714,
  "dvars_vstd": 1.0015923987410078,
  "efc": 0.6358250192603524,
  "fber": 90.62075805664062,
  "fd_mean": 0.15482580538215263,
  "fd_num": 70,
  "fd_perc": 25.089605734767026,
  "fwhm_avg": 2.4002034794639093,
  "fwhm_x": 2.3011794690265486,
  "fwhm_y": 2.455436460176991,
  "fwhm_z": 2.4439945091881885,
  "gcor": 0.00613119,
  "gsr_x": -0.01688024215400219,
  "gsr_y": 0.03337959945201874,
  "provenance": {
    "md5sum": "06d0ec4637dd37fbaff599078632a89c",
    "settings": {
      "fd_thres": 0.2,
      "testing": false
    },
    "software": "mriqc",
    "version": "22.0.0rc1",
    "webapi_port": null,
    "webapi_url": "https://mriqc.nimh.nih.gov/api/v1"
  },
  "size_t": 279,
  "size_x": 128,
  "size_y": 128,
  "size_z": 29,
  "snr": 4.736206485345456,
  "spacing_tr": 1.899999976158142,
  "spacing_x": 1.765625,
  "spacing_y": 1.765625,
  "spacing_z": 1.7999999523162842,
  "summary_bg_k": 28.05345748890777,
  "summary_bg_mad": 19.236625786551638,
  "summary_bg_mean": 105.41299438476562,
  "summary_bg_median": 87.34408569335938,
  "summary_bg_n": 312752.0,
  "summary_bg_p05": 68.20071411132812,
  "summary_bg_p95": 212.86953048706087,
  "summary_bg_stdv": 61.25641632080078,
  "summary_fg_k": 0.7190009190734532,
  "summary_fg_mad": 163.77705124606982,
  "summary_fg_mean": 843.6914672851562,
  "summary_fg_median": 838.521484375,
  "summary_fg_n": 94406.0,
  "summary_fg_p05": 565.7545013427734,
  "summary_fg_p95": 1142.2732849121094,
  "summary_fg_stdv": 177.0440216064453,
  "tsnr": 15.311844662297517
}