{
  "aor": 0.00027408602150537636,
  "aqi": 0.038682773476702514,
  "bids_meta": {
    "AccelFactPE": 2,
    "AcquisitionNumber": 1,
    "AcquisitionTime": "09:39:11.697500",
    "BandwidthPerPixelPhaseEncode": 22.321,
    "ConversionSoftware": "dcm2niix",
    "ConversionSoftwareVersion": "v1.0.20170724 (OpenJPEG build) GCC6.1.0",
    "DeviceSerialNumber": "35002",
    "EchoTime": 0.028,
    "EffectiveEchoSpacing": 0.000350007,
    "FlipAngle": 90,
    "ImageType": [
      "ORIGINAL",
      "PRIMARY",
      "M",
      "ND",
      "MOSAIC"
    ],
    "InstitutionAddress": "University_Pkwy_1700_North_685_Provo_FC28C0_UT_US_84601",
    "InstitutionName": "Brigham_Young_University",
    "MagneticFieldStrength": 3,
    "Manufacturer": "Siemens",
    "ManufacturersModelName": "TrioTim",
    "PhaseEncodingDirection": "j-",
    "PhaseEncodingLines": 128,
    "ProcedureStepDescription": "Research_KIRWAN",
    "ProtocolName": "12Chan_1.8x1.8x1.8_TR1900_29Slice",
    "RepetitionTime": 1.9,
    "ScanningSequence": "EP",
    "SequenceName": "epfid2d1_128",
    "SequenceVariant": "SK",
    "SeriesDescription": "12Chan_1.8x1.8x1.8_TR1900_29Slice",
    "SliceTiming": [
      0,
      0.9875,
      0.0675,
      1.0525,
      0.1325,
      1.1175,
      0.1975,
      1.185,
      0.2625,
      1.25,
      0.33,
      1.315,
      0.395,
      1.3825,
      0.46,
      1.4475,
      0.5275,
      1.5125,
      0.5925,
      1.58,
      0.6575,
      1.645,
      0.725,
      1.71,
      0.79,
      1.7775,
      0.855,
      1.8425,
      0.9225
    ],
    "SoftwareVersions": "syngo_MR_B17",
    "TaskName": "MST",
    "TotalReadoutTime": 0.0437508,
    "TrueEchoSpacing": 0.000700013,
    "dataset": "ds003711",
    "modality": "bold",
    "run_id": 2,
    "subject_id": "48",
    "task_id": "MST"
  },
  "dummy_trs": 0,
  "dvars_nstd": 84.01075423532372,
  "dvars_std": 1.0246566743884893,
  "dvars_vstd": 1.0045496408273378,
  "efc": 0.6294071999600096,
  "fber": 92.90391540527344,
  "fd_mean": 0.06490450260634091,
  "fd_num": 3,
  "fd_perc": 1.075268817204301,
  "fwhm_avg": 2.4629722874814592,
  "fwhm_x": 2.2985798230088497,
  "fwhm_y": 2.5252814159292036,
  "fwhm_z": 2.565055623506324,
  "gcor": 0.00465733,
  "gsr_x": -0.022385144606232643,
  "gsr_y": 0.03718892112374306,
  "provenance": {
    "md5sum": "f4feaeceb732b79341be8e2ef3310a84",
    "settings": {
      "fd_thres": 0.2,
      "testing": false
    },
    "software": "mriqc",
    "version": "22.0.0rc1",
    "webapi_port": null,
    "webapi_url": "https://mriqc.nimh.nih.gov/api/v1"
  },
  "size_t": 279,
  "size_x": 128,
  "size_y": 128,
  "size_z": 29,
  "snr": 4.403291959989146,
  "spacing_tr": 1.899999976158142,
  "spacing_x": 1.765625,
  "spacing_y": 1.765625,
  "spacing_z": 1.7999999523162842,
  "summary_bg_k": 26.964102470588333,
  "summary_bg_mad": 15.357429749031493,
  "summary_bg_mean": 102.71536254882812,
  "summary_bg_median": 80.92115020751953,
  "summary_bg_n": 322865.0,
  "summary_bg_p05": 66.83870697021484,
  "summary_bg_p95": 218.23225402832028,
  "summary_bg_stdv": 68.4332046508789,
  "summary_fg_k": 1.0953184564868215,
  "summary_fg_mad": 155.7555796239256,
  "summary_fg_mean": 794.7295532226562,
  "summary_fg_median": 787.630859375,
  "summary_fg_n": 84846.0,
  "summary_fg_p05": 505.1729507446289,
  "summary_fg_p95": 1097.9229125976562,
  "summary_fg_stdv": 178.87213134765625,
  "tsnr": 16.240801348001696
}