{
  "aor": 0.00035419354838709673,
  "aqi": 0.05794503082437276,
  "bids_meta": {
    "AccelFactPE": 2,
    "AcquisitionNumber": 1,
    "AcquisitionTime": "16:54:44.122500",
    "BandwidthPerPixelPhaseEncode": 22.321,
    "ConversionSoftware": "dcm2niix",
    "ConversionSoftwareVersion": "v1.0.20170724 (OpenJPEG build) GCC6.1.0",
    "DeviceSerialNumber": "35002",
    "EchoTime": 0.028,
    "EffectiveEchoSpacing": 0.000350007,
    "FlipAngle": 90,
    "ImageType": [
      "ORIGINAL",
      "PRIMARY",
      "M",
      "ND",
      "MOSAIC"
    ],
    "InstitutionAddress": "University_Pkwy_1700_North_685_Provo_FC28C0_UT_US_84601",
    "InstitutionName": "Brigham_Young_University",
    "MagneticFieldStrength": 3,
    "Manufacturer": "Siemens",
    "ManufacturersModelName": "TrioTim",
    "PhaseEncodingDirection": "j-",
    "PhaseEncodingLines": 128,
    "ProcedureStepDescription": "Research_KIRWAN",
    "ProtocolName": "12Chan_1.8x1.8x1.8_TR1900_29Slice",
    "RepetitionTime": 1.9,
    "ScanningSequence": "EP",
    "SequenceName": "epfid2d1_128",
    "SequenceVariant": "SK",
    "SeriesDescription": "12Chan_1.8x1.8x1.8_TR1900_29Slice",
    "SliceTiming": [
      0,
      0.9875,
      0.065,
      1.0525,
      0.1325,
      1.1175,
      0.1975,
      1.185,
      0.2625,
      1.25,
      0.33,
      1.315,
      0.395,
      1.38,
      0.46,
      1.4475,
      0.525,
      1.5125,
      0.5925,
      1.5775,
      0.6575,
      1.645,
      0.7225,
      1.71,
      0.79,
      1.775,
      0.855,
      1.8425,
      0.92
    ],
    "SoftwareVersions": "syngo_MR_B17",
    "TaskName": "MST",
    "TotalReadoutTime": 0.0437508,
    "TrueEchoSpacing": 0.000700013,
    "dataset": "ds003711",
    "modality": "bold",
    "run_id": 2,
    "subject_id": "04",
    "task_id": "MST"
  },
  "dummy_trs": 0,
  "dvars_nstd": 91.00035762089931,
  "dvars_std": 1.0237677661151081,
  "dvars_vstd": 0.984805813093525,
  "efc": 0.6664355233770279,
  "fber": 76.22740173339844,
  "fd_mean": 0.11802622079505153,
  "fd_num": 21,
  "fd_perc": 7.526881720430108,
  "fwhm_avg": 2.2668794709061015,
  "fwhm_x": 2.2195483185840708,
  "fwhm_y": 2.5123511504424783,
  "fwhm_z": 2.0687389436917556,
  "gcor": 0.00296903,
  "gsr_x": -0.030710870400071144,
  "gsr_y": 0.07467684149742126,
  "provenance": {
    "md5sum": "c3bd6d156fd9ada31aeed1b11f3c07e6",
    "settings": {
      "fd_thres": 0.2,
      "testing": false
    },
    "software": "mriqc",
    "version": "22.0.0rc1",
    "webapi_port": null,
    "webapi_url": "https://mriqc.nimh.nih.gov/api/v1"
  },
  "size_t": 279,
  "size_x": 128,
  "size_y": 128,
  "size_z": 29,
  "snr": 4.445428847795133,
  "spacing_tr": 1.899999976158142,
  "spacing_x": 1.765625,
  "spacing_y": 1.765625,
  "spacing_z": 1.7999999523162842,
  "summary_bg_k": 18.324454142762633,
  "summary_bg_mad": 18.26417709173394,
  "summary_bg_mean": 127.46343231201172,
  "summary_bg_median": 90.76344299316406,
  "summary_bg_n": 303022.0,
  "summary_bg_p05": 73.752685546875,
  "summary_bg_p95": 345.08549041748057,
  "summary_bg_stdv": 105.88008117675781,
  "summary_fg_k": 1.4590188369633825,
  "summary_fg_mad": 149.9102321564825,
  "summary_fg_mean": 809.4161987304688,
  "summary_fg_median": 795.9121704101562,
  "summary_fg_n": 103626.0,
  "summary_fg_p05": 547.5869140625,
  "summary_fg_p95": 1127.0985717773438,
  "summary_fg_stdv": 179.0397186279297,
  "tsnr": 14.304137780796736
}