{
  "aor": 0.0019355555555555558,
  "aqi": 0.06464003261648744,
  "bids_meta": {
    "AccelFactPE": 2,
    "AcquisitionNumber": 1,
    "AcquisitionTime": "17:24:36.497500",
    "BandwidthPerPixelPhaseEncode": 22.321,
    "ConversionSoftware": "dcm2niix",
    "ConversionSoftwareVersion": "v1.0.20170724 (OpenJPEG build) GCC6.1.0",
    "DeviceSerialNumber": "35002",
    "EchoTime": 0.028,
    "EffectiveEchoSpacing": 0.000350007,
    "FlipAngle": 90,
    "ImageType": [
      "ORIGINAL",
      "PRIMARY",
      "M",
      "ND",
      "MOSAIC"
    ],
    "InstitutionAddress": "University_Pkwy_1700_North_685_Provo_FC28C0_UT_US_84601",
    "InstitutionName": "Brigham_Young_University",
    "MagneticFieldStrength": 3,
    "Manufacturer": "Siemens",
    "ManufacturersModelName": "TrioTim",
    "PhaseEncodingDirection": "j-",
    "PhaseEncodingLines": 128,
    "ProcedureStepDescription": "Research_KIRWAN",
    "ProtocolName": "12Chan_1.8x1.8x1.8_TR1900_29Slice",
    "RepetitionTime": 1.9,
    "ScanningSequence": "EP",
    "SequenceName": "epfid2d1_128",
    "SequenceVariant": "SK",
    "SeriesDescription": "12Chan_1.8x1.8x1.8_TR1900_29Slice",
    "SliceTiming": [
      0,
      0.9875,
      0.0675,
      1.0525,
      0.1325,
      1.1175,
      0.1975,
      1.185,
      0.265,
      1.25,
      0.33,
      1.315,
      0.395,
      1.3825,
      0.46,
      1.4475,
      0.5275,
      1.5125,
      0.5925,
      1.58,
      0.6575,
      1.645,
      0.725,
      1.71,
      0.79,
      1.7775,
      0.855,
      1.8425,
      0.9225
    ],
    "SoftwareVersions": "syngo_MR_B17",
    "TaskName": "MST",
    "TotalReadoutTime": 0.0437508,
    "TrueEchoSpacing": 0.000700013,
    "dataset": "ds003711",
    "modality": "bold",
    "run_id": 5,
    "subject_id": "04",
    "task_id": "MST"
  },
  "dummy_trs": 0,
  "dvars_nstd": 95.16560319888487,
  "dvars_std": 1.0594801560431661,
  "dvars_vstd": 1.0383178853956825,
  "efc": 0.672536586611891,
  "fber": 73.91133880615234,
  "fd_mean": 0.1420962497453497,
  "fd_num": 35,
  "fd_perc": 12.544802867383513,
  "fwhm_avg": 2.2789495086697964,
  "fwhm_x": 2.1479985840707965,
  "fwhm_y": 2.4264665486725665,
  "fwhm_z": 2.2623833932660258,
  "gcor": 0.00842644,
  "gsr_x": -0.026322929188609123,
  "gsr_y": 0.06651244312524796,
  "provenance": {
    "md5sum": "ccd5d4f09dd57e2d1e4b7f17eab737f1",
    "settings": {
      "fd_thres": 0.2,
      "testing": false
    },
    "software": "mriqc",
    "version": "22.0.0rc1",
    "webapi_port": null,
    "webapi_url": "https://mriqc.nimh.nih.gov/api/v1"
  },
  "size_t": 279,
  "size_x": 128,
  "size_y": 128,
  "size_z": 29,
  "snr": 4.529968564366656,
  "spacing_tr": 1.899999976158142,
  "spacing_x": 1.765625,
  "spacing_y": 1.765625,
  "spacing_z": 1.7999999523162842,
  "summary_bg_k": 21.429770777233717,
  "summary_bg_mad": 18.67867046709191,
  "summary_bg_mean": 127.33284759521484,
  "summary_bg_median": 92.4552001953125,
  "summary_bg_n": 298409.0,
  "summary_bg_p05": 75.36200714111328,
  "summary_bg_p95": 331.4408691406233,
  "summary_bg_stdv": 103.24407196044922,
  "summary_fg_k": 1.395217567651323,
  "summary_fg_mad": 149.78006105715878,
  "summary_fg_mean": 810.8302612304688,
  "summary_fg_median": 800.34228515625,
  "summary_fg_n": 105722.0,
  "summary_fg_p05": 542.2752685546875,
  "summary_fg_p95": 1115.9241455078125,
  "summary_fg_stdv": 176.6763916015625,
  "tsnr": 13.688484283629805
}