{
  "aor": 0.0003089605734767025,
  "aqi": 0.0387187394265233,
  "bids_meta": {
    "AccelFactPE": 2,
    "AcquisitionNumber": 1,
    "AcquisitionTime": "15:28:35.490000",
    "BandwidthPerPixelPhaseEncode": 22.321,
    "ConversionSoftware": "dcm2niix",
    "ConversionSoftwareVersion": "v1.0.20170724 (OpenJPEG build) GCC6.1.0",
    "DeviceSerialNumber": "35002",
    "EchoTime": 0.028,
    "EffectiveEchoSpacing": 0.000350007,
    "FlipAngle": 90,
    "ImageType": [
      "ORIGINAL",
      "PRIMARY",
      "M",
      "ND",
      "MOSAIC"
    ],
    "InstitutionAddress": "University_Pkwy_1700_North_685_Provo_FC28C0_UT_US_84601",
    "InstitutionName": "Brigham_Young_University",
    "MagneticFieldStrength": 3,
    "Manufacturer": "Siemens",
    "ManufacturersModelName": "TrioTim",
    "PhaseEncodingDirection": "j-",
    "PhaseEncodingLines": 128,
    "ProcedureStepDescription": "Research_KIRWAN",
    "ProtocolName": "12Chan_1.8x1.8x1.8_TR1900_29Slice",
    "RepetitionTime": 1.9,
    "ScanningSequence": "EP",
    "SequenceName": "epfid2d1_128",
    "SequenceVariant": "SK",
    "SeriesDescription": "12Chan_1.8x1.8x1.8_TR1900_29Slice",
    "SliceTiming": [
      0,
      0.985,
      0.065,
      1.0525,
      0.13,
      1.1175,
      0.1975,
      1.1825,
      0.2625,
      1.25,
      0.3275,
      1.315,
      0.395,
      1.38,
      0.46,
      1.4475,
      0.525,
      1.5125,
      0.5925,
      1.5775,
      0.6575,
      1.6425,
      0.7225,
      1.71,
      0.79,
      1.775,
      0.855,
      1.84,
      0.92
    ],
    "SoftwareVersions": "syngo_MR_B17",
    "TaskName": "MST",
    "TotalReadoutTime": 0.0437508,
    "TrueEchoSpacing": 0.000700013,
    "dataset": "ds003711",
    "modality": "bold",
    "run_id": 4,
    "subject_id": "33",
    "task_id": "MST"
  },
  "dummy_trs": 0,
  "dvars_nstd": 87.58335722784176,
  "dvars_std": 1.0220054044604319,
  "dvars_vstd": 1.0060170028057562,
  "efc": 0.6638190478257145,
  "fber": 75.05819702148438,
  "fd_mean": 0.08649218128144662,
  "fd_num": 4,
  "fd_perc": 1.4336917562724014,
  "fwhm_avg": 2.4466467313747446,
  "fwhm_x": 2.299491681415929,
  "fwhm_y": 2.537809557522124,
  "fwhm_z": 2.50263895518618,
  "gcor": 0.00569789,
  "gsr_x": -0.02149537205696106,
  "gsr_y": 0.062288325279951096,
  "provenance": {
    "md5sum": "f318b2247517b26aea907f59a721d013",
    "settings": {
      "fd_thres": 0.2,
      "testing": false
    },
    "software": "mriqc",
    "version": "22.0.0rc1",
    "webapi_port": null,
    "webapi_url": "https://mriqc.nimh.nih.gov/api/v1"
  },
  "size_t": 279,
  "size_x": 128,
  "size_y": 128,
  "size_z": 29,
  "snr": 4.3007678898034785,
  "spacing_tr": 1.899999976158142,
  "spacing_x": 1.765625,
  "spacing_y": 1.765625,
  "spacing_z": 1.7999999523162842,
  "summary_bg_k": 29.484086595258525,
  "summary_bg_mad": 19.188812679422554,
  "summary_bg_mean": 117.45384979248047,
  "summary_bg_median": 90.54122161865234,
  "summary_bg_n": 299896.0,
  "summary_bg_p05": 72.8844108581543,
  "summary_bg_p95": 261.6057434082031,
  "summary_bg_stdv": 84.01751708984375,
  "summary_fg_k": 1.069341626014154,
  "summary_fg_mad": 163.85152522225573,
  "summary_fg_mean": 804.1163940429688,
  "summary_fg_median": 797.8494873046875,
  "summary_fg_n": 100904.0,
  "summary_fg_p05": 508.82652282714844,
  "summary_fg_p95": 1116.1643676757812,
  "summary_fg_stdv": 185.51234436035156,
  "tsnr": 15.440287721692584
}