{
  "aor": 0.00029784946236559144,
  "aqi": 0.03791667240143368,
  "bids_meta": {
    "AccelFactPE": 2,
    "AcquisitionNumber": 1,
    "AcquisitionTime": "15:18:27.540000",
    "BandwidthPerPixelPhaseEncode": 22.321,
    "ConversionSoftware": "dcm2niix",
    "ConversionSoftwareVersion": "v1.0.20170724 (OpenJPEG build) GCC6.1.0",
    "DeviceSerialNumber": "35002",
    "EchoTime": 0.028,
    "EffectiveEchoSpacing": 0.000350007,
    "FlipAngle": 90,
    "ImageType": [
      "ORIGINAL",
      "PRIMARY",
      "M",
      "ND",
      "MOSAIC"
    ],
    "InstitutionAddress": "University_Pkwy_1700_North_685_Provo_FC28C0_UT_US_84601",
    "InstitutionName": "Brigham_Young_University",
    "MagneticFieldStrength": 3,
    "Manufacturer": "Siemens",
    "ManufacturersModelName": "TrioTim",
    "PhaseEncodingDirection": "j-",
    "PhaseEncodingLines": 128,
    "ProcedureStepDescription": "Research_KIRWAN",
    "ProtocolName": "12Chan_1.8x1.8x1.8_TR1900_29Slice",
    "RepetitionTime": 1.9,
    "ScanningSequence": "EP",
    "SequenceName": "epfid2d1_128",
    "SequenceVariant": "SK",
    "SeriesDescription": "12Chan_1.8x1.8x1.8_TR1900_29Slice",
    "SliceTiming": [
      0,
      0.9875,
      0.065,
      1.0525,
      0.1325,
      1.1175,
      0.1975,
      1.1825,
      0.2625,
      1.25,
      0.3275,
      1.315,
      0.395,
      1.38,
      0.46,
      1.4475,
      0.525,
      1.5125,
      0.5925,
      1.5775,
      0.6575,
      1.645,
      0.7225,
      1.71,
      0.79,
      1.775,
      0.855,
      1.84,
      0.92
    ],
    "SoftwareVersions": "syngo_MR_B17",
    "TaskName": "MST",
    "TotalReadoutTime": 0.0437508,
    "TrueEchoSpacing": 0.000700013,
    "dataset": "ds003711",
    "modality": "bold",
    "run_id": 3,
    "subject_id": "33",
    "task_id": "MST"
  },
  "dummy_trs": 0,
  "dvars_nstd": 87.08394891766187,
  "dvars_std": 1.0228667626259003,
  "dvars_vstd": 1.005914449532374,
  "efc": 0.6631573555144215,
  "fber": 75.99492645263672,
  "fd_mean": 0.08335548966563318,
  "fd_num": 2,
  "fd_perc": 0.7168458781362007,
  "fwhm_avg": 2.4771072922356967,
  "fwhm_x": 2.3185953982300886,
  "fwhm_y": 2.566037522123894,
  "fwhm_z": 2.546688956353107,
  "gcor": 0.00565429,
  "gsr_x": -0.021123696118593216,
  "gsr_y": 0.06308519095182419,
  "provenance": {
    "md5sum": "402344484786b5e577842f5e7ebbf597",
    "settings": {
      "fd_thres": 0.2,
      "testing": false
    },
    "software": "mriqc",
    "version": "22.0.0rc1",
    "webapi_port": null,
    "webapi_url": "https://mriqc.nimh.nih.gov/api/v1"
  },
  "size_t": 279,
  "size_x": 128,
  "size_y": 128,
  "size_z": 29,
  "snr": 4.2841816752194655,
  "spacing_tr": 1.899999976158142,
  "spacing_x": 1.765625,
  "spacing_y": 1.765625,
  "spacing_z": 1.7999999523162842,
  "summary_bg_k": 30.657570699798747,
  "summary_bg_mad": 19.11972290929139,
  "summary_bg_mean": 116.26066589355469,
  "summary_bg_median": 90.06809997558594,
  "summary_bg_n": 298716.0,
  "summary_bg_p05": 72.75985717773438,
  "summary_bg_p95": 256.1272506713867,
  "summary_bg_stdv": 82.76615142822266,
  "summary_fg_k": 1.0478857929273842,
  "summary_fg_mad": 164.1065284602775,
  "summary_fg_mean": 804.2989501953125,
  "summary_fg_median": 799.258056640625,
  "summary_fg_n": 101307.0,
  "summary_fg_p05": 503.9254455566406,
  "summary_fg_p95": 1116.0064575195313,
  "summary_fg_stdv": 186.55934143066406,
  "tsnr": 15.615445944014937
}