{
  "aor": 0.0003487813620071685,
  "aqi": 0.03481171935483871,
  "bids_meta": {
    "AccelFactPE": 2,
    "AcquisitionNumber": 1,
    "AcquisitionTime": "07:53:19.715000",
    "BandwidthPerPixelPhaseEncode": 22.321,
    "ConversionSoftware": "dcm2niix",
    "ConversionSoftwareVersion": "v1.0.20170724 (OpenJPEG build) GCC6.1.0",
    "DeviceSerialNumber": "35002",
    "EchoTime": 0.028,
    "EffectiveEchoSpacing": 0.000350007,
    "FlipAngle": 90,
    "ImageType": [
      "ORIGINAL",
      "PRIMARY",
      "M",
      "ND",
      "MOSAIC"
    ],
    "InstitutionAddress": "University_Pkwy_1700_North_685_Provo_FC28C0_UT_US_84601",
    "InstitutionName": "Brigham_Young_University",
    "MagneticFieldStrength": 3,
    "Manufacturer": "Siemens",
    "ManufacturersModelName": "TrioTim",
    "PhaseEncodingDirection": "j-",
    "PhaseEncodingLines": 128,
    "ProcedureStepDescription": "Research_KIRWAN",
    "ProtocolName": "12Chan_1.8x1.8x1.8_TR1900_29Slice",
    "RepetitionTime": 1.9,
    "ScanningSequence": "EP",
    "SequenceName": "epfid2d1_128",
    "SequenceVariant": "SK",
    "SeriesDescription": "12Chan_1.8x1.8x1.8_TR1900_29Slice",
    "SliceTiming": [
      0,
      0.985,
      0.065,
      1.05,
      0.13,
      1.1175,
      0.195,
      1.1825,
      0.2625,
      1.2475,
      0.3275,
      1.315,
      0.3925,
      1.38,
      0.46,
      1.445,
      0.525,
      1.5125,
      0.59,
      1.5775,
      0.6575,
      1.6425,
      0.7225,
      1.7075,
      0.7875,
      1.775,
      0.855,
      1.84,
      0.92
    ],
    "SoftwareVersions": "syngo_MR_B17",
    "TaskName": "MST",
    "TotalReadoutTime": 0.0437508,
    "TrueEchoSpacing": 0.000700013,
    "dataset": "ds003711",
    "modality": "bold",
    "run_id": 2,
    "subject_id": "36",
    "task_id": "MST"
  },
  "dummy_trs": 0,
  "dvars_nstd": 84.66496812010801,
  "dvars_std": 1.0326072160071935,
  "dvars_vstd": 1.0022664398920864,
  "efc": 0.6510107765155452,
  "fber": 82.56393432617188,
  "fd_mean": 0.07517753796095876,
  "fd_num": 13,
  "fd_perc": 4.659498207885305,
  "fwhm_avg": 2.5062163057261104,
  "fwhm_x": 2.408246371681416,
  "fwhm_y": 2.557802477876106,
  "fwhm_z": 2.5526000676208094,
  "gcor": 0.00573578,
  "gsr_x": -0.013437782414257526,
  "gsr_y": 0.03918524459004402,
  "provenance": {
    "md5sum": "7e05ed956474f02c498045b90b959f34",
    "settings": {
      "fd_thres": 0.2,
      "testing": false
    },
    "software": "mriqc",
    "version": "22.0.0rc1",
    "webapi_port": null,
    "webapi_url": "https://mriqc.nimh.nih.gov/api/v1"
  },
  "size_t": 279,
  "size_x": 128,
  "size_y": 128,
  "size_z": 29,
  "snr": 4.117220884014457,
  "spacing_tr": 1.899999976158142,
  "spacing_x": 1.765625,
  "spacing_y": 1.765625,
  "spacing_z": 1.7999999523162842,
  "summary_bg_k": 18.910217728932658,
  "summary_bg_mad": 19.996522767136405,
  "summary_bg_mean": 124.14704895019531,
  "summary_bg_median": 91.8530502319336,
  "summary_bg_n": 308299.0,
  "summary_bg_p05": 72.30824279785156,
  "summary_bg_p95": 321.573486328125,
  "summary_bg_stdv": 95.32398986816406,
  "summary_fg_k": 0.9962886649097848,
  "summary_fg_mad": 177.54826674411348,
  "summary_fg_mean": 857.9537963867188,
  "summary_fg_median": 845.632568359375,
  "summary_fg_n": 95520.0,
  "summary_fg_p05": 547.426156616211,
  "summary_fg_p95": 1220.0128906250002,
  "summary_fg_stdv": 205.38809204101562,
  "tsnr": 16.012443857442122
}