{
  "aor": 0.002329677419354839,
  "aqi": 0.05374820716845878,
  "bids_meta": {
    "AccelFactPE": 2,
    "AcquisitionNumber": 1,
    "AcquisitionTime": "14:38:23.930000",
    "BandwidthPerPixelPhaseEncode": 22.321,
    "ConversionSoftware": "dcm2niix",
    "ConversionSoftwareVersion": "v1.0.20170724 (OpenJPEG build) GCC6.1.0",
    "DeviceSerialNumber": "35002",
    "EchoTime": 0.028,
    "EffectiveEchoSpacing": 0.000350007,
    "FlipAngle": 90,
    "ImageType": [
      "ORIGINAL",
      "PRIMARY",
      "M",
      "ND",
      "MOSAIC"
    ],
    "InstitutionAddress": "University_Pkwy_1700_North_685_Provo_FC28C0_UT_US_84601",
    "InstitutionName": "Brigham_Young_University",
    "MagneticFieldStrength": 3,
    "Manufacturer": "Siemens",
    "ManufacturersModelName": "TrioTim",
    "PhaseEncodingDirection": "j-",
    "PhaseEncodingLines": 128,
    "ProcedureStepDescription": "Research_KIRWAN",
    "ProtocolName": "12Chan_1.8x1.8x1.8_TR1900_29Slice",
    "RepetitionTime": 1.9,
    "ScanningSequence": "EP",
    "SequenceName": "epfid2d1_128",
    "SequenceVariant": "SK",
    "SeriesDescription": "12Chan_1.8x1.8x1.8_TR1900_29Slice",
    "SliceTiming": [
      0,
      0.9875,
      0.065,
      1.0525,
      0.1325,
      1.1175,
      0.1975,
      1.1825,
      0.2625,
      1.25,
      0.3275,
      1.315,
      0.395,
      1.38,
      0.46,
      1.4475,
      0.525,
      1.5125,
      0.5925,
      1.5775,
      0.6575,
      1.645,
      0.7225,
      1.71,
      0.79,
      1.775,
      0.855,
      1.84,
      0.92
    ],
    "SoftwareVersions": "syngo_MR_B17",
    "TaskName": "MST",
    "TotalReadoutTime": 0.0437508,
    "TrueEchoSpacing": 0.000700013,
    "dataset": "ds003711",
    "modality": "bold",
    "run_id": 5,
    "subject_id": "16",
    "task_id": "MST"
  },
  "dummy_trs": 0,
  "dvars_nstd": 99.9752255719424,
  "dvars_std": 1.0444971228776978,
  "dvars_vstd": 1.0243106315467625,
  "efc": 0.672229368453601,
  "fber": 71.47674560546875,
  "fd_mean": 0.29258612232990894,
  "fd_num": 150,
  "fd_perc": 53.763440860215056,
  "fwhm_avg": 3.024593342108927,
  "fwhm_x": 2.722367433628319,
  "fwhm_y": 3.1305458407079647,
  "fwhm_z": 3.220866751990497,
  "gcor": 0.00361034,
  "gsr_x": -0.03386702388525009,
  "gsr_y": 0.08093347400426865,
  "provenance": {
    "md5sum": "231a6d735c493f38a150164de9cac1d2",
    "settings": {
      "fd_thres": 0.2,
      "testing": false
    },
    "software": "mriqc",
    "version": "22.0.0rc1",
    "webapi_port": null,
    "webapi_url": "https://mriqc.nimh.nih.gov/api/v1"
  },
  "size_t": 279,
  "size_x": 128,
  "size_y": 128,
  "size_z": 29,
  "snr": 3.550265822595903,
  "spacing_tr": 1.899999976158142,
  "spacing_x": 1.765625,
  "spacing_y": 1.765625,
  "spacing_z": 1.7999999523162842,
  "summary_bg_k": 16.55113194624917,
  "summary_bg_mad": 16.159823498834132,
  "summary_bg_mean": 115.15882873535156,
  "summary_bg_median": 85.83870697021484,
  "summary_bg_n": 292791.0,
  "summary_bg_p05": 70.89964294433594,
  "summary_bg_p95": 286.7957000732422,
  "summary_bg_stdv": 79.98193359375,
  "summary_fg_k": 0.9370982285466174,
  "summary_fg_mad": 168.97679168666184,
  "summary_fg_mean": 732.157958984375,
  "summary_fg_median": 743.8709716796875,
  "summary_fg_n": 106356.0,
  "summary_fg_p05": 341.76524353027344,
  "summary_fg_p95": 1054.8575744628906,
  "summary_fg_stdv": 209.52444458007812,
  "tsnr": 12.667084292508662
}