{
  "aor": 0.00037232974910394263,
  "aqi": 0.03608373154121863,
  "bids_meta": {
    "AccelFactPE": 2,
    "AcquisitionNumber": 1,
    "AcquisitionTime": "14:02:9.647500",
    "BandwidthPerPixelPhaseEncode": 22.321,
    "ConversionSoftware": "dcm2niix",
    "ConversionSoftwareVersion": "v1.0.20170724 (OpenJPEG build) GCC6.1.0",
    "DeviceSerialNumber": "35002",
    "EchoTime": 0.028,
    "EffectiveEchoSpacing": 0.000350007,
    "FlipAngle": 90,
    "ImageType": [
      "ORIGINAL",
      "PRIMARY",
      "M",
      "ND",
      "MOSAIC"
    ],
    "InstitutionAddress": "University_Pkwy_1700_North_685_Provo_FC28C0_UT_US_84601",
    "InstitutionName": "Brigham_Young_University",
    "MagneticFieldStrength": 3,
    "Manufacturer": "Siemens",
    "ManufacturersModelName": "TrioTim",
    "PhaseEncodingDirection": "j-",
    "PhaseEncodingLines": 128,
    "ProcedureStepDescription": "Research_KIRWAN",
    "ProtocolName": "12Chan_1.8x1.8x1.8_TR1900_29Slice",
    "RepetitionTime": 1.9,
    "ScanningSequence": "EP",
    "SequenceName": "epfid2d1_128",
    "SequenceVariant": "SK",
    "SeriesDescription": "12Chan_1.8x1.8x1.8_TR1900_29Slice",
    "SliceTiming": [
      0,
      0.9875,
      0.0675,
      1.0525,
      0.1325,
      1.12,
      0.1975,
      1.185,
      0.265,
      1.25,
      0.33,
      1.3175,
      0.395,
      1.3825,
      0.4625,
      1.4475,
      0.5275,
      1.5125,
      0.5925,
      1.58,
      0.6575,
      1.645,
      0.725,
      1.71,
      0.79,
      1.7775,
      0.855,
      1.8425,
      0.9225
    ],
    "SoftwareVersions": "syngo_MR_B17",
    "TaskName": "MST",
    "TotalReadoutTime": 0.0437508,
    "TrueEchoSpacing": 0.000700013,
    "dataset": "ds003711",
    "modality": "bold",
    "run_id": 2,
    "subject_id": "16",
    "task_id": "MST"
  },
  "dummy_trs": 0,
  "dvars_nstd": 89.17361944165467,
  "dvars_std": 1.0539122103597125,
  "dvars_vstd": 1.000694908956834,
  "efc": 0.6604234986734879,
  "fber": 84.77540588378906,
  "fd_mean": 0.07231070876910509,
  "fd_num": 2,
  "fd_perc": 0.7168458781362007,
  "fwhm_avg": 2.853377104617278,
  "fwhm_x": 2.529325309734513,
  "fwhm_y": 2.83172814159292,
  "fwhm_z": 3.1990778625243994,
  "gcor": 0.0021372,
  "gsr_x": -0.03860826790332794,
  "gsr_y": 0.07458819448947906,
  "provenance": {
    "md5sum": "ecde9a6390a7afbb05067540b6051579",
    "settings": {
      "fd_thres": 0.2,
      "testing": false
    },
    "software": "mriqc",
    "version": "22.0.0rc1",
    "webapi_port": null,
    "webapi_url": "https://mriqc.nimh.nih.gov/api/v1"
  },
  "size_t": 279,
  "size_x": 128,
  "size_y": 128,
  "size_z": 29,
  "snr": 3.8212594606434624,
  "spacing_tr": 1.899999976158142,
  "spacing_x": 1.765625,
  "spacing_y": 1.765625,
  "spacing_z": 1.7999999523162842,
  "summary_bg_k": 11.164923548403335,
  "summary_bg_mad": 14.438099187896828,
  "summary_bg_mean": 117.13834381103516,
  "summary_bg_median": 82.07168579101562,
  "summary_bg_n": 302555.0,
  "summary_bg_p05": 68.65232849121094,
  "summary_bg_p95": 330.62185974121076,
  "summary_bg_stdv": 89.34492492675781,
  "summary_fg_k": 1.5113839654529544,
  "summary_fg_mad": 162.25191832427456,
  "summary_fg_mean": 768.655517578125,
  "summary_fg_median": 770.52685546875,
  "summary_fg_n": 100233.0,
  "summary_fg_p05": 424.23154296875,
  "summary_fg_p95": 1089.8544921875,
  "summary_fg_stdv": 201.64111328125,
  "tsnr": 15.564208350086119
}