{
  "aor": 0.0003081362007168459,
  "aqi": 0.03737369605734767,
  "bids_meta": {
    "AccelFactPE": 2,
    "AcquisitionNumber": 1,
    "AcquisitionTime": "11:03:14.505000",
    "BandwidthPerPixelPhaseEncode": 22.321,
    "ConversionSoftware": "dcm2niix",
    "ConversionSoftwareVersion": "v1.0.20170724 (OpenJPEG build) GCC6.1.0",
    "DeviceSerialNumber": "35002",
    "EchoTime": 0.028,
    "EffectiveEchoSpacing": 0.000350007,
    "FlipAngle": 90,
    "ImageType": [
      "ORIGINAL",
      "PRIMARY",
      "M",
      "ND",
      "MOSAIC"
    ],
    "InstitutionAddress": "University_Pkwy_1700_North_685_Provo_FC28C0_UT_US_84601",
    "InstitutionName": "Brigham_Young_University",
    "MagneticFieldStrength": 3,
    "Manufacturer": "Siemens",
    "ManufacturersModelName": "TrioTim",
    "PhaseEncodingDirection": "j-",
    "PhaseEncodingLines": 128,
    "ProcedureStepDescription": "Research_KIRWAN",
    "ProtocolName": "12Chan_1.8x1.8x1.8_TR1900_29Slice",
    "RepetitionTime": 1.9,
    "ScanningSequence": "EP",
    "SequenceName": "epfid2d1_128",
    "SequenceVariant": "SK",
    "SeriesDescription": "12Chan_1.8x1.8x1.8_TR1900_29Slice",
    "SliceTiming": [
      0,
      0.985,
      0.065,
      1.05,
      0.13,
      1.1175,
      0.195,
      1.1825,
      0.2625,
      1.2475,
      0.3275,
      1.315,
      0.3925,
      1.38,
      0.46,
      1.445,
      0.525,
      1.5125,
      0.59,
      1.5775,
      0.6575,
      1.6425,
      0.7225,
      1.7075,
      0.7875,
      1.775,
      0.8525,
      1.84,
      0.92
    ],
    "SoftwareVersions": "syngo_MR_B17",
    "TaskName": "MST",
    "TotalReadoutTime": 0.0437508,
    "TrueEchoSpacing": 0.000700013,
    "dataset": "ds003711",
    "modality": "bold",
    "run_id": 1,
    "subject_id": "28",
    "task_id": "MST"
  },
  "dummy_trs": 0,
  "dvars_nstd": 77.87392271812948,
  "dvars_std": 1.0295370480935249,
  "dvars_vstd": 1.0004849048920876,
  "efc": 0.6418277228273206,
  "fber": 98.67570495605469,
  "fd_mean": 0.09852043084924664,
  "fd_num": 2,
  "fd_perc": 0.7168458781362007,
  "fwhm_avg": 2.5360581200871337,
  "fwhm_x": 2.3575900884955754,
  "fwhm_y": 2.6371454867256636,
  "fwhm_z": 2.6134387850401617,
  "gcor": 0.00781385,
  "gsr_x": -0.013946972787380219,
  "gsr_y": 0.039387308061122894,
  "provenance": {
    "md5sum": "67c211b51274dbd77e8945718f2dd9fa",
    "settings": {
      "fd_thres": 0.2,
      "testing": false
    },
    "software": "mriqc",
    "version": "22.0.0rc1",
    "webapi_port": null,
    "webapi_url": "https://mriqc.nimh.nih.gov/api/v1"
  },
  "size_t": 279,
  "size_x": 128,
  "size_y": 128,
  "size_z": 29,
  "snr": 4.498819249672845,
  "spacing_tr": 1.899999976158142,
  "spacing_x": 1.765625,
  "spacing_y": 1.765625,
  "spacing_z": 1.8000000715255737,
  "summary_bg_k": 30.625526815192586,
  "summary_bg_mad": 11.903337139977209,
  "summary_bg_mean": 97.54253387451172,
  "summary_bg_median": 77.07527160644531,
  "summary_bg_n": 301349.0,
  "summary_bg_p05": 65.53763580322266,
  "summary_bg_p95": 203.415771484375,
  "summary_bg_stdv": 62.11796569824219,
  "summary_fg_k": 1.0270156000638027,
  "summary_fg_mad": 150.05637489225438,
  "summary_fg_mean": 784.3981323242188,
  "summary_fg_median": 779.8028564453125,
  "summary_fg_n": 99861.0,
  "summary_fg_p05": 506.17919921875,
  "summary_fg_p95": 1079.34765625,
  "summary_fg_stdv": 173.33413696289062,
  "tsnr": 17.36809034005273
}