{
  "aor": 0.0005585304659498207,
  "aqi": 0.05761006164874553,
  "bids_meta": {
    "AccelFactPE": 2,
    "AcquisitionNumber": 1,
    "AcquisitionTime": "11:46:28.530000",
    "BandwidthPerPixelPhaseEncode": 22.321,
    "ConversionSoftware": "dcm2niix",
    "ConversionSoftwareVersion": "v1.0.20170724 (OpenJPEG build) GCC6.1.0",
    "DeviceSerialNumber": "35002",
    "EchoTime": 0.028,
    "EffectiveEchoSpacing": 0.000350007,
    "FlipAngle": 90,
    "ImageType": [
      "ORIGINAL",
      "PRIMARY",
      "M",
      "ND",
      "MOSAIC"
    ],
    "InstitutionAddress": "University_Pkwy_1700_North_685_Provo_FC28C0_UT_US_84601",
    "InstitutionName": "Brigham_Young_University",
    "MagneticFieldStrength": 3,
    "Manufacturer": "Siemens",
    "ManufacturersModelName": "TrioTim",
    "PhaseEncodingDirection": "j-",
    "PhaseEncodingLines": 128,
    "ProcedureStepDescription": "Research_KIRWAN",
    "ProtocolName": "12Chan_1.8x1.8x1.8_TR1900_29Slice",
    "RepetitionTime": 1.9,
    "ScanningSequence": "EP",
    "SequenceName": "epfid2d1_128",
    "SequenceVariant": "SK",
    "SeriesDescription": "12Chan_1.8x1.8x1.8_TR1900_29Slice",
    "SliceTiming": [
      0,
      0.985,
      0.065,
      1.0525,
      0.13,
      1.1175,
      0.1975,
      1.1825,
      0.2625,
      1.25,
      0.3275,
      1.315,
      0.395,
      1.38,
      0.46,
      1.445,
      0.525,
      1.5125,
      0.5925,
      1.5775,
      0.6575,
      1.6425,
      0.7225,
      1.71,
      0.7875,
      1.775,
      0.855,
      1.84,
      0.92
    ],
    "SoftwareVersions": "syngo_MR_B17",
    "TaskName": "MST",
    "TotalReadoutTime": 0.0437508,
    "TrueEchoSpacing": 0.000700013,
    "dataset": "ds003711",
    "modality": "bold",
    "run_id": 5,
    "subject_id": "28",
    "task_id": "MST"
  },
  "dummy_trs": 0,
  "dvars_nstd": 91.27550336435252,
  "dvars_std": 1.0347344413309352,
  "dvars_vstd": 1.0045603692086333,
  "efc": 0.6526532474877539,
  "fber": 81.51066589355469,
  "fd_mean": 0.27433663810740055,
  "fd_num": 150,
  "fd_perc": 53.763440860215056,
  "fwhm_avg": 2.535967118107512,
  "fwhm_x": 2.387013097345133,
  "fwhm_y": 2.6806994690265484,
  "fwhm_z": 2.540188787950855,
  "gcor": 0.00520022,
  "gsr_x": -0.016107426956295967,
  "gsr_y": 0.042830828577280045,
  "provenance": {
    "md5sum": "9c0fb52a63923b33bbab205e38089da2",
    "settings": {
      "fd_thres": 0.2,
      "testing": false
    },
    "software": "mriqc",
    "version": "22.0.0rc1",
    "webapi_port": null,
    "webapi_url": "https://mriqc.nimh.nih.gov/api/v1"
  },
  "size_t": 279,
  "size_x": 128,
  "size_y": 128,
  "size_z": 29,
  "snr": 4.520364628223789,
  "spacing_tr": 1.899999976158142,
  "spacing_x": 1.765625,
  "spacing_y": 1.765625,
  "spacing_z": 1.8000000715255737,
  "summary_bg_k": 25.168200920435837,
  "summary_bg_mad": 16.723117778919587,
  "summary_bg_mean": 104.77782440185547,
  "summary_bg_median": 84.87813568115234,
  "summary_bg_n": 301912.0,
  "summary_bg_p05": 68.68817138671875,
  "summary_bg_p95": 213.98172073364267,
  "summary_bg_stdv": 62.19783401489258,
  "summary_fg_k": 0.9441366686438339,
  "summary_fg_mad": 149.25924092357667,
  "summary_fg_mean": 783.4182739257812,
  "summary_fg_median": 778.7061157226562,
  "summary_fg_n": 99341.0,
  "summary_fg_p05": 505.1648864746094,
  "summary_fg_p95": 1076.44091796875,
  "summary_fg_stdv": 172.26535034179688,
  "tsnr": 13.963698525214568
}