{
  "aor": 0.0007016304347826086,
  "aqi": 0.04560418985507246,
  "bids_meta": {
    "AccelFactPE": 2,
    "AcquisitionNumber": 1,
    "AcquisitionTime": "14:02:13.820000",
    "BandwidthPerPixelPhaseEncode": 22.321,
    "ConversionSoftware": "dcm2niix",
    "ConversionSoftwareVersion": "v1.0.20170724 (OpenJPEG build) GCC6.1.0",
    "DeviceSerialNumber": "35002",
    "EchoTime": 0.028,
    "EffectiveEchoSpacing": 0.000350007,
    "FlipAngle": 90,
    "ImageType": [
      "ORIGINAL",
      "PRIMARY",
      "M",
      "ND",
      "MOSAIC"
    ],
    "InstitutionAddress": "University_Pkwy_1700_North_685_Provo_FC28C0_UT_US_84601",
    "InstitutionName": "Brigham_Young_University",
    "MagneticFieldStrength": 3,
    "Manufacturer": "Siemens",
    "ManufacturersModelName": "TrioTim",
    "PhaseEncodingDirection": "j-",
    "PhaseEncodingLines": 128,
    "ProcedureStepDescription": "Research_KIRWAN",
    "ProtocolName": "12Chan_1.8x1.8x1.8_TR1900_29Slice",
    "RepetitionTime": 1.9,
    "ScanningSequence": "EP",
    "SequenceName": "epfid2d1_128",
    "SequenceVariant": "SK",
    "SeriesDescription": "12Chan_1.8x1.8x1.8_TR1900_29Slice",
    "SliceTiming": [
      0,
      0.9875,
      0.0675,
      1.0525,
      0.1325,
      1.1175,
      0.1975,
      1.185,
      0.2625,
      1.25,
      0.33,
      1.315,
      0.395,
      1.3825,
      0.46,
      1.4475,
      0.5275,
      1.5125,
      0.5925,
      1.58,
      0.6575,
      1.645,
      0.725,
      1.71,
      0.79,
      1.775,
      0.855,
      1.8425,
      0.9225
    ],
    "SoftwareVersions": "syngo_MR_B17",
    "TaskName": "MST",
    "TotalReadoutTime": 0.0437508,
    "TrueEchoSpacing": 0.000700013,
    "dataset": "ds003711",
    "modality": "bold",
    "run_id": 4,
    "subject_id": "02",
    "task_id": "MST"
  },
  "dummy_trs": 3,
  "dvars_nstd": 86.65622134134547,
  "dvars_std": 1.0262520106181816,
  "dvars_vstd": 0.9967484002909092,
  "efc": 0.6469078506442926,
  "fber": 80.86841583251953,
  "fd_mean": 0.07303287150933536,
  "fd_num": 8,
  "fd_perc": 2.898550724637681,
  "fwhm_avg": 2.436665253701715,
  "fwhm_x": 2.462368849557522,
  "fwhm_y": 2.596904778761062,
  "fwhm_z": 2.25072213278656,
  "gcor": 0.00442533,
  "gsr_x": -0.031821563839912415,
  "gsr_y": 0.05824717506766319,
  "provenance": {
    "md5sum": "f3b2bf66fc65a3093702924023bd2821",
    "settings": {
      "fd_thres": 0.2,
      "testing": false
    },
    "software": "mriqc",
    "version": "22.0.0rc1",
    "webapi_port": null,
    "webapi_url": "https://mriqc.nimh.nih.gov/api/v1"
  },
  "size_t": 276,
  "size_x": 128,
  "size_y": 128,
  "size_z": 29,
  "snr": 4.307730551675409,
  "spacing_tr": 1.899999976158142,
  "spacing_x": 1.765625,
  "spacing_y": 1.765625,
  "spacing_z": 1.8000000715255737,
  "summary_bg_k": 21.74074346008554,
  "summary_bg_mad": 22.40018618443713,
  "summary_bg_mean": 119.14813995361328,
  "summary_bg_median": 91.56521606445312,
  "summary_bg_n": 312413.0,
  "summary_bg_p05": 70.81884002685547,
  "summary_bg_p95": 272.66013793945274,
  "summary_bg_stdv": 86.2812271118164,
  "summary_fg_k": 0.9916731275644848,
  "summary_fg_mad": 172.91653741958345,
  "summary_fg_mean": 841.0263671875,
  "summary_fg_median": 830.5054321289062,
  "summary_fg_n": 94034.0,
  "summary_fg_p05": 549.8887756347656,
  "summary_fg_p95": 1177.6824340820312,
  "summary_fg_stdv": 192.7931671142578,
  "tsnr": 15.025882923975587
}