{
  "aor": 0.0007108960573476702,
  "aqi": 0.06725657204301075,
  "bids_meta": {
    "AccelFactPE": 2,
    "AcquisitionNumber": 1,
    "AcquisitionTime": "11:31:13.200000",
    "BandwidthPerPixelPhaseEncode": 22.321,
    "ConversionSoftware": "dcm2niix",
    "ConversionSoftwareVersion": "v1.0.20170724 (OpenJPEG build) GCC6.1.0",
    "DeviceSerialNumber": "35002",
    "EchoTime": 0.028,
    "EffectiveEchoSpacing": 0.000350007,
    "FlipAngle": 90,
    "ImageType": [
      "ORIGINAL",
      "PRIMARY",
      "M",
      "ND",
      "MOSAIC"
    ],
    "InstitutionAddress": "University_Pkwy_1700_North_685_Provo_FC28C0_UT_US_84601",
    "InstitutionName": "Brigham_Young_University",
    "MagneticFieldStrength": 3,
    "Manufacturer": "Siemens",
    "ManufacturersModelName": "TrioTim",
    "PhaseEncodingDirection": "j-",
    "PhaseEncodingLines": 128,
    "ProcedureStepDescription": "Research_KIRWAN",
    "ProtocolName": "12Chan_1.8x1.8x1.8_TR1900_29Slice",
    "RepetitionTime": 1.9,
    "ScanningSequence": "EP",
    "SequenceName": "epfid2d1_128",
    "SequenceVariant": "SK",
    "SeriesDescription": "12Chan_1.8x1.8x1.8_TR1900_29Slice",
    "SliceTiming": [
      0,
      0.9875,
      0.065,
      1.0525,
      0.1325,
      1.1175,
      0.1975,
      1.185,
      0.2625,
      1.25,
      0.33,
      1.315,
      0.395,
      1.3825,
      0.46,
      1.4475,
      0.5275,
      1.5125,
      0.5925,
      1.5775,
      0.6575,
      1.645,
      0.725,
      1.71,
      0.79,
      1.775,
      0.855,
      1.8425,
      0.92
    ],
    "SoftwareVersions": "syngo_MR_B17",
    "TaskName": "MST",
    "TotalReadoutTime": 0.0437508,
    "TrueEchoSpacing": 0.000700013,
    "dataset": "ds003711",
    "modality": "bold",
    "run_id": 4,
    "subject_id": "40",
    "task_id": "MST"
  },
  "dummy_trs": 0,
  "dvars_nstd": 94.9452571732733,
  "dvars_std": 0.9970108701798558,
  "dvars_vstd": 0.9883835946402884,
  "efc": 0.6875069280654957,
  "fber": 66.98983001708984,
  "fd_mean": 0.13808095825453248,
  "fd_num": 41,
  "fd_perc": 14.695340501792115,
  "fwhm_avg": 2.6373389872123294,
  "fwhm_x": 2.511609203539823,
  "fwhm_y": 2.802729911504425,
  "fwhm_z": 2.59767784659274,
  "gcor": 0.00712642,
  "gsr_x": -0.02099822461605072,
  "gsr_y": 0.06297686696052551,
  "provenance": {
    "md5sum": "f93d60b40b14cc25a1d3d50970468661",
    "settings": {
      "fd_thres": 0.2,
      "testing": false
    },
    "software": "mriqc",
    "version": "22.0.0rc1",
    "webapi_port": null,
    "webapi_url": "https://mriqc.nimh.nih.gov/api/v1"
  },
  "size_t": 279,
  "size_x": 128,
  "size_y": 128,
  "size_z": 29,
  "snr": 4.2610803695837305,
  "spacing_tr": 1.899999976158142,
  "spacing_x": 1.765625,
  "spacing_y": 1.765625,
  "spacing_z": 1.7999999523162842,
  "summary_bg_k": 14.704936260788035,
  "summary_bg_mad": 20.384445764295595,
  "summary_bg_mean": 125.84320068359375,
  "summary_bg_median": 96.30824279785156,
  "summary_bg_n": 283388.0,
  "summary_bg_p05": 77.3942642211914,
  "summary_bg_p95": 300.8111190795896,
  "summary_bg_stdv": 82.04545593261719,
  "summary_fg_k": 1.3295061068800464,
  "summary_fg_mad": 159.2628243007347,
  "summary_fg_mean": 802.4054565429688,
  "summary_fg_median": 803.99462890625,
  "summary_fg_n": 115420.0,
  "summary_fg_p05": 495.0602264404297,
  "summary_fg_p95": 1106.1401306152343,
  "summary_fg_stdv": 188.68246459960938,
  "tsnr": 12.721197428414598
}