{
  "aor": 0.0004475268817204301,
  "aqi": 0.06135538243727598,
  "bids_meta": {
    "AccelFactPE": 2,
    "AcquisitionNumber": 1,
    "AcquisitionTime": "11:19:11.627500",
    "BandwidthPerPixelPhaseEncode": 22.321,
    "ConversionSoftware": "dcm2niix",
    "ConversionSoftwareVersion": "v1.0.20170724 (OpenJPEG build) GCC6.1.0",
    "DeviceSerialNumber": "35002",
    "EchoTime": 0.028,
    "EffectiveEchoSpacing": 0.000350007,
    "FlipAngle": 90,
    "ImageType": [
      "ORIGINAL",
      "PRIMARY",
      "M",
      "ND",
      "MOSAIC"
    ],
    "InstitutionAddress": "University_Pkwy_1700_North_685_Provo_FC28C0_UT_US_84601",
    "InstitutionName": "Brigham_Young_University",
    "MagneticFieldStrength": 3,
    "Manufacturer": "Siemens",
    "ManufacturersModelName": "TrioTim",
    "PhaseEncodingDirection": "j-",
    "PhaseEncodingLines": 128,
    "ProcedureStepDescription": "Research_KIRWAN",
    "ProtocolName": "12Chan_1.8x1.8x1.8_TR1900_29Slice",
    "RepetitionTime": 1.9,
    "ScanningSequence": "EP",
    "SequenceName": "epfid2d1_128",
    "SequenceVariant": "SK",
    "SeriesDescription": "12Chan_1.8x1.8x1.8_TR1900_29Slice",
    "SliceTiming": [
      0,
      0.9875,
      0.0675,
      1.0525,
      0.1325,
      1.1175,
      0.1975,
      1.185,
      0.265,
      1.25,
      0.33,
      1.315,
      0.395,
      1.3825,
      0.46,
      1.4475,
      0.5275,
      1.5125,
      0.5925,
      1.58,
      0.6575,
      1.645,
      0.725,
      1.71,
      0.79,
      1.7775,
      0.855,
      1.8425,
      0.9225
    ],
    "SoftwareVersions": "syngo_MR_B17",
    "TaskName": "MST",
    "TotalReadoutTime": 0.0437508,
    "TrueEchoSpacing": 0.000700013,
    "dataset": "ds003711",
    "modality": "bold",
    "run_id": 3,
    "subject_id": "40",
    "task_id": "MST"
  },
  "dummy_trs": 0,
  "dvars_nstd": 92.28065339791368,
  "dvars_std": 0.9951622331654681,
  "dvars_vstd": 0.987144813956835,
  "efc": 0.681685227964516,
  "fber": 68.3766860961914,
  "fd_mean": 0.15939323900209149,
  "fd_num": 50,
  "fd_perc": 17.921146953405017,
  "fwhm_avg": 2.649833516360467,
  "fwhm_x": 2.572833982300885,
  "fwhm_y": 2.837227610619469,
  "fwhm_z": 2.5394389561610478,
  "gcor": 0.00517286,
  "gsr_x": -0.020421713590621948,
  "gsr_y": 0.06947213411331177,
  "provenance": {
    "md5sum": "a3eeb6fe2015b333aa834a483c92f115",
    "settings": {
      "fd_thres": 0.2,
      "testing": false
    },
    "software": "mriqc",
    "version": "22.0.0rc1",
    "webapi_port": null,
    "webapi_url": "https://mriqc.nimh.nih.gov/api/v1"
  },
  "size_t": 279,
  "size_x": 128,
  "size_y": 128,
  "size_z": 29,
  "snr": 4.175171116255232,
  "spacing_tr": 1.899999976158142,
  "spacing_x": 1.765625,
  "spacing_y": 1.765625,
  "spacing_z": 1.7999999523162842,
  "summary_bg_k": 12.871057832817627,
  "summary_bg_mad": 22.488788045838145,
  "summary_bg_mean": 127.70438385009766,
  "summary_bg_median": 96.78136444091797,
  "summary_bg_n": 284841.0,
  "summary_bg_p05": 75.2652359008789,
  "summary_bg_p95": 301.7742004394531,
  "summary_bg_stdv": 82.78779602050781,
  "summary_fg_k": 1.2607947875082166,
  "summary_fg_mad": 164.6485687000754,
  "summary_fg_mean": 812.2520751953125,
  "summary_fg_median": 812.3010864257812,
  "summary_fg_n": 111855.0,
  "summary_fg_p05": 493.05556030273436,
  "summary_fg_p95": 1128.7025024414058,
  "summary_fg_stdv": 194.55429077148438,
  "tsnr": 13.067126888548955
}