{
  "aor": 0.0003970609318996416,
  "aqi": 0.052203836917562724,
  "bids_meta": {
    "AccelFactPE": 2,
    "AcquisitionNumber": 1,
    "AcquisitionTime": "11:41:43.627500",
    "BandwidthPerPixelPhaseEncode": 22.321,
    "ConversionSoftware": "dcm2niix",
    "ConversionSoftwareVersion": "v1.0.20170724 (OpenJPEG build) GCC6.1.0",
    "DeviceSerialNumber": "35002",
    "EchoTime": 0.028,
    "EffectiveEchoSpacing": 0.000350007,
    "FlipAngle": 90,
    "ImageType": [
      "ORIGINAL",
      "PRIMARY",
      "M",
      "ND",
      "MOSAIC"
    ],
    "InstitutionAddress": "University_Pkwy_1700_North_685_Provo_FC28C0_UT_US_84601",
    "InstitutionName": "Brigham_Young_University",
    "MagneticFieldStrength": 3,
    "Manufacturer": "Siemens",
    "ManufacturersModelName": "TrioTim",
    "PhaseEncodingDirection": "j-",
    "PhaseEncodingLines": 128,
    "ProcedureStepDescription": "Research_KIRWAN",
    "ProtocolName": "12Chan_1.8x1.8x1.8_TR1900_29Slice",
    "RepetitionTime": 1.9,
    "ScanningSequence": "EP",
    "SequenceName": "epfid2d1_128",
    "SequenceVariant": "SK",
    "SeriesDescription": "12Chan_1.8x1.8x1.8_TR1900_29Slice",
    "SliceTiming": [
      0,
      0.985,
      0.065,
      1.0525,
      0.13,
      1.1175,
      0.1975,
      1.1825,
      0.2625,
      1.25,
      0.3275,
      1.315,
      0.395,
      1.38,
      0.46,
      1.4475,
      0.525,
      1.5125,
      0.5925,
      1.5775,
      0.6575,
      1.6425,
      0.7225,
      1.71,
      0.7875,
      1.775,
      0.855,
      1.84,
      0.92
    ],
    "SoftwareVersions": "syngo_MR_B17",
    "TaskName": "MST",
    "TotalReadoutTime": 0.0437508,
    "TrueEchoSpacing": 0.000700013,
    "dataset": "ds003711",
    "modality": "bold",
    "run_id": 5,
    "subject_id": "40",
    "task_id": "MST"
  },
  "dummy_trs": 0,
  "dvars_nstd": 93.0385983969784,
  "dvars_std": 1.0087203490647483,
  "dvars_vstd": 0.9973899232374104,
  "efc": 0.6875750482321866,
  "fber": 67.53914642333984,
  "fd_mean": 0.11501051023289449,
  "fd_num": 23,
  "fd_perc": 8.243727598566307,
  "fwhm_avg": 2.5781399730547845,
  "fwhm_x": 2.467358584070796,
  "fwhm_y": 2.7508446017699115,
  "fwhm_z": 2.5162167333236463,
  "gcor": 0.00338677,
  "gsr_x": -0.020917875692248344,
  "gsr_y": 0.06220763176679611,
  "provenance": {
    "md5sum": "a71d4dede4346d064b0191d828538caf",
    "settings": {
      "fd_thres": 0.2,
      "testing": false
    },
    "software": "mriqc",
    "version": "22.0.0rc1",
    "webapi_port": null,
    "webapi_url": "https://mriqc.nimh.nih.gov/api/v1"
  },
  "size_t": 279,
  "size_x": 128,
  "size_y": 128,
  "size_z": 29,
  "snr": 4.255988016018395,
  "spacing_tr": 1.899999976158142,
  "spacing_x": 1.765625,
  "spacing_y": 1.765625,
  "spacing_z": 1.7999999523162842,
  "summary_bg_k": 14.156371036194852,
  "summary_bg_mad": 20.08155023964393,
  "summary_bg_mean": 125.63583374023438,
  "summary_bg_median": 95.86021423339844,
  "summary_bg_n": 282584.0,
  "summary_bg_p05": 76.83154296875,
  "summary_bg_p95": 304.3835144042969,
  "summary_bg_stdv": 82.6487808227539,
  "summary_fg_k": 1.4046605864981574,
  "summary_fg_mad": 159.72776632946284,
  "summary_fg_mean": 800.6202392578125,
  "summary_fg_median": 801.9641723632812,
  "summary_fg_n": 116357.0,
  "summary_fg_p05": 494.29820556640624,
  "summary_fg_p95": 1102.1548828125,
  "summary_fg_stdv": 188.43115234375,
  "tsnr": 13.675531336804852
}