{
  "bids_meta": {
    "AcquisitionNumber": 1,
    "AcquisitionTime": "14:30:14.295000",
    "ConversionSoftware": "dcm2niix",
    "ConversionSoftwareVersion": "v1.0.20170724 (OpenJPEG build) GCC6.1.0",
    "DeviceSerialNumber": "35002",
    "EchoTime": 0.00226,
    "FlipAngle": 9,
    "ImageType": [
      "ORIGINAL",
      "PRIMARY",
      "M",
      "ND",
      "NORM"
    ],
    "InstitutionAddress": "University_Pkwy_1700_North_685_Provo_FC28C0_UT_US_84601",
    "InstitutionName": "Brigham_Young_University",
    "InversionTime": 0.9,
    "MagneticFieldStrength": 3,
    "Manufacturer": "Siemens",
    "ManufacturersModelName": "TrioTim",
    "PhaseEncodingDirection": "i-",
    "PhaseEncodingLines": 215,
    "ProcedureStepDescription": "Research_KIRWAN",
    "ProtocolName": "t1_mpr_sag_iso_mprage",
    "RepetitionTime": 1.9,
    "ScanningSequence": "GR_IR",
    "SequenceName": "_tfl3d1_ns",
    "SequenceVariant": "SP_MP_OSP",
    "SeriesDescription": "t1_mpr_sag_iso_mprage",
    "SoftwareVersions": "syngo_MR_B17",
    "dataset": "ds003711",
    "modality": "T1w",
    "subject_id": "44"
  },
  "cjv": 0.39921826537564137,
  "cnr": 3.3889910037449718,
  "efc": 0.6452200974818404,
  "fber": 1705.26708984375,
  "fwhm_avg": 4.137657466666666,
  "fwhm_x": 3.98663,
  "fwhm_y": 4.49241088,
  "fwhm_z": 3.9339315200000002,
  "icvs_csf": 0.17626741279274322,
  "icvs_gm": 0.4544801674125615,
  "icvs_wm": 0.3692524197946953,
  "inu_med": 1.343569278717041,
  "inu_range": 0.49935799837112427,
  "provenance": {
    "md5sum": "d846343f2de66c0cda1cd9708765cac1",
    "settings": {
      "testing": false
    },
    "software": "mriqc",
    "version": "22.0.0rc1",
    "warnings": {
      "large_rot_frame": true,
      "small_air_mask": false
    },
    "webapi_port": null,
    "webapi_url": "https://mriqc.nimh.nih.gov/api/v1"
  },
  "qi_1": 0.0,
  "qi_2": 0.00713723373084268,
  "rpve_csf": 23.478522078702312,
  "rpve_gm": 10.423146289425835,
  "rpve_wm": 14.633477675697817,
  "size_x": 176,
  "size_y": 224,
  "size_z": 256,
  "snr_csf": 2.0281816939889827,
  "snr_gm": 13.70700870147742,
  "snr_total": 12.286896216169387,
  "snr_wm": 21.12549825304175,
  "snrd_csf": 24.680575331543334,
  "snrd_gm": 52.97482194230659,
  "snrd_total": 49.36181122198542,
  "snrd_wm": 70.43003639210633,
  "spacing_x": 1.0,
  "spacing_y": 0.9765625,
  "spacing_z": 0.9765625,
  "summary_bg_k": 6.161346102951365,
  "summary_bg_mad": 9.302076329698307,
  "summary_bg_mean": 14.704652786254883,
  "summary_bg_median": 12.54132080078125,
  "summary_bg_n": 1637428.0,
  "summary_bg_p05": 3.101832020282745,
  "summary_bg_p95": 32.24792823791503,
  "summary_bg_stdv": 9.808675765991211,
  "summary_csf_k": 48.093758834075224,
  "summary_csf_mad": 106.59630786758154,
  "summary_csf_mean": 388.22943115234375,
  "summary_csf_median": 350.4317626953125,
  "summary_csf_n": 16910.0,
  "summary_csf_p05": 242.92509384155272,
  "summary_csf_p95": 598.9462707519531,
  "summary_csf_stdv": 172.77613830566406,
  "summary_gm_k": 0.012637131301616478,
  "summary_gm_mad": 54.46689992246181,
  "summary_gm_mean": 752.7421875,
  "summary_gm_median": 752.1729125976562,
  "summary_gm_n": 43726.0,
  "summary_gm_p05": 663.3121337890625,
  "summary_gm_p95": 844.1067352294922,
  "summary_gm_stdv": 54.87443161010742,
  "summary_wm_k": 0.36095456652727753,
  "summary_wm_mad": 44.47580428371648,
  "summary_wm_mean": 998.8357543945312,
  "summary_wm_median": 1000.0140380859375,
  "summary_wm_n": 230193.0,
  "summary_wm_p05": 917.9803833007812,
  "summary_wm_p95": 1075.274462890625,
  "summary_wm_stdv": 47.33672332763672,
  "tpm_overlap_csf": 0.16567429900169373,
  "tpm_overlap_gm": 0.4623039960861206,
  "tpm_overlap_wm": 0.4962927997112274,
  "wm2max": 0.44040853920973144
}