{
  "aor": 0.0005565232974910395,
  "aqi": 0.0280091541218638,
  "bids_meta": {
    "AccelFactPE": 2,
    "AcquisitionNumber": 1,
    "AcquisitionTime": "09:22:54.012500",
    "BandwidthPerPixelPhaseEncode": 22.321,
    "ConversionSoftware": "dcm2niix",
    "ConversionSoftwareVersion": "v1.0.20170724 (OpenJPEG build) GCC6.1.0",
    "DeviceSerialNumber": "35002",
    "EchoTime": 0.028,
    "EffectiveEchoSpacing": 0.000350007,
    "FlipAngle": 90,
    "ImageType": [
      "ORIGINAL",
      "PRIMARY",
      "M",
      "ND",
      "MOSAIC"
    ],
    "InstitutionAddress": "University_Pkwy_1700_North_685_Provo_FC28C0_UT_US_84601",
    "InstitutionName": "Brigham_Young_University",
    "MagneticFieldStrength": 3,
    "Manufacturer": "Siemens",
    "ManufacturersModelName": "TrioTim",
    "PhaseEncodingDirection": "j-",
    "PhaseEncodingLines": 128,
    "ProcedureStepDescription": "Research_KIRWAN",
    "ProtocolName": "12Chan_1.8x1.8x1.8_TR1900_29Slice",
    "RepetitionTime": 1.9,
    "ScanningSequence": "EP",
    "SequenceName": "epfid2d1_128",
    "SequenceVariant": "SK",
    "SeriesDescription": "12Chan_1.8x1.8x1.8_TR1900_29Slice",
    "SliceTiming": [
      0,
      0.9875,
      0.065,
      1.0525,
      0.1325,
      1.1175,
      0.1975,
      1.1825,
      0.2625,
      1.25,
      0.33,
      1.315,
      0.395,
      1.38,
      0.46,
      1.4475,
      0.525,
      1.5125,
      0.5925,
      1.5775,
      0.6575,
      1.645,
      0.7225,
      1.71,
      0.79,
      1.775,
      0.855,
      1.8425,
      0.92
    ],
    "SoftwareVersions": "syngo_MR_B17",
    "TaskName": "MST",
    "TotalReadoutTime": 0.0437508,
    "TrueEchoSpacing": 0.000700013,
    "dataset": "ds003711",
    "modality": "bold",
    "run_id": 1,
    "subject_id": "19",
    "task_id": "MST"
  },
  "dummy_trs": 0,
  "dvars_nstd": 74.13453956978421,
  "dvars_std": 1.0350755723741,
  "dvars_vstd": 1.003161586330935,
  "efc": 0.6364349033939553,
  "fber": 108.29790496826172,
  "fd_mean": 0.11483481283283928,
  "fd_num": 14,
  "fd_perc": 5.017921146953405,
  "fwhm_avg": 2.5417005571469513,
  "fwhm_x": 2.395049911504425,
  "fwhm_y": 2.637179469026549,
  "fwhm_z": 2.5928722909098805,
  "gcor": 0.00963485,
  "gsr_x": -0.028744997456669807,
  "gsr_y": 0.06733149290084839,
  "provenance": {
    "md5sum": "828dd7c3efeb5af759db51adad79c739",
    "settings": {
      "fd_thres": 0.2,
      "testing": false
    },
    "software": "mriqc",
    "version": "22.0.0rc1",
    "webapi_port": null,
    "webapi_url": "https://mriqc.nimh.nih.gov/api/v1"
  },
  "size_t": 279,
  "size_x": 128,
  "size_y": 128,
  "size_z": 29,
  "snr": 4.283587946955657,
  "spacing_tr": 1.899999976158142,
  "spacing_x": 1.765625,
  "spacing_y": 1.765625,
  "spacing_z": 1.7999999523162842,
  "summary_bg_k": 17.83224890882308,
  "summary_bg_mad": 11.36661323809053,
  "summary_bg_mean": 108.15592956542969,
  "summary_bg_median": 75.55197143554688,
  "summary_bg_n": 310735.0,
  "summary_bg_p05": 64.36559295654297,
  "summary_bg_p95": 297.1645080566405,
  "summary_bg_stdv": 90.66584014892578,
  "summary_fg_k": 0.8070079756674731,
  "summary_fg_mad": 170.4913371780637,
  "summary_fg_mean": 805.8847045898438,
  "summary_fg_median": 797.464111328125,
  "summary_fg_n": 94084.0,
  "summary_fg_p05": 517.885855102539,
  "summary_fg_p95": 1122.5433959960933,
  "summary_fg_stdv": 186.1663360595703,
  "tsnr": 17.943007618305273
}