{
  "aor": 0.0010510752688172044,
  "aqi": 0.04114019892473118,
  "bids_meta": {
    "AccelFactPE": 2,
    "AcquisitionNumber": 1,
    "AcquisitionTime": "10:03:28.495000",
    "BandwidthPerPixelPhaseEncode": 22.321,
    "ConversionSoftware": "dcm2niix",
    "ConversionSoftwareVersion": "v1.0.20170724 (OpenJPEG build) GCC6.1.0",
    "DeviceSerialNumber": "35002",
    "EchoTime": 0.028,
    "EffectiveEchoSpacing": 0.000350007,
    "FlipAngle": 90,
    "ImageType": [
      "ORIGINAL",
      "PRIMARY",
      "M",
      "ND",
      "MOSAIC"
    ],
    "InstitutionAddress": "University_Pkwy_1700_North_685_Provo_FC28C0_UT_US_84601",
    "InstitutionName": "Brigham_Young_University",
    "MagneticFieldStrength": 3,
    "Manufacturer": "Siemens",
    "ManufacturersModelName": "TrioTim",
    "PhaseEncodingDirection": "j-",
    "PhaseEncodingLines": 128,
    "ProcedureStepDescription": "Research_KIRWAN",
    "ProtocolName": "12Chan_1.8x1.8x1.8_TR1900_29Slice",
    "RepetitionTime": 1.9,
    "ScanningSequence": "EP",
    "SequenceName": "epfid2d1_128",
    "SequenceVariant": "SK",
    "SeriesDescription": "12Chan_1.8x1.8x1.8_TR1900_29Slice",
    "SliceTiming": [
      0,
      0.9875,
      0.0675,
      1.0525,
      0.1325,
      1.12,
      0.1975,
      1.185,
      0.265,
      1.25,
      0.33,
      1.3175,
      0.395,
      1.3825,
      0.4625,
      1.4475,
      0.5275,
      1.515,
      0.5925,
      1.58,
      0.66,
      1.645,
      0.725,
      1.71,
      0.79,
      1.7775,
      0.855,
      1.8425,
      0.9225
    ],
    "SoftwareVersions": "syngo_MR_B17",
    "TaskName": "MST",
    "TotalReadoutTime": 0.0437508,
    "TrueEchoSpacing": 0.000700013,
    "dataset": "ds003711",
    "modality": "bold",
    "run_id": 5,
    "subject_id": "19",
    "task_id": "MST"
  },
  "dummy_trs": 0,
  "dvars_nstd": 88.54476217924457,
  "dvars_std": 1.033668186870504,
  "dvars_vstd": 1.0060902164748207,
  "efc": 0.6537014418108521,
  "fber": 83.47181701660156,
  "fd_mean": 0.15196147166076518,
  "fd_num": 33,
  "fd_perc": 11.827956989247312,
  "fwhm_avg": 2.5149203948692986,
  "fwhm_x": 2.464322831858407,
  "fwhm_y": 2.677204955752212,
  "fwhm_z": 2.403233396997277,
  "gcor": 0.0110338,
  "gsr_x": -0.03343353047966957,
  "gsr_y": 0.0759802982211113,
  "provenance": {
    "md5sum": "bbc4a98c5899544671067d573ce55d1f",
    "settings": {
      "fd_thres": 0.2,
      "testing": false
    },
    "software": "mriqc",
    "version": "22.0.0rc1",
    "webapi_port": null,
    "webapi_url": "https://mriqc.nimh.nih.gov/api/v1"
  },
  "size_t": 279,
  "size_x": 128,
  "size_y": 128,
  "size_z": 29,
  "snr": 4.263681172123569,
  "spacing_tr": 1.899999976158142,
  "spacing_x": 1.765625,
  "spacing_y": 1.765625,
  "spacing_z": 1.7999999523162842,
  "summary_bg_k": 18.702123594706134,
  "summary_bg_mad": 17.451128043394373,
  "summary_bg_mean": 116.45464324951172,
  "summary_bg_median": 84.79570007324219,
  "summary_bg_n": 308576.0,
  "summary_bg_p05": 68.72401428222656,
  "summary_bg_p95": 300.1800994873047,
  "summary_bg_stdv": 89.60009765625,
  "summary_fg_k": 0.8771961433326796,
  "summary_fg_mad": 166.76885999535156,
  "summary_fg_mean": 794.8886108398438,
  "summary_fg_median": 785.9605712890625,
  "summary_fg_n": 94943.0,
  "summary_fg_p05": 510.7673858642578,
  "summary_fg_p95": 1110.0107421875,
  "summary_fg_stdv": 184.3375244140625,
  "tsnr": 14.514208229258657
}