{
  "aor": 0.001095089605734767,
  "aqi": 0.047295213978494635,
  "bids_meta": {
    "AccelFactPE": 2,
    "AcquisitionNumber": 1,
    "AcquisitionTime": "11:04:43.262500",
    "BandwidthPerPixelPhaseEncode": 22.321,
    "ConversionSoftware": "dcm2niix",
    "ConversionSoftwareVersion": "v1.0.20170724 (OpenJPEG build) GCC6.1.0",
    "DeviceSerialNumber": "35002",
    "EchoTime": 0.028,
    "EffectiveEchoSpacing": 0.000350007,
    "FlipAngle": 90,
    "ImageType": [
      "ORIGINAL",
      "PRIMARY",
      "M",
      "ND",
      "MOSAIC"
    ],
    "InstitutionAddress": "University_Pkwy_1700_North_685_Provo_FC28C0_UT_US_84601",
    "InstitutionName": "Brigham_Young_University",
    "MagneticFieldStrength": 3,
    "Manufacturer": "Siemens",
    "ManufacturersModelName": "TrioTim",
    "PhaseEncodingDirection": "j-",
    "PhaseEncodingLines": 128,
    "ProcedureStepDescription": "Research_KIRWAN",
    "ProtocolName": "12Chan_1.8x1.8x1.8_TR1900_29Slice",
    "RepetitionTime": 1.9,
    "ScanningSequence": "EP",
    "SequenceName": "epfid2d1_128",
    "SequenceVariant": "SK",
    "SeriesDescription": "12Chan_1.8x1.8x1.8_TR1900_29Slice",
    "SliceTiming": [
      0,
      0.9875,
      0.065,
      1.0525,
      0.1325,
      1.1175,
      0.1975,
      1.185,
      0.2625,
      1.25,
      0.33,
      1.315,
      0.395,
      1.38,
      0.46,
      1.4475,
      0.525,
      1.5125,
      0.5925,
      1.5775,
      0.6575,
      1.645,
      0.7225,
      1.71,
      0.79,
      1.775,
      0.855,
      1.8425,
      0.92
    ],
    "SoftwareVersions": "syngo_MR_B17",
    "TaskName": "MST",
    "TotalReadoutTime": 0.0437508,
    "TrueEchoSpacing": 0.000700013,
    "dataset": "ds003711",
    "modality": "bold",
    "run_id": 3,
    "subject_id": "09",
    "task_id": "MST"
  },
  "dummy_trs": 0,
  "dvars_nstd": 96.96057318255399,
  "dvars_std": 1.015986061007194,
  "dvars_vstd": 1.0036127880575545,
  "efc": 0.669362956379791,
  "fber": 64.32341766357422,
  "fd_mean": 0.10846351440515263,
  "fd_num": 23,
  "fd_perc": 8.243727598566307,
  "fwhm_avg": 2.5490050999939875,
  "fwhm_x": 2.4091978761061945,
  "fwhm_y": 2.636545132743363,
  "fwhm_z": 2.6012722911324047,
  "gcor": 0.0218082,
  "gsr_x": -0.01736031472682953,
  "gsr_y": 0.059448856860399246,
  "provenance": {
    "md5sum": "ea90c46c3dcd1c4ea241c59c9267476b",
    "settings": {
      "fd_thres": 0.2,
      "testing": false
    },
    "software": "mriqc",
    "version": "22.0.0rc1",
    "webapi_port": null,
    "webapi_url": "https://mriqc.nimh.nih.gov/api/v1"
  },
  "size_t": 279,
  "size_x": 128,
  "size_y": 128,
  "size_z": 29,
  "snr": 4.225300741766002,
  "spacing_tr": 1.899999976158142,
  "spacing_x": 1.765625,
  "spacing_y": 1.765625,
  "spacing_z": 1.7999999523162842,
  "summary_bg_k": 17.19079568811648,
  "summary_bg_mad": 21.75014510554095,
  "summary_bg_mean": 115.21814727783203,
  "summary_bg_median": 88.67383575439453,
  "summary_bg_n": 313584.0,
  "summary_bg_p05": 68.41218566894531,
  "summary_bg_p95": 276.5360168457029,
  "summary_bg_stdv": 77.01482391357422,
  "summary_fg_k": 0.5414816269497176,
  "summary_fg_mad": 154.7008181823423,
  "summary_fg_mean": 715.9797973632812,
  "summary_fg_median": 718.1433715820312,
  "summary_fg_n": 92563.0,
  "summary_fg_p05": 426.5358489990235,
  "summary_fg_p95": 991.2938842773438,
  "summary_fg_stdv": 169.9617462158203,
  "tsnr": 13.047208128264174
}