{
  "aor": 0.0005068817204301075,
  "aqi": 0.044097716487455196,
  "bids_meta": {
    "AccelFactPE": 2,
    "AcquisitionNumber": 1,
    "AcquisitionTime": "11:26:43.985000",
    "BandwidthPerPixelPhaseEncode": 22.321,
    "ConversionSoftware": "dcm2niix",
    "ConversionSoftwareVersion": "v1.0.20170724 (OpenJPEG build) GCC6.1.0",
    "DeviceSerialNumber": "35002",
    "EchoTime": 0.028,
    "EffectiveEchoSpacing": 0.000350007,
    "FlipAngle": 90,
    "ImageType": [
      "ORIGINAL",
      "PRIMARY",
      "M",
      "ND",
      "MOSAIC"
    ],
    "InstitutionAddress": "University_Pkwy_1700_North_685_Provo_FC28C0_UT_US_84601",
    "InstitutionName": "Brigham_Young_University",
    "MagneticFieldStrength": 3,
    "Manufacturer": "Siemens",
    "ManufacturersModelName": "TrioTim",
    "PhaseEncodingDirection": "j-",
    "PhaseEncodingLines": 128,
    "ProcedureStepDescription": "Research_KIRWAN",
    "ProtocolName": "12Chan_1.8x1.8x1.8_TR1900_29Slice",
    "RepetitionTime": 1.9,
    "ScanningSequence": "EP",
    "SequenceName": "epfid2d1_128",
    "SequenceVariant": "SK",
    "SeriesDescription": "12Chan_1.8x1.8x1.8_TR1900_29Slice",
    "SliceTiming": [
      0,
      0.985,
      0.065,
      1.0525,
      0.13,
      1.1175,
      0.1975,
      1.1825,
      0.2625,
      1.25,
      0.3275,
      1.315,
      0.395,
      1.38,
      0.46,
      1.445,
      0.525,
      1.5125,
      0.5925,
      1.5775,
      0.6575,
      1.6425,
      0.7225,
      1.71,
      0.7875,
      1.775,
      0.855,
      1.84,
      0.92
    ],
    "SoftwareVersions": "syngo_MR_B17",
    "TaskName": "MST",
    "TotalReadoutTime": 0.0437508,
    "TrueEchoSpacing": 0.000700013,
    "dataset": "ds003711",
    "modality": "bold",
    "run_id": 5,
    "subject_id": "09",
    "task_id": "MST"
  },
  "dummy_trs": 0,
  "dvars_nstd": 96.34570806489205,
  "dvars_std": 1.0198692197841726,
  "dvars_vstd": 1.0096330825179851,
  "efc": 0.6706183292209952,
  "fber": 63.72996520996094,
  "fd_mean": 0.1089241570723122,
  "fd_num": 21,
  "fd_perc": 7.526881720430108,
  "fwhm_avg": 2.4917870197681706,
  "fwhm_x": 2.3863674336283185,
  "fwhm_y": 2.590499115044248,
  "fwhm_z": 2.4984945106319456,
  "gcor": 0.00390635,
  "gsr_x": -0.01733126863837242,
  "gsr_y": 0.05912257358431816,
  "provenance": {
    "md5sum": "8a2b7477f0ca53353f3ec0d02a6cc276",
    "settings": {
      "fd_thres": 0.2,
      "testing": false
    },
    "software": "mriqc",
    "version": "22.0.0rc1",
    "webapi_port": null,
    "webapi_url": "https://mriqc.nimh.nih.gov/api/v1"
  },
  "size_t": 279,
  "size_x": 128,
  "size_y": 128,
  "size_z": 29,
  "snr": 4.204607133328455,
  "spacing_tr": 1.899999976158142,
  "spacing_x": 1.765625,
  "spacing_y": 1.765625,
  "spacing_z": 1.7999999523162842,
  "summary_bg_k": 17.201634540540788,
  "summary_bg_mad": 21.35690577047055,
  "summary_bg_mean": 114.95977783203125,
  "summary_bg_median": 88.46236419677734,
  "summary_bg_n": 311838.0,
  "summary_bg_p05": 67.72042846679688,
  "summary_bg_p95": 274.07939300537095,
  "summary_bg_stdv": 76.43748474121094,
  "summary_fg_k": 0.6558542654050656,
  "summary_fg_mad": 154.36066304688313,
  "summary_fg_mean": 717.92626953125,
  "summary_fg_median": 717.4515991210938,
  "summary_fg_n": 92617.0,
  "summary_fg_p05": 434.5971374511719,
  "summary_fg_p95": 999.5411987304688,
  "summary_fg_stdv": 170.6337127685547,
  "tsnr": 13.51340556750074
}