{
  "aor": 0.0013629032258064514,
  "aqi": 0.03463139211469534,
  "bids_meta": {
    "AccelFactPE": 2,
    "AcquisitionNumber": 1,
    "AcquisitionTime": "10:43:5.100000",
    "BandwidthPerPixelPhaseEncode": 22.321,
    "ConversionSoftware": "dcm2niix",
    "ConversionSoftwareVersion": "v1.0.20170724 (OpenJPEG build) GCC6.1.0",
    "DeviceSerialNumber": "35002",
    "EchoTime": 0.028,
    "EffectiveEchoSpacing": 0.000350007,
    "FlipAngle": 90,
    "ImageType": [
      "ORIGINAL",
      "PRIMARY",
      "M",
      "ND",
      "MOSAIC"
    ],
    "InstitutionAddress": "University_Pkwy_1700_North_685_Provo_FC28C0_UT_US_84601",
    "InstitutionName": "Brigham_Young_University",
    "MagneticFieldStrength": 3,
    "Manufacturer": "Siemens",
    "ManufacturersModelName": "TrioTim",
    "PhaseEncodingDirection": "j-",
    "PhaseEncodingLines": 128,
    "ProcedureStepDescription": "Research_KIRWAN",
    "ProtocolName": "12Chan_1.8x1.8x1.8_TR1900_29Slice",
    "RepetitionTime": 1.9,
    "ScanningSequence": "EP",
    "SequenceName": "epfid2d1_128",
    "SequenceVariant": "SK",
    "SeriesDescription": "12Chan_1.8x1.8x1.8_TR1900_29Slice",
    "SliceTiming": [
      0,
      0.9875,
      0.065,
      1.0525,
      0.1325,
      1.1175,
      0.1975,
      1.185,
      0.2625,
      1.25,
      0.33,
      1.315,
      0.395,
      1.3825,
      0.46,
      1.4475,
      0.5275,
      1.5125,
      0.5925,
      1.5775,
      0.6575,
      1.645,
      0.7225,
      1.71,
      0.79,
      1.775,
      0.855,
      1.8425,
      0.92
    ],
    "SoftwareVersions": "syngo_MR_B17",
    "TaskName": "MST",
    "TotalReadoutTime": 0.0437508,
    "TrueEchoSpacing": 0.000700013,
    "dataset": "ds003711",
    "modality": "bold",
    "run_id": 1,
    "subject_id": "09",
    "task_id": "MST"
  },
  "dummy_trs": 0,
  "dvars_nstd": 80.33618721158275,
  "dvars_std": 1.0176805549640284,
  "dvars_vstd": 1.01641521147482,
  "efc": 0.6531695950997113,
  "fber": 82.551513671875,
  "fd_mean": 0.09771763747818976,
  "fd_num": 5,
  "fd_perc": 1.7921146953405018,
  "fwhm_avg": 2.578779905843343,
  "fwhm_x": 2.3731030088495575,
  "fwhm_y": 2.6637366371681415,
  "fwhm_z": 2.69950007151233,
  "gcor": 0.00866166,
  "gsr_x": -0.011091560125350952,
  "gsr_y": 0.04846867546439171,
  "provenance": {
    "md5sum": "fa7683076d534a5b2130e97edf222218",
    "settings": {
      "fd_thres": 0.2,
      "testing": false
    },
    "software": "mriqc",
    "version": "22.0.0rc1",
    "webapi_port": null,
    "webapi_url": "https://mriqc.nimh.nih.gov/api/v1"
  },
  "size_t": 279,
  "size_x": 128,
  "size_y": 128,
  "size_z": 29,
  "snr": 4.255672682504456,
  "spacing_tr": 1.899999976158142,
  "spacing_x": 1.765625,
  "spacing_y": 1.765625,
  "spacing_z": 1.7999999523162842,
  "summary_bg_k": 19.82167146918638,
  "summary_bg_mad": 13.532070782897437,
  "summary_bg_mean": 105.20580291748047,
  "summary_bg_median": 78.13440704345703,
  "summary_bg_n": 312176.0,
  "summary_bg_p05": 65.34049987792969,
  "summary_bg_p95": 257.28763580322266,
  "summary_bg_stdv": 74.63119506835938,
  "summary_fg_k": 0.5905846650688811,
  "summary_fg_mad": 154.64765480323024,
  "summary_fg_mean": 722.3931274414062,
  "summary_fg_median": 721.0859985351562,
  "summary_fg_n": 92454.0,
  "summary_fg_p05": 441.3784942626953,
  "summary_fg_p95": 1002.2661346435542,
  "summary_fg_stdv": 169.44021606445312,
  "tsnr": 15.6969607998617
}