{
  "aor": 0.000491326164874552,
  "aqi": 0.0395698100358423,
  "bids_meta": {
    "AccelFactPE": 2,
    "AcquisitionNumber": 1,
    "AcquisitionTime": "10:54:25.232500",
    "BandwidthPerPixelPhaseEncode": 22.321,
    "ConversionSoftware": "dcm2niix",
    "ConversionSoftwareVersion": "v1.0.20170724 (OpenJPEG build) GCC6.1.0",
    "DeviceSerialNumber": "35002",
    "EchoTime": 0.028,
    "EffectiveEchoSpacing": 0.000350007,
    "FlipAngle": 90,
    "ImageType": [
      "ORIGINAL",
      "PRIMARY",
      "M",
      "ND",
      "MOSAIC"
    ],
    "InstitutionAddress": "University_Pkwy_1700_North_685_Provo_FC28C0_UT_US_84601",
    "InstitutionName": "Brigham_Young_University",
    "MagneticFieldStrength": 3,
    "Manufacturer": "Siemens",
    "ManufacturersModelName": "TrioTim",
    "PhaseEncodingDirection": "j-",
    "PhaseEncodingLines": 128,
    "ProcedureStepDescription": "Research_KIRWAN",
    "ProtocolName": "12Chan_1.8x1.8x1.8_TR1900_29Slice",
    "RepetitionTime": 1.9,
    "ScanningSequence": "EP",
    "SequenceName": "epfid2d1_128",
    "SequenceVariant": "SK",
    "SeriesDescription": "12Chan_1.8x1.8x1.8_TR1900_29Slice",
    "SliceTiming": [
      0,
      0.985,
      0.065,
      1.05,
      0.13,
      1.1175,
      0.195,
      1.1825,
      0.2625,
      1.2475,
      0.3275,
      1.315,
      0.3925,
      1.38,
      0.46,
      1.445,
      0.525,
      1.5125,
      0.59,
      1.5775,
      0.6575,
      1.6425,
      0.7225,
      1.7075,
      0.7875,
      1.775,
      0.8525,
      1.84,
      0.92
    ],
    "SoftwareVersions": "syngo_MR_B17",
    "TaskName": "MST",
    "TotalReadoutTime": 0.0437508,
    "TrueEchoSpacing": 0.000700013,
    "dataset": "ds003711",
    "modality": "bold",
    "run_id": 2,
    "subject_id": "09",
    "task_id": "MST"
  },
  "dummy_trs": 0,
  "dvars_nstd": 91.2384051865827,
  "dvars_std": 1.0181586963309355,
  "dvars_vstd": 1.0090197208992804,
  "efc": 0.665706036054971,
  "fber": 68.51420593261719,
  "fd_mean": 0.08833170881023401,
  "fd_num": 5,
  "fd_perc": 1.7921146953405018,
  "fwhm_avg": 2.509157508559244,
  "fwhm_x": 2.3735674336283186,
  "fwhm_y": 2.6070994690265485,
  "fwhm_z": 2.5468056230228644,
  "gcor": 0.0039635,
  "gsr_x": -0.018146321177482605,
  "gsr_y": 0.06087154895067215,
  "provenance": {
    "md5sum": "136e378d56a17b63c3de775269467b54",
    "settings": {
      "fd_thres": 0.2,
      "testing": false
    },
    "software": "mriqc",
    "version": "22.0.0rc1",
    "webapi_port": null,
    "webapi_url": "https://mriqc.nimh.nih.gov/api/v1"
  },
  "size_t": 279,
  "size_x": 128,
  "size_y": 128,
  "size_z": 29,
  "snr": 4.2111495285390275,
  "spacing_tr": 1.899999976158142,
  "spacing_x": 1.765625,
  "spacing_y": 1.765625,
  "spacing_z": 1.7999999523162842,
  "summary_bg_k": 16.798343871230273,
  "summary_bg_mad": 19.682994566662327,
  "summary_bg_mean": 113.63208770751953,
  "summary_bg_median": 86.04300689697266,
  "summary_bg_n": 314451.0,
  "summary_bg_p05": 67.6630859375,
  "summary_bg_p95": 278.07525634765625,
  "summary_bg_stdv": 77.9407958984375,
  "summary_fg_k": 0.545576246879472,
  "summary_fg_mad": 156.666958300908,
  "summary_fg_mean": 721.4525756835938,
  "summary_fg_median": 721.268798828125,
  "summary_fg_n": 91718.0,
  "summary_fg_p05": 434.86862792968753,
  "summary_fg_p95": 1004.4071807861327,
  "summary_fg_stdv": 171.27505493164062,
  "tsnr": 14.229326874017715
}