{
  "aor": 0.00030200716845878135,
  "aqi": 0.0486629541218638,
  "bids_meta": {
    "AccelFactPE": 2,
    "AcquisitionNumber": 1,
    "AcquisitionTime": "11:23:8.507500",
    "BandwidthPerPixelPhaseEncode": 22.321,
    "ConversionSoftware": "dcm2niix",
    "ConversionSoftwareVersion": "v1.0.20170724 (OpenJPEG build) GCC6.1.0",
    "DeviceSerialNumber": "35002",
    "EchoTime": 0.028,
    "EffectiveEchoSpacing": 0.000350007,
    "FlipAngle": 90,
    "ImageType": [
      "ORIGINAL",
      "PRIMARY",
      "M",
      "ND",
      "MOSAIC"
    ],
    "InstitutionAddress": "University_Pkwy_1700_North_685_Provo_FC28C0_UT_US_84601",
    "InstitutionName": "Brigham_Young_University",
    "MagneticFieldStrength": 3,
    "Manufacturer": "Siemens",
    "ManufacturersModelName": "TrioTim",
    "PhaseEncodingDirection": "j-",
    "PhaseEncodingLines": 128,
    "ProcedureStepDescription": "Research_KIRWAN",
    "ProtocolName": "12Chan_1.8x1.8x1.8_TR1900_29Slice",
    "RepetitionTime": 1.9,
    "ScanningSequence": "EP",
    "SequenceName": "epfid2d1_128",
    "SequenceVariant": "SK",
    "SeriesDescription": "12Chan_1.8x1.8x1.8_TR1900_29Slice",
    "SliceTiming": [
      0,
      0.9875,
      0.0675,
      1.0525,
      0.1325,
      1.12,
      0.1975,
      1.185,
      0.265,
      1.25,
      0.33,
      1.3175,
      0.395,
      1.3825,
      0.4625,
      1.4475,
      0.5275,
      1.515,
      0.5925,
      1.58,
      0.66,
      1.645,
      0.725,
      1.71,
      0.79,
      1.7775,
      0.855,
      1.8425,
      0.9225
    ],
    "SoftwareVersions": "syngo_MR_B17",
    "TaskName": "MST",
    "TotalReadoutTime": 0.0437508,
    "TrueEchoSpacing": 0.000700013,
    "dataset": "ds003711",
    "modality": "bold",
    "run_id": 3,
    "subject_id": "20",
    "task_id": "MST"
  },
  "dummy_trs": 0,
  "dvars_nstd": 97.58506632187053,
  "dvars_std": 1.0324730742805759,
  "dvars_vstd": 0.9979248168345319,
  "efc": 0.6818588612294941,
  "fber": 64.96625518798828,
  "fd_mean": 0.07477063958661964,
  "fd_num": 8,
  "fd_perc": 2.867383512544803,
  "fwhm_avg": 2.3445147636736237,
  "fwhm_x": 2.2431773451327435,
  "fwhm_y": 2.4160113274336283,
  "fwhm_z": 2.374355618454499,
  "gcor": 0.00277493,
  "gsr_x": -0.01610085926949978,
  "gsr_y": 0.06124521791934967,
  "provenance": {
    "md5sum": "7afa3c95efbd986f4896bd4e08e0f813",
    "settings": {
      "fd_thres": 0.2,
      "testing": false
    },
    "software": "mriqc",
    "version": "22.0.0rc1",
    "webapi_port": null,
    "webapi_url": "https://mriqc.nimh.nih.gov/api/v1"
  },
  "size_t": 279,
  "size_x": 128,
  "size_y": 128,
  "size_z": 29,
  "snr": 4.381480529751473,
  "spacing_tr": 1.899999976158142,
  "spacing_x": 1.765625,
  "spacing_y": 1.765625,
  "spacing_z": 1.7999999523162842,
  "summary_bg_k": 18.25912927934137,
  "summary_bg_mad": 22.57913185625688,
  "summary_bg_mean": 128.3643798828125,
  "summary_bg_median": 96.31182861328125,
  "summary_bg_n": 296509.0,
  "summary_bg_p05": 75.34408569335938,
  "summary_bg_p95": 326.7705993652344,
  "summary_bg_stdv": 92.48680877685547,
  "summary_fg_k": 0.9901033915476969,
  "summary_fg_mad": 156.7280848755296,
  "summary_fg_mean": 790.51025390625,
  "summary_fg_median": 784.4337158203125,
  "summary_fg_n": 106288.0,
  "summary_fg_p05": 510.39319610595703,
  "summary_fg_p95": 1094.8313232421874,
  "summary_fg_stdv": 179.03309631347656,
  "tsnr": 13.810020241187885
}