{
  "aor": 0.000254336917562724,
  "aqi": 0.046808768100358424,
  "bids_meta": {
    "AccelFactPE": 2,
    "AcquisitionNumber": 1,
    "AcquisitionTime": "11:03:37.622500",
    "BandwidthPerPixelPhaseEncode": 22.321,
    "ConversionSoftware": "dcm2niix",
    "ConversionSoftwareVersion": "v1.0.20170724 (OpenJPEG build) GCC6.1.0",
    "DeviceSerialNumber": "35002",
    "EchoTime": 0.028,
    "EffectiveEchoSpacing": 0.000350007,
    "FlipAngle": 90,
    "ImageType": [
      "ORIGINAL",
      "PRIMARY",
      "M",
      "ND",
      "MOSAIC"
    ],
    "InstitutionAddress": "University_Pkwy_1700_North_685_Provo_FC28C0_UT_US_84601",
    "InstitutionName": "Brigham_Young_University",
    "MagneticFieldStrength": 3,
    "Manufacturer": "Siemens",
    "ManufacturersModelName": "TrioTim",
    "PhaseEncodingDirection": "j-",
    "PhaseEncodingLines": 128,
    "ProcedureStepDescription": "Research_KIRWAN",
    "ProtocolName": "12Chan_1.8x1.8x1.8_TR1900_29Slice",
    "RepetitionTime": 1.9,
    "ScanningSequence": "EP",
    "SequenceName": "epfid2d1_128",
    "SequenceVariant": "SK",
    "SeriesDescription": "12Chan_1.8x1.8x1.8_TR1900_29Slice",
    "SliceTiming": [
      0,
      0.985,
      0.065,
      1.05,
      0.13,
      1.1175,
      0.195,
      1.1825,
      0.2625,
      1.2475,
      0.3275,
      1.315,
      0.3925,
      1.38,
      0.46,
      1.445,
      0.525,
      1.5125,
      0.59,
      1.5775,
      0.6575,
      1.6425,
      0.7225,
      1.7075,
      0.7875,
      1.775,
      0.8525,
      1.84,
      0.92
    ],
    "SoftwareVersions": "syngo_MR_B17",
    "TaskName": "MST",
    "TotalReadoutTime": 0.0437508,
    "TrueEchoSpacing": 0.000700013,
    "dataset": "ds003711",
    "modality": "bold",
    "run_id": 1,
    "subject_id": "20",
    "task_id": "MST"
  },
  "dummy_trs": 0,
  "dvars_nstd": 84.16671086035971,
  "dvars_std": 1.0178425905035973,
  "dvars_vstd": 0.9844520986690646,
  "efc": 0.6626093593922434,
  "fber": 85.37885284423828,
  "fd_mean": 0.09802986409537646,
  "fd_num": 19,
  "fd_perc": 6.810035842293907,
  "fwhm_avg": 2.433086720351429,
  "fwhm_x": 2.3490718584070795,
  "fwhm_y": 2.582366017699115,
  "fwhm_z": 2.3678222849480917,
  "gcor": 0.00206932,
  "gsr_x": -0.008926721289753914,
  "gsr_y": 0.05353116616606712,
  "provenance": {
    "md5sum": "052280666fd45075d620c58f4a943034",
    "settings": {
      "fd_thres": 0.2,
      "testing": false
    },
    "software": "mriqc",
    "version": "22.0.0rc1",
    "webapi_port": null,
    "webapi_url": "https://mriqc.nimh.nih.gov/api/v1"
  },
  "size_t": 279,
  "size_x": 128,
  "size_y": 128,
  "size_z": 29,
  "snr": 4.32681210547251,
  "spacing_tr": 1.899999976158142,
  "spacing_x": 1.765625,
  "spacing_y": 1.765625,
  "spacing_z": 1.7999999523162842,
  "summary_bg_k": 18.016753379673435,
  "summary_bg_mad": 14.79413546894604,
  "summary_bg_mean": 118.18746185302734,
  "summary_bg_median": 84.74552154541016,
  "summary_bg_n": 297201.0,
  "summary_bg_p05": 71.34049987792969,
  "summary_bg_p95": 317.1182861328125,
  "summary_bg_stdv": 92.53876495361328,
  "summary_fg_k": 0.912656179762263,
  "summary_fg_mad": 162.31571437920903,
  "summary_fg_mean": 798.7003173828125,
  "summary_fg_median": 792.0107421875,
  "summary_fg_n": 105591.0,
  "summary_fg_p05": 513.3691711425781,
  "summary_fg_p95": 1111.6719970703125,
  "summary_fg_stdv": 183.0463104248047,
  "tsnr": 15.141749298200011
}