{
  "bids_meta": {
    "AcquisitionNumber": 1,
    "AcquisitionTime": "07:28:37.800000",
    "ConversionSoftware": "dcm2niix",
    "ConversionSoftwareVersion": "v1.0.20170724 (OpenJPEG build) GCC6.1.0",
    "DeviceSerialNumber": "35002",
    "EchoTime": 0.064,
    "EchoTrainLength": 15,
    "FlipAngle": 178,
    "ImageType": [
      "ORIGINAL",
      "PRIMARY",
      "M",
      "ND"
    ],
    "InstitutionAddress": "University_Pkwy_1700_North_685_Provo_FC28C0_UT_US_84601",
    "InstitutionName": "Brigham_Young_University",
    "MagneticFieldStrength": 3,
    "Manufacturer": "Siemens",
    "ManufacturersModelName": "TrioTim",
    "PhaseEncodingDirection": "i-",
    "PhaseEncodingLines": 512,
    "ProcedureStepDescription": "Research_KIRWAN",
    "ProtocolName": "HiRes_T2",
    "RepetitionTime": 7.79,
    "ScanningSequence": "SE",
    "SequenceName": "_tse2d1_15",
    "SequenceVariant": "SK_SP_OSP",
    "SeriesDescription": "HiRes_T2",
    "SoftwareVersions": "syngo_MR_B17",
    "dataset": "ds003711",
    "modality": "T2w",
    "subject_id": "23"
  },
  "cjv": 0.6228344850644129,
  "cnr": 0.9128207121949364,
  "efc": 0.6226108998173758,
  "fber": 91.00795417664001,
  "fwhm_avg": 3.4281934346244927,
  "fwhm_x": 4.200499199999999,
  "fwhm_y": 1.946250703873478,
  "fwhm_z": 4.1378304,
  "icvs_csf": 0.19510294022681435,
  "icvs_gm": 0.6295385823648995,
  "icvs_wm": 0.17535847740828625,
  "inu_med": 1.047413945198059,
  "inu_range": 0.3013191819190977,
  "provenance": {
    "md5sum": "4ec3b0c80b14ad1dc36d2b57c23b3502",
    "settings": {
      "testing": false
    },
    "software": "mriqc",
    "version": "22.0.0rc1",
    "warnings": {
      "large_rot_frame": false,
      "small_air_mask": false
    },
    "webapi_port": null,
    "webapi_url": "https://mriqc.nimh.nih.gov/api/v1"
  },
  "qi_1": 0.009882539749844101,
  "qi_2": 0.00012468779350789094,
  "rpve_csf": 12.15922682667356,
  "rpve_gm": 5.256365300669561,
  "rpve_wm": 14.683640935830077,
  "size_x": 512,
  "size_y": 19,
  "size_z": 512,
  "snr_csf": 4.054825302772457,
  "snr_gm": 10.087219831823553,
  "snr_total": 6.298678995207838,
  "snr_wm": 4.7539918510275045,
  "snrd_csf": 18.74707744289456,
  "snrd_gm": 10.362552706713553,
  "snrd_total": 11.979308035457796,
  "snrd_wm": 6.828293956765273,
  "spacing_x": 0.390625,
  "spacing_y": 3.0000040531158447,
  "spacing_z": 0.390625,
  "summary_bg_k": 18.11936966965692,
  "summary_bg_mad": 100.2004470479621,
  "summary_bg_mean": 303.2469467696419,
  "summary_bg_median": 153.1088753193617,
  "summary_bg_n": 1354349.0,
  "summary_bg_p05": 34.406488835811615,
  "summary_bg_p95": 1422.9540739953518,
  "summary_bg_stdv": 526.9976202716891,
  "summary_csf_k": -0.023657661372626038,
  "summary_csf_mad": 713.2450003504939,
  "summary_csf_mean": 2995.332317683883,
  "summary_csf_median": 2867.289323195815,
  "summary_csf_n": 120364.0,
  "summary_csf_p05": 2090.9499107267707,
  "summary_csf_p95": 4224.993948720396,
  "summary_csf_stdv": 707.1272368507483,
  "summary_gm_k": 0.05285493223031379,
  "summary_gm_mad": 155.4017842398394,
  "summary_gm_mean": 1585.932818029071,
  "summary_gm_median": 1584.910332158208,
  "summary_gm_n": 430375.0,
  "summary_gm_p05": 1328.5819903314114,
  "summary_gm_p95": 1847.1369292140007,
  "summary_gm_stdv": 157.1204471864302,
  "summary_wm_k": 2.373271486853522,
  "summary_wm_mad": 181.27171784131326,
  "summary_wm_mean": 1009.5303814564754,
  "summary_wm_median": 1044.3598164841533,
  "summary_wm_n": 99709.0,
  "summary_wm_p05": 620.2998415827751,
  "summary_wm_p95": 1303.0228843390942,
  "summary_wm_stdv": 219.67950559411145,
  "tpm_overlap_csf": 0.08868400752544403,
  "tpm_overlap_gm": 0.3516923785209656,
  "tpm_overlap_wm": 0.12268155068159103,
  "wm2max": 0.22477209890368877
}