{
  "bids_meta": {
    "AcquisitionNumber": 1,
    "AcquisitionTime": "06:11:58.595000",
    "ConversionSoftware": "dcm2niix",
    "ConversionSoftwareVersion": "v1.0.20170724 (OpenJPEG build) GCC6.1.0",
    "DeviceSerialNumber": "35002",
    "EchoTime": 0.00226,
    "FlipAngle": 9,
    "ImageType": [
      "ORIGINAL",
      "PRIMARY",
      "M",
      "ND",
      "NORM"
    ],
    "InstitutionAddress": "University_Pkwy_1700_North_685_Provo_FC28C0_UT_US_84601",
    "InstitutionName": "Brigham_Young_University",
    "InversionTime": 0.9,
    "MagneticFieldStrength": 3,
    "Manufacturer": "Siemens",
    "ManufacturersModelName": "TrioTim",
    "PhaseEncodingDirection": "i-",
    "PhaseEncodingLines": 215,
    "ProcedureStepDescription": "Research_KIRWAN",
    "ProtocolName": "t1_mpr_sag_iso_mprage",
    "RepetitionTime": 1.9,
    "ScanningSequence": "GR_IR",
    "SequenceName": "_tfl3d1_ns",
    "SequenceVariant": "SP_MP_OSP",
    "SeriesDescription": "t1_mpr_sag_iso_mprage",
    "SoftwareVersions": "syngo_MR_B17",
    "dataset": "ds003711",
    "modality": "T1w",
    "subject_id": "23"
  },
  "cjv": 0.41168363476519176,
  "cnr": 3.373270559115929,
  "efc": 0.6789898141680943,
  "fber": 1213.7266845703125,
  "fwhm_avg": 4.436581306666667,
  "fwhm_x": 4.19299,
  "fwhm_y": 4.79961088,
  "fwhm_z": 4.3171430399999995,
  "icvs_csf": 0.19448292063670067,
  "icvs_gm": 0.40732908214132024,
  "icvs_wm": 0.3981879972219791,
  "inu_med": 1.3062396049499512,
  "inu_range": 0.49059389829635625,
  "provenance": {
    "md5sum": "80ef07de6632bfbc6c667a3152360f36",
    "settings": {
      "testing": false
    },
    "software": "mriqc",
    "version": "22.0.0rc1",
    "warnings": {
      "large_rot_frame": true,
      "small_air_mask": false
    },
    "webapi_port": null,
    "webapi_url": "https://mriqc.nimh.nih.gov/api/v1"
  },
  "qi_1": 0.0,
  "qi_2": 0.00641204855696343,
  "rpve_csf": 17.18092331447459,
  "rpve_gm": 8.761163603158346,
  "rpve_wm": 11.009257768652816,
  "size_x": 176,
  "size_y": 224,
  "size_z": 256,
  "snr_csf": 2.602016841726342,
  "snr_gm": 13.550898965457113,
  "snr_total": 13.2932250548333,
  "snr_wm": 23.726759357316443,
  "snrd_csf": 25.502602967239522,
  "snrd_gm": 52.39128679488183,
  "snrd_total": 48.92691431183914,
  "snrd_wm": 68.88685317339608,
  "spacing_x": 1.0,
  "spacing_y": 0.9765625,
  "spacing_z": 0.9765625,
  "summary_bg_k": 1.380366321418827,
  "summary_bg_mad": 9.510599786827774,
  "summary_bg_mean": 16.37843894958496,
  "summary_bg_median": 15.849117279052734,
  "summary_bg_n": 1747706.0,
  "summary_bg_p05": 3.173157036304474,
  "summary_bg_p95": 35.57590103149414,
  "summary_bg_stdv": 10.628960609436035,
  "summary_csf_k": 22.583612274354333,
  "summary_csf_mad": 129.5751491552603,
  "summary_csf_mean": 400.55078125,
  "summary_csf_median": 370.220703125,
  "summary_csf_n": 19360.0,
  "summary_csf_p05": 240.1877296447754,
  "summary_csf_p95": 628.6813720703125,
  "summary_csf_stdv": 142.27853393554688,
  "summary_gm_k": -0.08669426652512113,
  "summary_gm_mad": 57.030641667676136,
  "summary_gm_mean": 759.9780883789062,
  "summary_gm_median": 760.5631103515625,
  "summary_gm_n": 29576.0,
  "summary_gm_p05": 667.6309356689453,
  "summary_gm_p95": 851.4071960449219,
  "summary_gm_stdv": 56.12544631958008,
  "summary_wm_k": 0.10257520627710504,
  "summary_wm_mad": 41.55349251342718,
  "summary_wm_mean": 1000.5831298828125,
  "summary_wm_median": 1000.0288696289062,
  "summary_wm_n": 333365.0,
  "summary_wm_p05": 932.1218505859375,
  "summary_wm_p95": 1070.7484619140625,
  "summary_wm_stdv": 42.14765930175781,
  "tpm_overlap_csf": 0.17531730234622955,
  "tpm_overlap_gm": 0.447867751121521,
  "tpm_overlap_wm": 0.505268394947052,
  "wm2max": 0.43202444880148444
}