{
  "bids_meta": {
    "AcquisitionNumber": 1,
    "AcquisitionTime": "12:58:7.880000",
    "ConversionSoftware": "dcm2niix",
    "ConversionSoftwareVersion": "v1.0.20170724 (OpenJPEG build) GCC6.1.0",
    "DeviceSerialNumber": "35002",
    "EchoTime": 0.064,
    "EchoTrainLength": 15,
    "FlipAngle": 178,
    "ImageType": [
      "ORIGINAL",
      "PRIMARY",
      "M",
      "ND"
    ],
    "InstitutionAddress": "University_Pkwy_1700_North_685_Provo_FC28C0_UT_US_84601",
    "InstitutionName": "Brigham_Young_University",
    "MagneticFieldStrength": 3,
    "Manufacturer": "Siemens",
    "ManufacturersModelName": "TrioTim",
    "PhaseEncodingDirection": "i-",
    "PhaseEncodingLines": 512,
    "ProcedureStepDescription": "Research_KIRWAN",
    "ProtocolName": "HiRes_T2",
    "RepetitionTime": 6.26,
    "ScanningSequence": "SE",
    "SequenceName": "_tse2d1_15",
    "SequenceVariant": "SK_SP_OSP",
    "SeriesDescription": "HiRes_T2",
    "SoftwareVersions": "syngo_MR_B17",
    "dataset": "ds003711",
    "modality": "T2w",
    "subject_id": "12"
  },
  "cjv": 0.6021490238981797,
  "cnr": 1.6398848350320943,
  "efc": 0.5785729995810575,
  "fber": 135.26656613201936,
  "fwhm_avg": 3.8575184034212704,
  "fwhm_x": 4.5203456,
  "fwhm_y": 1.908171210263813,
  "fwhm_z": 5.1440383999999995,
  "icvs_csf": 0.19817865700530848,
  "icvs_gm": 0.5280287363327367,
  "icvs_wm": 0.2737926066619548,
  "inu_med": 1.1058986186981201,
  "inu_range": 0.2947734862565995,
  "provenance": {
    "md5sum": "4cba50c10ee3f8caa42b25029579a24b",
    "settings": {
      "testing": false
    },
    "software": "mriqc",
    "version": "22.0.0rc1",
    "warnings": {
      "large_rot_frame": false,
      "small_air_mask": false
    },
    "webapi_port": null,
    "webapi_url": "https://mriqc.nimh.nih.gov/api/v1"
  },
  "qi_1": 0.008759898286724658,
  "qi_2": 0.00018319405406050707,
  "rpve_csf": 13.957384924497266,
  "rpve_gm": 6.507430508364884,
  "rpve_wm": 12.097654765254392,
  "size_x": 512,
  "size_y": 19,
  "size_z": 512,
  "snr_csf": 4.259043491042758,
  "snr_gm": 11.365549549648215,
  "snr_total": 7.2471241348317745,
  "snr_wm": 6.116779363804349,
  "snrd_csf": 22.94247477197281,
  "snrd_gm": 14.527019136457218,
  "snrd_total": 15.890393152018861,
  "snrd_wm": 10.201685547626552,
  "spacing_x": 0.390625,
  "spacing_y": 3.0000033378601074,
  "spacing_z": 0.390625,
  "summary_bg_k": 76.61065589667263,
  "summary_bg_mad": 67.13275596924193,
  "summary_bg_mean": 138.9296775967195,
  "summary_bg_median": 110.73013512790203,
  "summary_bg_n": 1667249.0,
  "summary_bg_p05": 25.716014988720417,
  "summary_bg_p95": 282.5736235231161,
  "summary_bg_stdv": 163.36230950078166,
  "summary_csf_k": 0.8064910023227347,
  "summary_csf_mad": 474.56429275361666,
  "summary_csf_mean": 2480.250516782593,
  "summary_csf_median": 2350.9480055570602,
  "summary_csf_n": 115605.0,
  "summary_csf_p05": 1841.165826074779,
  "summary_csf_p95": 3539.330439388752,
  "summary_csf_stdv": 551.987281289547,
  "summary_gm_k": 0.03323529678249404,
  "summary_gm_mad": 130.6771240915756,
  "summary_gm_mean": 1489.2311503212622,
  "summary_gm_median": 1488.6043029353023,
  "summary_gm_n": 293617.0,
  "summary_gm_p05": 1274.4050251469016,
  "summary_gm_p95": 1704.6389982640756,
  "summary_gm_stdv": 130.974904599921,
  "summary_wm_k": 1.2624780796743362,
  "summary_wm_mad": 136.20922202222582,
  "summary_wm_mean": 1018.0686026818488,
  "summary_wm_median": 1045.3812210708857,
  "summary_wm_n": 174880.0,
  "summary_wm_p05": 674.263828292489,
  "summary_wm_p95": 1250.3025640398264,
  "summary_wm_stdv": 170.9033741513686,
  "tpm_overlap_csf": 0.09026879072189331,
  "tpm_overlap_gm": 0.3494226634502411,
  "tpm_overlap_wm": 0.19880113005638123,
  "wm2max": 0.267304146398905
}