{
  "bids_meta": {
    "AcquisitionNumber": 1,
    "AcquisitionTime": "10:12:45.542500",
    "ConversionSoftware": "dcm2niix",
    "ConversionSoftwareVersion": "v1.0.20170724 (OpenJPEG build) GCC6.1.0",
    "DeviceSerialNumber": "35002",
    "EchoTime": 0.064,
    "EchoTrainLength": 15,
    "FlipAngle": 178,
    "ImageType": [
      "ORIGINAL",
      "PRIMARY",
      "M",
      "ND"
    ],
    "InstitutionAddress": "University_Pkwy_1700_North_685_Provo_FC28C0_UT_US_84601",
    "InstitutionName": "Brigham_Young_University",
    "MagneticFieldStrength": 3,
    "Manufacturer": "Siemens",
    "ManufacturersModelName": "TrioTim",
    "PhaseEncodingDirection": "i-",
    "PhaseEncodingLines": 512,
    "ProcedureStepDescription": "Research_KIRWAN",
    "ProtocolName": "HiRes_T2",
    "RepetitionTime": 6.26,
    "ScanningSequence": "SE",
    "SequenceName": "_tse2d1_15",
    "SequenceVariant": "SK_SP_OSP",
    "SeriesDescription": "HiRes_T2",
    "SoftwareVersions": "syngo_MR_B17",
    "dataset": "ds003711",
    "modality": "T2w",
    "subject_id": "19"
  },
  "cjv": 0.5935307339502052,
  "cnr": 1.051475083766314,
  "efc": 0.5983002315183227,
  "fber": 99.42899040827561,
  "fwhm_avg": 3.599181638781237,
  "fwhm_x": 4.350208,
  "fwhm_y": 1.8872601163437108,
  "fwhm_z": 4.5600768,
  "icvs_csf": 0.17840204841237176,
  "icvs_gm": 0.526278315116139,
  "icvs_wm": 0.29531963647148923,
  "inu_med": 1.0718798637390137,
  "inu_range": 0.23996522724628444,
  "provenance": {
    "md5sum": "ac81b5291e6afd5054ce29c32693cb6a",
    "settings": {
      "testing": false
    },
    "software": "mriqc",
    "version": "22.0.0rc1",
    "warnings": {
      "large_rot_frame": false,
      "small_air_mask": false
    },
    "webapi_port": null,
    "webapi_url": "https://mriqc.nimh.nih.gov/api/v1"
  },
  "qi_1": 0.029548037529665856,
  "qi_2": 0.00013458374815647112,
  "rpve_csf": 15.698166659210164,
  "rpve_gm": 6.857629452887452,
  "rpve_wm": 12.044696419279143,
  "size_x": 512,
  "size_y": 19,
  "size_z": 512,
  "snr_csf": 4.600624465803867,
  "snr_gm": 10.45976650515885,
  "snr_total": 7.000953526409266,
  "snr_wm": 5.942469608265082,
  "snrd_csf": 19.667268218157666,
  "snrd_gm": 11.875773731986268,
  "snrd_total": 13.207230180095769,
  "snrd_wm": 8.078648590143366,
  "spacing_x": 0.390625,
  "spacing_y": 2.9999945163726807,
  "spacing_z": 0.390625,
  "summary_bg_k": 21.221399329375494,
  "summary_bg_mad": 83.71658334203723,
  "summary_bg_mean": 235.20840014452398,
  "summary_bg_median": 129.14143092930317,
  "summary_bg_n": 1490884.0,
  "summary_bg_p05": 29.390808418393135,
  "summary_bg_p95": 950.9262469187379,
  "summary_bg_stdv": 402.14289755641477,
  "summary_csf_k": 1.8755994874255917,
  "summary_csf_mad": 525.6714799442432,
  "summary_csf_mean": 2561.452275876844,
  "summary_csf_median": 2513.181308940053,
  "summary_csf_n": 99056.0,
  "summary_csf_p05": 1868.008532628417,
  "summary_csf_p95": 3472.679874980822,
  "summary_csf_stdv": 546.2668474527932,
  "summary_gm_k": -0.03560829596113457,
  "summary_gm_mad": 145.90981796995447,
  "summary_gm_mean": 1516.213408335756,
  "summary_gm_median": 1517.5454080030322,
  "summary_gm_n": 294893.0,
  "summary_gm_p05": 1276.095463693142,
  "summary_gm_p95": 1753.6515689641237,
  "summary_gm_stdv": 145.08381560986572,
  "summary_wm_k": 1.3595223424634986,
  "summary_wm_mad": 142.080510530019,
  "summary_wm_mean": 1009.8046974971096,
  "summary_wm_median": 1032.3298799321055,
  "summary_wm_n": 193079.0,
  "summary_wm_p05": 669.5760536044836,
  "summary_wm_p95": 1252.1464079849427,
  "summary_wm_stdv": 173.72023327765248,
  "tpm_overlap_csf": 0.08238675445318222,
  "tpm_overlap_gm": 0.3280419707298279,
  "tpm_overlap_wm": 0.19461432099342346,
  "wm2max": 0.2833015593684313
}