{
  "bids_meta": {
    "AcquisitionNumber": 1,
    "AcquisitionTime": "09:04:43.965000",
    "ConversionSoftware": "dcm2niix",
    "ConversionSoftwareVersion": "v1.0.20170724 (OpenJPEG build) GCC6.1.0",
    "DeviceSerialNumber": "35002",
    "EchoTime": 0.00226,
    "FlipAngle": 9,
    "ImageType": [
      "ORIGINAL",
      "PRIMARY",
      "M",
      "ND",
      "NORM"
    ],
    "InstitutionAddress": "University_Pkwy_1700_North_685_Provo_FC28C0_UT_US_84601",
    "InstitutionName": "Brigham_Young_University",
    "InversionTime": 0.9,
    "MagneticFieldStrength": 3,
    "Manufacturer": "Siemens",
    "ManufacturersModelName": "TrioTim",
    "PhaseEncodingDirection": "i-",
    "PhaseEncodingLines": 215,
    "ProcedureStepDescription": "Research_KIRWAN",
    "ProtocolName": "t1_mpr_sag_iso_mprage",
    "RepetitionTime": 1.9,
    "ScanningSequence": "GR_IR",
    "SequenceName": "_tfl3d1_ns",
    "SequenceVariant": "SP_MP_OSP",
    "SeriesDescription": "t1_mpr_sag_iso_mprage",
    "SoftwareVersions": "syngo_MR_B17",
    "dataset": "ds003711",
    "modality": "T1w",
    "subject_id": "05"
  },
  "cjv": 0.35051640849018123,
  "cnr": 3.890352804188427,
  "efc": 0.6491875970691433,
  "fber": 1550.983642578125,
  "fwhm_avg": 4.239555093333333,
  "fwhm_x": 4.00676,
  "fwhm_y": 4.56479744,
  "fwhm_z": 4.147107839999999,
  "icvs_csf": 0.18979510983940423,
  "icvs_gm": 0.44463643987049284,
  "icvs_wm": 0.36556845029010293,
  "inu_med": 1.3213986158370972,
  "inu_range": 0.4671383380889893,
  "provenance": {
    "md5sum": "fb75b21d4111625fa005c5cdd77d3417",
    "settings": {
      "testing": false
    },
    "software": "mriqc",
    "version": "22.0.0rc1",
    "warnings": {
      "large_rot_frame": true,
      "small_air_mask": false
    },
    "webapi_port": null,
    "webapi_url": "https://mriqc.nimh.nih.gov/api/v1"
  },
  "qi_1": 0.0,
  "qi_2": 0.005239948749101081,
  "rpve_csf": 20.544551850580547,
  "rpve_gm": 9.565136197602273,
  "rpve_wm": 13.286055882861437,
  "size_x": 176,
  "size_y": 224,
  "size_z": 256,
  "snr_csf": 3.2971944384699468,
  "snr_gm": 14.17885340496544,
  "snr_total": 13.51997429814194,
  "snr_wm": 23.083875050990436,
  "snrd_csf": 18.66853470388627,
  "snrd_gm": 43.15302754451695,
  "snrd_total": 40.215231730935244,
  "snrd_wm": 58.82413294440251,
  "spacing_x": 1.0,
  "spacing_y": 0.9765625,
  "spacing_z": 0.9765625,
  "summary_bg_k": 4.038574820810986,
  "summary_bg_mad": 11.137365253585129,
  "summary_bg_mean": 16.5030517578125,
  "summary_bg_median": 15.053099632263184,
  "summary_bg_n": 1983389.0,
  "summary_bg_p05": 0.0,
  "summary_bg_p95": 37.768613433837885,
  "summary_bg_stdv": 11.657395362854004,
  "summary_csf_k": 11.90978962752316,
  "summary_csf_mad": 75.2591201159042,
  "summary_csf_mean": 344.6765441894531,
  "summary_csf_median": 317.3664245605469,
  "summary_csf_n": 28995.0,
  "summary_csf_p05": 231.6844970703125,
  "summary_csf_p95": 532.174072265625,
  "summary_csf_stdv": 96.25181579589844,
  "summary_gm_k": 0.025298440488333185,
  "summary_gm_mad": 51.93885682075338,
  "summary_gm_mean": 733.5696411132812,
  "summary_gm_median": 733.6045532226562,
  "summary_gm_n": 30382.0,
  "summary_gm_p05": 648.3818817138672,
  "summary_gm_p95": 817.8945068359375,
  "summary_gm_stdv": 51.73849105834961,
  "summary_wm_k": 0.3729126668088538,
  "summary_wm_mad": 41.442188758009586,
  "summary_wm_mean": 999.0296020507812,
  "summary_wm_median": 1000.0144653320312,
  "summary_wm_n": 231404.0,
  "summary_wm_p05": 925.8986755371094,
  "summary_wm_p95": 1068.0989501953125,
  "summary_wm_stdv": 43.32081604003906,
  "tpm_overlap_csf": 0.16908153891563416,
  "tpm_overlap_gm": 0.45702430605888367,
  "tpm_overlap_wm": 0.48393046855926514,
  "wm2max": 0.4296712916613195
}