{
  "bids_meta": {
    "AcquisitionNumber": 1,
    "AcquisitionTime": "14:45:21.460000",
    "ConversionSoftware": "dcm2niix",
    "ConversionSoftwareVersion": "v1.0.20170724 (OpenJPEG build) GCC6.1.0",
    "DeviceSerialNumber": "35002",
    "EchoTime": 0.00226,
    "FlipAngle": 9,
    "ImageType": [
      "ORIGINAL",
      "PRIMARY",
      "M",
      "ND",
      "NORM"
    ],
    "InstitutionAddress": "University_Pkwy_1700_North_685_Provo_FC28C0_UT_US_84601",
    "InstitutionName": "Brigham_Young_University",
    "InversionTime": 0.9,
    "MagneticFieldStrength": 3,
    "Manufacturer": "Siemens",
    "ManufacturersModelName": "TrioTim",
    "PhaseEncodingDirection": "i-",
    "PhaseEncodingLines": 215,
    "ProcedureStepDescription": "Research_KIRWAN",
    "ProtocolName": "t1_mpr_sag_iso_mprage",
    "RepetitionTime": 1.9,
    "ScanningSequence": "GR_IR",
    "SequenceName": "_tfl3d1_ns",
    "SequenceVariant": "SP_MP_OSP",
    "SeriesDescription": "t1_mpr_sag_iso_mprage",
    "SoftwareVersions": "syngo_MR_B17",
    "dataset": "ds003711",
    "modality": "T1w",
    "subject_id": "03"
  },
  "cjv": 0.33155423060213524,
  "cnr": 4.05554450119827,
  "efc": 0.5987512542244895,
  "fber": 1791.6033935546875,
  "fwhm_avg": 4.395545493333333,
  "fwhm_x": 4.09708,
  "fwhm_y": 4.758978559999999,
  "fwhm_z": 4.33057792,
  "icvs_csf": 0.20127266555642692,
  "icvs_gm": 0.4189034304787606,
  "icvs_wm": 0.37982390396481247,
  "inu_med": 1.3580894470214844,
  "inu_range": 0.4222555518150328,
  "provenance": {
    "md5sum": "8ffc9b6a2998e4c353b4f2fa67213a04",
    "settings": {
      "testing": false
    },
    "software": "mriqc",
    "version": "22.0.0rc1",
    "warnings": {
      "large_rot_frame": true,
      "small_air_mask": false
    },
    "webapi_port": null,
    "webapi_url": "https://mriqc.nimh.nih.gov/api/v1"
  },
  "qi_1": 0.0,
  "qi_2": 0.018749080168382257,
  "rpve_csf": 24.088555080407154,
  "rpve_gm": 12.185081607412402,
  "rpve_wm": 16.462299927179,
  "size_x": 176,
  "size_y": 224,
  "size_z": 256,
  "snr_csf": 3.4741953568606956,
  "snr_gm": 14.146238299555707,
  "snr_total": 14.416204686422455,
  "snr_wm": 25.628180402850965,
  "snrd_csf": 26.20987501252492,
  "snrd_gm": 47.315368566679695,
  "snrd_total": 45.99332581186363,
  "snrd_wm": 64.45473385638627,
  "spacing_x": 1.0,
  "spacing_y": 0.9765625,
  "spacing_z": 0.9765625,
  "summary_bg_k": 1.967743608415943,
  "summary_bg_mad": 10.16439128761477,
  "summary_bg_mean": 13.301968574523926,
  "summary_bg_median": 10.679695129394531,
  "summary_bg_n": 1829865.0,
  "summary_bg_p05": 0.0,
  "summary_bg_p95": 31.385802841186482,
  "summary_bg_stdv": 9.159401893615723,
  "summary_csf_k": -0.8201098492327841,
  "summary_csf_mad": 142.0167146076395,
  "summary_csf_mean": 421.5892639160156,
  "summary_csf_median": 406.64422607421875,
  "summary_csf_n": 13013.0,
  "summary_csf_p05": 253.41925659179688,
  "summary_csf_p95": 613.2922607421875,
  "summary_csf_stdv": 117.04252624511719,
  "summary_gm_k": 0.045090632780994344,
  "summary_gm_mad": 51.721724006831,
  "summary_gm_mean": 732.8432006835938,
  "summary_gm_median": 734.0943603515625,
  "summary_gm_n": 21416.0,
  "summary_gm_p05": 646.9614715576172,
  "summary_gm_p95": 816.6964721679688,
  "summary_gm_stdv": 51.89204406738281,
  "summary_wm_k": 0.44468378810711817,
  "summary_wm_mad": 36.443835722036965,
  "summary_wm_mean": 1000.3299560546875,
  "summary_wm_median": 1000.0103149414062,
  "summary_wm_n": 198677.0,
  "summary_wm_p05": 936.3928588867187,
  "summary_wm_p95": 1065.4220703125,
  "summary_wm_stdv": 39.01985168457031,
  "tpm_overlap_csf": 0.15652209520339966,
  "tpm_overlap_gm": 0.44831281900405884,
  "tpm_overlap_wm": 0.4983370006084442,
  "wm2max": 0.41796167508002985
}