{
  "bids_meta": {
    "AcquisitionNumber": 1,
    "AcquisitionTime": "14:49:7.290000",
    "ConversionSoftware": "dcm2niix",
    "ConversionSoftwareVersion": "v1.0.20170724 (OpenJPEG build) GCC6.1.0",
    "DeviceSerialNumber": "35002",
    "EchoTime": 0.064,
    "EchoTrainLength": 15,
    "FlipAngle": 178,
    "ImageType": [
      "ORIGINAL",
      "PRIMARY",
      "M",
      "ND"
    ],
    "InstitutionAddress": "University_Pkwy_1700_North_685_Provo_FC28C0_UT_US_84601",
    "InstitutionName": "Brigham_Young_University",
    "MagneticFieldStrength": 3,
    "Manufacturer": "Siemens",
    "ManufacturersModelName": "TrioTim",
    "PhaseEncodingDirection": "i-",
    "PhaseEncodingLines": 512,
    "ProcedureStepDescription": "Research_KIRWAN",
    "ProtocolName": "HiRes_T2",
    "RepetitionTime": 6.26,
    "ScanningSequence": "SE",
    "SequenceName": "_tse2d1_15",
    "SequenceVariant": "SK_SP_OSP",
    "SeriesDescription": "HiRes_T2",
    "SoftwareVersions": "syngo_MR_B17",
    "dataset": "ds003711",
    "modality": "T2w",
    "subject_id": "16"
  },
  "cjv": 0.6571300084942683,
  "cnr": 1.024877092099963,
  "efc": 0.5932475476884423,
  "fber": 95.33795018647405,
  "fwhm_avg": 3.5942145173705775,
  "fwhm_x": 4.249062400000001,
  "fwhm_y": 1.8785795521117326,
  "fwhm_z": 4.6550016,
  "icvs_csf": 0.23489427034474142,
  "icvs_gm": 0.5724473267983884,
  "icvs_wm": 0.19265840285687016,
  "inu_med": 1.0742861032485962,
  "inu_range": 0.25044167041778564,
  "provenance": {
    "md5sum": "03a057ebeae3c3dea8cb8602504bbb39",
    "settings": {
      "testing": false
    },
    "software": "mriqc",
    "version": "22.0.0rc1",
    "warnings": {
      "large_rot_frame": false,
      "small_air_mask": false
    },
    "webapi_port": null,
    "webapi_url": "https://mriqc.nimh.nih.gov/api/v1"
  },
  "qi_1": 0.025770820510558935,
  "qi_2": 0.00011187475809276264,
  "rpve_csf": 12.12995628537108,
  "rpve_gm": 6.223369239976062,
  "rpve_wm": 15.38372585165817,
  "size_x": 512,
  "size_y": 19,
  "size_z": 512,
  "snr_csf": 4.395694159042374,
  "snr_gm": 9.92256947573659,
  "snr_total": 6.4755932965109295,
  "snr_wm": 5.108516254753823,
  "snrd_csf": 19.900970414212235,
  "snrd_gm": 11.063314981288599,
  "snrd_total": 12.822614918205408,
  "snrd_wm": 7.503559359115386,
  "spacing_x": 0.390625,
  "spacing_y": 3.0000007152557373,
  "spacing_z": 0.390625,
  "summary_bg_k": 33.484220499821845,
  "summary_bg_mad": 93.17648003623401,
  "summary_bg_mean": 246.8488552450382,
  "summary_bg_median": 146.67282888293266,
  "summary_bg_n": 1524278.0,
  "summary_bg_p05": 33.91866931319237,
  "summary_bg_p95": 865.3419639766216,
  "summary_bg_stdv": 418.6227061348272,
  "summary_csf_k": 0.08104320364415551,
  "summary_csf_mad": 659.9087174330926,
  "summary_csf_mean": 2923.6248209215887,
  "summary_csf_median": 2830.4066695272923,
  "summary_csf_n": 143630.0,
  "summary_csf_p05": 2073.937164545059,
  "summary_csf_p95": 4062.846602201462,
  "summary_csf_stdv": 643.9021264866126,
  "summary_gm_k": -0.03290536805978039,
  "summary_gm_mad": 159.08513723833482,
  "summary_gm_mean": 1576.628867405306,
  "summary_gm_median": 1573.4750546514988,
  "summary_gm_n": 314767.0,
  "summary_gm_p05": 1319.9630385041237,
  "summary_gm_p95": 1842.7911374270916,
  "summary_gm_stdv": 158.57511091949027,
  "summary_wm_k": 1.3400419320007986,
  "summary_wm_mad": 173.60970618515955,
  "summary_wm_mean": 1034.72417992595,
  "summary_wm_median": 1067.1903938949108,
  "summary_wm_n": 97355.0,
  "summary_wm_p05": 647.2920552283525,
  "summary_wm_p95": 1325.4159035980701,
  "summary_wm_stdv": 208.90310605655444,
  "tpm_overlap_csf": 0.11672912538051605,
  "tpm_overlap_gm": 0.3733537495136261,
  "tpm_overlap_wm": 0.18342752754688263,
  "wm2max": 0.24600205385190813
}