{
  "aor": 0.0005332727272727273,
  "aqi": 0.05263753563636363,
  "bids_meta": {
    "AccelFactPE": 2,
    "AcquisitionNumber": 1,
    "AcquisitionTime": "11:14:58.947500",
    "BandwidthPerPixelPhaseEncode": 22.321,
    "ConversionSoftware": "dcm2niix",
    "ConversionSoftwareVersion": "v1.0.20170724 (OpenJPEG build) GCC6.1.0",
    "DeviceSerialNumber": "35002",
    "EchoTime": 0.028,
    "EffectiveEchoSpacing": 0.000350007,
    "FlipAngle": 90,
    "ImageType": [
      "ORIGINAL",
      "PRIMARY",
      "M",
      "ND",
      "MOSAIC"
    ],
    "InstitutionAddress": "University_Pkwy_1700_North_685_Provo_FC28C0_UT_US_84601",
    "InstitutionName": "Brigham_Young_University",
    "MagneticFieldStrength": 3,
    "Manufacturer": "Siemens",
    "ManufacturersModelName": "TrioTim",
    "PhaseEncodingDirection": "j-",
    "PhaseEncodingLines": 128,
    "ProcedureStepDescription": "Research_KIRWAN",
    "ProtocolName": "12Chan_1.8x1.8x1.8_TR1900_29Slice",
    "RepetitionTime": 1.9,
    "ScanningSequence": "EP",
    "SequenceName": "epfid2d1_128",
    "SequenceVariant": "SK",
    "SeriesDescription": "12Chan_1.8x1.8x1.8_TR1900_29Slice",
    "SliceTiming": [
      0,
      0.985,
      0.065,
      1.0525,
      0.13,
      1.1175,
      0.1975,
      1.1825,
      0.2625,
      1.25,
      0.3275,
      1.315,
      0.395,
      1.38,
      0.46,
      1.4475,
      0.525,
      1.5125,
      0.5925,
      1.5775,
      0.6575,
      1.6425,
      0.7225,
      1.71,
      0.7875,
      1.775,
      0.855,
      1.84,
      0.92
    ],
    "SoftwareVersions": "syngo_MR_B17",
    "TaskName": "MST",
    "TotalReadoutTime": 0.0437508,
    "TrueEchoSpacing": 0.000700013,
    "dataset": "ds003711",
    "modality": "bold",
    "run_id": 4,
    "subject_id": "09",
    "task_id": "MST"
  },
  "dummy_trs": 4,
  "dvars_nstd": 98.6775795595256,
  "dvars_std": 1.0174554894525554,
  "dvars_vstd": 1.002775744416059,
  "efc": 0.6726762952751599,
  "fber": 61.44460678100586,
  "fd_mean": 0.10116176520538336,
  "fd_num": 12,
  "fd_perc": 4.363636363636363,
  "fwhm_avg": 2.840238670831687,
  "fwhm_x": 2.754208849557522,
  "fwhm_y": 2.993534867256637,
  "fwhm_z": 2.7729722956809013,
  "gcor": 0.00232854,
  "gsr_x": -0.011482943780720234,
  "gsr_y": 0.06413077563047409,
  "provenance": {
    "md5sum": "37c0ed7739faf426a4cb428528c1aa33",
    "settings": {
      "fd_thres": 0.2,
      "testing": false
    },
    "software": "mriqc",
    "version": "22.0.0rc1",
    "webapi_port": null,
    "webapi_url": "https://mriqc.nimh.nih.gov/api/v1"
  },
  "size_t": 275,
  "size_x": 128,
  "size_y": 128,
  "size_z": 29,
  "snr": 3.8052215569192307,
  "spacing_tr": 1.899999976158142,
  "spacing_x": 1.765625,
  "spacing_y": 1.765625,
  "spacing_z": 1.7999999523162842,
  "summary_bg_k": 18.145871019437262,
  "summary_bg_mad": 21.856256947977176,
  "summary_bg_mean": 115.68864440917969,
  "summary_bg_median": 88.97454833984375,
  "summary_bg_n": 304670.0,
  "summary_bg_p05": 68.09254608154298,
  "summary_bg_p95": 275.5312774658202,
  "summary_bg_stdv": 78.46659088134766,
  "summary_fg_k": 0.8071709765225288,
  "summary_fg_mad": 159.204457697284,
  "summary_fg_mean": 704.7606201171875,
  "summary_fg_median": 714.2654418945312,
  "summary_fg_n": 96269.0,
  "summary_fg_p05": 359.8334533691406,
  "summary_fg_p95": 994.3381958007805,
  "summary_fg_stdv": 187.7056884765625,
  "tsnr": 12.777516043337528
}