{
  "bids_meta": {
    "AcquisitionNumber": 1,
    "AcquisitionTime": "11:46:55.015000",
    "ConversionSoftware": "dcm2niix",
    "ConversionSoftwareVersion": "v1.0.20170724 (OpenJPEG build) GCC6.1.0",
    "DeviceSerialNumber": "35002",
    "EchoTime": 0.00226,
    "FlipAngle": 9,
    "ImageType": [
      "ORIGINAL",
      "PRIMARY",
      "M",
      "ND",
      "NORM"
    ],
    "InstitutionAddress": "University_Pkwy_1700_North_685_Provo_FC28C0_UT_US_84601",
    "InstitutionName": "Brigham_Young_University",
    "InversionTime": 0.9,
    "MagneticFieldStrength": 3,
    "Manufacturer": "Siemens",
    "ManufacturersModelName": "TrioTim",
    "PhaseEncodingDirection": "i-",
    "PhaseEncodingLines": 215,
    "ProcedureStepDescription": "Research_KIRWAN",
    "ProtocolName": "t1_mpr_sag_iso_mprage",
    "RepetitionTime": 1.9,
    "ScanningSequence": "GR_IR",
    "SequenceName": "_tfl3d1_ns",
    "SequenceVariant": "SP_MP_OSP",
    "SeriesDescription": "t1_mpr_sag_iso_mprage",
    "SoftwareVersions": "syngo_MR_B17",
    "dataset": "ds003711",
    "modality": "T1w",
    "subject_id": "12"
  },
  "cjv": 0.32185949744754544,
  "cnr": 4.104406707368668,
  "efc": 0.5866706894142288,
  "fber": 2310.262451171875,
  "fwhm_avg": 4.032740266666667,
  "fwhm_x": 3.91472,
  "fwhm_y": 4.2119987199999995,
  "fwhm_z": 3.97150208,
  "icvs_csf": 0.18641212755694736,
  "icvs_gm": 0.4550933771879027,
  "icvs_wm": 0.3584944952551499,
  "inu_med": 1.4475880861282349,
  "inu_range": 0.46566609144210824,
  "provenance": {
    "md5sum": "a3de197084650e959b1b2c0c9bf68978",
    "settings": {
      "testing": false
    },
    "software": "mriqc",
    "version": "22.0.0rc1",
    "warnings": {
      "large_rot_frame": true,
      "small_air_mask": false
    },
    "webapi_port": null,
    "webapi_url": "https://mriqc.nimh.nih.gov/api/v1"
  },
  "qi_1": 0.0,
  "qi_2": 0.005290685422245537,
  "rpve_csf": 25.332689572080167,
  "rpve_gm": 11.650872335183209,
  "rpve_wm": 17.066275799771617,
  "size_x": 176,
  "size_y": 224,
  "size_z": 256,
  "snr_csf": 1.6576875026568603,
  "snr_gm": 13.54134913422003,
  "snr_total": 12.733237384101143,
  "snr_wm": 23.00067551542654,
  "snrd_csf": 30.28136668895804,
  "snrd_gm": 62.82317242787193,
  "snrd_total": 60.26038273152506,
  "snrd_wm": 87.67660907774523,
  "spacing_x": 1.0,
  "spacing_y": 0.9765625,
  "spacing_z": 0.9765625,
  "summary_bg_k": 1.8276201308623872,
  "summary_bg_mad": 7.472280483679845,
  "summary_bg_mean": 13.587910652160645,
  "summary_bg_median": 12.474291801452637,
  "summary_bg_n": 2317921.0,
  "summary_bg_p05": 2.487769842147827,
  "summary_bg_p95": 30.019100189208984,
  "summary_bg_stdv": 8.932547569274902,
  "summary_csf_k": 33.15909835967294,
  "summary_csf_mad": 92.95949391647608,
  "summary_csf_mean": 392.13934326171875,
  "summary_csf_median": 345.3797912597656,
  "summary_csf_n": 10231.0,
  "summary_csf_p05": 241.8676300048828,
  "summary_csf_p95": 585.671875,
  "summary_csf_stdv": 208.34017944335938,
  "summary_gm_k": 0.06484690717278996,
  "summary_gm_mad": 52.135493455324465,
  "summary_gm_mean": 715.5039672851562,
  "summary_gm_median": 716.5414428710938,
  "summary_gm_n": 24403.0,
  "summary_gm_p05": 626.2596435546875,
  "summary_gm_p95": 800.5212585449218,
  "summary_gm_stdv": 52.91398620605469,
  "summary_wm_k": 0.937159427847166,
  "summary_wm_mad": 39.102185659356245,
  "summary_wm_mean": 996.6031494140625,
  "summary_wm_median": 1000.011962890625,
  "summary_wm_n": 179081.0,
  "summary_wm_p05": 917.8557739257812,
  "summary_wm_p95": 1061.0401611328125,
  "summary_wm_stdv": 43.47738265991211,
  "tpm_overlap_csf": 0.1648508906364441,
  "tpm_overlap_gm": 0.45684370398521423,
  "tpm_overlap_wm": 0.5069622993469238,
  "wm2max": 0.46280990416643236
}