{
  "aor": 0.0003396774193548387,
  "aqi": 0.0488022017921147,
  "bids_meta": {
    "AccelFactPE": 2,
    "AcquisitionNumber": 1,
    "AcquisitionTime": "09:50:17.670000",
    "BandwidthPerPixelPhaseEncode": 22.321,
    "ConversionSoftware": "dcm2niix",
    "ConversionSoftwareVersion": "v1.0.20170724 (OpenJPEG build) GCC6.1.0",
    "DeviceSerialNumber": "35002",
    "EchoTime": 0.028,
    "EffectiveEchoSpacing": 0.000350007,
    "FlipAngle": 90,
    "ImageType": [
      "ORIGINAL",
      "PRIMARY",
      "M",
      "ND",
      "MOSAIC"
    ],
    "InstitutionAddress": "University_Pkwy_1700_North_685_Provo_FC28C0_UT_US_84601",
    "InstitutionName": "Brigham_Young_University",
    "MagneticFieldStrength": 3,
    "Manufacturer": "Siemens",
    "ManufacturersModelName": "TrioTim",
    "PhaseEncodingDirection": "j-",
    "PhaseEncodingLines": 128,
    "ProcedureStepDescription": "Research_KIRWAN",
    "ProtocolName": "12Chan_1.8x1.8x1.8_TR1900_29Slice",
    "RepetitionTime": 1.9,
    "ScanningSequence": "EP",
    "SequenceName": "epfid2d1_128",
    "SequenceVariant": "SK",
    "SeriesDescription": "12Chan_1.8x1.8x1.8_TR1900_29Slice",
    "SliceTiming": [
      0,
      0.9875,
      0.0675,
      1.0525,
      0.1325,
      1.12,
      0.1975,
      1.185,
      0.265,
      1.25,
      0.33,
      1.315,
      0.395,
      1.3825,
      0.46,
      1.4475,
      0.5275,
      1.5125,
      0.5925,
      1.58,
      0.6575,
      1.645,
      0.725,
      1.71,
      0.79,
      1.7775,
      0.855,
      1.8425,
      0.9225
    ],
    "SoftwareVersions": "syngo_MR_B17",
    "TaskName": "MST",
    "TotalReadoutTime": 0.0437508,
    "TrueEchoSpacing": 0.000700013,
    "dataset": "ds003711",
    "modality": "bold",
    "run_id": 3,
    "subject_id": "48",
    "task_id": "MST"
  },
  "dummy_trs": 0,
  "dvars_nstd": 85.59162886363316,
  "dvars_std": 1.008516775755396,
  "dvars_vstd": 0.9930951782733807,
  "efc": 0.6282905061216392,
  "fber": 91.54086303710938,
  "fd_mean": 0.13054903152038647,
  "fd_num": 48,
  "fd_perc": 17.204301075268816,
  "fwhm_avg": 2.5092595345072795,
  "fwhm_x": 2.359300530973451,
  "fwhm_y": 2.578339115044248,
  "fwhm_z": 2.590138957504139,
  "gcor": 0.00310576,
  "gsr_x": -0.021774739027023315,
  "gsr_y": 0.03651568666100502,
  "provenance": {
    "md5sum": "43a3eddc1c6349e1b3398967b2f4067a",
    "settings": {
      "fd_thres": 0.2,
      "testing": false
    },
    "software": "mriqc",
    "version": "22.0.0rc1",
    "webapi_port": null,
    "webapi_url": "https://mriqc.nimh.nih.gov/api/v1"
  },
  "size_t": 279,
  "size_x": 128,
  "size_y": 128,
  "size_z": 29,
  "snr": 4.37709529668898,
  "spacing_tr": 1.899999976158142,
  "spacing_x": 1.765625,
  "spacing_y": 1.765625,
  "spacing_z": 1.7999999523162842,
  "summary_bg_k": 28.75858530229734,
  "summary_bg_mad": 16.106694053793845,
  "summary_bg_mean": 102.95264434814453,
  "summary_bg_median": 81.6236572265625,
  "summary_bg_n": 323486.0,
  "summary_bg_p05": 66.51254272460938,
  "summary_bg_p95": 217.71594619750977,
  "summary_bg_stdv": 67.59884643554688,
  "summary_fg_k": 1.0788637759646678,
  "summary_fg_mad": 156.25246492555004,
  "summary_fg_mean": 793.58544921875,
  "summary_fg_median": 786.127197265625,
  "summary_fg_n": 84308.0,
  "summary_fg_p05": 505.4446212768555,
  "summary_fg_p95": 1100.5387390136718,
  "summary_fg_stdv": 179.59913635253906,
  "tsnr": 14.544289923098404
}