{
  "aor": 0.0005320430107526882,
  "aqi": 0.05089017634408603,
  "bids_meta": {
    "AccelFactPE": 2,
    "AcquisitionNumber": 1,
    "AcquisitionTime": "10:01:30.155000",
    "BandwidthPerPixelPhaseEncode": 22.321,
    "ConversionSoftware": "dcm2niix",
    "ConversionSoftwareVersion": "v1.0.20170724 (OpenJPEG build) GCC6.1.0",
    "DeviceSerialNumber": "35002",
    "EchoTime": 0.028,
    "EffectiveEchoSpacing": 0.000350007,
    "FlipAngle": 90,
    "ImageType": [
      "ORIGINAL",
      "PRIMARY",
      "M",
      "ND",
      "MOSAIC"
    ],
    "InstitutionAddress": "University_Pkwy_1700_North_685_Provo_FC28C0_UT_US_84601",
    "InstitutionName": "Brigham_Young_University",
    "MagneticFieldStrength": 3,
    "Manufacturer": "Siemens",
    "ManufacturersModelName": "TrioTim",
    "PhaseEncodingDirection": "j-",
    "PhaseEncodingLines": 128,
    "ProcedureStepDescription": "Research_KIRWAN",
    "ProtocolName": "12Chan_1.8x1.8x1.8_TR1900_29Slice",
    "RepetitionTime": 1.9,
    "ScanningSequence": "EP",
    "SequenceName": "epfid2d1_128",
    "SequenceVariant": "SK",
    "SeriesDescription": "12Chan_1.8x1.8x1.8_TR1900_29Slice",
    "SliceTiming": [
      0,
      0.985,
      0.065,
      1.0525,
      0.13,
      1.1175,
      0.1975,
      1.1825,
      0.2625,
      1.25,
      0.3275,
      1.315,
      0.395,
      1.38,
      0.46,
      1.4475,
      0.525,
      1.5125,
      0.5925,
      1.5775,
      0.6575,
      1.6425,
      0.7225,
      1.71,
      0.7875,
      1.775,
      0.855,
      1.84,
      0.92
    ],
    "SoftwareVersions": "syngo_MR_B17",
    "TaskName": "MST",
    "TotalReadoutTime": 0.0437508,
    "TrueEchoSpacing": 0.000700013,
    "dataset": "ds003711",
    "modality": "bold",
    "run_id": 4,
    "subject_id": "48",
    "task_id": "MST"
  },
  "dummy_trs": 0,
  "dvars_nstd": 85.62208782208631,
  "dvars_std": 1.005288184460431,
  "dvars_vstd": 0.9946923691366906,
  "efc": 0.6294041651713583,
  "fber": 90.83393859863281,
  "fd_mean": 0.17730645803807585,
  "fd_num": 71,
  "fd_perc": 25.448028673835125,
  "fwhm_avg": 2.4948886152780116,
  "fwhm_x": 2.4444318584070794,
  "fwhm_y": 2.619667256637168,
  "fwhm_z": 2.420566730789787,
  "gcor": 0.00624522,
  "gsr_x": -0.022107265889644623,
  "gsr_y": 0.038620103150606155,
  "provenance": {
    "md5sum": "d39961c7b4c929b38677776922e194a1",
    "settings": {
      "fd_thres": 0.2,
      "testing": false
    },
    "software": "mriqc",
    "version": "22.0.0rc1",
    "webapi_port": null,
    "webapi_url": "https://mriqc.nimh.nih.gov/api/v1"
  },
  "size_t": 279,
  "size_x": 128,
  "size_y": 128,
  "size_z": 29,
  "snr": 4.3755233154744655,
  "spacing_tr": 1.899999976158142,
  "spacing_x": 1.765625,
  "spacing_y": 1.765625,
  "spacing_z": 1.7999999523162842,
  "summary_bg_k": 26.60443519428965,
  "summary_bg_mad": 16.287359051916795,
  "summary_bg_mean": 103.05174255371094,
  "summary_bg_median": 81.47669982910156,
  "summary_bg_n": 322941.0,
  "summary_bg_p05": 66.0179214477539,
  "summary_bg_p95": 220.64515686035156,
  "summary_bg_stdv": 66.79381561279297,
  "summary_fg_k": 1.0066584161158616,
  "summary_fg_mad": 157.02294933652817,
  "summary_fg_mean": 793.263427734375,
  "summary_fg_median": 785.111083984375,
  "summary_fg_n": 84880.0,
  "summary_fg_p05": 507.7460678100586,
  "summary_fg_p95": 1101.7026916503905,
  "summary_fg_stdv": 179.4314422607422,
  "tsnr": 14.475176159001421
}