{
  "aor": 0.00025731182795698924,
  "aqi": 0.0358262376344086,
  "bids_meta": {
    "AccelFactPE": 2,
    "AcquisitionNumber": 1,
    "AcquisitionTime": "09:29:5.207500",
    "BandwidthPerPixelPhaseEncode": 22.321,
    "ConversionSoftware": "dcm2niix",
    "ConversionSoftwareVersion": "v1.0.20170724 (OpenJPEG build) GCC6.1.0",
    "DeviceSerialNumber": "35002",
    "EchoTime": 0.028,
    "EffectiveEchoSpacing": 0.000350007,
    "FlipAngle": 90,
    "ImageType": [
      "ORIGINAL",
      "PRIMARY",
      "M",
      "ND",
      "MOSAIC"
    ],
    "InstitutionAddress": "University_Pkwy_1700_North_685_Provo_FC28C0_UT_US_84601",
    "InstitutionName": "Brigham_Young_University",
    "MagneticFieldStrength": 3,
    "Manufacturer": "Siemens",
    "ManufacturersModelName": "TrioTim",
    "PhaseEncodingDirection": "j-",
    "PhaseEncodingLines": 128,
    "ProcedureStepDescription": "Research_KIRWAN",
    "ProtocolName": "12Chan_1.8x1.8x1.8_TR1900_29Slice",
    "RepetitionTime": 1.9,
    "ScanningSequence": "EP",
    "SequenceName": "epfid2d1_128",
    "SequenceVariant": "SK",
    "SeriesDescription": "12Chan_1.8x1.8x1.8_TR1900_29Slice",
    "SliceTiming": [
      0,
      0.9875,
      0.065,
      1.0525,
      0.1325,
      1.1175,
      0.1975,
      1.185,
      0.2625,
      1.25,
      0.33,
      1.315,
      0.395,
      1.3825,
      0.46,
      1.4475,
      0.5275,
      1.5125,
      0.5925,
      1.5775,
      0.6575,
      1.645,
      0.7225,
      1.71,
      0.79,
      1.775,
      0.855,
      1.8425,
      0.92
    ],
    "SoftwareVersions": "syngo_MR_B17",
    "TaskName": "MST",
    "TotalReadoutTime": 0.0437508,
    "TrueEchoSpacing": 0.000700013,
    "dataset": "ds003711",
    "modality": "bold",
    "run_id": 1,
    "subject_id": "48",
    "task_id": "MST"
  },
  "dummy_trs": 0,
  "dvars_nstd": 77.09859768431653,
  "dvars_std": 1.02077583057554,
  "dvars_vstd": 0.9986718402158286,
  "efc": 0.6209382428799675,
  "fber": 105.14328002929688,
  "fd_mean": 0.06179503911318479,
  "fd_num": 3,
  "fd_perc": 1.075268817204301,
  "fwhm_avg": 2.5316501317676416,
  "fwhm_x": 2.3256127433628317,
  "fwhm_y": 2.5960042477876106,
  "fwhm_z": 2.673333404152484,
  "gcor": 0.00568672,
  "gsr_x": -0.01995108835399151,
  "gsr_y": 0.03155319765210152,
  "provenance": {
    "md5sum": "0554781f98bb95a5287a6def1ff8282a",
    "settings": {
      "fd_thres": 0.2,
      "testing": false
    },
    "software": "mriqc",
    "version": "22.0.0rc1",
    "webapi_port": null,
    "webapi_url": "https://mriqc.nimh.nih.gov/api/v1"
  },
  "size_t": 279,
  "size_x": 128,
  "size_y": 128,
  "size_z": 29,
  "snr": 4.443327644392067,
  "spacing_tr": 1.899999976158142,
  "spacing_x": 1.765625,
  "spacing_y": 1.765625,
  "spacing_z": 1.7999999523162842,
  "summary_bg_k": 28.596242914138468,
  "summary_bg_mad": 12.76950432199981,
  "summary_bg_mean": 99.09210968017578,
  "summary_bg_median": 76.84587860107422,
  "summary_bg_n": 322635.0,
  "summary_bg_p05": 64.69892120361328,
  "summary_bg_p95": 216.1358413696288,
  "summary_bg_stdv": 70.15414428710938,
  "summary_fg_k": 1.1418108377521783,
  "summary_fg_mad": 156.1754119599093,
  "summary_fg_mean": 802.9805908203125,
  "summary_fg_median": 796.9247436523438,
  "summary_fg_n": 85092.0,
  "summary_fg_p05": 510.4679229736328,
  "summary_fg_p95": 1105.7829650878907,
  "summary_fg_stdv": 179.35208129882812,
  "tsnr": 17.243635878898203
}