{
  "bids_meta": {
    "AcquisitionNumber": 1,
    "AcquisitionTime": "16:07:23.782500",
    "ConversionSoftware": "dcm2niix",
    "ConversionSoftwareVersion": "v1.0.20170724 (OpenJPEG build) GCC6.1.0",
    "DeviceSerialNumber": "35002",
    "EchoTime": 0.064,
    "EchoTrainLength": 15,
    "FlipAngle": 178,
    "ImageType": [
      "ORIGINAL",
      "PRIMARY",
      "M",
      "ND"
    ],
    "InstitutionAddress": "University_Pkwy_1700_North_685_Provo_FC28C0_UT_US_84601",
    "InstitutionName": "Brigham_Young_University",
    "MagneticFieldStrength": 3,
    "Manufacturer": "Siemens",
    "ManufacturersModelName": "TrioTim",
    "PhaseEncodingDirection": "i-",
    "PhaseEncodingLines": 512,
    "ProcedureStepDescription": "Research_KIRWAN",
    "ProtocolName": "HiRes_T2",
    "RepetitionTime": 6.26,
    "ScanningSequence": "SE",
    "SequenceName": "_tse2d1_15",
    "SequenceVariant": "SK_SP_OSP",
    "SeriesDescription": "HiRes_T2",
    "SoftwareVersions": "syngo_MR_B17",
    "dataset": "ds003711",
    "modality": "T2w",
    "subject_id": "38"
  },
  "cjv": 1.0100425706238771,
  "cnr": 1.0740427233214414,
  "efc": 0.6005211045595171,
  "fber": 143.4062942111654,
  "fwhm_avg": 3.2763815555555555,
  "fwhm_x": 3.9421695999999997,
  "fwhm_y": 1.8885366666666668,
  "fwhm_z": 3.9984384,
  "icvs_csf": 0.36087840701150165,
  "icvs_gm": 0.11665005487022918,
  "icvs_wm": 0.5224715381182692,
  "inu_med": 1.0642703771591187,
  "inu_range": 0.3125060081481932,
  "provenance": {
    "md5sum": "d13f326076cfe4ddbfff5b316640cfcd",
    "settings": {
      "testing": false
    },
    "software": "mriqc",
    "version": "22.0.0rc1",
    "warnings": {
      "large_rot_frame": false,
      "small_air_mask": false
    },
    "webapi_port": null,
    "webapi_url": "https://mriqc.nimh.nih.gov/api/v1"
  },
  "qi_1": 0.001161826768488746,
  "qi_2": 0.000144399808754071,
  "rpve_csf": 8.37664609265518,
  "rpve_gm": 28.47869840503769,
  "rpve_wm": 6.526332272458384,
  "size_x": 512,
  "size_y": 19,
  "size_z": 512,
  "snr_csf": 11.258942353059362,
  "snr_gm": 2.356039342175699,
  "snr_total": 7.635535066266762,
  "snr_wm": 9.291623503565225,
  "snrd_csf": 18.041671854703022,
  "snrd_gm": 24.3260482907329,
  "snrd_total": 18.34777610197065,
  "snrd_wm": 12.675608160476022,
  "spacing_x": 0.390625,
  "spacing_y": 3.0,
  "spacing_z": 0.390625,
  "summary_bg_k": 62.22294752337835,
  "summary_bg_mad": 52.392136199466286,
  "summary_bg_mean": 130.87660406964014,
  "summary_bg_median": 84.93960292637348,
  "summary_bg_n": 1272376.0,
  "summary_bg_p05": 19.018246948719025,
  "summary_bg_p95": 297.2886102423072,
  "summary_bg_stdv": 242.54336018873096,
  "summary_csf_k": 0.5859280103577147,
  "summary_csf_mad": 123.45492457183329,
  "summary_csf_mean": 1452.284758747211,
  "summary_csf_median": 1442.8167347311974,
  "summary_csf_n": 283031.0,
  "summary_csf_p05": 1260.0873620212078,
  "summary_csf_p95": 1675.7902598530054,
  "summary_csf_stdv": 128.14828787802827,
  "summary_gm_k": -1.3906540728577892,
  "summary_gm_mad": 828.557819387196,
  "summary_gm_mean": 1644.5066640125453,
  "summary_gm_median": 1945.3867605179548,
  "summary_gm_n": 100904.0,
  "summary_gm_p05": 475.3276720494032,
  "summary_gm_p95": 2755.0661365676665,
  "summary_gm_stdv": 825.698062795293,
  "summary_wm_k": -0.17376863262863473,
  "summary_wm_mad": 112.50020518467215,
  "summary_wm_mean": 1011.9086158960015,
  "summary_wm_median": 1013.6854125335813,
  "summary_wm_n": 450805.0,
  "summary_wm_p05": 832.8835648521781,
  "summary_wm_p95": 1189.539945974946,
  "summary_wm_stdv": 109.0965736868414,
  "tpm_overlap_csf": 0.07827228307723999,
  "tpm_overlap_gm": 0.09218773245811462,
  "tpm_overlap_wm": 0.3146267235279083,
  "wm2max": 0.32686072308585784
}