{
  "aor": 0.00028050179211469535,
  "aqi": 0.03803175340501792,
  "bids_meta": {
    "AccelFactPE": 2,
    "AcquisitionNumber": 1,
    "AcquisitionTime": "13:57:27.495000",
    "BandwidthPerPixelPhaseEncode": 22.321,
    "ConversionSoftware": "dcm2niix",
    "ConversionSoftwareVersion": "v1.0.20170724 (OpenJPEG build) GCC6.1.0",
    "DeviceSerialNumber": "35002",
    "EchoTime": 0.028,
    "EffectiveEchoSpacing": 0.000350007,
    "FlipAngle": 90,
    "ImageType": [
      "ORIGINAL",
      "PRIMARY",
      "M",
      "ND",
      "MOSAIC"
    ],
    "InstitutionAddress": "University_Pkwy_1700_North_685_Provo_FC28C0_UT_US_84601",
    "InstitutionName": "Brigham_Young_University",
    "MagneticFieldStrength": 3,
    "Manufacturer": "Siemens",
    "ManufacturersModelName": "TrioTim",
    "PhaseEncodingDirection": "j-",
    "PhaseEncodingLines": 128,
    "ProcedureStepDescription": "Research_KIRWAN",
    "ProtocolName": "12Chan_1.8x1.8x1.8_TR1900_29Slice",
    "RepetitionTime": 1.9,
    "ScanningSequence": "EP",
    "SequenceName": "epfid2d1_128",
    "SequenceVariant": "SK",
    "SeriesDescription": "12Chan_1.8x1.8x1.8_TR1900_29Slice",
    "SliceTiming": [
      0,
      0.985,
      0.065,
      1.05,
      0.13,
      1.1175,
      0.195,
      1.1825,
      0.2625,
      1.2475,
      0.3275,
      1.315,
      0.3925,
      1.38,
      0.46,
      1.445,
      0.525,
      1.5125,
      0.59,
      1.5775,
      0.6575,
      1.6425,
      0.7225,
      1.7075,
      0.7875,
      1.775,
      0.855,
      1.84,
      0.92
    ],
    "SoftwareVersions": "syngo_MR_B17",
    "TaskName": "MST",
    "TotalReadoutTime": 0.0437508,
    "TrueEchoSpacing": 0.000700013,
    "dataset": "ds003711",
    "modality": "bold",
    "run_id": 3,
    "subject_id": "13",
    "task_id": "MST"
  },
  "dummy_trs": 0,
  "dvars_nstd": 83.54465956651083,
  "dvars_std": 1.029510774892087,
  "dvars_vstd": 1.0000575318345326,
  "efc": 0.6374478724916366,
  "fber": 92.84650421142578,
  "fd_mean": 0.09163404237555026,
  "fd_num": 11,
  "fd_perc": 3.942652329749104,
  "fwhm_avg": 2.4701058531309097,
  "fwhm_x": 2.358190442477876,
  "fwhm_y": 2.531743716814159,
  "fwhm_z": 2.5203834001006924,
  "gcor": 0.0072544,
  "gsr_x": -0.017835158854722977,
  "gsr_y": 0.041398122906684875,
  "provenance": {
    "md5sum": "628b1161c38194f71042af55a64a7909",
    "settings": {
      "fd_thres": 0.2,
      "testing": false
    },
    "software": "mriqc",
    "version": "22.0.0rc1",
    "webapi_port": null,
    "webapi_url": "https://mriqc.nimh.nih.gov/api/v1"
  },
  "size_t": 279,
  "size_x": 128,
  "size_y": 128,
  "size_z": 29,
  "snr": 4.546666130960074,
  "spacing_tr": 1.899999976158142,
  "spacing_x": 1.765625,
  "spacing_y": 1.765625,
  "spacing_z": 1.7999999523162842,
  "summary_bg_k": 27.493585430247986,
  "summary_bg_mad": 18.92310889743482,
  "summary_bg_mean": 109.29354095458984,
  "summary_bg_median": 85.8100357055664,
  "summary_bg_n": 313276.0,
  "summary_bg_p05": 67.87096405029297,
  "summary_bg_p95": 243.3136215209961,
  "summary_bg_stdv": 77.03693389892578,
  "summary_fg_k": 0.7283400435119587,
  "summary_fg_mad": 167.59250778544177,
  "summary_fg_mean": 838.3072509765625,
  "summary_fg_median": 836.52685546875,
  "summary_fg_n": 90937.0,
  "summary_fg_p05": 544.4845703125,
  "summary_fg_p95": 1141.3154296875,
  "summary_fg_stdv": 183.98585510253906,
  "tsnr": 16.506180839496665
}