{
  "aor": 0.00033784946236559144,
  "aqi": 0.03757061899641576,
  "bids_meta": {
    "AccelFactPE": 2,
    "AcquisitionNumber": 1,
    "AcquisitionTime": "14:18:26.145000",
    "BandwidthPerPixelPhaseEncode": 22.321,
    "ConversionSoftware": "dcm2niix",
    "ConversionSoftwareVersion": "v1.0.20170724 (OpenJPEG build) GCC6.1.0",
    "DeviceSerialNumber": "35002",
    "EchoTime": 0.028,
    "EffectiveEchoSpacing": 0.000350007,
    "FlipAngle": 90,
    "ImageType": [
      "ORIGINAL",
      "PRIMARY",
      "M",
      "ND",
      "MOSAIC"
    ],
    "InstitutionAddress": "University_Pkwy_1700_North_685_Provo_FC28C0_UT_US_84601",
    "InstitutionName": "Brigham_Young_University",
    "MagneticFieldStrength": 3,
    "Manufacturer": "Siemens",
    "ManufacturersModelName": "TrioTim",
    "PhaseEncodingDirection": "j-",
    "PhaseEncodingLines": 128,
    "ProcedureStepDescription": "Research_KIRWAN",
    "ProtocolName": "12Chan_1.8x1.8x1.8_TR1900_29Slice",
    "RepetitionTime": 1.9,
    "ScanningSequence": "EP",
    "SequenceName": "epfid2d1_128",
    "SequenceVariant": "SK",
    "SeriesDescription": "12Chan_1.8x1.8x1.8_TR1900_29Slice",
    "SliceTiming": [
      0,
      0.9875,
      0.065,
      1.0525,
      0.1325,
      1.1175,
      0.1975,
      1.185,
      0.2625,
      1.25,
      0.33,
      1.315,
      0.395,
      1.38,
      0.46,
      1.4475,
      0.5275,
      1.5125,
      0.5925,
      1.5775,
      0.6575,
      1.645,
      0.7225,
      1.71,
      0.79,
      1.775,
      0.855,
      1.8425,
      0.92
    ],
    "SoftwareVersions": "syngo_MR_B17",
    "TaskName": "MST",
    "TotalReadoutTime": 0.0437508,
    "TrueEchoSpacing": 0.000700013,
    "dataset": "ds003711",
    "modality": "bold",
    "run_id": 5,
    "subject_id": "13",
    "task_id": "MST"
  },
  "dummy_trs": 0,
  "dvars_nstd": 85.94803287302153,
  "dvars_std": 1.044124478417266,
  "dvars_vstd": 1.0076771912230214,
  "efc": 0.638891348036567,
  "fber": 91.35844421386719,
  "fd_mean": 0.07879770944383538,
  "fd_num": 6,
  "fd_perc": 2.150537634408602,
  "fwhm_avg": 2.402227120664587,
  "fwhm_x": 2.3188559292035396,
  "fwhm_y": 2.46969203539823,
  "fwhm_z": 2.4181333973919923,
  "gcor": 0.00651586,
  "gsr_x": -0.019167689606547356,
  "gsr_y": 0.043529611080884933,
  "provenance": {
    "md5sum": "b28ae8c0cbbdabe5b6ed010f5cb7a4e3",
    "settings": {
      "fd_thres": 0.2,
      "testing": false
    },
    "software": "mriqc",
    "version": "22.0.0rc1",
    "webapi_port": null,
    "webapi_url": "https://mriqc.nimh.nih.gov/api/v1"
  },
  "size_t": 279,
  "size_x": 128,
  "size_y": 128,
  "size_z": 29,
  "snr": 4.592409961598525,
  "spacing_tr": 1.899999976158142,
  "spacing_x": 1.765625,
  "spacing_y": 1.765625,
  "spacing_z": 1.7999999523162842,
  "summary_bg_k": 24.970200298668182,
  "summary_bg_mad": 19.746767998882287,
  "summary_bg_mean": 111.21762084960938,
  "summary_bg_median": 86.59856414794922,
  "summary_bg_n": 314609.0,
  "summary_bg_p05": 67.90322875976562,
  "summary_bg_p95": 250.49678039550773,
  "summary_bg_stdv": 78.83871459960938,
  "summary_fg_k": 0.7251626669701854,
  "summary_fg_mad": 167.00793684235424,
  "summary_fg_mean": 838.4364013671875,
  "summary_fg_median": 837.111083984375,
  "summary_fg_n": 90212.0,
  "summary_fg_p05": 545.8573425292968,
  "summary_fg_p95": 1139.4433837890624,
  "summary_fg_stdv": 182.28042602539062,
  "tsnr": 16.523236880311742
}