{
  "aor": 0.00028050179211469535,
  "aqi": 0.033345325089605735,
  "bids_meta": {
    "AccelFactPE": 2,
    "AcquisitionNumber": 1,
    "AcquisitionTime": "13:46:24.972500",
    "BandwidthPerPixelPhaseEncode": 22.321,
    "ConversionSoftware": "dcm2niix",
    "ConversionSoftwareVersion": "v1.0.20170724 (OpenJPEG build) GCC6.1.0",
    "DeviceSerialNumber": "35002",
    "EchoTime": 0.028,
    "EffectiveEchoSpacing": 0.000350007,
    "FlipAngle": 90,
    "ImageType": [
      "ORIGINAL",
      "PRIMARY",
      "M",
      "ND",
      "MOSAIC"
    ],
    "InstitutionAddress": "University_Pkwy_1700_North_685_Provo_FC28C0_UT_US_84601",
    "InstitutionName": "Brigham_Young_University",
    "MagneticFieldStrength": 3,
    "Manufacturer": "Siemens",
    "ManufacturersModelName": "TrioTim",
    "PhaseEncodingDirection": "j-",
    "PhaseEncodingLines": 128,
    "ProcedureStepDescription": "Research_KIRWAN",
    "ProtocolName": "12Chan_1.8x1.8x1.8_TR1900_29Slice",
    "RepetitionTime": 1.9,
    "ScanningSequence": "EP",
    "SequenceName": "epfid2d1_128",
    "SequenceVariant": "SK",
    "SeriesDescription": "12Chan_1.8x1.8x1.8_TR1900_29Slice",
    "SliceTiming": [
      0,
      0.985,
      0.065,
      1.0525,
      0.13,
      1.1175,
      0.1975,
      1.1825,
      0.2625,
      1.25,
      0.3275,
      1.315,
      0.395,
      1.38,
      0.46,
      1.445,
      0.525,
      1.5125,
      0.59,
      1.5775,
      0.6575,
      1.6425,
      0.7225,
      1.71,
      0.7875,
      1.775,
      0.855,
      1.84,
      0.92
    ],
    "SoftwareVersions": "syngo_MR_B17",
    "TaskName": "MST",
    "TotalReadoutTime": 0.0437508,
    "TrueEchoSpacing": 0.000700013,
    "dataset": "ds003711",
    "modality": "bold",
    "run_id": 2,
    "subject_id": "13",
    "task_id": "MST"
  },
  "dummy_trs": 0,
  "dvars_nstd": 78.53886438294963,
  "dvars_std": 1.0319243369424451,
  "dvars_vstd": 1.0037393732014388,
  "efc": 0.6315744184056213,
  "fber": 101.24639129638672,
  "fd_mean": 0.07753124431990192,
  "fd_num": 4,
  "fd_perc": 1.4336917562724014,
  "fwhm_avg": 2.474568403251293,
  "fwhm_x": 2.351688495575221,
  "fwhm_y": 2.536144424778761,
  "fwhm_z": 2.5358722893998964,
  "gcor": 0.00654802,
  "gsr_x": -0.016978494822978973,
  "gsr_y": 0.039006445556879044,
  "provenance": {
    "md5sum": "39488e54cb87d11afd3591b38ded049f",
    "settings": {
      "fd_thres": 0.2,
      "testing": false
    },
    "software": "mriqc",
    "version": "22.0.0rc1",
    "webapi_port": null,
    "webapi_url": "https://mriqc.nimh.nih.gov/api/v1"
  },
  "size_t": 279,
  "size_x": 128,
  "size_y": 128,
  "size_z": 29,
  "snr": 4.543862603493998,
  "spacing_tr": 1.899999976158142,
  "spacing_x": 1.765625,
  "spacing_y": 1.765625,
  "spacing_z": 1.7999999523162842,
  "summary_bg_k": 27.07200069172973,
  "summary_bg_mad": 16.893161412577385,
  "summary_bg_mean": 106.27825927734375,
  "summary_bg_median": 82.48387145996094,
  "summary_bg_n": 313344.0,
  "summary_bg_p05": 66.27239990234375,
  "summary_bg_p95": 240.5078811645506,
  "summary_bg_stdv": 77.18269348144531,
  "summary_fg_k": 0.7376093384519296,
  "summary_fg_mad": 168.6419755118284,
  "summary_fg_mean": 841.4088745117188,
  "summary_fg_median": 839.7293701171875,
  "summary_fg_n": 90900.0,
  "summary_fg_p05": 547.1646789550781,
  "summary_fg_p95": 1147.44853515625,
  "summary_fg_stdv": 184.80416870117188,
  "tsnr": 17.64843410742469
}