{
  "aor": 0.0003610394265232975,
  "aqi": 0.04140807741935484,
  "bids_meta": {
    "AccelFactPE": 2,
    "AcquisitionNumber": 1,
    "AcquisitionTime": "06:35:56.237500",
    "BandwidthPerPixelPhaseEncode": 22.321,
    "ConversionSoftware": "dcm2niix",
    "ConversionSoftwareVersion": "v1.0.20170724 (OpenJPEG build) GCC6.1.0",
    "DeviceSerialNumber": "35002",
    "EchoTime": 0.028,
    "EffectiveEchoSpacing": 0.000350007,
    "FlipAngle": 90,
    "ImageType": [
      "ORIGINAL",
      "PRIMARY",
      "M",
      "ND",
      "MOSAIC"
    ],
    "InstitutionAddress": "University_Pkwy_1700_North_685_Provo_FC28C0_UT_US_84601",
    "InstitutionName": "Brigham_Young_University",
    "MagneticFieldStrength": 3,
    "Manufacturer": "Siemens",
    "ManufacturersModelName": "TrioTim",
    "PhaseEncodingDirection": "j-",
    "PhaseEncodingLines": 128,
    "ProcedureStepDescription": "Research_KIRWAN",
    "ProtocolName": "12Chan_1.8x1.8x1.8_TR1900_29Slice",
    "RepetitionTime": 1.9,
    "ScanningSequence": "EP",
    "SequenceName": "epfid2d1_128",
    "SequenceVariant": "SK",
    "SeriesDescription": "12Chan_1.8x1.8x1.8_TR1900_29Slice",
    "SliceTiming": [
      0,
      0.9875,
      0.065,
      1.0525,
      0.1325,
      1.1175,
      0.1975,
      1.185,
      0.2625,
      1.25,
      0.33,
      1.315,
      0.395,
      1.38,
      0.46,
      1.4475,
      0.525,
      1.5125,
      0.5925,
      1.5775,
      0.6575,
      1.645,
      0.7225,
      1.71,
      0.79,
      1.775,
      0.855,
      1.8425,
      0.92
    ],
    "SoftwareVersions": "syngo_MR_B17",
    "TaskName": "MST",
    "TotalReadoutTime": 0.0437508,
    "TrueEchoSpacing": 0.000700013,
    "dataset": "ds003711",
    "modality": "bold",
    "run_id": 2,
    "subject_id": "23",
    "task_id": "MST"
  },
  "dummy_trs": 0,
  "dvars_nstd": 87.14575568564744,
  "dvars_std": 1.0287914949640296,
  "dvars_vstd": 1.003600527733813,
  "efc": 0.689510159538628,
  "fber": 68.52308654785156,
  "fd_mean": 0.07786804753158327,
  "fd_num": 5,
  "fd_perc": 1.7921146953405018,
  "fwhm_avg": 2.449370467670328,
  "fwhm_x": 2.3449090265486725,
  "fwhm_y": 2.5214300884955754,
  "fwhm_z": 2.481772287966736,
  "gcor": 0.00311332,
  "gsr_x": -0.03953298181295395,
  "gsr_y": 0.09562787413597107,
  "provenance": {
    "md5sum": "616a520aa3da682b62655369ccfe1422",
    "settings": {
      "fd_thres": 0.2,
      "testing": false
    },
    "software": "mriqc",
    "version": "22.0.0rc1",
    "webapi_port": null,
    "webapi_url": "https://mriqc.nimh.nih.gov/api/v1"
  },
  "size_t": 279,
  "size_x": 128,
  "size_y": 128,
  "size_z": 29,
  "snr": 4.278282573799544,
  "spacing_tr": 1.899999976158142,
  "spacing_x": 1.765625,
  "spacing_y": 1.765625,
  "spacing_z": 1.7999999523162842,
  "summary_bg_k": 20.61628059797972,
  "summary_bg_mad": 20.368508061919236,
  "summary_bg_mean": 139.94483947753906,
  "summary_bg_median": 95.40501403808594,
  "summary_bg_n": 287360.0,
  "summary_bg_p05": 77.25089263916016,
  "summary_bg_p95": 386.31557922363277,
  "summary_bg_stdv": 124.54332733154297,
  "summary_fg_k": 1.2996087255983477,
  "summary_fg_mad": 160.7347938434179,
  "summary_fg_mean": 816.1931762695312,
  "summary_fg_median": 800.35302734375,
  "summary_fg_n": 113952.0,
  "summary_fg_p05": 548.0824584960938,
  "summary_fg_p95": 1152.69423828125,
  "summary_fg_stdv": 187.07261657714844,
  "tsnr": 15.269534029066563
}