{
  "aor": 0.0004341935483870968,
  "aqi": 0.03530661720430107,
  "bids_meta": {
    "AccelFactPE": 2,
    "AcquisitionNumber": 1,
    "AcquisitionTime": "06:25:58.362500",
    "BandwidthPerPixelPhaseEncode": 22.321,
    "ConversionSoftware": "dcm2niix",
    "ConversionSoftwareVersion": "v1.0.20170724 (OpenJPEG build) GCC6.1.0",
    "DeviceSerialNumber": "35002",
    "EchoTime": 0.028,
    "EffectiveEchoSpacing": 0.000350007,
    "FlipAngle": 90,
    "ImageType": [
      "ORIGINAL",
      "PRIMARY",
      "M",
      "ND",
      "MOSAIC"
    ],
    "InstitutionAddress": "University_Pkwy_1700_North_685_Provo_FC28C0_UT_US_84601",
    "InstitutionName": "Brigham_Young_University",
    "MagneticFieldStrength": 3,
    "Manufacturer": "Siemens",
    "ManufacturersModelName": "TrioTim",
    "PhaseEncodingDirection": "j-",
    "PhaseEncodingLines": 128,
    "ProcedureStepDescription": "Research_KIRWAN",
    "ProtocolName": "12Chan_1.8x1.8x1.8_TR1900_29Slice",
    "RepetitionTime": 1.9,
    "ScanningSequence": "EP",
    "SequenceName": "epfid2d1_128",
    "SequenceVariant": "SK",
    "SeriesDescription": "12Chan_1.8x1.8x1.8_TR1900_29Slice",
    "SliceTiming": [
      0,
      0.9875,
      0.0675,
      1.0525,
      0.1325,
      1.12,
      0.1975,
      1.185,
      0.265,
      1.25,
      0.33,
      1.3175,
      0.395,
      1.3825,
      0.4625,
      1.4475,
      0.5275,
      1.5125,
      0.5925,
      1.58,
      0.6575,
      1.645,
      0.725,
      1.71,
      0.79,
      1.7775,
      0.855,
      1.8425,
      0.9225
    ],
    "SoftwareVersions": "syngo_MR_B17",
    "TaskName": "MST",
    "TotalReadoutTime": 0.0437508,
    "TrueEchoSpacing": 0.000700013,
    "dataset": "ds003711",
    "modality": "bold",
    "run_id": 1,
    "subject_id": "23",
    "task_id": "MST"
  },
  "dummy_trs": 0,
  "dvars_nstd": 81.42234988852512,
  "dvars_std": 1.0348140282014384,
  "dvars_vstd": 1.00630672647482,
  "efc": 0.6787394236518817,
  "fber": 83.15283203125,
  "fd_mean": 0.08194415580944651,
  "fd_num": 3,
  "fd_perc": 1.075268817204301,
  "fwhm_avg": 2.47374862634283,
  "fwhm_x": 2.334776637168142,
  "fwhm_y": 2.526385840707965,
  "fwhm_z": 2.560083401152383,
  "gcor": 0.00644571,
  "gsr_x": -0.03606225177645683,
  "gsr_y": 0.09035852551460266,
  "provenance": {
    "md5sum": "629a42555503a23cd027d2887c6be9f5",
    "settings": {
      "fd_thres": 0.2,
      "testing": false
    },
    "software": "mriqc",
    "version": "22.0.0rc1",
    "webapi_port": null,
    "webapi_url": "https://mriqc.nimh.nih.gov/api/v1"
  },
  "size_t": 279,
  "size_x": 128,
  "size_y": 128,
  "size_z": 29,
  "snr": 4.253608267950464,
  "spacing_tr": 1.899999976158142,
  "spacing_x": 1.765625,
  "spacing_y": 1.765625,
  "spacing_z": 1.7999999523162842,
  "summary_bg_k": 19.46505416369019,
  "summary_bg_mad": 15.516840706866876,
  "summary_bg_mean": 132.5438232421875,
  "summary_bg_median": 87.10394287109375,
  "summary_bg_n": 287714.0,
  "summary_bg_p05": 73.49462127685547,
  "summary_bg_p95": 379.9763336181637,
  "summary_bg_stdv": 122.712890625,
  "summary_fg_k": 1.3369010288513863,
  "summary_fg_mad": 163.67081497870376,
  "summary_fg_mean": 819.5057983398438,
  "summary_fg_median": 803.3906860351562,
  "summary_fg_n": 113627.0,
  "summary_fg_p05": 552.4856811523438,
  "summary_fg_p95": 1157.9630493164063,
  "summary_fg_stdv": 188.87191772460938,
  "tsnr": 16.58729493082501
}