{
  "aor": 0.0023391039426523303,
  "aqi": 0.06442639139784945,
  "bids_meta": {
    "AccelFactPE": 2,
    "AcquisitionNumber": 1,
    "AcquisitionTime": "07:19:15.822500",
    "BandwidthPerPixelPhaseEncode": 22.321,
    "ConversionSoftware": "dcm2niix",
    "ConversionSoftwareVersion": "v1.0.20170724 (OpenJPEG build) GCC6.1.0",
    "DeviceSerialNumber": "35002",
    "EchoTime": 0.028,
    "EffectiveEchoSpacing": 0.000350007,
    "FlipAngle": 90,
    "ImageType": [
      "ORIGINAL",
      "PRIMARY",
      "M",
      "ND",
      "MOSAIC"
    ],
    "InstitutionAddress": "University_Pkwy_1700_North_685_Provo_FC28C0_UT_US_84601",
    "InstitutionName": "Brigham_Young_University",
    "MagneticFieldStrength": 3,
    "Manufacturer": "Siemens",
    "ManufacturersModelName": "TrioTim",
    "PhaseEncodingDirection": "j-",
    "PhaseEncodingLines": 128,
    "ProcedureStepDescription": "Research_KIRWAN",
    "ProtocolName": "12Chan_1.8x1.8x1.8_TR1900_29Slice",
    "RepetitionTime": 1.9,
    "ScanningSequence": "EP",
    "SequenceName": "epfid2d1_128",
    "SequenceVariant": "SK",
    "SeriesDescription": "12Chan_1.8x1.8x1.8_TR1900_29Slice",
    "SliceTiming": [
      0,
      0.985,
      0.065,
      1.0525,
      0.13,
      1.1175,
      0.1975,
      1.1825,
      0.2625,
      1.25,
      0.3275,
      1.315,
      0.395,
      1.38,
      0.46,
      1.445,
      0.525,
      1.5125,
      0.59,
      1.5775,
      0.6575,
      1.6425,
      0.7225,
      1.71,
      0.7875,
      1.775,
      0.855,
      1.84,
      0.92
    ],
    "SoftwareVersions": "syngo_MR_B17",
    "TaskName": "MST",
    "TotalReadoutTime": 0.0437508,
    "TrueEchoSpacing": 0.000700013,
    "dataset": "ds003711",
    "modality": "bold",
    "run_id": 5,
    "subject_id": "23",
    "task_id": "MST"
  },
  "dummy_trs": 0,
  "dvars_nstd": 96.98174928089928,
  "dvars_std": 1.0258772643165461,
  "dvars_vstd": 1.0104875634532378,
  "efc": 0.6971608617285626,
  "fber": 58.380126953125,
  "fd_mean": 0.1867288364902706,
  "fd_num": 38,
  "fd_perc": 13.620071684587813,
  "fwhm_avg": 2.5225292511772364,
  "fwhm_x": 2.5214244247787607,
  "fwhm_y": 2.7038300884955753,
  "fwhm_z": 2.3423332402573727,
  "gcor": 0.0152154,
  "gsr_x": -0.038260720670223236,
  "gsr_y": 0.09510651975870132,
  "provenance": {
    "md5sum": "7e81f84030e6cf729d819483c0fbf492",
    "settings": {
      "fd_thres": 0.2,
      "testing": false
    },
    "software": "mriqc",
    "version": "22.0.0rc1",
    "webapi_port": null,
    "webapi_url": "https://mriqc.nimh.nih.gov/api/v1"
  },
  "size_t": 279,
  "size_x": 128,
  "size_y": 128,
  "size_z": 29,
  "snr": 4.141604531857325,
  "spacing_tr": 1.899999976158142,
  "spacing_x": 1.765625,
  "spacing_y": 1.765625,
  "spacing_z": 1.8000000715255737,
  "summary_bg_k": 18.257544709861712,
  "summary_bg_mad": 25.554963313411868,
  "summary_bg_mean": 146.0296173095703,
  "summary_bg_median": 102.22042846679688,
  "summary_bg_n": 286922.0,
  "summary_bg_p05": 79.29032135009766,
  "summary_bg_p95": 394.8098495483399,
  "summary_bg_stdv": 123.38333129882812,
  "summary_fg_k": 1.1643295391756467,
  "summary_fg_mad": 165.75916300108366,
  "summary_fg_mean": 812.3309326171875,
  "summary_fg_median": 795.3369140625,
  "summary_fg_n": 113833.0,
  "summary_fg_p05": 540.2308227539063,
  "summary_fg_p95": 1162.8537597656248,
  "summary_fg_stdv": 192.03509521484375,
  "tsnr": 13.155221583787352
}