{
  "aor": 0.0012209318996415773,
  "aqi": 0.04179671935483871,
  "bids_meta": {
    "AccelFactPE": 2,
    "AcquisitionNumber": 1,
    "AcquisitionTime": "06:48:49.885000",
    "BandwidthPerPixelPhaseEncode": 22.321,
    "ConversionSoftware": "dcm2niix",
    "ConversionSoftwareVersion": "v1.0.20170724 (OpenJPEG build) GCC6.1.0",
    "DeviceSerialNumber": "35002",
    "EchoTime": 0.028,
    "EffectiveEchoSpacing": 0.000350007,
    "FlipAngle": 90,
    "ImageType": [
      "ORIGINAL",
      "PRIMARY",
      "M",
      "ND",
      "MOSAIC"
    ],
    "InstitutionAddress": "University_Pkwy_1700_North_685_Provo_FC28C0_UT_US_84601",
    "InstitutionName": "Brigham_Young_University",
    "MagneticFieldStrength": 3,
    "Manufacturer": "Siemens",
    "ManufacturersModelName": "TrioTim",
    "PhaseEncodingDirection": "j-",
    "PhaseEncodingLines": 128,
    "ProcedureStepDescription": "Research_KIRWAN",
    "ProtocolName": "12Chan_1.8x1.8x1.8_TR1900_29Slice",
    "RepetitionTime": 1.9,
    "ScanningSequence": "EP",
    "SequenceName": "epfid2d1_128",
    "SequenceVariant": "SK",
    "SeriesDescription": "12Chan_1.8x1.8x1.8_TR1900_29Slice",
    "SliceTiming": [
      0,
      0.9875,
      0.065,
      1.0525,
      0.1325,
      1.1175,
      0.1975,
      1.185,
      0.2625,
      1.25,
      0.33,
      1.315,
      0.395,
      1.3825,
      0.46,
      1.4475,
      0.5275,
      1.5125,
      0.5925,
      1.5775,
      0.6575,
      1.645,
      0.725,
      1.71,
      0.79,
      1.775,
      0.855,
      1.8425,
      0.92
    ],
    "SoftwareVersions": "syngo_MR_B17",
    "TaskName": "MST",
    "TotalReadoutTime": 0.0437508,
    "TrueEchoSpacing": 0.000700013,
    "dataset": "ds003711",
    "modality": "bold",
    "run_id": 3,
    "subject_id": "23",
    "task_id": "MST"
  },
  "dummy_trs": 0,
  "dvars_nstd": 87.56179082276982,
  "dvars_std": 1.0362544203956838,
  "dvars_vstd": 1.0122989786690655,
  "efc": 0.6906450079162519,
  "fber": 67.3337631225586,
  "fd_mean": 0.1011455089331221,
  "fd_num": 19,
  "fd_perc": 6.810035842293907,
  "fwhm_avg": 2.4938783475903334,
  "fwhm_x": 2.384719292035398,
  "fwhm_y": 2.5544212389380534,
  "fwhm_z": 2.5424945117975475,
  "gcor": 0.00744361,
  "gsr_x": -0.035956211388111115,
  "gsr_y": 0.09200882166624069,
  "provenance": {
    "md5sum": "81af3e03cff212ff91301488f197715d",
    "settings": {
      "fd_thres": 0.2,
      "testing": false
    },
    "software": "mriqc",
    "version": "22.0.0rc1",
    "webapi_port": null,
    "webapi_url": "https://mriqc.nimh.nih.gov/api/v1"
  },
  "size_t": 279,
  "size_x": 128,
  "size_y": 128,
  "size_z": 29,
  "snr": 4.257105956408139,
  "spacing_tr": 1.899999976158142,
  "spacing_x": 1.765625,
  "spacing_y": 1.765625,
  "spacing_z": 1.7999999523162842,
  "summary_bg_k": 19.135492593880773,
  "summary_bg_mad": 20.666098560016952,
  "summary_bg_mean": 140.49725341796875,
  "summary_bg_median": 96.10394287109375,
  "summary_bg_n": 286595.0,
  "summary_bg_p05": 77.45877838134766,
  "summary_bg_p95": 389.1003723144531,
  "summary_bg_stdv": 123.63812255859375,
  "summary_fg_k": 1.352103106507145,
  "summary_fg_mad": 160.25921913886734,
  "summary_fg_mean": 814.544189453125,
  "summary_fg_median": 798.4910278320312,
  "summary_fg_n": 114203.0,
  "summary_fg_p05": 545.5344177246094,
  "summary_fg_p95": 1152.8042480468748,
  "summary_fg_stdv": 187.56581115722656,
  "tsnr": 15.127805101394188
}