{
  "bids_meta": {
    "AcquisitionNumber": 1,
    "AcquisitionTime": "13:41:1.782500",
    "ConversionSoftware": "dcm2niix",
    "ConversionSoftwareVersion": "v1.0.20170724 (OpenJPEG build) GCC6.1.0",
    "DeviceSerialNumber": "35002",
    "EchoTime": 0.064,
    "EchoTrainLength": 15,
    "FlipAngle": 178,
    "ImageType": [
      "ORIGINAL",
      "PRIMARY",
      "M",
      "ND"
    ],
    "InstitutionAddress": "University_Pkwy_1700_North_685_Provo_FC28C0_UT_US_84601",
    "InstitutionName": "Brigham_Young_University",
    "MagneticFieldStrength": 3,
    "Manufacturer": "Siemens",
    "ManufacturersModelName": "TrioTim",
    "PhaseEncodingDirection": "i-",
    "PhaseEncodingLines": 512,
    "ProcedureStepDescription": "Research_KIRWAN",
    "ProtocolName": "HiRes_T2",
    "RepetitionTime": 6.26,
    "ScanningSequence": "SE",
    "SequenceName": "_tse2d1_15",
    "SequenceVariant": "SK_SP_OSP",
    "SeriesDescription": "HiRes_T2",
    "SoftwareVersions": "syngo_MR_B17",
    "dataset": "ds003711",
    "modality": "T2w",
    "subject_id": "41"
  },
  "cjv": 0.6210740325213151,
  "cnr": 0.8021048714932623,
  "efc": 0.598809652435979,
  "fber": 93.91869994630972,
  "fwhm_avg": 3.3981283232269206,
  "fwhm_x": 4.0626688,
  "fwhm_y": 1.830173769680763,
  "fwhm_z": 4.3015424,
  "icvs_csf": 0.21247824679414756,
  "icvs_gm": 0.5475791478744415,
  "icvs_wm": 0.23994260533141099,
  "inu_med": 1.0113234519958496,
  "inu_range": 0.30282092094421376,
  "provenance": {
    "md5sum": "8b19b2b7462f04eb8aae186a2af071f9",
    "settings": {
      "testing": false
    },
    "software": "mriqc",
    "version": "22.0.0rc1",
    "warnings": {
      "large_rot_frame": false,
      "small_air_mask": false
    },
    "webapi_port": null,
    "webapi_url": "https://mriqc.nimh.nih.gov/api/v1"
  },
  "qi_1": 0.030880278081012492,
  "qi_2": 0.00013877443927571548,
  "rpve_csf": 14.114051919060579,
  "rpve_gm": 6.671237064034324,
  "rpve_wm": 13.864593045925373,
  "size_x": 512,
  "size_y": 19,
  "size_z": 512,
  "snr_csf": 5.070599560334419,
  "snr_gm": 10.626843945250762,
  "snr_total": 7.005893331416973,
  "snr_wm": 5.320236488665738,
  "snrd_csf": 17.215994176048135,
  "snrd_gm": 10.579035642278926,
  "snrd_total": 11.677819509457798,
  "snrd_wm": 7.238428710046333,
  "spacing_x": 0.390625,
  "spacing_y": 2.9999992847442627,
  "spacing_z": 0.390625,
  "summary_bg_k": 13.691866274569271,
  "summary_bg_mad": 93.83738654642993,
  "summary_bg_mean": 306.51759283785196,
  "summary_bg_median": 138.30196022987366,
  "summary_bg_n": 1730246.0,
  "summary_bg_p05": 31.502113163471222,
  "summary_bg_p95": 1579.2355083748698,
  "summary_bg_stdv": 545.481713066475,
  "summary_csf_k": 0.0001899252787143091,
  "summary_csf_mad": 494.8177818647102,
  "summary_csf_mean": 2553.2325129029705,
  "summary_csf_median": 2465.90474229306,
  "summary_csf_n": 118263.0,
  "summary_csf_p05": 1911.736471094191,
  "summary_csf_p95": 3426.43106469512,
  "summary_csf_stdv": 486.3121781590665,
  "summary_gm_k": 0.049746096106433324,
  "summary_gm_mad": 140.8272766227909,
  "summary_gm_mean": 1513.8521862501075,
  "summary_gm_median": 1515.2708517685533,
  "summary_gm_n": 294191.0,
  "summary_gm_p05": 1276.2197552323341,
  "summary_gm_p95": 1747.1187212094665,
  "summary_gm_stdv": 142.5887388819132,
  "summary_wm_k": 1.7274863721522937,
  "summary_wm_mad": 156.34817970861923,
  "summary_wm_mean": 1009.2822491337864,
  "summary_wm_median": 1036.7844865843654,
  "summary_wm_n": 132241.0,
  "summary_wm_p05": 641.0872114822268,
  "summary_wm_p95": 1279.2931321263313,
  "summary_wm_stdv": 194.8749024087232,
  "tpm_overlap_csf": 0.08513829112052917,
  "tpm_overlap_gm": 0.32598933577537537,
  "tpm_overlap_wm": 0.16530783474445343,
  "wm2max": 0.271654335900146
}