{
  "bids_meta": {
    "AcquisitionNumber": 1,
    "AcquisitionTime": "12:34:16.032500",
    "ConversionSoftware": "dcm2niix",
    "ConversionSoftwareVersion": "v1.0.20170724 (OpenJPEG build) GCC6.1.0",
    "DeviceSerialNumber": "35002",
    "EchoTime": 0.00226,
    "FlipAngle": 9,
    "ImageType": [
      "ORIGINAL",
      "PRIMARY",
      "M",
      "ND",
      "NORM"
    ],
    "InstitutionAddress": "University_Pkwy_1700_North_685_Provo_FC28C0_UT_US_84601",
    "InstitutionName": "Brigham_Young_University",
    "InversionTime": 0.9,
    "MagneticFieldStrength": 3,
    "Manufacturer": "Siemens",
    "ManufacturersModelName": "TrioTim",
    "PhaseEncodingDirection": "i-",
    "PhaseEncodingLines": 215,
    "ProcedureStepDescription": "Research_KIRWAN",
    "ProtocolName": "t1_mpr_sag_iso_mprage",
    "RepetitionTime": 1.9,
    "ScanningSequence": "GR_IR",
    "SequenceName": "_tfl3d1_ns",
    "SequenceVariant": "SP_MP_OSP",
    "SeriesDescription": "t1_mpr_sag_iso_mprage",
    "SoftwareVersions": "syngo_MR_B17",
    "dataset": "ds003711",
    "modality": "T1w",
    "subject_id": "41"
  },
  "cjv": 0.373612521277522,
  "cnr": 3.5375787603796556,
  "efc": 0.6326683353289493,
  "fber": 1342.70361328125,
  "fwhm_avg": 4.285804,
  "fwhm_x": 4.14138,
  "fwhm_y": 4.4833792,
  "fwhm_z": 4.232652799999999,
  "icvs_csf": 0.1993156360128631,
  "icvs_gm": 0.42260913770095954,
  "icvs_wm": 0.3780752262861774,
  "inu_med": 1.370552897453308,
  "inu_range": 0.5043421030044555,
  "provenance": {
    "md5sum": "169fe999cb17571b05a5406abdbf8425",
    "settings": {
      "testing": false
    },
    "software": "mriqc",
    "version": "22.0.0rc1",
    "warnings": {
      "large_rot_frame": true,
      "small_air_mask": false
    },
    "webapi_port": null,
    "webapi_url": "https://mriqc.nimh.nih.gov/api/v1"
  },
  "qi_1": 0.0,
  "qi_2": 0.0049927147418699705,
  "rpve_csf": 21.627071255293778,
  "rpve_gm": 10.820219833999332,
  "rpve_wm": 14.530560454150603,
  "size_x": 176,
  "size_y": 224,
  "size_z": 256,
  "snr_csf": 3.7983436030002604,
  "snr_gm": 13.775863012198124,
  "snr_total": 12.964662091766781,
  "snr_wm": 21.319779660101958,
  "snrd_csf": 26.741661014128518,
  "snrd_gm": 54.22527442152409,
  "snrd_total": 51.290812406675194,
  "snrd_wm": 72.90550178437296,
  "spacing_x": 1.0,
  "spacing_y": 0.9765625,
  "spacing_z": 0.9765625,
  "summary_bg_k": 3.1667180503680736,
  "summary_bg_mad": 8.986296462170081,
  "summary_bg_mean": 17.43317222595215,
  "summary_bg_median": 14.851387977600098,
  "summary_bg_n": 1882404.0,
  "summary_bg_p05": 2.9474729180335997,
  "summary_bg_p95": 38.5374979019165,
  "summary_bg_stdv": 11.450037956237793,
  "summary_csf_k": 19.919882785897983,
  "summary_csf_mad": 79.98645303197787,
  "summary_csf_mean": 385.70440673828125,
  "summary_csf_median": 366.80682373046875,
  "summary_csf_n": 14821.0,
  "summary_csf_p05": 259.33819580078125,
  "summary_csf_p95": 567.3344116210938,
  "summary_csf_stdv": 96.56694793701172,
  "summary_gm_k": 0.2540004036737047,
  "summary_gm_mad": 51.33908341351125,
  "summary_gm_mean": 743.59814453125,
  "summary_gm_median": 743.790771484375,
  "summary_gm_n": 18816.0,
  "summary_gm_p05": 653.9263458251953,
  "summary_gm_p95": 832.3603515625,
  "summary_gm_stdv": 53.990882873535156,
  "summary_wm_k": 0.43714415999192635,
  "summary_wm_mad": 44.391919258292006,
  "summary_wm_mean": 999.154296875,
  "summary_wm_median": 1000.021484375,
  "summary_wm_n": 227312.0,
  "summary_wm_p05": 919.9919403076171,
  "summary_wm_p95": 1074.2344665527344,
  "summary_wm_stdv": 46.905704498291016,
  "tpm_overlap_csf": 0.17175161838531494,
  "tpm_overlap_gm": 0.4461413025856018,
  "tpm_overlap_wm": 0.5110477209091187,
  "wm2max": 0.44421757979441756
}