{
  "aor": 0.0003324731182795699,
  "aqi": 0.04331665555555556,
  "bids_meta": {
    "AccelFactPE": 2,
    "AcquisitionNumber": 1,
    "AcquisitionTime": "11:13:19.387500",
    "BandwidthPerPixelPhaseEncode": 22.321,
    "ConversionSoftware": "dcm2niix",
    "ConversionSoftwareVersion": "v1.0.20170724 (OpenJPEG build) GCC6.1.0",
    "DeviceSerialNumber": "35002",
    "EchoTime": 0.028,
    "EffectiveEchoSpacing": 0.000350007,
    "FlipAngle": 90,
    "ImageType": [
      "ORIGINAL",
      "PRIMARY",
      "M",
      "ND",
      "MOSAIC"
    ],
    "InstitutionAddress": "University_Pkwy_1700_North_685_Provo_FC28C0_UT_US_84601",
    "InstitutionName": "Brigham_Young_University",
    "MagneticFieldStrength": 3,
    "Manufacturer": "Siemens",
    "ManufacturersModelName": "TrioTim",
    "PhaseEncodingDirection": "j-",
    "PhaseEncodingLines": 128,
    "ProcedureStepDescription": "Research_KIRWAN",
    "ProtocolName": "12Chan_1.8x1.8x1.8_TR1900_29Slice",
    "RepetitionTime": 1.9,
    "ScanningSequence": "EP",
    "SequenceName": "epfid2d1_128",
    "SequenceVariant": "SK",
    "SeriesDescription": "12Chan_1.8x1.8x1.8_TR1900_29Slice",
    "SliceTiming": [
      0,
      0.9875,
      0.065,
      1.0525,
      0.1325,
      1.1175,
      0.1975,
      1.185,
      0.2625,
      1.25,
      0.33,
      1.315,
      0.395,
      1.3825,
      0.46,
      1.4475,
      0.5275,
      1.5125,
      0.5925,
      1.5775,
      0.6575,
      1.645,
      0.7225,
      1.71,
      0.79,
      1.775,
      0.855,
      1.8425,
      0.92
    ],
    "SoftwareVersions": "syngo_MR_B17",
    "TaskName": "MST",
    "TotalReadoutTime": 0.0437508,
    "TrueEchoSpacing": 0.000700013,
    "dataset": "ds003711",
    "modality": "bold",
    "run_id": 2,
    "subject_id": "20",
    "task_id": "MST"
  },
  "dummy_trs": 0,
  "dvars_nstd": 95.59747240338122,
  "dvars_std": 1.0414032895683454,
  "dvars_vstd": 1.0056554246402873,
  "efc": 0.6788907837358654,
  "fber": 67.7181396484375,
  "fd_mean": 0.06690084172060654,
  "fd_num": 5,
  "fd_perc": 1.7921146953405018,
  "fwhm_avg": 2.3344887887392463,
  "fwhm_x": 2.212134513274336,
  "fwhm_y": 2.3993373451327433,
  "fwhm_z": 2.391994507810659,
  "gcor": 0.00441105,
  "gsr_x": -0.015067998319864273,
  "gsr_y": 0.059766415506601334,
  "provenance": {
    "md5sum": "64d5c7275a25ba3853e4b7c88fb4f46e",
    "settings": {
      "fd_thres": 0.2,
      "testing": false
    },
    "software": "mriqc",
    "version": "22.0.0rc1",
    "webapi_port": null,
    "webapi_url": "https://mriqc.nimh.nih.gov/api/v1"
  },
  "size_t": 279,
  "size_x": 128,
  "size_y": 128,
  "size_z": 29,
  "snr": 4.376520456713372,
  "spacing_tr": 1.899999976158142,
  "spacing_x": 1.765625,
  "spacing_y": 1.765625,
  "spacing_z": 1.7999999523162842,
  "summary_bg_k": 18.419994807003913,
  "summary_bg_mad": 20.921169666182276,
  "summary_bg_mean": 126.34453582763672,
  "summary_bg_median": 94.43010711669922,
  "summary_bg_n": 297004.0,
  "summary_bg_p05": 74.87813568115234,
  "summary_bg_p95": 323.86936035156225,
  "summary_bg_stdv": 92.3976821899414,
  "summary_fg_k": 0.9837187357155721,
  "summary_fg_mad": 157.42685528149275,
  "summary_fg_mean": 791.4734497070312,
  "summary_fg_median": 785.7670288085938,
  "summary_fg_n": 106075.0,
  "summary_fg_p05": 510.9802978515625,
  "summary_fg_p95": 1096.8562499999998,
  "summary_fg_stdv": 179.5406494140625,
  "tsnr": 14.692491229565348
}