{
  "aor": 0.0003331899641577061,
  "aqi": 0.04666709677419354,
  "bids_meta": {
    "AccelFactPE": 2,
    "AcquisitionNumber": 1,
    "AcquisitionTime": "11:33:55.205000",
    "BandwidthPerPixelPhaseEncode": 22.321,
    "ConversionSoftware": "dcm2niix",
    "ConversionSoftwareVersion": "v1.0.20170724 (OpenJPEG build) GCC6.1.0",
    "DeviceSerialNumber": "35002",
    "EchoTime": 0.028,
    "EffectiveEchoSpacing": 0.000350007,
    "FlipAngle": 90,
    "ImageType": [
      "ORIGINAL",
      "PRIMARY",
      "M",
      "ND",
      "MOSAIC"
    ],
    "InstitutionAddress": "University_Pkwy_1700_North_685_Provo_FC28C0_UT_US_84601",
    "InstitutionName": "Brigham_Young_University",
    "MagneticFieldStrength": 3,
    "Manufacturer": "Siemens",
    "ManufacturersModelName": "TrioTim",
    "PhaseEncodingDirection": "j-",
    "PhaseEncodingLines": 128,
    "ProcedureStepDescription": "Research_KIRWAN",
    "ProtocolName": "12Chan_1.8x1.8x1.8_TR1900_29Slice",
    "RepetitionTime": 1.9,
    "ScanningSequence": "EP",
    "SequenceName": "epfid2d1_128",
    "SequenceVariant": "SK",
    "SeriesDescription": "12Chan_1.8x1.8x1.8_TR1900_29Slice",
    "SliceTiming": [
      0,
      0.985,
      0.065,
      1.0525,
      0.13,
      1.1175,
      0.1975,
      1.1825,
      0.2625,
      1.2475,
      0.3275,
      1.315,
      0.395,
      1.38,
      0.46,
      1.445,
      0.525,
      1.5125,
      0.59,
      1.5775,
      0.6575,
      1.6425,
      0.7225,
      1.71,
      0.7875,
      1.775,
      0.855,
      1.84,
      0.92
    ],
    "SoftwareVersions": "syngo_MR_B17",
    "TaskName": "MST",
    "TotalReadoutTime": 0.0437508,
    "TrueEchoSpacing": 0.000700013,
    "dataset": "ds003711",
    "modality": "bold",
    "run_id": 4,
    "subject_id": "20",
    "task_id": "MST"
  },
  "dummy_trs": 0,
  "dvars_nstd": 97.28181446546758,
  "dvars_std": 1.0413786981654676,
  "dvars_vstd": 1.0058167424100721,
  "efc": 0.6812800294869126,
  "fber": 66.01713562011719,
  "fd_mean": 0.10188376550590632,
  "fd_num": 20,
  "fd_perc": 7.168458781362007,
  "fwhm_avg": 2.2942386011446616,
  "fwhm_x": 2.2061762831858407,
  "fwhm_y": 2.371811681415929,
  "fwhm_z": 2.304727838832215,
  "gcor": 0.00320894,
  "gsr_x": -0.015372142195701599,
  "gsr_y": 0.06035849079489708,
  "provenance": {
    "md5sum": "9b64bebfec393dd46ac2f058fe5fb33c",
    "settings": {
      "fd_thres": 0.2,
      "testing": false
    },
    "software": "mriqc",
    "version": "22.0.0rc1",
    "webapi_port": null,
    "webapi_url": "https://mriqc.nimh.nih.gov/api/v1"
  },
  "size_t": 279,
  "size_x": 128,
  "size_y": 128,
  "size_z": 29,
  "snr": 4.454287154412454,
  "spacing_tr": 1.899999976158142,
  "spacing_x": 1.765625,
  "spacing_y": 1.765625,
  "spacing_z": 1.7999999523162842,
  "summary_bg_k": 18.309542953184934,
  "summary_bg_mad": 21.736859916441563,
  "summary_bg_mean": 128.7151336669922,
  "summary_bg_median": 96.49820709228516,
  "summary_bg_n": 296538.0,
  "summary_bg_p05": 76.16487121582031,
  "summary_bg_p95": 329.83207855224595,
  "summary_bg_stdv": 93.30229187011719,
  "summary_fg_k": 1.1328794640810047,
  "summary_fg_mad": 154.38192839852798,
  "summary_fg_mean": 798.6854248046875,
  "summary_fg_median": 792.9605712890625,
  "summary_fg_n": 106259.0,
  "summary_fg_p05": 521.0032409667969,
  "summary_fg_p95": 1099.8978393554682,
  "summary_fg_stdv": 178.0210418701172,
  "tsnr": 14.266795746982098
}