{
  "bids_meta": {
    "AcquisitionNumber": 1,
    "AcquisitionTime": "09:06:58.855000",
    "ConversionSoftware": "dcm2niix",
    "ConversionSoftwareVersion": "v1.0.20170724 (OpenJPEG build) GCC6.1.0",
    "DeviceSerialNumber": "35002",
    "EchoTime": 0.00226,
    "FlipAngle": 9,
    "ImageType": [
      "ORIGINAL",
      "PRIMARY",
      "M",
      "ND",
      "NORM"
    ],
    "InstitutionAddress": "University_Pkwy_1700_North_685_Provo_FC28C0_UT_US_84601",
    "InstitutionName": "Brigham_Young_University",
    "InversionTime": 0.9,
    "MagneticFieldStrength": 3,
    "Manufacturer": "Siemens",
    "ManufacturersModelName": "TrioTim",
    "PhaseEncodingDirection": "i-",
    "PhaseEncodingLines": 215,
    "ProcedureStepDescription": "Research_KIRWAN",
    "ProtocolName": "t1_mpr_sag_iso_mprage",
    "RepetitionTime": 1.9,
    "ScanningSequence": "GR_IR",
    "SequenceName": "_tfl3d1_ns",
    "SequenceVariant": "SP_MP_OSP",
    "SeriesDescription": "t1_mpr_sag_iso_mprage",
    "SoftwareVersions": "syngo_MR_B17",
    "dataset": "ds003711",
    "modality": "T1w",
    "subject_id": "19"
  },
  "cjv": 0.3642790856296332,
  "cnr": 3.6410295647633557,
  "efc": 0.6348014261513772,
  "fber": 1288.024658203125,
  "fwhm_avg": 4.42231736,
  "fwhm_x": 4.17289,
  "fwhm_y": 4.76643328,
  "fwhm_z": 4.3276288,
  "icvs_csf": 0.2005429011605134,
  "icvs_gm": 0.4286092137075361,
  "icvs_wm": 0.37084788513195055,
  "inu_med": 1.3559311628341675,
  "inu_range": 0.544362485408783,
  "provenance": {
    "md5sum": "45a1f4293d790660a124929779bba359",
    "settings": {
      "testing": false
    },
    "software": "mriqc",
    "version": "22.0.0rc1",
    "warnings": {
      "large_rot_frame": true,
      "small_air_mask": false
    },
    "webapi_port": null,
    "webapi_url": "https://mriqc.nimh.nih.gov/api/v1"
  },
  "qi_1": 0.0,
  "qi_2": 0.009506591876191059,
  "rpve_csf": 19.952041990221456,
  "rpve_gm": 10.048593695744435,
  "rpve_wm": 13.724096420271811,
  "size_x": 176,
  "size_y": 224,
  "size_z": 256,
  "snr_csf": 3.356316253471641,
  "snr_gm": 13.67940078916707,
  "snr_total": 12.706855654710152,
  "snr_wm": 21.08484992149174,
  "snrd_csf": 21.665848596977945,
  "snrd_gm": 47.26738505558731,
  "snrd_total": 44.38073088115106,
  "snrd_wm": 64.20895899088792,
  "spacing_x": 1.0,
  "spacing_y": 0.9765625,
  "spacing_z": 0.9765625,
  "summary_bg_k": 1.7782085386862576,
  "summary_bg_mad": 10.203332755854527,
  "summary_bg_mean": 15.53760051727295,
  "summary_bg_median": 13.779351234436035,
  "summary_bg_n": 1872181.0,
  "summary_bg_p05": 3.4105067253112793,
  "summary_bg_p95": 34.44585418701172,
  "summary_bg_stdv": 10.298791885375977,
  "summary_csf_k": 1.607603418411963,
  "summary_csf_mad": 94.2398943126397,
  "summary_csf_mean": 354.7534484863281,
  "summary_csf_median": 337.43182373046875,
  "summary_csf_n": 19268.0,
  "summary_csf_p05": 220.01989212036133,
  "summary_csf_p95": 545.5494445800781,
  "summary_csf_stdv": 100.53375244140625,
  "summary_gm_k": 0.07470390568540441,
  "summary_gm_mad": 52.67979596657393,
  "summary_gm_mean": 735.0758056640625,
  "summary_gm_median": 736.1594848632812,
  "summary_gm_n": 30421.0,
  "summary_gm_p05": 644.3178100585938,
  "summary_gm_p95": 823.0671997070312,
  "summary_gm_stdv": 53.814300537109375,
  "summary_wm_k": 0.6026239145999823,
  "summary_wm_mad": 43.43678825143613,
  "summary_wm_mean": 997.93701171875,
  "summary_wm_median": 1000.0137329101562,
  "summary_wm_n": 239847.0,
  "summary_wm_p05": 915.07939453125,
  "summary_wm_p95": 1071.8714599609375,
  "summary_wm_stdv": 47.42797088623047,
  "tpm_overlap_csf": 0.17767119407653809,
  "tpm_overlap_gm": 0.4483870565891266,
  "tpm_overlap_wm": 0.5068904161453247,
  "wm2max": 0.46057576644385706
}