{
  "bids_meta": {
    "AcquisitionNumber": 1,
    "AcquisitionTime": "20:47:38.322500",
    "ConversionSoftware": "dcm2niix",
    "ConversionSoftwareVersion": "v1.0.20170724 (OpenJPEG build) GCC6.1.0",
    "DeviceSerialNumber": "35002",
    "EchoTime": 0.00226,
    "FlipAngle": 9,
    "ImageType": [
      "ORIGINAL",
      "PRIMARY",
      "M",
      "ND",
      "NORM"
    ],
    "InstitutionAddress": "University_Pkwy_1700_North_685_Provo_FC28C0_UT_US_84601",
    "InstitutionName": "Brigham_Young_University",
    "InversionTime": 0.9,
    "MagneticFieldStrength": 3,
    "Manufacturer": "Siemens",
    "ManufacturersModelName": "TrioTim",
    "PhaseEncodingDirection": "i-",
    "PhaseEncodingLines": 215,
    "ProcedureStepDescription": "Research_KIRWAN",
    "ProtocolName": "t1_mpr_sag_iso_mprage",
    "RepetitionTime": 1.9,
    "ScanningSequence": "GR_IR",
    "SequenceName": "_tfl3d1_ns",
    "SequenceVariant": "SP_MP_OSP",
    "SeriesDescription": "t1_mpr_sag_iso_mprage",
    "SoftwareVersions": "syngo_MR_B17",
    "dataset": "ds003711",
    "modality": "T1w",
    "subject_id": "01"
  },
  "cjv": 0.34166540368755116,
  "cnr": 3.900299221045034,
  "efc": 0.6213415222996166,
  "fber": 2329.3857421875,
  "fwhm_avg": 4.4418153333333334,
  "fwhm_x": 4.28839,
  "fwhm_y": 4.70956032,
  "fwhm_z": 4.32749568,
  "icvs_csf": 0.20935648914276508,
  "icvs_gm": 0.41508270188140867,
  "icvs_wm": 0.3755608089758262,
  "inu_med": 1.3543753623962402,
  "inu_range": 0.4913646876811981,
  "provenance": {
    "md5sum": "c15595293b038ade4f4e960b905b5d9c",
    "settings": {
      "testing": false
    },
    "software": "mriqc",
    "version": "22.0.0rc1",
    "warnings": {
      "large_rot_frame": true,
      "small_air_mask": false
    },
    "webapi_port": null,
    "webapi_url": "https://mriqc.nimh.nih.gov/api/v1"
  },
  "qi_1": 0.0,
  "qi_2": 0.008537036319924715,
  "rpve_csf": 19.69814573376753,
  "rpve_gm": 10.389062531168994,
  "rpve_wm": 13.930786183147408,
  "size_x": 176,
  "size_y": 224,
  "size_z": 256,
  "snr_csf": 3.7759563887744036,
  "snr_gm": 14.552874987944087,
  "snr_total": 13.735844351577768,
  "snr_wm": 22.87870167801481,
  "snrd_csf": 27.399438650490232,
  "snrd_gm": 55.03822071019878,
  "snrd_total": 52.37683651763245,
  "snrd_wm": 74.69285019220833,
  "spacing_x": 1.0,
  "spacing_y": 0.9765625,
  "spacing_z": 0.9765625,
  "summary_bg_k": 1.9730971194521416,
  "summary_bg_mad": 8.77117706983961,
  "summary_bg_mean": 13.112860679626465,
  "summary_bg_median": 11.855029106140137,
  "summary_bg_n": 2275522.0,
  "summary_bg_p05": 2.92756108045578,
  "summary_bg_p95": 29.6148717880249,
  "summary_bg_stdv": 8.812383651733398,
  "summary_csf_k": 0.16144397661060905,
  "summary_csf_mad": 93.39760540578851,
  "summary_csf_mean": 382.8236389160156,
  "summary_csf_median": 366.83251953125,
  "summary_csf_n": 17127.0,
  "summary_csf_p05": 248.62940826416016,
  "summary_csf_p95": 566.6204040527341,
  "summary_csf_stdv": 97.146728515625,
  "summary_gm_k": 0.12079947129085555,
  "summary_gm_mad": 50.006153074241986,
  "summary_gm_mean": 736.8772583007812,
  "summary_gm_median": 736.8694458007812,
  "summary_gm_n": 21802.0,
  "summary_gm_p05": 652.767611694336,
  "summary_gm_p95": 820.0984558105469,
  "summary_gm_stdv": 50.632781982421875,
  "summary_wm_k": 0.6734497525594323,
  "summary_wm_mad": 39.90054125461782,
  "summary_wm_mean": 997.7033081054688,
  "summary_wm_median": 1000.011962890625,
  "summary_wm_n": 250068.0,
  "summary_wm_p05": 919.8814697265625,
  "summary_wm_p95": 1065.0375732421876,
  "summary_wm_stdv": 43.70920944213867,
  "tpm_overlap_csf": 0.17331184446811676,
  "tpm_overlap_gm": 0.4463333189487457,
  "tpm_overlap_wm": 0.5078808069229126,
  "wm2max": 0.46638664463187796
}