{
  "bids_meta": {
    "AcquisitionNumber": 1,
    "AcquisitionTime": "21:56:52.367500",
    "ConversionSoftware": "dcm2niix",
    "ConversionSoftwareVersion": "v1.0.20170724 (OpenJPEG build) GCC6.1.0",
    "DeviceSerialNumber": "35002",
    "EchoTime": 0.064,
    "EchoTrainLength": 15,
    "FlipAngle": 178,
    "ImageType": [
      "ORIGINAL",
      "PRIMARY",
      "M",
      "ND"
    ],
    "InstitutionAddress": "University_Pkwy_1700_North_685_Provo_FC28C0_UT_US_84601",
    "InstitutionName": "Brigham_Young_University",
    "MagneticFieldStrength": 3,
    "Manufacturer": "Siemens",
    "ManufacturersModelName": "TrioTim",
    "PhaseEncodingDirection": "i-",
    "PhaseEncodingLines": 512,
    "ProcedureStepDescription": "Research_KIRWAN",
    "ProtocolName": "HiRes_T2",
    "RepetitionTime": 6.26,
    "ScanningSequence": "SE",
    "SequenceName": "_tse2d1_15",
    "SequenceVariant": "SK_SP_OSP",
    "SeriesDescription": "HiRes_T2",
    "SoftwareVersions": "syngo_MR_B17",
    "dataset": "ds003711",
    "modality": "T2w",
    "subject_id": "01"
  },
  "cjv": 0.5897019358022645,
  "cnr": 0.9963194974480524,
  "efc": 0.6060483953512904,
  "fber": 101.60273695709024,
  "fwhm_avg": 3.4647773833162456,
  "fwhm_x": 4.1152512,
  "fwhm_y": 1.887528949948736,
  "fwhm_z": 4.391552,
  "icvs_csf": 0.22376830358089414,
  "icvs_gm": 0.5572869369550367,
  "icvs_wm": 0.2189447594640691,
  "inu_med": 1.0828038454055786,
  "inu_range": 0.28844165802001953,
  "provenance": {
    "md5sum": "9f08a2800644771bcc6d8dfac9cd5ccc",
    "settings": {
      "testing": false
    },
    "software": "mriqc",
    "version": "22.0.0rc1",
    "warnings": {
      "large_rot_frame": false,
      "small_air_mask": false
    },
    "webapi_port": null,
    "webapi_url": "https://mriqc.nimh.nih.gov/api/v1"
  },
  "qi_1": 0.017720785824448918,
  "qi_2": 8.916663571976025e-05,
  "rpve_csf": 12.163571803071754,
  "rpve_gm": 6.050555147589549,
  "rpve_wm": 13.646166689856686,
  "size_x": 512,
  "size_y": 19,
  "size_z": 512,
  "snr_csf": 4.417949087640607,
  "snr_gm": 10.795855514659943,
  "snr_total": 6.868414039241292,
  "snr_wm": 5.391437515423325,
  "snrd_csf": 18.89555595085187,
  "snrd_gm": 11.526789119700096,
  "snrd_total": 12.742980234322616,
  "snrd_wm": 7.806595632415881,
  "spacing_x": 0.390625,
  "spacing_y": 3.0000016689300537,
  "spacing_z": 0.390625,
  "summary_bg_k": 26.725806937482222,
  "summary_bg_mad": 87.47941761376845,
  "summary_bg_mean": 245.8124132672481,
  "summary_bg_median": 136.32262916862965,
  "summary_bg_n": 1458498.0,
  "summary_bg_p05": 31.216167896986008,
  "summary_bg_p95": 927.2961158104157,
  "summary_bg_stdv": 436.8999030549571,
  "summary_csf_k": 0.24576595026981085,
  "summary_csf_mad": 551.2273394286541,
  "summary_csf_mean": 2628.249849090098,
  "summary_csf_median": 2523.096391350031,
  "summary_csf_n": 138769.0,
  "summary_csf_p05": 1901.2991972863674,
  "summary_csf_p95": 3707.2357082515955,
  "summary_csf_stdv": 571.0992250675178,
  "summary_gm_k": 0.23509263602980202,
  "summary_gm_mad": 138.04091586759793,
  "summary_gm_mean": 1538.3678369093866,
  "summary_gm_median": 1539.1555616259575,
  "summary_gm_n": 327967.0,
  "summary_gm_p05": 1304.1321010142565,
  "summary_gm_p95": 1773.4572611302137,
  "summary_gm_stdv": 142.56889720544268,
  "summary_wm_k": 1.8796560325595202,
  "summary_wm_mad": 154.89474861887442,
  "summary_wm_mean": 1010.7848917230929,
  "summary_wm_median": 1042.4034794270992,
  "summary_wm_n": 129905.0,
  "summary_wm_p05": 643.2695870101452,
  "summary_wm_p95": 1270.3717252135266,
  "summary_wm_stdv": 193.3435126088824,
  "tpm_overlap_csf": 0.11672651022672653,
  "tpm_overlap_gm": 0.37387457489967346,
  "tpm_overlap_wm": 0.1947675198316574,
  "wm2max": 0.25270110668824636
}