{
  "bids_meta": {
    "AcquisitionNumber": 1,
    "AcquisitionTime": "10:47:0.152500",
    "ConversionSoftware": "dcm2niix",
    "ConversionSoftwareVersion": "v1.0.20170724 (OpenJPEG build) GCC6.1.0",
    "DeviceSerialNumber": "35002",
    "EchoTime": 0.00226,
    "FlipAngle": 9,
    "ImageType": [
      "ORIGINAL",
      "PRIMARY",
      "M",
      "ND",
      "NORM"
    ],
    "InstitutionAddress": "University_Pkwy_1700_North_685_Provo_FC28C0_UT_US_84601",
    "InstitutionName": "Brigham_Young_University",
    "InversionTime": 0.9,
    "MagneticFieldStrength": 3,
    "Manufacturer": "Siemens",
    "ManufacturersModelName": "TrioTim",
    "PhaseEncodingDirection": "i-",
    "PhaseEncodingLines": 215,
    "ProcedureStepDescription": "Research_KIRWAN",
    "ProtocolName": "t1_mpr_sag_iso_mprage",
    "RepetitionTime": 1.9,
    "ScanningSequence": "GR_IR",
    "SequenceName": "_tfl3d1_ns",
    "SequenceVariant": "SP_MP_OSP",
    "SeriesDescription": "t1_mpr_sag_iso_mprage",
    "SoftwareVersions": "syngo_MR_B17",
    "dataset": "ds003711",
    "modality": "T1w",
    "subject_id": "28"
  },
  "cjv": 0.34723789652012454,
  "cnr": 3.906286807407717,
  "efc": 0.622275707507066,
  "fber": 1890.31640625,
  "fwhm_avg": 4.389986346666666,
  "fwhm_x": 4.1524,
  "fwhm_y": 4.74834944,
  "fwhm_z": 4.2692096,
  "icvs_csf": 0.20035505688764715,
  "icvs_gm": 0.4165872099741624,
  "icvs_wm": 0.38305773313819047,
  "inu_med": 1.323758602142334,
  "inu_range": 0.4504802346229553,
  "provenance": {
    "md5sum": "fb5800ede3c45037bbf2169fdb986d37",
    "settings": {
      "testing": false
    },
    "software": "mriqc",
    "version": "22.0.0rc1",
    "warnings": {
      "large_rot_frame": true,
      "small_air_mask": false
    },
    "webapi_port": null,
    "webapi_url": "https://mriqc.nimh.nih.gov/api/v1"
  },
  "qi_1": 0.0,
  "qi_2": 0.006707139872113612,
  "rpve_csf": 21.169725966153123,
  "rpve_gm": 10.81551278663175,
  "rpve_wm": 14.313385732148017,
  "size_x": 176,
  "size_y": 224,
  "size_z": 256,
  "snr_csf": 3.209369021321833,
  "snr_gm": 14.954793462778001,
  "snr_total": 14.640886223497203,
  "snr_wm": 25.758496186391774,
  "snrd_csf": 25.31830928285605,
  "snrd_gm": 48.025958182660915,
  "snrd_total": 45.809373040204356,
  "snrd_wm": 64.0838516550961,
  "spacing_x": 1.0,
  "spacing_y": 0.9765625,
  "spacing_z": 0.9765625,
  "summary_bg_k": 7.2829435389842985,
  "summary_bg_mad": 10.223271497380951,
  "summary_bg_mean": 14.45842456817627,
  "summary_bg_median": 13.844562530517578,
  "summary_bg_n": 1800942.0,
  "summary_bg_p05": 0.0,
  "summary_bg_p95": 31.948733043670646,
  "summary_bg_stdv": 9.82382869720459,
  "summary_csf_k": 6.317592043380982,
  "summary_csf_mad": 132.15798447152594,
  "summary_csf_mean": 421.9481201171875,
  "summary_csf_median": 395.0871276855469,
  "summary_csf_n": 15490.0,
  "summary_csf_p05": 260.2526519775391,
  "summary_csf_p95": 626.4291687011719,
  "summary_csf_stdv": 123.10032653808594,
  "summary_gm_k": -0.046156964566345327,
  "summary_gm_mad": 50.32531433063049,
  "summary_gm_mean": 748.610107421875,
  "summary_gm_median": 749.4354248046875,
  "summary_gm_n": 24419.0,
  "summary_gm_p05": 665.0445373535156,
  "summary_gm_p95": 829.906689453125,
  "summary_gm_stdv": 50.11236572265625,
  "summary_wm_k": 0.4334730047254851,
  "summary_wm_mad": 36.685627294781526,
  "summary_wm_mean": 999.573486328125,
  "summary_wm_median": 1000.015625,
  "summary_wm_n": 246516.0,
  "summary_wm_p05": 934.6894989013672,
  "summary_wm_p95": 1062.4842224121094,
  "summary_wm_stdv": 38.822669982910156,
  "tpm_overlap_csf": 0.17183038592338562,
  "tpm_overlap_gm": 0.44880053400993347,
  "tpm_overlap_wm": 0.5153442025184631,
  "wm2max": 0.3911334761863464
}