{
  "bids_meta": {
    "AcquisitionNumber": 1,
    "AcquisitionTime": "11:56:11.430000",
    "ConversionSoftware": "dcm2niix",
    "ConversionSoftwareVersion": "v1.0.20170724 (OpenJPEG build) GCC6.1.0",
    "DeviceSerialNumber": "35002",
    "EchoTime": 0.064,
    "EchoTrainLength": 15,
    "FlipAngle": 178,
    "ImageType": [
      "ORIGINAL",
      "PRIMARY",
      "M",
      "ND"
    ],
    "InstitutionAddress": "University_Pkwy_1700_North_685_Provo_FC28C0_UT_US_84601",
    "InstitutionName": "Brigham_Young_University",
    "MagneticFieldStrength": 3,
    "Manufacturer": "Siemens",
    "ManufacturersModelName": "TrioTim",
    "PhaseEncodingDirection": "i-",
    "PhaseEncodingLines": 512,
    "ProcedureStepDescription": "Research_KIRWAN",
    "ProtocolName": "HiRes_T2",
    "RepetitionTime": 6.76,
    "ScanningSequence": "SE",
    "SequenceName": "_tse2d1_15",
    "SequenceVariant": "SK_SP_OSP",
    "SeriesDescription": "HiRes_T2",
    "SoftwareVersions": "syngo_MR_B17",
    "dataset": "ds003711",
    "modality": "T2w",
    "subject_id": "28"
  },
  "cjv": 0.6005828324823516,
  "cnr": 1.1145047399508488,
  "efc": 0.5957113730184441,
  "fber": 110.2073212043096,
  "fwhm_avg": 3.6935825650949066,
  "fwhm_x": 4.444979200000001,
  "fwhm_y": 1.9472820952847192,
  "fwhm_z": 4.6884863999999995,
  "icvs_csf": 0.19662831912259238,
  "icvs_gm": 0.5500528870132185,
  "icvs_wm": 0.2533187938641891,
  "inu_med": 1.0455347299575806,
  "inu_range": 0.2872878313064575,
  "provenance": {
    "md5sum": "36aacf6b79d7e196de86b9ea93041d84",
    "settings": {
      "testing": false
    },
    "software": "mriqc",
    "version": "22.0.0rc1",
    "warnings": {
      "large_rot_frame": false,
      "small_air_mask": false
    },
    "webapi_port": null,
    "webapi_url": "https://mriqc.nimh.nih.gov/api/v1"
  },
  "qi_1": 0.03295869257134693,
  "qi_2": 7.011604445666291e-05,
  "rpve_csf": 14.040095534382933,
  "rpve_gm": 6.288678633133458,
  "rpve_wm": 12.499904334538293,
  "size_x": 512,
  "size_y": 19,
  "size_z": 512,
  "snr_csf": 4.4157569402474035,
  "snr_gm": 11.70798094709309,
  "snr_total": 7.259961392190334,
  "snr_wm": 5.656146289230511,
  "snrd_csf": 19.462450062742768,
  "snrd_gm": 12.139521151325775,
  "snrd_total": 13.332347861897347,
  "snrd_wm": 8.3950723716235,
  "spacing_x": 0.390625,
  "spacing_y": 3.000001907348633,
  "spacing_z": 0.390625,
  "summary_bg_k": 34.331544619631615,
  "summary_bg_mad": 81.99859488299052,
  "summary_bg_mean": 209.97140662813524,
  "summary_bg_median": 127.70619264990091,
  "summary_bg_n": 1516226.0,
  "summary_bg_p05": 29.362782798707485,
  "summary_bg_p95": 660.7940881177783,
  "summary_bg_stdv": 354.2311666776058,
  "summary_csf_k": 0.8582091852267508,
  "summary_csf_mad": 498.7489812375874,
  "summary_csf_mean": 2548.776809391075,
  "summary_csf_median": 2435.9715210199356,
  "summary_csf_n": 115771.0,
  "summary_csf_p05": 1873.1702423617244,
  "summary_csf_p95": 3583.136002421379,
  "summary_csf_stdv": 551.6519666533737,
  "summary_gm_k": 0.08642298559092909,
  "summary_gm_mad": 127.61112547558905,
  "summary_gm_mean": 1519.6702793712172,
  "summary_gm_median": 1519.4144472107291,
  "summary_gm_n": 316522.0,
  "summary_gm_p05": 1305.1976079270244,
  "summary_gm_p95": 1733.806586690247,
  "summary_gm_stdv": 129.7757533004986,
  "summary_wm_k": 1.0898021126835165,
  "summary_wm_mad": 153.8610718565147,
  "summary_wm_mean": 1019.9702627739972,
  "summary_wm_median": 1050.749373704195,
  "summary_wm_n": 151572.0,
  "summary_wm_p05": 661.4076388031244,
  "summary_wm_p95": 1274.2571233659983,
  "summary_wm_stdv": 185.770638486969,
  "tpm_overlap_csf": 0.11867090314626694,
  "tpm_overlap_gm": 0.38675031065940857,
  "tpm_overlap_wm": 0.2279426008462906,
  "wm2max": 0.25960058475096515
}