{
  "bids_meta": {
    "AcquisitionNumber": 1,
    "AcquisitionTime": "14:27:44.395000",
    "ConversionSoftware": "dcm2niix",
    "ConversionSoftwareVersion": "v1.0.20170724 (OpenJPEG build) GCC6.1.0",
    "DeviceSerialNumber": "35002",
    "EchoTime": 0.064,
    "EchoTrainLength": 15,
    "FlipAngle": 178,
    "ImageType": [
      "ORIGINAL",
      "PRIMARY",
      "M",
      "ND"
    ],
    "InstitutionAddress": "University_Pkwy_1700_North_685_Provo_FC28C0_UT_US_84601",
    "InstitutionName": "Brigham_Young_University",
    "MagneticFieldStrength": 3,
    "Manufacturer": "Siemens",
    "ManufacturersModelName": "TrioTim",
    "PhaseEncodingDirection": "i-",
    "PhaseEncodingLines": 512,
    "ProcedureStepDescription": "Research_KIRWAN",
    "ProtocolName": "HiRes_T2",
    "RepetitionTime": 6.26,
    "ScanningSequence": "SE",
    "SequenceName": "_tse2d1_15",
    "SequenceVariant": "SK_SP_OSP",
    "SeriesDescription": "HiRes_T2",
    "SoftwareVersions": "syngo_MR_B17",
    "dataset": "ds003711",
    "modality": "T2w",
    "subject_id": "13"
  },
  "cjv": 0.5831933449915024,
  "cnr": 0.9200524342273654,
  "efc": 0.5808577605457749,
  "fber": 137.07005917159765,
  "fwhm_avg": 3.2448066920570664,
  "fwhm_x": 4.000512,
  "fwhm_y": 1.8187208761712,
  "fwhm_z": 3.9151871999999996,
  "icvs_csf": 0.2256676730604101,
  "icvs_gm": 0.5565918167360409,
  "icvs_wm": 0.2177405102035491,
  "inu_med": 1.0420527458190918,
  "inu_range": 0.28881165385246277,
  "provenance": {
    "md5sum": "eac7b7026b3e150744352b21df34c1c4",
    "settings": {
      "testing": false
    },
    "software": "mriqc",
    "version": "22.0.0rc1",
    "warnings": {
      "large_rot_frame": false,
      "small_air_mask": false
    },
    "webapi_port": null,
    "webapi_url": "https://mriqc.nimh.nih.gov/api/v1"
  },
  "qi_1": 0.02429949765621772,
  "qi_2": 8.020351783776799e-05,
  "rpve_csf": 13.101924496213579,
  "rpve_gm": 6.594715267429738,
  "rpve_wm": 15.172036002866392,
  "size_x": 512,
  "size_y": 19,
  "size_z": 512,
  "snr_csf": 4.758286493408794,
  "snr_gm": 11.552777632031585,
  "snr_total": 7.2215054471414994,
  "snr_wm": 5.353452215984119,
  "snrd_csf": 21.112264075507365,
  "snrd_gm": 13.315348527491077,
  "snrd_total": 14.496318824241143,
  "snrd_wm": 9.06134386972499,
  "spacing_x": 0.390625,
  "spacing_y": 3.0000040531158447,
  "spacing_z": 0.390625,
  "summary_bg_k": 23.360122737476146,
  "summary_bg_mad": 76.319378258525,
  "summary_bg_mean": 243.18842613452014,
  "summary_bg_median": 117.3996512889862,
  "summary_bg_n": 1464103.0,
  "summary_bg_p05": 26.51549756526947,
  "summary_bg_p95": 1017.7379427552223,
  "summary_bg_stdv": 482.9208404517182,
  "summary_csf_k": 0.476384182157755,
  "summary_csf_mad": 493.29701151469357,
  "summary_csf_mean": 2558.9001647644504,
  "summary_csf_median": 2459.449548304081,
  "summary_csf_n": 126314.0,
  "summary_csf_p05": 1909.1158246994019,
  "summary_csf_p95": 3508.7317898869514,
  "summary_csf_stdv": 516.8751012013663,
  "summary_gm_k": 0.08930809038160037,
  "summary_gm_mad": 132.57611356454254,
  "summary_gm_mean": 1550.0609657006821,
  "summary_gm_median": 1551.156607568264,
  "summary_gm_n": 301802.0,
  "summary_gm_p05": 1328.6092935204506,
  "summary_gm_p95": 1770.32090985775,
  "summary_gm_stdv": 134.26676139255267,
  "summary_wm_k": 2.1092000328801195,
  "summary_wm_mad": 156.4343916702271,
  "summary_wm_mean": 1019.8228966126255,
  "summary_wm_median": 1055.5911013484001,
  "summary_wm_n": 121315.0,
  "summary_wm_p05": 648.258199095726,
  "summary_wm_p95": 1276.2183276414871,
  "summary_wm_stdv": 197.17870042194508,
  "tpm_overlap_csf": 0.08980350941419601,
  "tpm_overlap_gm": 0.35618576407432556,
  "tpm_overlap_wm": 0.16504928469657898,
  "wm2max": 0.2673280904687329
}