{
  "aor": 0.0003372401433691757,
  "aqi": 0.05201665483870968,
  "bids_meta": {
    "AccelFactPE": 2,
    "AcquisitionNumber": 1,
    "AcquisitionTime": "11:48:44.417500",
    "BandwidthPerPixelPhaseEncode": 22.321,
    "ConversionSoftware": "dcm2niix",
    "ConversionSoftwareVersion": "v1.0.20170724 (OpenJPEG build) GCC6.1.0",
    "DeviceSerialNumber": "35002",
    "EchoTime": 0.028,
    "EffectiveEchoSpacing": 0.000350007,
    "FlipAngle": 90,
    "ImageType": [
      "ORIGINAL",
      "PRIMARY",
      "M",
      "ND",
      "MOSAIC"
    ],
    "InstitutionAddress": "University_Pkwy_1700_North_685_Provo_FC28C0_UT_US_84601",
    "InstitutionName": "Brigham_Young_University",
    "MagneticFieldStrength": 3,
    "Manufacturer": "Siemens",
    "ManufacturersModelName": "TrioTim",
    "PhaseEncodingDirection": "j-",
    "PhaseEncodingLines": 128,
    "ProcedureStepDescription": "Research_KIRWAN",
    "ProtocolName": "12Chan_1.8x1.8x1.8_TR1900_29Slice",
    "RepetitionTime": 1.9,
    "ScanningSequence": "EP",
    "SequenceName": "epfid2d1_128",
    "SequenceVariant": "SK",
    "SeriesDescription": "12Chan_1.8x1.8x1.8_TR1900_29Slice",
    "SliceTiming": [
      0,
      0.985,
      0.065,
      1.05,
      0.13,
      1.1175,
      0.195,
      1.1825,
      0.2625,
      1.2475,
      0.3275,
      1.315,
      0.3925,
      1.38,
      0.46,
      1.445,
      0.525,
      1.5125,
      0.59,
      1.5775,
      0.6575,
      1.6425,
      0.7225,
      1.71,
      0.7875,
      1.775,
      0.855,
      1.84,
      0.92
    ],
    "SoftwareVersions": "syngo_MR_B17",
    "TaskName": "MST",
    "TotalReadoutTime": 0.0437508,
    "TrueEchoSpacing": 0.000700013,
    "dataset": "ds003711",
    "modality": "bold",
    "run_id": 5,
    "subject_id": "24",
    "task_id": "MST"
  },
  "dummy_trs": 0,
  "dvars_nstd": 91.08829624517982,
  "dvars_std": 1.024045663776978,
  "dvars_vstd": 1.0052287616187041,
  "efc": 0.6669082459021228,
  "fber": 69.75188446044922,
  "fd_mean": 0.18459397694120613,
  "fd_num": 108,
  "fd_perc": 38.70967741935484,
  "fwhm_avg": 2.2170658960559133,
  "fwhm_x": 2.103872566371681,
  "fwhm_y": 2.3623306194690263,
  "fwhm_z": 2.1849945023270316,
  "gcor": 0.00600982,
  "gsr_x": -0.017725326120853424,
  "gsr_y": 0.04205118119716644,
  "provenance": {
    "md5sum": "6dd804dd02c55386b2f48a1ddf760399",
    "settings": {
      "fd_thres": 0.2,
      "testing": false
    },
    "software": "mriqc",
    "version": "22.0.0rc1",
    "webapi_port": null,
    "webapi_url": "https://mriqc.nimh.nih.gov/api/v1"
  },
  "size_t": 279,
  "size_x": 128,
  "size_y": 128,
  "size_z": 29,
  "snr": 4.771301785604105,
  "spacing_tr": 1.899999976158142,
  "spacing_x": 1.765625,
  "spacing_y": 1.765625,
  "spacing_z": 1.7999999523162842,
  "summary_bg_k": 25.83529953509674,
  "summary_bg_mad": 17.06320504623518,
  "summary_bg_mean": 116.80735778808594,
  "summary_bg_median": 91.1469497680664,
  "summary_bg_n": 310262.0,
  "summary_bg_p05": 74.74552154541016,
  "summary_bg_p95": 262.72382049560554,
  "summary_bg_stdv": 80.20891571044922,
  "summary_fg_k": 1.3171725077624856,
  "summary_fg_mad": 137.7066350380947,
  "summary_fg_mean": 767.7310180664062,
  "summary_fg_median": 768.826171875,
  "summary_fg_n": 94068.0,
  "summary_fg_p05": 498.38727416992185,
  "summary_fg_p95": 1024.955352783203,
  "summary_fg_stdv": 161.13465881347656,
  "tsnr": 14.72583469748497
}