{
  "aor": 0.0003005734767025089,
  "aqi": 0.05492986093189965,
  "bids_meta": {
    "AccelFactPE": 2,
    "AcquisitionNumber": 1,
    "AcquisitionTime": "11:36:27.277500",
    "BandwidthPerPixelPhaseEncode": 22.321,
    "ConversionSoftware": "dcm2niix",
    "ConversionSoftwareVersion": "v1.0.20170724 (OpenJPEG build) GCC6.1.0",
    "DeviceSerialNumber": "35002",
    "EchoTime": 0.028,
    "EffectiveEchoSpacing": 0.000350007,
    "FlipAngle": 90,
    "ImageType": [
      "ORIGINAL",
      "PRIMARY",
      "M",
      "ND",
      "MOSAIC"
    ],
    "InstitutionAddress": "University_Pkwy_1700_North_685_Provo_FC28C0_UT_US_84601",
    "InstitutionName": "Brigham_Young_University",
    "MagneticFieldStrength": 3,
    "Manufacturer": "Siemens",
    "ManufacturersModelName": "TrioTim",
    "PhaseEncodingDirection": "j-",
    "PhaseEncodingLines": 128,
    "ProcedureStepDescription": "Research_KIRWAN",
    "ProtocolName": "12Chan_1.8x1.8x1.8_TR1900_29Slice",
    "RepetitionTime": 1.9,
    "ScanningSequence": "EP",
    "SequenceName": "epfid2d1_128",
    "SequenceVariant": "SK",
    "SeriesDescription": "12Chan_1.8x1.8x1.8_TR1900_29Slice",
    "SliceTiming": [
      0,
      0.985,
      0.065,
      1.0525,
      0.13,
      1.1175,
      0.1975,
      1.1825,
      0.2625,
      1.25,
      0.3275,
      1.315,
      0.395,
      1.38,
      0.46,
      1.4475,
      0.525,
      1.5125,
      0.5925,
      1.5775,
      0.6575,
      1.6425,
      0.7225,
      1.71,
      0.7875,
      1.775,
      0.855,
      1.84,
      0.92
    ],
    "SoftwareVersions": "syngo_MR_B17",
    "TaskName": "MST",
    "TotalReadoutTime": 0.0437508,
    "TrueEchoSpacing": 0.000700013,
    "dataset": "ds003711",
    "modality": "bold",
    "run_id": 4,
    "subject_id": "24",
    "task_id": "MST"
  },
  "dummy_trs": 0,
  "dvars_nstd": 91.40448319115106,
  "dvars_std": 1.0200661160071942,
  "dvars_vstd": 1.0007778708992807,
  "efc": 0.6654339889294435,
  "fber": 71.37109375,
  "fd_mean": 0.1801134130554771,
  "fd_num": 101,
  "fd_perc": 36.200716845878134,
  "fwhm_avg": 2.261189429504323,
  "fwhm_x": 2.1603851327433627,
  "fwhm_y": 2.417733097345133,
  "fwhm_z": 2.205450058424474,
  "gcor": 0.00368106,
  "gsr_x": -0.019322890788316727,
  "gsr_y": 0.04389756917953491,
  "provenance": {
    "md5sum": "06ff1053cbd8cd0817164ef9dee6b08d",
    "settings": {
      "fd_thres": 0.2,
      "testing": false
    },
    "software": "mriqc",
    "version": "22.0.0rc1",
    "webapi_port": null,
    "webapi_url": "https://mriqc.nimh.nih.gov/api/v1"
  },
  "size_t": 279,
  "size_x": 128,
  "size_y": 128,
  "size_z": 29,
  "snr": 4.738803625559239,
  "spacing_tr": 1.899999976158142,
  "spacing_x": 1.765625,
  "spacing_y": 1.765625,
  "spacing_z": 1.7999999523162842,
  "summary_bg_k": 30.51451824322502,
  "summary_bg_mad": 16.898466439131333,
  "summary_bg_mean": 114.717041015625,
  "summary_bg_median": 89.59497833251953,
  "summary_bg_n": 307651.0,
  "summary_bg_p05": 73.15412139892578,
  "summary_bg_p95": 250.86559295654297,
  "summary_bg_stdv": 79.85400390625,
  "summary_fg_k": 1.3667759194558364,
  "summary_fg_mad": 137.75450470201008,
  "summary_fg_mean": 767.0796508789062,
  "summary_fg_median": 768.6702270507812,
  "summary_fg_n": 95041.0,
  "summary_fg_p05": 492.49102783203125,
  "summary_fg_p95": 1024.3441162109375,
  "summary_fg_stdv": 162.20680236816406,
  "tsnr": 14.434883302077651
}