{
  "aor": 0.0002997482014388489,
  "aqi": 0.02977886438848921,
  "bids_meta": {
    "AccelFactPE": 2,
    "AcquisitionNumber": 1,
    "AcquisitionTime": "16:54:6.987500",
    "BandwidthPerPixelPhaseEncode": 22.321,
    "ConversionSoftware": "dcm2niix",
    "ConversionSoftwareVersion": "v1.0.20170724 (OpenJPEG build) GCC6.1.0",
    "DeviceSerialNumber": "35002",
    "EchoTime": 0.028,
    "EffectiveEchoSpacing": 0.000350007,
    "FlipAngle": 90,
    "ImageType": [
      "ORIGINAL",
      "PRIMARY",
      "M",
      "ND",
      "MOSAIC"
    ],
    "InstitutionAddress": "University_Pkwy_1700_North_685_Provo_FC28C0_UT_US_84601",
    "InstitutionName": "Brigham_Young_University",
    "MagneticFieldStrength": 3,
    "Manufacturer": "Siemens",
    "ManufacturersModelName": "TrioTim",
    "PhaseEncodingDirection": "j-",
    "PhaseEncodingLines": 128,
    "ProcedureStepDescription": "Research_KIRWAN",
    "ProtocolName": "12Chan_1.8x1.8x1.8_TR1900_29Slice",
    "RepetitionTime": 1.9,
    "ScanningSequence": "EP",
    "SequenceName": "epfid2d1_128",
    "SequenceVariant": "SK",
    "SeriesDescription": "12Chan_1.8x1.8x1.8_TR1900_29Slice",
    "SliceTiming": [
      0,
      0.985,
      0.065,
      1.0525,
      0.13,
      1.1175,
      0.1975,
      1.1825,
      0.2625,
      1.25,
      0.3275,
      1.315,
      0.395,
      1.38,
      0.46,
      1.445,
      0.525,
      1.5125,
      0.59,
      1.5775,
      0.6575,
      1.6425,
      0.7225,
      1.71,
      0.7875,
      1.775,
      0.855,
      1.84,
      0.92
    ],
    "SoftwareVersions": "syngo_MR_B17",
    "TaskName": "MST",
    "TotalReadoutTime": 0.0437508,
    "TrueEchoSpacing": 0.000700013,
    "dataset": "ds003711",
    "modality": "bold",
    "run_id": 3,
    "subject_id": "34",
    "task_id": "MST"
  },
  "dummy_trs": 1,
  "dvars_nstd": 88.08724163075809,
  "dvars_std": 1.0501302950180509,
  "dvars_vstd": 1.0080372830685915,
  "efc": 0.654992581804018,
  "fber": 80.78186798095703,
  "fd_mean": 0.09219816186540185,
  "fd_num": 12,
  "fd_perc": 4.316546762589928,
  "fwhm_avg": 2.7185099459960766,
  "fwhm_x": 2.564338407079646,
  "fwhm_y": 2.798674690265487,
  "fwhm_z": 2.792516740643097,
  "gcor": 0.00445124,
  "gsr_x": -0.028157729655504227,
  "gsr_y": 0.06520313024520874,
  "provenance": {
    "md5sum": "d0dd9bb8c0f5a8076d0202dfe5baaea6",
    "settings": {
      "fd_thres": 0.2,
      "testing": false
    },
    "software": "mriqc",
    "version": "22.0.0rc1",
    "webapi_port": null,
    "webapi_url": "https://mriqc.nimh.nih.gov/api/v1"
  },
  "size_t": 278,
  "size_x": 128,
  "size_y": 128,
  "size_z": 29,
  "snr": 3.767674312714799,
  "spacing_tr": 1.899999976158142,
  "spacing_x": 1.765625,
  "spacing_y": 1.765625,
  "spacing_z": 1.7999999523162842,
  "summary_bg_k": 12.417175405148503,
  "summary_bg_mad": 21.065751434652572,
  "summary_bg_mean": 124.54268646240234,
  "summary_bg_median": 92.2014389038086,
  "summary_bg_n": 305067.0,
  "summary_bg_p05": 72.4784164428711,
  "summary_bg_p95": 323.65505371093764,
  "summary_bg_stdv": 87.56472778320312,
  "summary_fg_k": 0.6728147932653905,
  "summary_fg_mad": 199.53003451222415,
  "summary_fg_mean": 860.1967163085938,
  "summary_fg_median": 840.077392578125,
  "summary_fg_n": 100896.0,
  "summary_fg_p05": 529.6987762451172,
  "summary_fg_p95": 1259.3921508789062,
  "summary_fg_stdv": 222.96864318847656,
  "tsnr": 15.941932639980223
}