{
  "aor": 0.00036365591397849467,
  "aqi": 0.023216424014336916,
  "bids_meta": {
    "AccelFactPE": 2,
    "AcquisitionNumber": 1,
    "AcquisitionTime": "21:05:21.352500",
    "BandwidthPerPixelPhaseEncode": 22.321,
    "ConversionSoftware": "dcm2niix",
    "ConversionSoftwareVersion": "v1.0.20170724 (OpenJPEG build) GCC6.1.0",
    "DeviceSerialNumber": "35002",
    "EchoTime": 0.028,
    "EffectiveEchoSpacing": 0.000350007,
    "FlipAngle": 90,
    "ImageType": [
      "ORIGINAL",
      "PRIMARY",
      "M",
      "ND",
      "MOSAIC"
    ],
    "InstitutionAddress": "University_Pkwy_1700_North_685_Provo_FC28C0_UT_US_84601",
    "InstitutionName": "Brigham_Young_University",
    "MagneticFieldStrength": 3,
    "Manufacturer": "Siemens",
    "ManufacturersModelName": "TrioTim",
    "PhaseEncodingDirection": "j-",
    "PhaseEncodingLines": 128,
    "ProcedureStepDescription": "Research_KIRWAN",
    "ProtocolName": "12Chan_1.8x1.8x1.8_TR1900_29Slice",
    "RepetitionTime": 1.9,
    "ScanningSequence": "EP",
    "SequenceName": "epfid2d1_128",
    "SequenceVariant": "SK",
    "SeriesDescription": "12Chan_1.8x1.8x1.8_TR1900_29Slice",
    "SliceTiming": [
      0,
      0.985,
      0.065,
      1.0525,
      0.13,
      1.1175,
      0.1975,
      1.1825,
      0.2625,
      1.25,
      0.3275,
      1.315,
      0.395,
      1.38,
      0.46,
      1.445,
      0.525,
      1.5125,
      0.59,
      1.5775,
      0.6575,
      1.6425,
      0.7225,
      1.71,
      0.7875,
      1.775,
      0.855,
      1.84,
      0.92
    ],
    "SoftwareVersions": "syngo_MR_B17",
    "TaskName": "MST",
    "TotalReadoutTime": 0.0437508,
    "TrueEchoSpacing": 0.000700013,
    "dataset": "ds003711",
    "modality": "bold",
    "run_id": 1,
    "subject_id": "01",
    "task_id": "MST"
  },
  "dummy_trs": 0,
  "dvars_nstd": 73.44814163316552,
  "dvars_std": 1.0459763528776977,
  "dvars_vstd": 1.000136030935251,
  "efc": 0.6380443168469266,
  "fber": 102.54330444335938,
  "fd_mean": 0.06337731212972718,
  "fd_num": 4,
  "fd_perc": 1.4336917562724014,
  "fwhm_avg": 2.9534448241475215,
  "fwhm_x": 2.8130265486725663,
  "fwhm_y": 3.0401302654867255,
  "fwhm_z": 3.0071776582832737,
  "gcor": 0.0105368,
  "gsr_x": -0.012482517398893833,
  "gsr_y": 0.05588747188448906,
  "provenance": {
    "md5sum": "c36142412240675110e41ae2f57f6a8e",
    "settings": {
      "fd_thres": 0.2,
      "testing": false
    },
    "software": "mriqc",
    "version": "22.0.0rc1",
    "webapi_port": null,
    "webapi_url": "https://mriqc.nimh.nih.gov/api/v1"
  },
  "size_t": 279,
  "size_x": 128,
  "size_y": 128,
  "size_z": 29,
  "snr": 3.5249774640945426,
  "spacing_tr": 1.899999976158142,
  "spacing_x": 1.765625,
  "spacing_y": 1.765625,
  "spacing_z": 1.8000000715255737,
  "summary_bg_k": 17.49147854650179,
  "summary_bg_mad": 13.598491072715742,
  "summary_bg_mean": 111.07711791992188,
  "summary_bg_median": 80.01433563232422,
  "summary_bg_n": 300811.0,
  "summary_bg_p05": 67.56989288330078,
  "summary_bg_p95": 288.14515686035156,
  "summary_bg_stdv": 84.6971435546875,
  "summary_fg_k": 1.056068763941389,
  "summary_fg_mad": 202.99958974664995,
  "summary_fg_mean": 848.3544921875,
  "summary_fg_median": 837.3189697265625,
  "summary_fg_n": 98803.0,
  "summary_fg_p05": 474.2508850097656,
  "summary_fg_p95": 1258.601489257812,
  "summary_fg_stdv": 237.53761291503906,
  "tsnr": 17.917333625257015
}