{
  "aor": 0.00029272401433691757,
  "aqi": 0.0333705917562724,
  "bids_meta": {
    "AccelFactPE": 2,
    "AcquisitionNumber": 1,
    "AcquisitionTime": "21:37:29.652500",
    "BandwidthPerPixelPhaseEncode": 22.321,
    "ConversionSoftware": "dcm2niix",
    "ConversionSoftwareVersion": "v1.0.20170724 (OpenJPEG build) GCC6.1.0",
    "DeviceSerialNumber": "35002",
    "EchoTime": 0.028,
    "EffectiveEchoSpacing": 0.000350007,
    "FlipAngle": 90,
    "ImageType": [
      "ORIGINAL",
      "PRIMARY",
      "M",
      "ND",
      "MOSAIC"
    ],
    "InstitutionAddress": "University_Pkwy_1700_North_685_Provo_FC28C0_UT_US_84601",
    "InstitutionName": "Brigham_Young_University",
    "MagneticFieldStrength": 3,
    "Manufacturer": "Siemens",
    "ManufacturersModelName": "TrioTim",
    "PhaseEncodingDirection": "j-",
    "PhaseEncodingLines": 128,
    "ProcedureStepDescription": "Research_KIRWAN",
    "ProtocolName": "12Chan_1.8x1.8x1.8_TR1900_29Slice",
    "RepetitionTime": 1.9,
    "ScanningSequence": "EP",
    "SequenceName": "epfid2d1_128",
    "SequenceVariant": "SK",
    "SeriesDescription": "12Chan_1.8x1.8x1.8_TR1900_29Slice",
    "SliceTiming": [
      0,
      0.9875,
      0.065,
      1.0525,
      0.1325,
      1.1175,
      0.1975,
      1.185,
      0.2625,
      1.25,
      0.33,
      1.315,
      0.395,
      1.3825,
      0.46,
      1.4475,
      0.5275,
      1.5125,
      0.5925,
      1.5775,
      0.6575,
      1.645,
      0.725,
      1.71,
      0.79,
      1.775,
      0.855,
      1.8425,
      0.92
    ],
    "SoftwareVersions": "syngo_MR_B17",
    "TaskName": "MST",
    "TotalReadoutTime": 0.0437508,
    "TrueEchoSpacing": 0.000700013,
    "dataset": "ds003711",
    "modality": "bold",
    "run_id": 4,
    "subject_id": "01",
    "task_id": "MST"
  },
  "dummy_trs": 0,
  "dvars_nstd": 84.34681273525177,
  "dvars_std": 1.0325437137050353,
  "dvars_vstd": 0.9999418948920858,
  "efc": 0.6555290348907903,
  "fber": 81.56791687011719,
  "fd_mean": 0.07303034685918056,
  "fd_num": 3,
  "fd_perc": 1.075268817204301,
  "fwhm_avg": 2.6934030288839885,
  "fwhm_x": 2.581148318584071,
  "fwhm_y": 2.804933097345133,
  "fwhm_z": 2.6941276707227626,
  "gcor": 0.00528715,
  "gsr_x": -0.025640245527029037,
  "gsr_y": 0.06242639571428299,
  "provenance": {
    "md5sum": "0c5ffa1958d2e99acdcd19008692c8fe",
    "settings": {
      "fd_thres": 0.2,
      "testing": false
    },
    "software": "mriqc",
    "version": "22.0.0rc1",
    "webapi_port": null,
    "webapi_url": "https://mriqc.nimh.nih.gov/api/v1"
  },
  "size_t": 279,
  "size_x": 128,
  "size_y": 128,
  "size_z": 29,
  "snr": 3.9105930768627823,
  "spacing_tr": 1.899999976158142,
  "spacing_x": 1.765625,
  "spacing_y": 1.765625,
  "spacing_z": 1.8000000715255737,
  "summary_bg_k": 13.602020335483182,
  "summary_bg_mad": 21.069959259552505,
  "summary_bg_mean": 129.09649658203125,
  "summary_bg_median": 91.53404998779297,
  "summary_bg_n": 309835.0,
  "summary_bg_p05": 72.13978576660156,
  "summary_bg_p95": 360.5928344726559,
  "summary_bg_stdv": 102.67158508300781,
  "summary_fg_k": 1.0710448884191308,
  "summary_fg_mad": 185.73710120824535,
  "summary_fg_mean": 858.7804565429688,
  "summary_fg_median": 841.204345703125,
  "summary_fg_n": 96378.0,
  "summary_fg_p05": 538.1584106445313,
  "summary_fg_p95": 1244.6448242187498,
  "summary_fg_stdv": 215.1080322265625,
  "tsnr": 15.773353372467682
}