{
  "aor": 0.00042433691756272403,
  "aqi": 0.03427065519713261,
  "bids_meta": {
    "AccelFactPE": 2,
    "AcquisitionNumber": 1,
    "AcquisitionTime": "21:47:38.122500",
    "BandwidthPerPixelPhaseEncode": 22.321,
    "ConversionSoftware": "dcm2niix",
    "ConversionSoftwareVersion": "v1.0.20170724 (OpenJPEG build) GCC6.1.0",
    "DeviceSerialNumber": "35002",
    "EchoTime": 0.028,
    "EffectiveEchoSpacing": 0.000350007,
    "FlipAngle": 90,
    "ImageType": [
      "ORIGINAL",
      "PRIMARY",
      "M",
      "ND",
      "MOSAIC"
    ],
    "InstitutionAddress": "University_Pkwy_1700_North_685_Provo_FC28C0_UT_US_84601",
    "InstitutionName": "Brigham_Young_University",
    "MagneticFieldStrength": 3,
    "Manufacturer": "Siemens",
    "ManufacturersModelName": "TrioTim",
    "PhaseEncodingDirection": "j-",
    "PhaseEncodingLines": 128,
    "ProcedureStepDescription": "Research_KIRWAN",
    "ProtocolName": "12Chan_1.8x1.8x1.8_TR1900_29Slice",
    "RepetitionTime": 1.9,
    "ScanningSequence": "EP",
    "SequenceName": "epfid2d1_128",
    "SequenceVariant": "SK",
    "SeriesDescription": "12Chan_1.8x1.8x1.8_TR1900_29Slice",
    "SliceTiming": [
      0,
      0.985,
      0.065,
      1.0525,
      0.13,
      1.1175,
      0.1975,
      1.1825,
      0.2625,
      1.25,
      0.3275,
      1.315,
      0.395,
      1.38,
      0.46,
      1.445,
      0.525,
      1.5125,
      0.59,
      1.5775,
      0.6575,
      1.6425,
      0.7225,
      1.71,
      0.7875,
      1.775,
      0.855,
      1.84,
      0.92
    ],
    "SoftwareVersions": "syngo_MR_B17",
    "TaskName": "MST",
    "TotalReadoutTime": 0.0437508,
    "TrueEchoSpacing": 0.000700013,
    "dataset": "ds003711",
    "modality": "bold",
    "run_id": 5,
    "subject_id": "01",
    "task_id": "MST"
  },
  "dummy_trs": 0,
  "dvars_nstd": 87.01019761881292,
  "dvars_std": 1.037223072877698,
  "dvars_vstd": 1.0061262676618699,
  "efc": 0.6582421901377096,
  "fber": 77.88617706298828,
  "fd_mean": 0.0797623815176049,
  "fd_num": 2,
  "fd_perc": 0.7168458781362007,
  "fwhm_avg": 2.8146682023006533,
  "fwhm_x": 2.6927745132743364,
  "fwhm_y": 2.9109635398230087,
  "fwhm_z": 2.840266553804614,
  "gcor": 0.00702743,
  "gsr_x": -0.014942051842808723,
  "gsr_y": 0.06249668076634407,
  "provenance": {
    "md5sum": "a2bba7f97be859ee7c7149366b4bf510",
    "settings": {
      "fd_thres": 0.2,
      "testing": false
    },
    "software": "mriqc",
    "version": "22.0.0rc1",
    "webapi_port": null,
    "webapi_url": "https://mriqc.nimh.nih.gov/api/v1"
  },
  "size_t": 279,
  "size_x": 128,
  "size_y": 128,
  "size_z": 29,
  "snr": 3.7472029121362986,
  "spacing_tr": 1.899999976158142,
  "spacing_x": 1.765625,
  "spacing_y": 1.765625,
  "spacing_z": 1.8000000715255737,
  "summary_bg_k": 15.747668702540835,
  "summary_bg_mad": 21.02745117897737,
  "summary_bg_mean": 125.40343475341797,
  "summary_bg_median": 92.07527160644531,
  "summary_bg_n": 303495.0,
  "summary_bg_p05": 72.80644989013672,
  "summary_bg_p95": 327.313980102539,
  "summary_bg_stdv": 94.55054473876953,
  "summary_fg_k": 1.0758407124850198,
  "summary_fg_mad": 189.0397460549738,
  "summary_fg_mean": 843.6675415039062,
  "summary_fg_median": 832.741943359375,
  "summary_fg_n": 99113.0,
  "summary_fg_p05": 497.90680541992197,
  "summary_fg_p95": 1229.9061035156246,
  "summary_fg_stdv": 222.22915649414062,
  "tsnr": 15.247073398088105
}