{
  "bids_meta": {
    "AcquisitionNumber": 1,
    "AcquisitionTime": "08:41:11.907500",
    "ConversionSoftware": "dcm2niix",
    "ConversionSoftwareVersion": "v1.0.20170724 (OpenJPEG build) GCC6.1.0",
    "DeviceSerialNumber": "35002",
    "EchoTime": 0.064,
    "EchoTrainLength": 15,
    "FlipAngle": 178,
    "ImageType": [
      "ORIGINAL",
      "PRIMARY",
      "M",
      "ND"
    ],
    "InstitutionAddress": "University_Pkwy_1700_North_685_Provo_FC28C0_UT_US_84601",
    "InstitutionName": "Brigham_Young_University",
    "MagneticFieldStrength": 3,
    "Manufacturer": "Siemens",
    "ManufacturersModelName": "TrioTim",
    "PhaseEncodingDirection": "i-",
    "PhaseEncodingLines": 512,
    "ProcedureStepDescription": "Research_KIRWAN",
    "ProtocolName": "HiRes_T2",
    "RepetitionTime": 6.26,
    "ScanningSequence": "SE",
    "SequenceName": "_tse2d1_15",
    "SequenceVariant": "SK_SP_OSP",
    "SeriesDescription": "HiRes_T2",
    "SoftwareVersions": "syngo_MR_B17",
    "dataset": "ds003711",
    "modality": "T2w",
    "subject_id": "36"
  },
  "cjv": 0.6414753294177031,
  "cnr": 1.2835241990184556,
  "efc": 0.5900626489913601,
  "fber": 111.95176072719184,
  "fwhm_avg": 3.991737064993329,
  "fwhm_x": 4.7565568,
  "fwhm_y": 2.0258991949799876,
  "fwhm_z": 5.192755200000001,
  "icvs_csf": 0.21743495398536009,
  "icvs_gm": 0.5816564876187571,
  "icvs_wm": 0.20090855839588284,
  "inu_med": 1.1090729236602783,
  "inu_range": 0.3190459728240965,
  "provenance": {
    "md5sum": "823b7fb2c24f43b923bb3a1a3723dfd1",
    "settings": {
      "testing": false
    },
    "software": "mriqc",
    "version": "22.0.0rc1",
    "warnings": {
      "large_rot_frame": false,
      "small_air_mask": false
    },
    "webapi_port": null,
    "webapi_url": "https://mriqc.nimh.nih.gov/api/v1"
  },
  "qi_1": 0.015609980384137462,
  "qi_2": 0.00010495455350869661,
  "rpve_csf": 12.722134503151405,
  "rpve_gm": 6.052976672926138,
  "rpve_wm": 14.378298694596591,
  "size_x": 512,
  "size_y": 19,
  "size_z": 512,
  "snr_csf": 4.846869667011504,
  "snr_gm": 10.60923480116609,
  "snr_total": 6.830442578214931,
  "snr_wm": 5.035223266467198,
  "snrd_csf": 22.784496468710728,
  "snrd_gm": 12.502327598384449,
  "snrd_total": 14.571610445951473,
  "snrd_wm": 8.428007270759243,
  "spacing_x": 0.390625,
  "spacing_y": 3.0000011920928955,
  "spacing_z": 0.390625,
  "summary_bg_k": 53.1112087478929,
  "summary_bg_mad": 83.55192691901345,
  "summary_bg_mean": 196.82822630665194,
  "summary_bg_median": 134.54950862377882,
  "summary_bg_n": 1511523.0,
  "summary_bg_p05": 31.003769651055336,
  "summary_bg_p95": 492.6344835162163,
  "summary_bg_stdv": 309.41034942121985,
  "summary_csf_k": 0.007100364075116605,
  "summary_csf_mad": 669.0503084138023,
  "summary_csf_mean": 2962.192954737031,
  "summary_csf_median": 2905.789769947529,
  "summary_csf_n": 146084.0,
  "summary_csf_p05": 2102.7750068306923,
  "summary_csf_p95": 3910.8429104313254,
  "summary_csf_stdv": 599.5168065060572,
  "summary_gm_k": 0.05878849982131218,
  "summary_gm_mad": 149.83476255993295,
  "summary_gm_mean": 1596.3124413645392,
  "summary_gm_median": 1594.467346943915,
  "summary_gm_n": 353842.0,
  "summary_gm_p05": 1352.3467480391264,
  "summary_gm_p95": 1846.3515639156103,
  "summary_gm_stdv": 150.2903012089935,
  "summary_wm_k": 1.3022553186904906,
  "summary_wm_mad": 183.4840948297484,
  "summary_wm_mean": 1040.6920738050756,
  "summary_wm_median": 1074.8544450849295,
  "summary_wm_n": 111102.0,
  "summary_wm_p05": 651.0834449607879,
  "summary_wm_p95": 1336.159697033465,
  "summary_wm_stdv": 213.46612671388485,
  "tpm_overlap_csf": 0.08204516023397446,
  "tpm_overlap_gm": 0.35332855582237244,
  "tpm_overlap_wm": 0.14875663816928864,
  "wm2max": 0.24418892381417312
}