{
  "bids_meta": {
    "AcquisitionNumber": 1,
    "AcquisitionTime": "07:28:20.600000",
    "ConversionSoftware": "dcm2niix",
    "ConversionSoftwareVersion": "v1.0.20170724 (OpenJPEG build) GCC6.1.0",
    "DeviceSerialNumber": "35002",
    "EchoTime": 0.00226,
    "FlipAngle": 9,
    "ImageType": [
      "ORIGINAL",
      "PRIMARY",
      "M",
      "ND",
      "NORM"
    ],
    "InstitutionAddress": "University_Pkwy_1700_North_685_Provo_FC28C0_UT_US_84601",
    "InstitutionName": "Brigham_Young_University",
    "InversionTime": 0.9,
    "MagneticFieldStrength": 3,
    "Manufacturer": "Siemens",
    "ManufacturersModelName": "TrioTim",
    "PhaseEncodingDirection": "i-",
    "PhaseEncodingLines": 215,
    "ProcedureStepDescription": "Research_KIRWAN",
    "ProtocolName": "t1_mpr_sag_iso_mprage",
    "RepetitionTime": 1.9,
    "ScanningSequence": "GR_IR",
    "SequenceName": "_tfl3d1_ns",
    "SequenceVariant": "SP_MP_OSP",
    "SeriesDescription": "t1_mpr_sag_iso_mprage",
    "SoftwareVersions": "syngo_MR_B17",
    "dataset": "ds003711",
    "modality": "T1w",
    "subject_id": "36"
  },
  "cjv": 0.4473334549901105,
  "cnr": 3.0024327436233658,
  "efc": 0.6403416027117274,
  "fber": 1465.7423095703125,
  "fwhm_avg": 4.249201013333333,
  "fwhm_x": 4.05286,
  "fwhm_y": 4.52242432,
  "fwhm_z": 4.17231872,
  "icvs_csf": 0.20123690625823423,
  "icvs_gm": 0.42134438192763185,
  "icvs_wm": 0.37741871181413394,
  "inu_med": 1.3913987874984741,
  "inu_range": 0.5544236183166502,
  "provenance": {
    "md5sum": "d0064d1d215ca39846161284a2b29bd0",
    "settings": {
      "testing": false
    },
    "software": "mriqc",
    "version": "22.0.0rc1",
    "warnings": {
      "large_rot_frame": true,
      "small_air_mask": false
    },
    "webapi_port": null,
    "webapi_url": "https://mriqc.nimh.nih.gov/api/v1"
  },
  "qi_1": 0.0,
  "qi_2": 0.006769879453320029,
  "rpve_csf": 22.93518569463549,
  "rpve_gm": 11.538735023411277,
  "rpve_wm": 15.372258266671581,
  "size_x": 176,
  "size_y": 224,
  "size_z": 256,
  "snr_csf": 3.53967742342873,
  "snr_gm": 12.864719581072869,
  "snr_total": 11.689510039348969,
  "snr_wm": 18.66413311354531,
  "snrd_csf": 22.063870667038497,
  "snrd_gm": 49.621070110845594,
  "snrd_total": 45.693941736821934,
  "snrd_wm": 65.39688443258171,
  "spacing_x": 1.0,
  "spacing_y": 0.9765625,
  "spacing_z": 0.9765625,
  "summary_bg_k": 1.5577921174560245,
  "summary_bg_mad": 10.018052370490445,
  "summary_bg_mean": 15.44243049621582,
  "summary_bg_median": 13.523283958435059,
  "summary_bg_n": 1799106.0,
  "summary_bg_p05": 3.3433808088302612,
  "summary_bg_p95": 34.15018558502197,
  "summary_bg_stdv": 10.305864334106445,
  "summary_csf_k": 1.2091604163805592,
  "summary_csf_mad": 77.8857982529014,
  "summary_csf_mean": 359.9704284667969,
  "summary_csf_median": 337.3908386230469,
  "summary_csf_n": 17960.0,
  "summary_csf_p05": 244.49430923461915,
  "summary_csf_p95": 555.8911651611328,
  "summary_csf_stdv": 95.31417846679688,
  "summary_gm_k": 0.3013664481314513,
  "summary_gm_mad": 56.26450081788502,
  "summary_gm_mean": 758.6832885742188,
  "summary_gm_median": 758.783203125,
  "summary_gm_n": 19460.0,
  "summary_gm_p05": 661.2907897949219,
  "summary_gm_p95": 856.3369750976562,
  "summary_gm_stdv": 58.98019790649414,
  "summary_wm_k": 0.12192095861152064,
  "summary_wm_mad": 51.64874312980312,
  "summary_wm_mean": 1000.8283081054688,
  "summary_wm_median": 1000.0198974609375,
  "summary_wm_n": 217049.0,
  "summary_wm_p05": 913.0003295898438,
  "summary_wm_p95": 1091.505322265625,
  "summary_wm_stdv": 53.57964324951172,
  "tpm_overlap_csf": 0.18787315487861633,
  "tpm_overlap_gm": 0.4483661353588104,
  "tpm_overlap_wm": 0.49786046147346497,
  "wm2max": 0.4422369004007792
}