{
  "aor": 0.0003164516129032258,
  "aqi": 0.05097299677419355,
  "bids_meta": {
    "AccelFactPE": 2,
    "AcquisitionNumber": 1,
    "AcquisitionTime": "11:24:45.695000",
    "BandwidthPerPixelPhaseEncode": 22.321,
    "ConversionSoftware": "dcm2niix",
    "ConversionSoftwareVersion": "v1.0.20170724 (OpenJPEG build) GCC6.1.0",
    "DeviceSerialNumber": "35002",
    "EchoTime": 0.028,
    "EffectiveEchoSpacing": 0.000350007,
    "FlipAngle": 90,
    "ImageType": [
      "ORIGINAL",
      "PRIMARY",
      "M",
      "ND",
      "MOSAIC"
    ],
    "InstitutionAddress": "University_Pkwy_1700_North_685_Provo_FC28C0_UT_US_84601",
    "InstitutionName": "Brigham_Young_University",
    "MagneticFieldStrength": 3,
    "Manufacturer": "Siemens",
    "ManufacturersModelName": "TrioTim",
    "PhaseEncodingDirection": "j-",
    "PhaseEncodingLines": 128,
    "ProcedureStepDescription": "Research_KIRWAN",
    "ProtocolName": "12Chan_1.8x1.8x1.8_TR1900_29Slice",
    "RepetitionTime": 1.9,
    "ScanningSequence": "EP",
    "SequenceName": "epfid2d1_128",
    "SequenceVariant": "SK",
    "SeriesDescription": "12Chan_1.8x1.8x1.8_TR1900_29Slice",
    "SliceTiming": [
      0,
      0.9875,
      0.0675,
      1.0525,
      0.1325,
      1.1175,
      0.1975,
      1.185,
      0.265,
      1.25,
      0.33,
      1.315,
      0.395,
      1.3825,
      0.46,
      1.4475,
      0.5275,
      1.5125,
      0.5925,
      1.58,
      0.6575,
      1.645,
      0.725,
      1.71,
      0.79,
      1.7775,
      0.855,
      1.8425,
      0.9225
    ],
    "SoftwareVersions": "syngo_MR_B17",
    "TaskName": "MST",
    "TotalReadoutTime": 0.0437508,
    "TrueEchoSpacing": 0.000700013,
    "dataset": "ds003711",
    "modality": "bold",
    "run_id": 3,
    "subject_id": "28",
    "task_id": "MST"
  },
  "dummy_trs": 0,
  "dvars_nstd": 89.85533196989208,
  "dvars_std": 1.024513836546763,
  "dvars_vstd": 0.9972838799280574,
  "efc": 0.6545387725153392,
  "fber": 79.90169525146484,
  "fd_mean": 0.1835553875924111,
  "fd_num": 96,
  "fd_perc": 34.40860215053763,
  "fwhm_avg": 2.543736589792817,
  "fwhm_x": 2.3696991150442477,
  "fwhm_y": 2.674599646017699,
  "fwhm_z": 2.5869110083165032,
  "gcor": 0.00500541,
  "gsr_x": -0.01596221514046192,
  "gsr_y": 0.044503942131996155,
  "provenance": {
    "md5sum": "24b7a931570d8cee21bc2fa819254d10",
    "settings": {
      "fd_thres": 0.2,
      "testing": false
    },
    "software": "mriqc",
    "version": "22.0.0rc1",
    "webapi_port": null,
    "webapi_url": "https://mriqc.nimh.nih.gov/api/v1"
  },
  "size_t": 279,
  "size_x": 128,
  "size_y": 128,
  "size_z": 29,
  "snr": 4.455027653753652,
  "spacing_tr": 1.899999976158142,
  "spacing_x": 1.765625,
  "spacing_y": 1.765625,
  "spacing_z": 1.8000000715255737,
  "summary_bg_k": 28.367964596662414,
  "summary_bg_mad": 16.01636155473237,
  "summary_bg_mean": 103.50643920898438,
  "summary_bg_median": 84.41218566894531,
  "summary_bg_n": 300603.0,
  "summary_bg_p05": 69.13619995117188,
  "summary_bg_p95": 206.07491302490223,
  "summary_bg_stdv": 60.50959014892578,
  "summary_fg_k": 0.9575190270146354,
  "summary_fg_mad": 148.40907931207397,
  "summary_fg_mean": 773.0654907226562,
  "summary_fg_median": 768.2544555664062,
  "summary_fg_n": 99819.0,
  "summary_fg_p05": 493.9103881835938,
  "summary_fg_p95": 1068.0197387695312,
  "summary_fg_stdv": 172.4457550048828,
  "tsnr": 14.570532824087422
}