{
  "aor": 0.00034308243727598564,
  "aqi": 0.04293309283154122,
  "bids_meta": {
    "AccelFactPE": 2,
    "AcquisitionNumber": 1,
    "AcquisitionTime": "11:14:26.257500",
    "BandwidthPerPixelPhaseEncode": 22.321,
    "ConversionSoftware": "dcm2niix",
    "ConversionSoftwareVersion": "v1.0.20170724 (OpenJPEG build) GCC6.1.0",
    "DeviceSerialNumber": "35002",
    "EchoTime": 0.028,
    "EffectiveEchoSpacing": 0.000350007,
    "FlipAngle": 90,
    "ImageType": [
      "ORIGINAL",
      "PRIMARY",
      "M",
      "ND",
      "MOSAIC"
    ],
    "InstitutionAddress": "University_Pkwy_1700_North_685_Provo_FC28C0_UT_US_84601",
    "InstitutionName": "Brigham_Young_University",
    "MagneticFieldStrength": 3,
    "Manufacturer": "Siemens",
    "ManufacturersModelName": "TrioTim",
    "PhaseEncodingDirection": "j-",
    "PhaseEncodingLines": 128,
    "ProcedureStepDescription": "Research_KIRWAN",
    "ProtocolName": "12Chan_1.8x1.8x1.8_TR1900_29Slice",
    "RepetitionTime": 1.9,
    "ScanningSequence": "EP",
    "SequenceName": "epfid2d1_128",
    "SequenceVariant": "SK",
    "SeriesDescription": "12Chan_1.8x1.8x1.8_TR1900_29Slice",
    "SliceTiming": [
      0,
      0.985,
      0.065,
      1.05,
      0.13,
      1.1175,
      0.195,
      1.1825,
      0.2625,
      1.2475,
      0.3275,
      1.315,
      0.3925,
      1.38,
      0.46,
      1.445,
      0.525,
      1.5125,
      0.59,
      1.5775,
      0.6575,
      1.6425,
      0.7225,
      1.7075,
      0.7875,
      1.775,
      0.855,
      1.84,
      0.92
    ],
    "SoftwareVersions": "syngo_MR_B17",
    "TaskName": "MST",
    "TotalReadoutTime": 0.0437508,
    "TrueEchoSpacing": 0.000700013,
    "dataset": "ds003711",
    "modality": "bold",
    "run_id": 2,
    "subject_id": "28",
    "task_id": "MST"
  },
  "dummy_trs": 0,
  "dvars_nstd": 87.72372293816547,
  "dvars_std": 1.037065240539568,
  "dvars_vstd": 1.006407228633093,
  "efc": 0.6521202627308688,
  "fber": 83.64058685302734,
  "fd_mean": 0.13491292411531802,
  "fd_num": 43,
  "fd_perc": 15.412186379928315,
  "fwhm_avg": 2.506880523271668,
  "fwhm_x": 2.332828318584071,
  "fwhm_y": 2.626735575221239,
  "fwhm_z": 2.5610776760096945,
  "gcor": 0.00719096,
  "gsr_x": -0.016053853556513786,
  "gsr_y": 0.043389931321144104,
  "provenance": {
    "md5sum": "fd5022229c099c8ac35ecdb9bab0eae8",
    "settings": {
      "fd_thres": 0.2,
      "testing": false
    },
    "software": "mriqc",
    "version": "22.0.0rc1",
    "webapi_port": null,
    "webapi_url": "https://mriqc.nimh.nih.gov/api/v1"
  },
  "size_t": 279,
  "size_x": 128,
  "size_y": 128,
  "size_z": 29,
  "snr": 4.456327725131958,
  "spacing_tr": 1.899999976158142,
  "spacing_x": 1.765625,
  "spacing_y": 1.765625,
  "spacing_z": 1.8000000715255737,
  "summary_bg_k": 28.04115884156675,
  "summary_bg_mad": 15.495575355222051,
  "summary_bg_mean": 102.0644302368164,
  "summary_bg_median": 82.64874267578125,
  "summary_bg_n": 300695.0,
  "summary_bg_p05": 67.58064270019531,
  "summary_bg_p95": 206.47418975830075,
  "summary_bg_stdv": 61.37886047363281,
  "summary_fg_k": 0.9787423756317248,
  "summary_fg_mad": 148.42491521223502,
  "summary_fg_mean": 773.2290649414062,
  "summary_fg_median": 769.3333129882812,
  "summary_fg_n": 100045.0,
  "summary_fg_p05": 493.90106201171875,
  "summary_fg_p95": 1066.9634765624996,
  "summary_fg_stdv": 172.63754272460938,
  "tsnr": 15.742460478388239
}