{
  "aor": 0.0003505734767025089,
  "aqi": 0.03461281254480286,
  "bids_meta": {
    "AccelFactPE": 2,
    "AcquisitionNumber": 1,
    "AcquisitionTime": "14:25:29.755000",
    "BandwidthPerPixelPhaseEncode": 22.321,
    "ConversionSoftware": "dcm2niix",
    "ConversionSoftwareVersion": "v1.0.20170724 (OpenJPEG build) GCC6.1.0",
    "DeviceSerialNumber": "35002",
    "EchoTime": 0.028,
    "EffectiveEchoSpacing": 0.000350007,
    "FlipAngle": 90,
    "ImageType": [
      "ORIGINAL",
      "PRIMARY",
      "M",
      "ND",
      "MOSAIC"
    ],
    "InstitutionAddress": "University_Pkwy_1700_North_685_Provo_FC28C0_UT_US_84601",
    "InstitutionName": "Brigham_Young_University",
    "MagneticFieldStrength": 3,
    "Manufacturer": "Siemens",
    "ManufacturersModelName": "TrioTim",
    "PhaseEncodingDirection": "j-",
    "PhaseEncodingLines": 128,
    "ProcedureStepDescription": "Research_KIRWAN",
    "ProtocolName": "12Chan_1.8x1.8x1.8_TR1900_29Slice",
    "RepetitionTime": 1.9,
    "ScanningSequence": "EP",
    "SequenceName": "epfid2d1_128",
    "SequenceVariant": "SK",
    "SeriesDescription": "12Chan_1.8x1.8x1.8_TR1900_29Slice",
    "SliceTiming": [
      0,
      0.9875,
      0.065,
      1.0525,
      0.1325,
      1.1175,
      0.1975,
      1.1825,
      0.2625,
      1.25,
      0.3275,
      1.315,
      0.395,
      1.38,
      0.46,
      1.4475,
      0.525,
      1.5125,
      0.5925,
      1.5775,
      0.6575,
      1.645,
      0.7225,
      1.71,
      0.79,
      1.775,
      0.855,
      1.8425,
      0.92
    ],
    "SoftwareVersions": "syngo_MR_B17",
    "TaskName": "MST",
    "TotalReadoutTime": 0.0437508,
    "TrueEchoSpacing": 0.000700013,
    "dataset": "ds003711",
    "modality": "bold",
    "run_id": 4,
    "subject_id": "22",
    "task_id": "MST"
  },
  "dummy_trs": 0,
  "dvars_nstd": 84.52311056122298,
  "dvars_std": 1.0301654173741017,
  "dvars_vstd": 1.0083263995683438,
  "efc": 0.63706099113125,
  "fber": 90.47634887695312,
  "fd_mean": 0.12131788239974296,
  "fd_num": 11,
  "fd_perc": 3.942652329749104,
  "fwhm_avg": 2.582930578697349,
  "fwhm_x": 2.525360707964602,
  "fwhm_y": 2.640175575221239,
  "fwhm_z": 2.5832554529062066,
  "gcor": 0.00850868,
  "gsr_x": -0.018818378448486328,
  "gsr_y": 0.033744536340236664,
  "provenance": {
    "md5sum": "01b129b44b546ac63f1f49f4eb9b4ea3",
    "settings": {
      "fd_thres": 0.2,
      "testing": false
    },
    "software": "mriqc",
    "version": "22.0.0rc1",
    "webapi_port": null,
    "webapi_url": "https://mriqc.nimh.nih.gov/api/v1"
  },
  "size_t": 279,
  "size_x": 128,
  "size_y": 128,
  "size_z": 29,
  "snr": 4.1529835294539845,
  "spacing_tr": 1.899999976158142,
  "spacing_x": 1.765625,
  "spacing_y": 1.765625,
  "spacing_z": 1.8000000715255737,
  "summary_bg_k": 23.597420568220137,
  "summary_bg_mad": 17.30233845002414,
  "summary_bg_mean": 111.88233184814453,
  "summary_bg_median": 87.83870697021484,
  "summary_bg_n": 312740.0,
  "summary_bg_p05": 70.89605712890625,
  "summary_bg_p95": 250.35520095825186,
  "summary_bg_stdv": 75.45923614501953,
  "summary_fg_k": 0.47499058500453284,
  "summary_fg_mad": 184.56004137198977,
  "summary_fg_mean": 852.1548461914062,
  "summary_fg_median": 843.784912109375,
  "summary_fg_n": 93782.0,
  "summary_fg_p05": 521.5881866455078,
  "summary_fg_p95": 1200.2884948730468,
  "summary_fg_stdv": 203.1745147705078,
  "tsnr": 15.811790782085154
}