{
  "aor": 0.00029286738351254484,
  "aqi": 0.03724433154121864,
  "bids_meta": {
    "AccelFactPE": 2,
    "AcquisitionNumber": 1,
    "AcquisitionTime": "14:11:23.542500",
    "BandwidthPerPixelPhaseEncode": 22.321,
    "ConversionSoftware": "dcm2niix",
    "ConversionSoftwareVersion": "v1.0.20170724 (OpenJPEG build) GCC6.1.0",
    "DeviceSerialNumber": "35002",
    "EchoTime": 0.028,
    "EffectiveEchoSpacing": 0.000350007,
    "FlipAngle": 90,
    "ImageType": [
      "ORIGINAL",
      "PRIMARY",
      "M",
      "ND",
      "MOSAIC"
    ],
    "InstitutionAddress": "University_Pkwy_1700_North_685_Provo_FC28C0_UT_US_84601",
    "InstitutionName": "Brigham_Young_University",
    "MagneticFieldStrength": 3,
    "Manufacturer": "Siemens",
    "ManufacturersModelName": "TrioTim",
    "PhaseEncodingDirection": "j-",
    "PhaseEncodingLines": 128,
    "ProcedureStepDescription": "Research_KIRWAN",
    "ProtocolName": "12Chan_1.8x1.8x1.8_TR1900_29Slice",
    "RepetitionTime": 1.9,
    "ScanningSequence": "EP",
    "SequenceName": "epfid2d1_128",
    "SequenceVariant": "SK",
    "SeriesDescription": "12Chan_1.8x1.8x1.8_TR1900_29Slice",
    "SliceTiming": [
      0,
      0.985,
      0.065,
      1.0525,
      0.13,
      1.1175,
      0.1975,
      1.1825,
      0.2625,
      1.25,
      0.3275,
      1.315,
      0.395,
      1.38,
      0.46,
      1.4475,
      0.525,
      1.5125,
      0.5925,
      1.5775,
      0.6575,
      1.6425,
      0.7225,
      1.71,
      0.7875,
      1.775,
      0.855,
      1.84,
      0.92
    ],
    "SoftwareVersions": "syngo_MR_B17",
    "TaskName": "MST",
    "TotalReadoutTime": 0.0437508,
    "TrueEchoSpacing": 0.000700013,
    "dataset": "ds003711",
    "modality": "bold",
    "run_id": 3,
    "subject_id": "22",
    "task_id": "MST"
  },
  "dummy_trs": 0,
  "dvars_nstd": 88.63075678985611,
  "dvars_std": 1.0297240087769781,
  "dvars_vstd": 1.006694919460432,
  "efc": 0.6397718160940263,
  "fber": 86.77837371826172,
  "fd_mean": 0.10189923307200531,
  "fd_num": 2,
  "fd_perc": 0.7168458781362007,
  "fwhm_avg": 2.5297157256175757,
  "fwhm_x": 2.482769557522124,
  "fwhm_y": 2.603633274336283,
  "fwhm_z": 2.5027443449943196,
  "gcor": 0.00440312,
  "gsr_x": -0.020639192312955856,
  "gsr_y": 0.03685031086206436,
  "provenance": {
    "md5sum": "aa63a5b322fd52d66ce41293e2c79e72",
    "settings": {
      "fd_thres": 0.2,
      "testing": false
    },
    "software": "mriqc",
    "version": "22.0.0rc1",
    "webapi_port": null,
    "webapi_url": "https://mriqc.nimh.nih.gov/api/v1"
  },
  "size_t": 279,
  "size_x": 128,
  "size_y": 128,
  "size_z": 29,
  "snr": 4.136107689475693,
  "spacing_tr": 1.899999976158142,
  "spacing_x": 1.765625,
  "spacing_y": 1.765625,
  "spacing_z": 1.8000000715255737,
  "summary_bg_k": 23.82425029663831,
  "summary_bg_mad": 18.179138307869156,
  "summary_bg_mean": 112.83352661132812,
  "summary_bg_median": 89.39067840576172,
  "summary_bg_n": 312570.0,
  "summary_bg_p05": 71.6057357788086,
  "summary_bg_p95": 245.3245582580566,
  "summary_bg_stdv": 74.23487854003906,
  "summary_fg_k": 0.4868425734117561,
  "summary_fg_mad": 183.4706671771973,
  "summary_fg_mean": 847.2382202148438,
  "summary_fg_median": 839.4193725585938,
  "summary_fg_n": 93873.0,
  "summary_fg_p05": 517.8910400390625,
  "summary_fg_p95": 1194.9132568359373,
  "summary_fg_stdv": 202.94802856445312,
  "tsnr": 15.204599204007536
}