{
  "bids_meta": {
    "AcquisitionNumber": 1,
    "AcquisitionTime": "17:09:28.655000",
    "ConversionSoftware": "dcm2niix",
    "ConversionSoftwareVersion": "v1.0.20170724 (OpenJPEG build) GCC6.1.0",
    "DeviceSerialNumber": "35002",
    "EchoTime": 0.064,
    "EchoTrainLength": 15,
    "FlipAngle": 178,
    "ImageType": [
      "ORIGINAL",
      "PRIMARY",
      "M",
      "ND"
    ],
    "InstitutionAddress": "University_Pkwy_1700_North_685_Provo_FC28C0_UT_US_84601",
    "InstitutionName": "Brigham_Young_University",
    "MagneticFieldStrength": 3,
    "Manufacturer": "Siemens",
    "ManufacturersModelName": "TrioTim",
    "PhaseEncodingDirection": "i-",
    "PhaseEncodingLines": 512,
    "ProcedureStepDescription": "Research_KIRWAN",
    "ProtocolName": "HiRes_T2",
    "RepetitionTime": 6.71,
    "ScanningSequence": "SE",
    "SequenceName": "_tse2d1_15",
    "SequenceVariant": "SK_SP_OSP",
    "SeriesDescription": "HiRes_T2",
    "SoftwareVersions": "syngo_MR_B17",
    "dataset": "ds003711",
    "modality": "T2w",
    "subject_id": "43"
  },
  "cjv": 0.593611917668472,
  "cnr": 0.9630130734993846,
  "efc": 0.5911633849902448,
  "fber": 94.11729098122069,
  "fwhm_avg": 3.651035774161836,
  "fwhm_x": 4.4463104,
  "fwhm_y": 1.8789057224855072,
  "fwhm_z": 4.6278912000000005,
  "icvs_csf": 0.20616445500197497,
  "icvs_gm": 0.5371206262998645,
  "icvs_wm": 0.2567149186981606,
  "inu_med": 1.0515894889831543,
  "inu_range": 0.24924165606498727,
  "provenance": {
    "md5sum": "b5f7ffa5e4f40ee45547e88c539e13da",
    "settings": {
      "testing": false
    },
    "software": "mriqc",
    "version": "22.0.0rc1",
    "warnings": {
      "large_rot_frame": false,
      "small_air_mask": false
    },
    "webapi_port": null,
    "webapi_url": "https://mriqc.nimh.nih.gov/api/v1"
  },
  "qi_1": 0.029719349577695762,
  "qi_2": 8.997361973309907e-05,
  "rpve_csf": 13.380424645356225,
  "rpve_gm": 6.321733119287095,
  "rpve_wm": 12.29034622093388,
  "size_x": 512,
  "size_y": 19,
  "size_z": 512,
  "snr_csf": 4.297441475642667,
  "snr_gm": 10.296733992439927,
  "snr_total": 6.740934254418761,
  "snr_wm": 5.62862729517369,
  "snrd_csf": 20.996450971048834,
  "snrd_gm": 11.62532738113026,
  "snrd_total": 13.47619894002748,
  "snrd_wm": 7.806818467903346,
  "spacing_x": 0.390625,
  "spacing_y": 2.9999961853027344,
  "spacing_z": 0.390625,
  "summary_bg_k": 26.433369673279557,
  "summary_bg_mad": 87.81362502991195,
  "summary_bg_mean": 256.86734419659723,
  "summary_bg_median": 135.93189810216427,
  "summary_bg_n": 1617616.0,
  "summary_bg_p05": 31.272401079535484,
  "summary_bg_p95": 986.8279458135366,
  "summary_bg_stdv": 474.3557384012068,
  "summary_csf_k": 0.9338640753177119,
  "summary_csf_mad": 673.9463234141351,
  "summary_csf_mean": 2881.9464986496682,
  "summary_csf_median": 2814.336885690689,
  "summary_csf_n": 130039.0,
  "summary_csf_p05": 2003.9336690619589,
  "summary_csf_p95": 3902.2490597501387,
  "summary_csf_stdv": 654.8840933599251,
  "summary_gm_k": 0.04503638963365475,
  "summary_gm_mad": 150.38581472596115,
  "summary_gm_mean": 1558.4110486960676,
  "summary_gm_median": 1558.2437099516392,
  "summary_gm_n": 299533.0,
  "summary_gm_p05": 1309.05016438663,
  "summary_gm_p95": 1806.630803912878,
  "summary_gm_stdv": 151.33353060996149,
  "summary_wm_k": 1.1581131591330331,
  "summary_wm_mad": 153.44135689795505,
  "summary_wm_mean": 1019.4043407265448,
  "summary_wm_median": 1046.4157587587833,
  "summary_wm_n": 152916.0,
  "summary_wm_p05": 659.856623351574,
  "summary_wm_p95": 1279.5698779821396,
  "summary_wm_stdv": 185.90897608598283,
  "tpm_overlap_csf": 0.11930578947067261,
  "tpm_overlap_gm": 0.3813672363758087,
  "tpm_overlap_wm": 0.22914688289165497,
  "wm2max": 0.23237658737231698
}