{
  "bids_meta": {
    "AcquisitionNumber": 1,
    "AcquisitionTime": "10:11:16.382500",
    "ConversionSoftware": "dcm2niix",
    "ConversionSoftwareVersion": "v1.0.20170724 (OpenJPEG build) GCC6.1.0",
    "DeviceSerialNumber": "35002",
    "EchoTime": 0.064,
    "EchoTrainLength": 15,
    "FlipAngle": 178,
    "ImageType": [
      "ORIGINAL",
      "PRIMARY",
      "M",
      "ND"
    ],
    "InstitutionAddress": "University_Pkwy_1700_North_685_Provo_FC28C0_UT_US_84601",
    "InstitutionName": "Brigham_Young_University",
    "MagneticFieldStrength": 3,
    "Manufacturer": "Siemens",
    "ManufacturersModelName": "TrioTim",
    "PhaseEncodingDirection": "i-",
    "PhaseEncodingLines": 512,
    "ProcedureStepDescription": "Research_KIRWAN",
    "ProtocolName": "HiRes_T2",
    "RepetitionTime": 6.26,
    "ScanningSequence": "SE",
    "SequenceName": "_tse2d1_15",
    "SequenceVariant": "SK_SP_OSP",
    "SeriesDescription": "HiRes_T2",
    "SoftwareVersions": "syngo_MR_B17",
    "dataset": "ds003711",
    "modality": "T2w",
    "subject_id": "15"
  },
  "cjv": 0.5899207329206345,
  "cnr": 1.0572222461118173,
  "efc": 0.5803007720503628,
  "fber": 141.22364689133153,
  "fwhm_avg": 3.3183360112872475,
  "fwhm_x": 4.041343691669946,
  "fwhm_y": 1.8185091421917976,
  "fwhm_z": 4.0951552,
  "icvs_csf": 0.21767413960685433,
  "icvs_gm": 0.592370531248331,
  "icvs_wm": 0.18995532914481472,
  "inu_med": 1.060363531112671,
  "inu_range": 0.26536587178707116,
  "provenance": {
    "md5sum": "d2d49a511f12696e233ccda4f5197d6a",
    "settings": {
      "testing": false
    },
    "software": "mriqc",
    "version": "22.0.0rc1",
    "warnings": {
      "large_rot_frame": false,
      "small_air_mask": false
    },
    "webapi_port": null,
    "webapi_url": "https://mriqc.nimh.nih.gov/api/v1"
  },
  "qi_1": 0.03948770382233305,
  "qi_2": 0.00010215685354474237,
  "rpve_csf": 12.747933938076708,
  "rpve_gm": 6.105550322715233,
  "rpve_wm": 15.894650810502874,
  "size_x": 512,
  "size_y": 19,
  "size_z": 512,
  "snr_csf": 4.467607080114416,
  "snr_gm": 11.544179505202752,
  "snr_total": 7.0661696740588225,
  "snr_wm": 5.1867224368593,
  "snrd_csf": 22.257798868103976,
  "snrd_gm": 13.381956035161533,
  "snrd_total": 14.883993769234564,
  "snrd_wm": 9.012226404438179,
  "spacing_x": 0.3906250298023224,
  "spacing_y": 3.000006914138794,
  "spacing_z": 0.390625,
  "summary_bg_k": 31.513735109971243,
  "summary_bg_mad": 76.24119584723434,
  "summary_bg_mean": 217.83780091839185,
  "summary_bg_median": 119.354248970747,
  "summary_bg_n": 1473009.0,
  "summary_bg_p05": 27.208415418863297,
  "summary_bg_p95": 754.9428331553936,
  "summary_bg_stdv": 415.06223317296775,
  "summary_csf_k": 0.37319866003444346,
  "summary_csf_mad": 568.6490603843986,
  "summary_csf_mean": 2687.7362547580865,
  "summary_csf_median": 2590.241147875786,
  "summary_csf_n": 125172.0,
  "summary_csf_p05": 1945.5830918848515,
  "summary_csf_p95": 3743.8779616355896,
  "summary_csf_stdv": 579.7803510198776,
  "summary_gm_k": 0.0657449916201478,
  "summary_gm_mad": 134.19526182634897,
  "summary_gm_mean": 1555.4023948633169,
  "summary_gm_median": 1557.3190038576722,
  "summary_gm_n": 344748.0,
  "summary_gm_p05": 1330.582208700478,
  "summary_gm_p95": 1774.623548336327,
  "summary_gm_stdv": 134.90060029994612,
  "summary_wm_k": 1.8749656388777174,
  "summary_wm_mad": 165.79434652493816,
  "summary_wm_mean": 1010.1543676927002,
  "summary_wm_median": 1048.7937196791172,
  "summary_wm_n": 100316.0,
  "summary_wm_p05": 635.6792789027095,
  "summary_wm_p95": 1274.260788783431,
  "summary_wm_stdv": 202.2064039446272,
  "tpm_overlap_csf": 0.07607293874025345,
  "tpm_overlap_gm": 0.3385079503059387,
  "tpm_overlap_wm": 0.14200399816036224,
  "wm2max": 0.25299728712697994
}