{
  "bids_meta": {
    "AcquisitionNumber": 1,
    "AcquisitionTime": "09:06:12.032500",
    "ConversionSoftware": "dcm2niix",
    "ConversionSoftwareVersion": "v1.0.20170724 (OpenJPEG build) GCC6.1.0",
    "DeviceSerialNumber": "35002",
    "EchoTime": 0.00226,
    "FlipAngle": 9,
    "ImageType": [
      "ORIGINAL",
      "PRIMARY",
      "M",
      "ND",
      "NORM"
    ],
    "InstitutionAddress": "University_Pkwy_1700_North_685_Provo_FC28C0_UT_US_84601",
    "InstitutionName": "Brigham_Young_University",
    "InversionTime": 0.9,
    "MagneticFieldStrength": 3,
    "Manufacturer": "Siemens",
    "ManufacturersModelName": "TrioTim",
    "PhaseEncodingDirection": "i-",
    "PhaseEncodingLines": 215,
    "ProcedureStepDescription": "Research_KIRWAN",
    "ProtocolName": "t1_mpr_sag_iso_mprage",
    "RepetitionTime": 1.9,
    "ScanningSequence": "GR_IR",
    "SequenceName": "_tfl3d1_ns",
    "SequenceVariant": "SP_MP_OSP",
    "SeriesDescription": "t1_mpr_sag_iso_mprage",
    "SoftwareVersions": "syngo_MR_B17",
    "dataset": "ds003711",
    "modality": "T1w",
    "subject_id": "15"
  },
  "cjv": 0.334412171903952,
  "cnr": 3.9823908474933156,
  "efc": 0.6026388067832443,
  "fber": 2189.276123046875,
  "fwhm_avg": 4.32829632,
  "fwhm_x": 4.14568,
  "fwhm_y": 4.55497728,
  "fwhm_z": 4.2842316799999995,
  "icvs_csf": 0.20170061239855122,
  "icvs_gm": 0.4248718636528712,
  "icvs_wm": 0.37342752394857753,
  "inu_med": 1.3765455484390259,
  "inu_range": 0.42523164749145503,
  "provenance": {
    "md5sum": "08050609414d8aee6b3b2caebef1c1b4",
    "settings": {
      "testing": false
    },
    "software": "mriqc",
    "version": "22.0.0rc1",
    "warnings": {
      "large_rot_frame": true,
      "small_air_mask": false
    },
    "webapi_port": null,
    "webapi_url": "https://mriqc.nimh.nih.gov/api/v1"
  },
  "qi_1": 0.0,
  "qi_2": 0.006576038143825261,
  "rpve_csf": 20.809659374895872,
  "rpve_gm": 10.530532212289446,
  "rpve_wm": 14.377536940148335,
  "size_x": 176,
  "size_y": 224,
  "size_z": 256,
  "snr_csf": 3.6661335845281022,
  "snr_gm": 13.893800754490625,
  "snr_total": 14.299130893684548,
  "snr_wm": 25.33745834203492,
  "snrd_csf": 33.697442703950614,
  "snrd_gm": 61.99275601472557,
  "snrd_total": 60.01177892707401,
  "snrd_wm": 84.34513806254587,
  "spacing_x": 1.0,
  "spacing_y": 0.9765625,
  "spacing_z": 0.9765625,
  "summary_bg_k": 1.4521548611780029,
  "summary_bg_mad": 7.767366223104768,
  "summary_bg_mean": 12.99609661102295,
  "summary_bg_median": 12.758002281188965,
  "summary_bg_n": 2079365.0,
  "summary_bg_p05": 2.564101219177246,
  "summary_bg_p95": 28.50443267822261,
  "summary_bg_stdv": 8.50512981414795,
  "summary_csf_k": 11.096586367475938,
  "summary_csf_mad": 132.8639036552761,
  "summary_csf_mean": 410.3788146972656,
  "summary_csf_median": 399.52044677734375,
  "summary_csf_n": 20960.0,
  "summary_csf_p05": 255.33757476806642,
  "summary_csf_p95": 579.7445709228515,
  "summary_csf_stdv": 108.9733657836914,
  "summary_gm_k": 0.12214352368419235,
  "summary_gm_mad": 52.09848269437666,
  "summary_gm_mean": 732.0806274414062,
  "summary_gm_median": 734.99267578125,
  "summary_gm_n": 21474.0,
  "summary_gm_p05": 640.0934173583985,
  "summary_gm_p95": 814.5312652587891,
  "summary_gm_stdv": 52.899532318115234,
  "summary_wm_k": 0.6744506095955134,
  "summary_wm_mad": 36.52482504000342,
  "summary_wm_mean": 998.1256103515625,
  "summary_wm_median": 1000.0048828125,
  "summary_wm_n": 242380.0,
  "summary_wm_p05": 929.3172454833984,
  "summary_wm_p95": 1059.2923645019532,
  "summary_wm_stdv": 39.467369079589844,
  "tpm_overlap_csf": 0.1746721714735031,
  "tpm_overlap_gm": 0.45297878980636597,
  "tpm_overlap_wm": 0.5191590785980225,
  "wm2max": 0.4541221939846486
}