{
  "aor": 0.0015232374100719425,
  "aqi": 0.054596345323741004,
  "bids_meta": {
    "AccelFactPE": 2,
    "AcquisitionNumber": 1,
    "AcquisitionTime": "17:04:39.292500",
    "BandwidthPerPixelPhaseEncode": 22.321,
    "ConversionSoftware": "dcm2niix",
    "ConversionSoftwareVersion": "v1.0.20170724 (OpenJPEG build) GCC6.1.0",
    "DeviceSerialNumber": "35002",
    "EchoTime": 0.028,
    "EffectiveEchoSpacing": 0.000350007,
    "FlipAngle": 90,
    "ImageType": [
      "ORIGINAL",
      "PRIMARY",
      "M",
      "ND",
      "MOSAIC"
    ],
    "InstitutionAddress": "University_Pkwy_1700_North_685_Provo_FC28C0_UT_US_84601",
    "InstitutionName": "Brigham_Young_University",
    "MagneticFieldStrength": 3,
    "Manufacturer": "Siemens",
    "ManufacturersModelName": "TrioTim",
    "PhaseEncodingDirection": "j-",
    "PhaseEncodingLines": 128,
    "ProcedureStepDescription": "Research_KIRWAN",
    "ProtocolName": "12Chan_1.8x1.8x1.8_TR1900_29Slice",
    "RepetitionTime": 1.9,
    "ScanningSequence": "EP",
    "SequenceName": "epfid2d1_128",
    "SequenceVariant": "SK",
    "SeriesDescription": "12Chan_1.8x1.8x1.8_TR1900_29Slice",
    "SliceTiming": [
      0,
      0.9875,
      0.0675,
      1.0525,
      0.1325,
      1.12,
      0.1975,
      1.185,
      0.265,
      1.25,
      0.33,
      1.3175,
      0.395,
      1.3825,
      0.4625,
      1.4475,
      0.5275,
      1.515,
      0.5925,
      1.58,
      0.66,
      1.645,
      0.725,
      1.71,
      0.79,
      1.7775,
      0.855,
      1.8425,
      0.9225
    ],
    "SoftwareVersions": "syngo_MR_B17",
    "TaskName": "MST",
    "TotalReadoutTime": 0.0437508,
    "TrueEchoSpacing": 0.000700013,
    "dataset": "ds003711",
    "modality": "bold",
    "run_id": 3,
    "subject_id": "04",
    "task_id": "MST"
  },
  "dummy_trs": 1,
  "dvars_nstd": 93.60202847129963,
  "dvars_std": 1.066259164476535,
  "dvars_vstd": 1.0271696850180512,
  "efc": 0.6696406937340397,
  "fber": 74.50847625732422,
  "fd_mean": 0.13775449606117118,
  "fd_num": 27,
  "fd_perc": 9.712230215827338,
  "fwhm_avg": 2.317215484052754,
  "fwhm_x": 2.1815900884955752,
  "fwhm_y": 2.4745118584070798,
  "fwhm_z": 2.2955445052556067,
  "gcor": 0.00590755,
  "gsr_x": -0.025767892599105835,
  "gsr_y": 0.06923911720514297,
  "provenance": {
    "md5sum": "9ad6a23d1b9dd5f66b7a5b9740e7962c",
    "settings": {
      "fd_thres": 0.2,
      "testing": false
    },
    "software": "mriqc",
    "version": "22.0.0rc1",
    "webapi_port": null,
    "webapi_url": "https://mriqc.nimh.nih.gov/api/v1"
  },
  "size_t": 278,
  "size_x": 128,
  "size_y": 128,
  "size_z": 29,
  "snr": 4.409354383526527,
  "spacing_tr": 1.899999976158142,
  "spacing_x": 1.765625,
  "spacing_y": 1.765625,
  "spacing_z": 1.7999999523162842,
  "summary_bg_k": 22.206436543494938,
  "summary_bg_mad": 19.03384708498952,
  "summary_bg_mean": 125.69757080078125,
  "summary_bg_median": 91.70503997802734,
  "summary_bg_n": 298097.0,
  "summary_bg_p05": 73.5215835571289,
  "summary_bg_p95": 322.1338317871096,
  "summary_bg_stdv": 102.26986694335938,
  "summary_fg_k": 1.44783047787329,
  "summary_fg_mad": 152.42008659572025,
  "summary_fg_mean": 810.6483764648438,
  "summary_fg_median": 799.7122192382812,
  "summary_fg_n": 105677.0,
  "summary_fg_p05": 537.4510864257812,
  "summary_fg_p95": 1126.594287109375,
  "summary_fg_stdv": 181.3663330078125,
  "tsnr": 14.117537566111423
}