{
  "aor": 0.0006708243727598566,
  "aqi": 0.057857087813620076,
  "bids_meta": {
    "AccelFactPE": 2,
    "AcquisitionNumber": 1,
    "AcquisitionTime": "17:14:50.087500",
    "BandwidthPerPixelPhaseEncode": 22.321,
    "ConversionSoftware": "dcm2niix",
    "ConversionSoftwareVersion": "v1.0.20170724 (OpenJPEG build) GCC6.1.0",
    "DeviceSerialNumber": "35002",
    "EchoTime": 0.028,
    "EffectiveEchoSpacing": 0.000350007,
    "FlipAngle": 90,
    "ImageType": [
      "ORIGINAL",
      "PRIMARY",
      "M",
      "ND",
      "MOSAIC"
    ],
    "InstitutionAddress": "University_Pkwy_1700_North_685_Provo_FC28C0_UT_US_84601",
    "InstitutionName": "Brigham_Young_University",
    "MagneticFieldStrength": 3,
    "Manufacturer": "Siemens",
    "ManufacturersModelName": "TrioTim",
    "PhaseEncodingDirection": "j-",
    "PhaseEncodingLines": 128,
    "ProcedureStepDescription": "Research_KIRWAN",
    "ProtocolName": "12Chan_1.8x1.8x1.8_TR1900_29Slice",
    "RepetitionTime": 1.9,
    "ScanningSequence": "EP",
    "SequenceName": "epfid2d1_128",
    "SequenceVariant": "SK",
    "SeriesDescription": "12Chan_1.8x1.8x1.8_TR1900_29Slice",
    "SliceTiming": [
      0,
      0.985,
      0.065,
      1.0525,
      0.13,
      1.1175,
      0.1975,
      1.1825,
      0.2625,
      1.25,
      0.3275,
      1.315,
      0.395,
      1.38,
      0.46,
      1.4475,
      0.525,
      1.5125,
      0.5925,
      1.5775,
      0.6575,
      1.645,
      0.7225,
      1.71,
      0.79,
      1.775,
      0.855,
      1.84,
      0.92
    ],
    "SoftwareVersions": "syngo_MR_B17",
    "TaskName": "MST",
    "TotalReadoutTime": 0.0437508,
    "TrueEchoSpacing": 0.000700013,
    "dataset": "ds003711",
    "modality": "bold",
    "run_id": 4,
    "subject_id": "04",
    "task_id": "MST"
  },
  "dummy_trs": 0,
  "dvars_nstd": 93.08372335625899,
  "dvars_std": 1.0426955057553953,
  "dvars_vstd": 1.0056759803597128,
  "efc": 0.6716280467594072,
  "fber": 75.65323638916016,
  "fd_mean": 0.13181851667102293,
  "fd_num": 23,
  "fd_perc": 8.243727598566307,
  "fwhm_avg": 2.2009733617205867,
  "fwhm_x": 2.0926074336283187,
  "fwhm_y": 2.40909592920354,
  "fwhm_z": 2.1012167223299008,
  "gcor": 0.00357574,
  "gsr_x": -0.02894291654229164,
  "gsr_y": 0.06840212643146515,
  "provenance": {
    "md5sum": "5fab65f7b3ac8c94d01f8af3a61a2939",
    "settings": {
      "fd_thres": 0.2,
      "testing": false
    },
    "software": "mriqc",
    "version": "22.0.0rc1",
    "webapi_port": null,
    "webapi_url": "https://mriqc.nimh.nih.gov/api/v1"
  },
  "size_t": 279,
  "size_x": 128,
  "size_y": 128,
  "size_z": 29,
  "snr": 4.577149261456619,
  "spacing_tr": 1.899999976158142,
  "spacing_x": 1.765625,
  "spacing_y": 1.765625,
  "spacing_z": 1.7999999523162842,
  "summary_bg_k": 19.12738643337708,
  "summary_bg_mad": 18.306685172309077,
  "summary_bg_mean": 128.27037048339844,
  "summary_bg_median": 91.93907165527344,
  "summary_bg_n": 299971.0,
  "summary_bg_p05": 74.73118591308594,
  "summary_bg_p95": 347.27239990234375,
  "summary_bg_stdv": 106.55205535888672,
  "summary_fg_k": 1.3638843663180351,
  "summary_fg_mad": 151.13244693091156,
  "summary_fg_mean": 815.1432495117188,
  "summary_fg_median": 804.4337158203125,
  "summary_fg_n": 106296.0,
  "summary_fg_p05": 551.2562713623047,
  "summary_fg_p95": 1118.9283142089844,
  "summary_fg_stdv": 175.74911499023438,
  "tsnr": 14.432900326384697
}