{
  "aor": 0.001273405017921147,
  "aqi": 0.0589423229390681,
  "bids_meta": {
    "AccelFactPE": 2,
    "AcquisitionNumber": 1,
    "AcquisitionTime": "16:44:41.820000",
    "BandwidthPerPixelPhaseEncode": 22.321,
    "ConversionSoftware": "dcm2niix",
    "ConversionSoftwareVersion": "v1.0.20170724 (OpenJPEG build) GCC6.1.0",
    "DeviceSerialNumber": "35002",
    "EchoTime": 0.028,
    "EffectiveEchoSpacing": 0.000350007,
    "FlipAngle": 90,
    "ImageType": [
      "ORIGINAL",
      "PRIMARY",
      "M",
      "ND",
      "MOSAIC"
    ],
    "InstitutionAddress": "University_Pkwy_1700_North_685_Provo_FC28C0_UT_US_84601",
    "InstitutionName": "Brigham_Young_University",
    "MagneticFieldStrength": 3,
    "Manufacturer": "Siemens",
    "ManufacturersModelName": "TrioTim",
    "PhaseEncodingDirection": "j-",
    "PhaseEncodingLines": 128,
    "ProcedureStepDescription": "Research_KIRWAN",
    "ProtocolName": "12Chan_1.8x1.8x1.8_TR1900_29Slice",
    "RepetitionTime": 1.9,
    "ScanningSequence": "EP",
    "SequenceName": "epfid2d1_128",
    "SequenceVariant": "SK",
    "SeriesDescription": "12Chan_1.8x1.8x1.8_TR1900_29Slice",
    "SliceTiming": [
      0,
      0.985,
      0.065,
      1.0525,
      0.13,
      1.1175,
      0.1975,
      1.1825,
      0.2625,
      1.25,
      0.3275,
      1.315,
      0.395,
      1.38,
      0.46,
      1.445,
      0.525,
      1.5125,
      0.5925,
      1.5775,
      0.6575,
      1.6425,
      0.7225,
      1.71,
      0.7875,
      1.775,
      0.855,
      1.84,
      0.92
    ],
    "SoftwareVersions": "syngo_MR_B17",
    "TaskName": "MST",
    "TotalReadoutTime": 0.0437508,
    "TrueEchoSpacing": 0.000700013,
    "dataset": "ds003711",
    "modality": "bold",
    "run_id": 1,
    "subject_id": "04",
    "task_id": "MST"
  },
  "dummy_trs": 0,
  "dvars_nstd": 81.5554089717986,
  "dvars_std": 1.01669768,
  "dvars_vstd": 0.9857239669424462,
  "efc": 0.6526187809594998,
  "fber": 95.7130355834961,
  "fd_mean": 0.1355075019740475,
  "fd_num": 29,
  "fd_perc": 10.394265232974911,
  "fwhm_avg": 2.3258319579052427,
  "fwhm_x": 2.1773026548672565,
  "fwhm_y": 2.4406598230088496,
  "fwhm_z": 2.3595333958396223,
  "gcor": 0.0106804,
  "gsr_x": -0.02253975346684456,
  "gsr_y": 0.06537607312202454,
  "provenance": {
    "md5sum": "3677d3f0508a73cd632139778463c989",
    "settings": {
      "fd_thres": 0.2,
      "testing": false
    },
    "software": "mriqc",
    "version": "22.0.0rc1",
    "webapi_port": null,
    "webapi_url": "https://mriqc.nimh.nih.gov/api/v1"
  },
  "size_t": 279,
  "size_x": 128,
  "size_y": 128,
  "size_z": 29,
  "snr": 4.39654106553907,
  "spacing_tr": 1.899999976158142,
  "spacing_x": 1.765625,
  "spacing_y": 1.765625,
  "spacing_z": 1.7999999523162842,
  "summary_bg_k": 17.707268994080486,
  "summary_bg_mad": 12.04681039543623,
  "summary_bg_mean": 119.86456298828125,
  "summary_bg_median": 81.65591430664062,
  "summary_bg_n": 302495.0,
  "summary_bg_p05": 70.36559295654297,
  "summary_bg_p95": 342.2336944580076,
  "summary_bg_stdv": 105.81785583496094,
  "summary_fg_k": 1.623295624629554,
  "summary_fg_mad": 152.31480048236386,
  "summary_fg_mean": 816.04052734375,
  "summary_fg_median": 801.0018310546875,
  "summary_fg_n": 102176.0,
  "summary_fg_p05": 552.3933868408203,
  "summary_fg_p95": 1139.6532592773438,
  "summary_fg_stdv": 182.18820190429688,
  "tsnr": 15.129293541423976
}