{
  "aor": 0.00032774193548387097,
  "aqi": 0.029020815770609318,
  "bids_meta": {
    "AccelFactPE": 2,
    "AcquisitionNumber": 1,
    "AcquisitionTime": "13:34:57.720000",
    "BandwidthPerPixelPhaseEncode": 22.321,
    "ConversionSoftware": "dcm2niix",
    "ConversionSoftwareVersion": "v1.0.20170724 (OpenJPEG build) GCC6.1.0",
    "DeviceSerialNumber": "35002",
    "EchoTime": 0.028,
    "EffectiveEchoSpacing": 0.000350007,
    "FlipAngle": 90,
    "ImageType": [
      "ORIGINAL",
      "PRIMARY",
      "M",
      "ND",
      "MOSAIC"
    ],
    "InstitutionAddress": "University_Pkwy_1700_North_685_Provo_FC28C0_UT_US_84601",
    "InstitutionName": "Brigham_Young_University",
    "MagneticFieldStrength": 3,
    "Manufacturer": "Siemens",
    "ManufacturersModelName": "TrioTim",
    "PhaseEncodingDirection": "j-",
    "PhaseEncodingLines": 128,
    "ProcedureStepDescription": "Research_KIRWAN",
    "ProtocolName": "12Chan_1.8x1.8x1.8_TR1900_29Slice",
    "RepetitionTime": 1.9,
    "ScanningSequence": "EP",
    "SequenceName": "epfid2d1_128",
    "SequenceVariant": "SK",
    "SeriesDescription": "12Chan_1.8x1.8x1.8_TR1900_29Slice",
    "SliceTiming": [
      0,
      0.985,
      0.065,
      1.05,
      0.13,
      1.1175,
      0.195,
      1.1825,
      0.2625,
      1.2475,
      0.3275,
      1.315,
      0.3925,
      1.38,
      0.46,
      1.445,
      0.525,
      1.5125,
      0.59,
      1.5775,
      0.6575,
      1.6425,
      0.7225,
      1.71,
      0.7875,
      1.775,
      0.855,
      1.84,
      0.92
    ],
    "SoftwareVersions": "syngo_MR_B17",
    "TaskName": "MST",
    "TotalReadoutTime": 0.0437508,
    "TrueEchoSpacing": 0.000700013,
    "dataset": "ds003711",
    "modality": "bold",
    "run_id": 1,
    "subject_id": "13",
    "task_id": "MST"
  },
  "dummy_trs": 0,
  "dvars_nstd": 69.753603132518,
  "dvars_std": 1.021184250359712,
  "dvars_vstd": 0.9995175966187045,
  "efc": 0.6211241778775143,
  "fber": 120.22400665283203,
  "fd_mean": 0.07124344315970328,
  "fd_num": 0,
  "fd_perc": 0.0,
  "fwhm_avg": 2.5014035662631846,
  "fwhm_x": 2.365224778761062,
  "fwhm_y": 2.515913628318584,
  "fwhm_z": 2.6230722917099074,
  "gcor": 0.00975607,
  "gsr_x": -0.01288482453674078,
  "gsr_y": 0.03323116898536682,
  "provenance": {
    "md5sum": "1f23b1085fb36c8567a2edc265194f2a",
    "settings": {
      "fd_thres": 0.2,
      "testing": false
    },
    "software": "mriqc",
    "version": "22.0.0rc1",
    "webapi_port": null,
    "webapi_url": "https://mriqc.nimh.nih.gov/api/v1"
  },
  "size_t": 279,
  "size_x": 128,
  "size_y": 128,
  "size_z": 29,
  "snr": 4.5231788239014,
  "spacing_tr": 1.899999976158142,
  "spacing_x": 1.765625,
  "spacing_y": 1.765625,
  "spacing_z": 1.7999999523162842,
  "summary_bg_k": 27.29878920841769,
  "summary_bg_mad": 12.089318476011366,
  "summary_bg_mean": 100.39306640625,
  "summary_bg_median": 76.08960723876953,
  "summary_bg_n": 312611.0,
  "summary_bg_p05": 63.67741775512695,
  "summary_bg_p95": 232.57884979248047,
  "summary_bg_stdv": 76.96343994140625,
  "summary_fg_k": 0.8168529686231545,
  "summary_fg_mad": 170.3451491968628,
  "summary_fg_mean": 847.7926635742188,
  "summary_fg_median": 845.15771484375,
  "summary_fg_n": 91413.0,
  "summary_fg_p05": 552.2609252929688,
  "summary_fg_p95": 1156.0695068359373,
  "summary_fg_stdv": 186.849365234375,
  "tsnr": 19.166568229324184
}