{
  "aor": 0.00030917562724014336,
  "aqi": 0.0388258100358423,
  "bids_meta": {
    "AccelFactPE": 2,
    "AcquisitionNumber": 1,
    "AcquisitionTime": "14:07:26.385000",
    "BandwidthPerPixelPhaseEncode": 22.321,
    "ConversionSoftware": "dcm2niix",
    "ConversionSoftwareVersion": "v1.0.20170724 (OpenJPEG build) GCC6.1.0",
    "DeviceSerialNumber": "35002",
    "EchoTime": 0.028,
    "EffectiveEchoSpacing": 0.000350007,
    "FlipAngle": 90,
    "ImageType": [
      "ORIGINAL",
      "PRIMARY",
      "M",
      "ND",
      "MOSAIC"
    ],
    "InstitutionAddress": "University_Pkwy_1700_North_685_Provo_FC28C0_UT_US_84601",
    "InstitutionName": "Brigham_Young_University",
    "MagneticFieldStrength": 3,
    "Manufacturer": "Siemens",
    "ManufacturersModelName": "TrioTim",
    "PhaseEncodingDirection": "j-",
    "PhaseEncodingLines": 128,
    "ProcedureStepDescription": "Research_KIRWAN",
    "ProtocolName": "12Chan_1.8x1.8x1.8_TR1900_29Slice",
    "RepetitionTime": 1.9,
    "ScanningSequence": "EP",
    "SequenceName": "epfid2d1_128",
    "SequenceVariant": "SK",
    "SeriesDescription": "12Chan_1.8x1.8x1.8_TR1900_29Slice",
    "SliceTiming": [
      0,
      0.9875,
      0.0675,
      1.0525,
      0.1325,
      1.1175,
      0.1975,
      1.185,
      0.2625,
      1.25,
      0.33,
      1.315,
      0.395,
      1.3825,
      0.46,
      1.4475,
      0.5275,
      1.5125,
      0.5925,
      1.58,
      0.6575,
      1.645,
      0.725,
      1.71,
      0.79,
      1.775,
      0.855,
      1.8425,
      0.9225
    ],
    "SoftwareVersions": "syngo_MR_B17",
    "TaskName": "MST",
    "TotalReadoutTime": 0.0437508,
    "TrueEchoSpacing": 0.000700013,
    "dataset": "ds003711",
    "modality": "bold",
    "run_id": 4,
    "subject_id": "13",
    "task_id": "MST"
  },
  "dummy_trs": 0,
  "dvars_nstd": 86.63421921751798,
  "dvars_std": 1.0414332320503603,
  "dvars_vstd": 1.005900018669065,
  "efc": 0.6405791782605819,
  "fber": 89.83936309814453,
  "fd_mean": 0.07893517044575729,
  "fd_num": 5,
  "fd_perc": 1.7921146953405018,
  "fwhm_avg": 2.422739890422091,
  "fwhm_x": 2.3341366371681413,
  "fwhm_y": 2.4962718584070793,
  "fwhm_z": 2.437811175691053,
  "gcor": 0.00431575,
  "gsr_x": -0.019154420122504234,
  "gsr_y": 0.04327433556318283,
  "provenance": {
    "md5sum": "2d63bc9daf21c0df4a7944c4dfa37cee",
    "settings": {
      "fd_thres": 0.2,
      "testing": false
    },
    "software": "mriqc",
    "version": "22.0.0rc1",
    "webapi_port": null,
    "webapi_url": "https://mriqc.nimh.nih.gov/api/v1"
  },
  "size_t": 279,
  "size_x": 128,
  "size_y": 128,
  "size_z": 29,
  "snr": 4.550209919414281,
  "spacing_tr": 1.899999976158142,
  "spacing_x": 1.765625,
  "spacing_y": 1.765625,
  "spacing_z": 1.7999999523162842,
  "summary_bg_k": 27.152121095529168,
  "summary_bg_mad": 20.09749925337755,
  "summary_bg_mean": 110.85562133789062,
  "summary_bg_median": 86.91756439208984,
  "summary_bg_n": 313266.0,
  "summary_bg_p05": 68.22222137451172,
  "summary_bg_p95": 245.1971321105957,
  "summary_bg_stdv": 77.69794464111328,
  "summary_fg_k": 0.717326334561911,
  "summary_fg_mad": 167.04512858501818,
  "summary_fg_mean": 835.6943969726562,
  "summary_fg_median": 835.18994140625,
  "summary_fg_n": 90977.0,
  "summary_fg_p05": 539.739794921875,
  "summary_fg_p95": 1138.085986328125,
  "summary_fg_stdv": 183.5487518310547,
  "tsnr": 16.327883416728582
}