{
  "bids_meta": {
    "AcquisitionNumber": 1,
    "AcquisitionTime": "14:28:57.235000",
    "ConversionSoftware": "dcm2niix",
    "ConversionSoftwareVersion": "v1.0.20170724 (OpenJPEG build) GCC6.1.0",
    "DeviceSerialNumber": "35002",
    "EchoTime": 0.00226,
    "FlipAngle": 9,
    "ImageType": [
      "ORIGINAL",
      "PRIMARY",
      "M",
      "ND",
      "NORM"
    ],
    "InstitutionAddress": "University_Pkwy_1700_North_685_Provo_FC28C0_UT_US_84601",
    "InstitutionName": "Brigham_Young_University",
    "InversionTime": 0.9,
    "MagneticFieldStrength": 3,
    "Manufacturer": "Siemens",
    "ManufacturersModelName": "TrioTim",
    "PhaseEncodingDirection": "i-",
    "PhaseEncodingLines": 215,
    "ProcedureStepDescription": "Research_KIRWAN",
    "ProtocolName": "t1_mpr_sag_iso_mprage",
    "RepetitionTime": 1.9,
    "ScanningSequence": "GR_IR",
    "SequenceName": "_tfl3d1_ns",
    "SequenceVariant": "SP_MP_OSP",
    "SeriesDescription": "t1_mpr_sag_iso_mprage",
    "SoftwareVersions": "syngo_MR_B17",
    "dataset": "ds003711",
    "modality": "T1w",
    "subject_id": "39"
  },
  "cjv": 0.3553095472589605,
  "cnr": 3.7938904938275466,
  "efc": 0.6506548764029508,
  "fber": 1284.7459716796875,
  "fwhm_avg": 4.43946552,
  "fwhm_x": 4.14521,
  "fwhm_y": 4.8685568,
  "fwhm_z": 4.30462976,
  "icvs_csf": 0.1915551443452562,
  "icvs_gm": 0.43195890138147836,
  "icvs_wm": 0.3764859542732655,
  "inu_med": 1.2882461547851562,
  "inu_range": 0.5318881332874297,
  "provenance": {
    "md5sum": "b54e2ba529873e14a947b3e56cf8b21d",
    "settings": {
      "testing": false
    },
    "software": "mriqc",
    "version": "22.0.0rc1",
    "warnings": {
      "large_rot_frame": true,
      "small_air_mask": false
    },
    "webapi_port": null,
    "webapi_url": "https://mriqc.nimh.nih.gov/api/v1"
  },
  "qi_1": 0.0,
  "qi_2": 0.0044931471570058105,
  "rpve_csf": 19.81534715552345,
  "rpve_gm": 9.470810473122524,
  "rpve_wm": 12.755025295669473,
  "size_x": 176,
  "size_y": 224,
  "size_z": 256,
  "snr_csf": 3.0694926006638794,
  "snr_gm": 14.094478114464666,
  "snr_total": 12.766923723481966,
  "snr_wm": 21.136800455317353,
  "snrd_csf": 20.530019995630038,
  "snrd_gm": 44.06258069762645,
  "snrd_total": 41.65116305912908,
  "snrd_wm": 60.36088848413074,
  "spacing_x": 1.0,
  "spacing_y": 0.9765625,
  "spacing_z": 0.9765625,
  "summary_bg_k": 13.144297246489103,
  "summary_bg_mad": 10.853819926402565,
  "summary_bg_mean": 17.606822967529297,
  "summary_bg_median": 14.536998748779297,
  "summary_bg_n": 1804301.0,
  "summary_bg_p05": 3.571580171585083,
  "summary_bg_p95": 39.57304763793945,
  "summary_bg_stdv": 12.025703430175781,
  "summary_csf_k": 3.3251469086700185,
  "summary_csf_mad": 113.73791425406384,
  "summary_csf_mean": 362.4034118652344,
  "summary_csf_median": 340.1263427734375,
  "summary_csf_n": 22991.0,
  "summary_csf_p05": 215.60042572021484,
  "summary_csf_p95": 561.0522155761719,
  "summary_csf_stdv": 110.80624389648438,
  "summary_gm_k": 0.12916886850680998,
  "summary_gm_mad": 50.64904537535118,
  "summary_gm_mean": 730.13671875,
  "summary_gm_median": 729.99658203125,
  "summary_gm_n": 35368.0,
  "summary_gm_p05": 644.3689239501953,
  "summary_gm_p95": 814.3882385253906,
  "summary_gm_stdv": 51.7923583984375,
  "summary_wm_k": 0.32758563325306156,
  "summary_wm_mad": 45.291081669435854,
  "summary_wm_mean": 999.3718872070312,
  "summary_wm_median": 1000.0150146484375,
  "summary_wm_n": 250760.0,
  "summary_wm_p05": 920.1180145263672,
  "summary_wm_p95": 1076.0293395996093,
  "summary_wm_stdv": 47.311466217041016,
  "tpm_overlap_csf": 0.15631987154483795,
  "tpm_overlap_gm": 0.4517851173877716,
  "tpm_overlap_wm": 0.4890550374984741,
  "wm2max": 0.3768989625791519
}