{
  "bids_meta": {
    "AcquisitionNumber": 1,
    "AcquisitionTime": "14:58:32.602500",
    "ConversionSoftware": "dcm2niix",
    "ConversionSoftwareVersion": "v1.0.20170724 (OpenJPEG build) GCC6.1.0",
    "DeviceSerialNumber": "35002",
    "EchoTime": 0.00226,
    "FlipAngle": 9,
    "ImageType": [
      "ORIGINAL",
      "PRIMARY",
      "M",
      "ND",
      "NORM"
    ],
    "InstitutionAddress": "University_Pkwy_1700_North_685_Provo_FC28C0_UT_US_84601",
    "InstitutionName": "Brigham_Young_University",
    "InversionTime": 0.9,
    "MagneticFieldStrength": 3,
    "Manufacturer": "Siemens",
    "ManufacturersModelName": "TrioTim",
    "PhaseEncodingDirection": "i-",
    "PhaseEncodingLines": 215,
    "ProcedureStepDescription": "Research_KIRWAN",
    "ProtocolName": "t1_mpr_sag_iso_mprage",
    "RepetitionTime": 1.9,
    "ScanningSequence": "GR_IR",
    "SequenceName": "_tfl3d1_ns",
    "SequenceVariant": "SP_MP_OSP",
    "SeriesDescription": "t1_mpr_sag_iso_mprage",
    "SoftwareVersions": "syngo_MR_B17",
    "dataset": "ds003711",
    "modality": "T1w",
    "subject_id": "38"
  },
  "cjv": 0.3389613396284502,
  "cnr": 3.969101262804019,
  "efc": 0.6142391079583975,
  "fber": 1633.99169921875,
  "fwhm_avg": 4.2540323466666665,
  "fwhm_x": 4.14057,
  "fwhm_y": 4.429199359999999,
  "fwhm_z": 4.19232768,
  "icvs_csf": 0.18488164864815382,
  "icvs_gm": 0.44560875335907524,
  "icvs_wm": 0.36950959799277094,
  "inu_med": 1.3375401496887207,
  "inu_range": 0.43810707330703735,
  "provenance": {
    "md5sum": "5abddf117f1c5d159e0086b3a96175af",
    "settings": {
      "testing": false
    },
    "software": "mriqc",
    "version": "22.0.0rc1",
    "warnings": {
      "large_rot_frame": true,
      "small_air_mask": false
    },
    "webapi_port": null,
    "webapi_url": "https://mriqc.nimh.nih.gov/api/v1"
  },
  "qi_1": 0.0,
  "qi_2": 0.006172354466270371,
  "rpve_csf": 20.73099648227127,
  "rpve_gm": 9.577579204685723,
  "rpve_wm": 13.53391224528754,
  "size_x": 176,
  "size_y": 224,
  "size_z": 256,
  "snr_csf": 1.8601906533807537,
  "snr_gm": 14.049019077664937,
  "snr_total": 13.42748016764674,
  "snr_wm": 24.37323077189453,
  "snrd_csf": 37.71118527087633,
  "snrd_gm": 62.022512747910966,
  "snrd_total": 61.40682581341218,
  "snrd_wm": 84.48677942144926,
  "spacing_x": 1.0,
  "spacing_y": 0.9765625,
  "spacing_z": 0.9765625,
  "summary_bg_k": 1.5970141960303614,
  "summary_bg_mad": 7.754390682410316,
  "summary_bg_mean": 13.15217113494873,
  "summary_bg_median": 12.863146781921387,
  "summary_bg_n": 1765088.0,
  "summary_bg_p05": 2.5777209639549254,
  "summary_bg_p95": 28.69870738983154,
  "summary_bg_stdv": 8.602616310119629,
  "summary_csf_k": 30.726605741865235,
  "summary_csf_mad": 148.2764649595825,
  "summary_csf_mean": 472.171630859375,
  "summary_csf_median": 446.36090087890625,
  "summary_csf_n": 19345.0,
  "summary_csf_p05": 273.5164367675781,
  "summary_csf_p95": 639.3334228515624,
  "summary_csf_stdv": 239.94818115234375,
  "summary_gm_k": 0.06295355723742935,
  "summary_gm_mad": 51.864292353709395,
  "summary_gm_mean": 733.6878662109375,
  "summary_gm_median": 734.1170654296875,
  "summary_gm_n": 36522.0,
  "summary_gm_p05": 646.72421875,
  "summary_gm_p95": 818.570932006836,
  "summary_gm_stdv": 52.253257751464844,
  "summary_wm_k": 0.6418540783022362,
  "summary_wm_mad": 38.2634258959695,
  "summary_wm_mean": 999.0298461914062,
  "summary_wm_median": 1000.0108642578125,
  "summary_wm_n": 242702.0,
  "summary_wm_p05": 929.7997161865235,
  "summary_wm_p95": 1064.0457397460937,
  "summary_wm_stdv": 41.02898025512695,
  "tpm_overlap_csf": 0.16289813816547394,
  "tpm_overlap_gm": 0.47049733996391296,
  "tpm_overlap_wm": 0.5037834048271179,
  "wm2max": 0.44716914934414426
}