{
  "aor": 0.00032888888888888887,
  "aqi": 0.034777792473118276,
  "bids_meta": {
    "AccelFactPE": 2,
    "AcquisitionNumber": 1,
    "AcquisitionTime": "14:11:50.957500",
    "BandwidthPerPixelPhaseEncode": 22.321,
    "ConversionSoftware": "dcm2niix",
    "ConversionSoftwareVersion": "v1.0.20170724 (OpenJPEG build) GCC6.1.0",
    "DeviceSerialNumber": "35002",
    "EchoTime": 0.028,
    "EffectiveEchoSpacing": 0.000350007,
    "FlipAngle": 90,
    "ImageType": [
      "ORIGINAL",
      "PRIMARY",
      "M",
      "ND",
      "MOSAIC"
    ],
    "InstitutionAddress": "University_Pkwy_1700_North_685_Provo_FC28C0_UT_US_84601",
    "InstitutionName": "Brigham_Young_University",
    "MagneticFieldStrength": 3,
    "Manufacturer": "Siemens",
    "ManufacturersModelName": "TrioTim",
    "PhaseEncodingDirection": "j-",
    "PhaseEncodingLines": 128,
    "ProcedureStepDescription": "Research_KIRWAN",
    "ProtocolName": "12Chan_1.8x1.8x1.8_TR1900_29Slice",
    "RepetitionTime": 1.9,
    "ScanningSequence": "EP",
    "SequenceName": "epfid2d1_128",
    "SequenceVariant": "SK",
    "SeriesDescription": "12Chan_1.8x1.8x1.8_TR1900_29Slice",
    "SliceTiming": [
      0,
      0.9875,
      0.0675,
      1.0525,
      0.1325,
      1.12,
      0.1975,
      1.185,
      0.265,
      1.25,
      0.33,
      1.315,
      0.395,
      1.3825,
      0.4625,
      1.4475,
      0.5275,
      1.5125,
      0.5925,
      1.58,
      0.6575,
      1.645,
      0.725,
      1.71,
      0.79,
      1.7775,
      0.855,
      1.8425,
      0.9225
    ],
    "SoftwareVersions": "syngo_MR_B17",
    "TaskName": "MST",
    "TotalReadoutTime": 0.0437508,
    "TrueEchoSpacing": 0.000700013,
    "dataset": "ds003711",
    "modality": "bold",
    "run_id": 2,
    "subject_id": "18",
    "task_id": "MST"
  },
  "dummy_trs": 0,
  "dvars_nstd": 93.40119827050354,
  "dvars_std": 1.0556306692805757,
  "dvars_vstd": 1.003958195431654,
  "efc": 0.6685807937975722,
  "fber": 70.1927261352539,
  "fd_mean": 0.07584459659583337,
  "fd_num": 4,
  "fd_perc": 1.4336917562724014,
  "fwhm_avg": 2.77658077790626,
  "fwhm_x": 2.6347100884955754,
  "fwhm_y": 2.8095490265486727,
  "fwhm_z": 2.885483218674532,
  "gcor": 0.00384414,
  "gsr_x": -0.0336984358727932,
  "gsr_y": 0.0837356373667717,
  "provenance": {
    "md5sum": "2ffd874a4261e7528aa9ed7ccddbca6a",
    "settings": {
      "fd_thres": 0.2,
      "testing": false
    },
    "software": "mriqc",
    "version": "22.0.0rc1",
    "webapi_port": null,
    "webapi_url": "https://mriqc.nimh.nih.gov/api/v1"
  },
  "size_t": 279,
  "size_x": 128,
  "size_y": 128,
  "size_z": 29,
  "snr": 3.759945728609047,
  "spacing_tr": 1.899999976158142,
  "spacing_x": 1.765625,
  "spacing_y": 1.765625,
  "spacing_z": 1.8000000715255737,
  "summary_bg_k": 11.519019323450975,
  "summary_bg_mad": 22.345314790379124,
  "summary_bg_mean": 125.3138656616211,
  "summary_bg_median": 93.0179214477539,
  "summary_bg_n": 301593.0,
  "summary_bg_p05": 72.86380004882812,
  "summary_bg_p95": 321.3089538574215,
  "summary_bg_stdv": 86.57352447509766,
  "summary_fg_k": 0.8774775561082828,
  "summary_fg_mad": 184.78061283851852,
  "summary_fg_mean": 807.5065307617188,
  "summary_fg_median": 790.5250854492188,
  "summary_fg_n": 104504.0,
  "summary_fg_p05": 497.08350372314453,
  "summary_fg_p95": 1186.3392639160154,
  "summary_fg_stdv": 210.24806213378906,
  "tsnr": 15.149463614914566
}