{
  "aor": 0.00037236559139784946,
  "aqi": 0.02970194121863799,
  "bids_meta": {
    "AccelFactPE": 2,
    "AcquisitionNumber": 1,
    "AcquisitionTime": "14:01:19.612500",
    "BandwidthPerPixelPhaseEncode": 22.321,
    "ConversionSoftware": "dcm2niix",
    "ConversionSoftwareVersion": "v1.0.20170724 (OpenJPEG build) GCC6.1.0",
    "DeviceSerialNumber": "35002",
    "EchoTime": 0.028,
    "EffectiveEchoSpacing": 0.000350007,
    "FlipAngle": 90,
    "ImageType": [
      "ORIGINAL",
      "PRIMARY",
      "M",
      "ND",
      "MOSAIC"
    ],
    "InstitutionAddress": "University_Pkwy_1700_North_685_Provo_FC28C0_UT_US_84601",
    "InstitutionName": "Brigham_Young_University",
    "MagneticFieldStrength": 3,
    "Manufacturer": "Siemens",
    "ManufacturersModelName": "TrioTim",
    "PhaseEncodingDirection": "j-",
    "PhaseEncodingLines": 128,
    "ProcedureStepDescription": "Research_KIRWAN",
    "ProtocolName": "12Chan_1.8x1.8x1.8_TR1900_29Slice",
    "RepetitionTime": 1.9,
    "ScanningSequence": "EP",
    "SequenceName": "epfid2d1_128",
    "SequenceVariant": "SK",
    "SeriesDescription": "12Chan_1.8x1.8x1.8_TR1900_29Slice",
    "SliceTiming": [
      0,
      0.9875,
      0.065,
      1.0525,
      0.1325,
      1.1175,
      0.1975,
      1.185,
      0.2625,
      1.25,
      0.33,
      1.315,
      0.395,
      1.3825,
      0.46,
      1.4475,
      0.5275,
      1.5125,
      0.5925,
      1.5775,
      0.6575,
      1.645,
      0.7225,
      1.71,
      0.79,
      1.775,
      0.855,
      1.8425,
      0.92
    ],
    "SoftwareVersions": "syngo_MR_B17",
    "TaskName": "MST",
    "TotalReadoutTime": 0.0437508,
    "TrueEchoSpacing": 0.000700013,
    "dataset": "ds003711",
    "modality": "bold",
    "run_id": 1,
    "subject_id": "18",
    "task_id": "MST"
  },
  "dummy_trs": 0,
  "dvars_nstd": 84.232564857518,
  "dvars_std": 1.0616323648201431,
  "dvars_vstd": 1.0044574608992805,
  "efc": 0.6554370699561249,
  "fber": 88.99531555175781,
  "fd_mean": 0.07781913610320049,
  "fd_num": 3,
  "fd_perc": 1.075268817204301,
  "fwhm_avg": 2.8424245058256568,
  "fwhm_x": 2.6573762831858407,
  "fwhm_y": 2.833025132743363,
  "fwhm_z": 3.0368721015477673,
  "gcor": 0.0145877,
  "gsr_x": -0.028359271585941315,
  "gsr_y": 0.07787659019231796,
  "provenance": {
    "md5sum": "2e09cb68f3a986b12137588aba14d26d",
    "settings": {
      "fd_thres": 0.2,
      "testing": false
    },
    "software": "mriqc",
    "version": "22.0.0rc1",
    "webapi_port": null,
    "webapi_url": "https://mriqc.nimh.nih.gov/api/v1"
  },
  "size_t": 279,
  "size_x": 128,
  "size_y": 128,
  "size_z": 29,
  "snr": 3.7655389600577505,
  "spacing_tr": 1.899999976158142,
  "spacing_x": 1.765625,
  "spacing_y": 1.765625,
  "spacing_z": 1.8000000715255737,
  "summary_bg_k": 12.285191078446266,
  "summary_bg_mad": 15.708149692169497,
  "summary_bg_mean": 118.13894653320312,
  "summary_bg_median": 83.65950012207031,
  "summary_bg_n": 301195.0,
  "summary_bg_p05": 69.87454986572266,
  "summary_bg_p95": 316.5960571289058,
  "summary_bg_stdv": 87.83638000488281,
  "summary_fg_k": 1.0006340673002097,
  "summary_fg_mad": 185.98414125075757,
  "summary_fg_mean": 818.8748779296875,
  "summary_fg_median": 801.4229125976562,
  "summary_fg_n": 104805.0,
  "summary_fg_p05": 502.63941650390626,
  "summary_fg_p95": 1199.7348144531247,
  "summary_fg_stdv": 212.82984924316406,
  "tsnr": 16.698164902394637
}