{
  "aor": 0.00031902527075812275,
  "aqi": 0.03258507436823104,
  "bids_meta": {
    "AccelFactPE": 2,
    "AcquisitionNumber": 1,
    "AcquisitionTime": "08:10:12.017500",
    "BandwidthPerPixelPhaseEncode": 22.321,
    "ConversionSoftware": "dcm2niix",
    "ConversionSoftwareVersion": "v1.0.20170724 (OpenJPEG build) GCC6.1.0",
    "DeviceSerialNumber": "35002",
    "EchoTime": 0.028,
    "EffectiveEchoSpacing": 0.000350007,
    "FlipAngle": 90,
    "ImageType": [
      "ORIGINAL",
      "PRIMARY",
      "M",
      "ND",
      "MOSAIC"
    ],
    "InstitutionAddress": "University_Pkwy_1700_North_685_Provo_FC28C0_UT_US_84601",
    "InstitutionName": "Brigham_Young_University",
    "MagneticFieldStrength": 3,
    "Manufacturer": "Siemens",
    "ManufacturersModelName": "TrioTim",
    "PhaseEncodingDirection": "j-",
    "PhaseEncodingLines": 128,
    "ProcedureStepDescription": "Research_KIRWAN",
    "ProtocolName": "12Chan_1.8x1.8x1.8_TR1900_29Slice",
    "RepetitionTime": 1.9,
    "ScanningSequence": "EP",
    "SequenceName": "epfid2d1_128",
    "SequenceVariant": "SK",
    "SeriesDescription": "12Chan_1.8x1.8x1.8_TR1900_29Slice",
    "SliceTiming": [
      0,
      0.985,
      0.065,
      1.0525,
      0.13,
      1.1175,
      0.1975,
      1.1825,
      0.2625,
      1.2475,
      0.3275,
      1.315,
      0.3925,
      1.38,
      0.46,
      1.445,
      0.525,
      1.5125,
      0.59,
      1.5775,
      0.6575,
      1.6425,
      0.7225,
      1.71,
      0.7875,
      1.775,
      0.855,
      1.84,
      0.92
    ],
    "SoftwareVersions": "syngo_MR_B17",
    "TaskName": "MST",
    "TotalReadoutTime": 0.0437508,
    "TrueEchoSpacing": 0.000700013,
    "dataset": "ds003711",
    "modality": "bold",
    "run_id": 3,
    "subject_id": "36",
    "task_id": "MST"
  },
  "dummy_trs": 2,
  "dvars_nstd": 82.93813863007243,
  "dvars_std": 1.0426941721376815,
  "dvars_vstd": 1.0025819303985501,
  "efc": 0.6485612685327078,
  "fber": 88.42593383789062,
  "fd_mean": 0.06415983406956546,
  "fd_num": 7,
  "fd_perc": 2.527075812274368,
  "fwhm_avg": 2.504085247457031,
  "fwhm_x": 2.3900545132743365,
  "fwhm_y": 2.524278938053097,
  "fwhm_z": 2.5979222910436603,
  "gcor": 0.00444758,
  "gsr_x": -0.012641878798604012,
  "gsr_y": 0.03791921213269234,
  "provenance": {
    "md5sum": "dc71bd229971e0952631c54170f9bbea",
    "settings": {
      "fd_thres": 0.2,
      "testing": false
    },
    "software": "mriqc",
    "version": "22.0.0rc1",
    "webapi_port": null,
    "webapi_url": "https://mriqc.nimh.nih.gov/api/v1"
  },
  "size_t": 277,
  "size_x": 128,
  "size_y": 128,
  "size_z": 29,
  "snr": 4.096358178538143,
  "spacing_tr": 1.899999976158142,
  "spacing_x": 1.765625,
  "spacing_y": 1.765625,
  "spacing_z": 1.7999999523162842,
  "summary_bg_k": 18.854388500513117,
  "summary_bg_mad": 17.95180264970017,
  "summary_bg_mean": 122.94007873535156,
  "summary_bg_median": 88.81588745117188,
  "summary_bg_n": 308792.0,
  "summary_bg_p05": 71.32129669189453,
  "summary_bg_p95": 324.2110015869141,
  "summary_bg_stdv": 97.29102325439453,
  "summary_fg_k": 1.02646670764332,
  "summary_fg_mad": 178.04601170888947,
  "summary_fg_mean": 859.9649047851562,
  "summary_fg_median": 846.9927978515625,
  "summary_fg_n": 95681.0,
  "summary_fg_p05": 545.9891357421875,
  "summary_fg_p95": 1222.133544921875,
  "summary_fg_stdv": 206.7661895751953,
  "tsnr": 16.66780296410434
}