{
  "aor": 0.00029684587813620075,
  "aqi": 0.03507654372759857,
  "bids_meta": {
    "AccelFactPE": 2,
    "AcquisitionNumber": 1,
    "AcquisitionTime": "08:20:52.600000",
    "BandwidthPerPixelPhaseEncode": 22.321,
    "ConversionSoftware": "dcm2niix",
    "ConversionSoftwareVersion": "v1.0.20170724 (OpenJPEG build) GCC6.1.0",
    "DeviceSerialNumber": "35002",
    "EchoTime": 0.028,
    "EffectiveEchoSpacing": 0.000350007,
    "FlipAngle": 90,
    "ImageType": [
      "ORIGINAL",
      "PRIMARY",
      "M",
      "ND",
      "MOSAIC"
    ],
    "InstitutionAddress": "University_Pkwy_1700_North_685_Provo_FC28C0_UT_US_84601",
    "InstitutionName": "Brigham_Young_University",
    "MagneticFieldStrength": 3,
    "Manufacturer": "Siemens",
    "ManufacturersModelName": "TrioTim",
    "PhaseEncodingDirection": "j-",
    "PhaseEncodingLines": 128,
    "ProcedureStepDescription": "Research_KIRWAN",
    "ProtocolName": "12Chan_1.8x1.8x1.8_TR1900_29Slice",
    "RepetitionTime": 1.9,
    "ScanningSequence": "EP",
    "SequenceName": "epfid2d1_128",
    "SequenceVariant": "SK",
    "SeriesDescription": "12Chan_1.8x1.8x1.8_TR1900_29Slice",
    "SliceTiming": [
      0,
      0.985,
      0.065,
      1.0525,
      0.1325,
      1.1175,
      0.1975,
      1.1825,
      0.2625,
      1.25,
      0.3275,
      1.315,
      0.395,
      1.38,
      0.46,
      1.4475,
      0.525,
      1.5125,
      0.5925,
      1.5775,
      0.6575,
      1.645,
      0.7225,
      1.71,
      0.79,
      1.775,
      0.855,
      1.84,
      0.92
    ],
    "SoftwareVersions": "syngo_MR_B17",
    "TaskName": "MST",
    "TotalReadoutTime": 0.0437508,
    "TrueEchoSpacing": 0.000700013,
    "dataset": "ds003711",
    "modality": "bold",
    "run_id": 4,
    "subject_id": "36",
    "task_id": "MST"
  },
  "dummy_trs": 0,
  "dvars_nstd": 87.45629210438854,
  "dvars_std": 1.042222350971223,
  "dvars_vstd": 1.0026025892446049,
  "efc": 0.6537837062603642,
  "fber": 80.58529663085938,
  "fd_mean": 0.0590096714360147,
  "fd_num": 4,
  "fd_perc": 1.4336917562724014,
  "fwhm_avg": 2.4817775411448446,
  "fwhm_x": 2.3928976991150446,
  "fwhm_y": 2.527207079646018,
  "fwhm_z": 2.525227844673471,
  "gcor": 0.00488052,
  "gsr_x": -0.01369231753051281,
  "gsr_y": 0.03943268582224846,
  "provenance": {
    "md5sum": "ef38732c81f96dbd5e1cf2b5257d2822",
    "settings": {
      "fd_thres": 0.2,
      "testing": false
    },
    "software": "mriqc",
    "version": "22.0.0rc1",
    "webapi_port": null,
    "webapi_url": "https://mriqc.nimh.nih.gov/api/v1"
  },
  "size_t": 279,
  "size_x": 128,
  "size_y": 128,
  "size_z": 29,
  "snr": 4.1220210302015055,
  "spacing_tr": 1.899999976158142,
  "spacing_x": 1.765625,
  "spacing_y": 1.765625,
  "spacing_z": 1.7999999523162842,
  "summary_bg_k": 18.729756368771675,
  "summary_bg_mad": 20.182526725885076,
  "summary_bg_mean": 125.98670959472656,
  "summary_bg_median": 92.96774291992188,
  "summary_bg_n": 308375.0,
  "summary_bg_p05": 73.10752868652344,
  "summary_bg_p95": 328.0319091796874,
  "summary_bg_stdv": 97.32930755615234,
  "summary_fg_k": 1.035641429923527,
  "summary_fg_mad": 176.85479005334702,
  "summary_fg_mean": 858.5335083007812,
  "summary_fg_median": 845.6129150390625,
  "summary_fg_n": 95757.0,
  "summary_fg_p05": 548.0637939453125,
  "summary_fg_p95": 1218.5103515625,
  "summary_fg_stdv": 205.14414978027344,
  "tsnr": 15.984548043110408
}