{
  "aor": 0.0003306451612903226,
  "aqi": 0.028799170250896063,
  "bids_meta": {
    "AccelFactPE": 2,
    "AcquisitionNumber": 1,
    "AcquisitionTime": "07:42:36.220000",
    "BandwidthPerPixelPhaseEncode": 22.321,
    "ConversionSoftware": "dcm2niix",
    "ConversionSoftwareVersion": "v1.0.20170724 (OpenJPEG build) GCC6.1.0",
    "DeviceSerialNumber": "35002",
    "EchoTime": 0.028,
    "EffectiveEchoSpacing": 0.000350007,
    "FlipAngle": 90,
    "ImageType": [
      "ORIGINAL",
      "PRIMARY",
      "M",
      "ND",
      "MOSAIC"
    ],
    "InstitutionAddress": "University_Pkwy_1700_North_685_Provo_FC28C0_UT_US_84601",
    "InstitutionName": "Brigham_Young_University",
    "MagneticFieldStrength": 3,
    "Manufacturer": "Siemens",
    "ManufacturersModelName": "TrioTim",
    "PhaseEncodingDirection": "j-",
    "PhaseEncodingLines": 128,
    "ProcedureStepDescription": "Research_KIRWAN",
    "ProtocolName": "12Chan_1.8x1.8x1.8_TR1900_29Slice",
    "RepetitionTime": 1.9,
    "ScanningSequence": "EP",
    "SequenceName": "epfid2d1_128",
    "SequenceVariant": "SK",
    "SeriesDescription": "12Chan_1.8x1.8x1.8_TR1900_29Slice",
    "SliceTiming": [
      0,
      0.9875,
      0.065,
      1.0525,
      0.1325,
      1.1175,
      0.1975,
      1.185,
      0.2625,
      1.25,
      0.33,
      1.315,
      0.395,
      1.38,
      0.46,
      1.4475,
      0.5275,
      1.5125,
      0.5925,
      1.5775,
      0.6575,
      1.645,
      0.7225,
      1.71,
      0.79,
      1.775,
      0.855,
      1.8425,
      0.92
    ],
    "SoftwareVersions": "syngo_MR_B17",
    "TaskName": "MST",
    "TotalReadoutTime": 0.0437508,
    "TrueEchoSpacing": 0.000700013,
    "dataset": "ds003711",
    "modality": "bold",
    "run_id": 1,
    "subject_id": "36",
    "task_id": "MST"
  },
  "dummy_trs": 0,
  "dvars_nstd": 72.36373338809356,
  "dvars_std": 1.0201172322661871,
  "dvars_vstd": 0.9976143033093532,
  "efc": 0.6376238902334121,
  "fber": 105.31218719482422,
  "fd_mean": 0.06303302706407322,
  "fd_num": 8,
  "fd_perc": 2.867383512544803,
  "fwhm_avg": 2.5374861166617233,
  "fwhm_x": 2.4011044247787607,
  "fwhm_y": 2.541292743362832,
  "fwhm_z": 2.670061181843577,
  "gcor": 0.00888841,
  "gsr_x": -0.009690936654806137,
  "gsr_y": 0.031804416328668594,
  "provenance": {
    "md5sum": "845047de1f9ec448a9544873e26758e1",
    "settings": {
      "fd_thres": 0.2,
      "testing": false
    },
    "software": "mriqc",
    "version": "22.0.0rc1",
    "webapi_port": null,
    "webapi_url": "https://mriqc.nimh.nih.gov/api/v1"
  },
  "size_t": 279,
  "size_x": 128,
  "size_y": 128,
  "size_z": 29,
  "snr": 4.104705543721272,
  "spacing_tr": 1.899999976158142,
  "spacing_x": 1.765625,
  "spacing_y": 1.765625,
  "spacing_z": 1.7999999523162842,
  "summary_bg_k": 18.338443577636195,
  "summary_bg_mad": 14.050187502094893,
  "summary_bg_mean": 116.09701538085938,
  "summary_bg_median": 81.8530502319336,
  "summary_bg_n": 308490.0,
  "summary_bg_p05": 68.44802856445312,
  "summary_bg_p95": 315.08799285888665,
  "summary_bg_stdv": 96.33114624023438,
  "summary_fg_k": 0.9798796674839982,
  "summary_fg_mad": 180.86950746217389,
  "summary_fg_mean": 865.7364501953125,
  "summary_fg_median": 851.4408569335938,
  "summary_fg_n": 95740.0,
  "summary_fg_p05": 553.3933471679687,
  "summary_fg_p95": 1232.0183044433593,
  "summary_fg_stdv": 207.42935180664062,
  "tsnr": 18.064328255713917
}