{
  "aor": 0.00033028673835125454,
  "aqi": 0.03562718817204301,
  "bids_meta": {
    "AccelFactPE": 2,
    "AcquisitionNumber": 1,
    "AcquisitionTime": "08:31:48.377500",
    "BandwidthPerPixelPhaseEncode": 22.321,
    "ConversionSoftware": "dcm2niix",
    "ConversionSoftwareVersion": "v1.0.20170724 (OpenJPEG build) GCC6.1.0",
    "DeviceSerialNumber": "35002",
    "EchoTime": 0.028,
    "EffectiveEchoSpacing": 0.000350007,
    "FlipAngle": 90,
    "ImageType": [
      "ORIGINAL",
      "PRIMARY",
      "M",
      "ND",
      "MOSAIC"
    ],
    "InstitutionAddress": "University_Pkwy_1700_North_685_Provo_FC28C0_UT_US_84601",
    "InstitutionName": "Brigham_Young_University",
    "MagneticFieldStrength": 3,
    "Manufacturer": "Siemens",
    "ManufacturersModelName": "TrioTim",
    "PhaseEncodingDirection": "j-",
    "PhaseEncodingLines": 128,
    "ProcedureStepDescription": "Research_KIRWAN",
    "ProtocolName": "12Chan_1.8x1.8x1.8_TR1900_29Slice",
    "RepetitionTime": 1.9,
    "ScanningSequence": "EP",
    "SequenceName": "epfid2d1_128",
    "SequenceVariant": "SK",
    "SeriesDescription": "12Chan_1.8x1.8x1.8_TR1900_29Slice",
    "SliceTiming": [
      0,
      0.9875,
      0.065,
      1.0525,
      0.1325,
      1.1175,
      0.1975,
      1.1825,
      0.2625,
      1.25,
      0.33,
      1.315,
      0.395,
      1.38,
      0.46,
      1.4475,
      0.525,
      1.5125,
      0.5925,
      1.5775,
      0.6575,
      1.645,
      0.7225,
      1.71,
      0.79,
      1.775,
      0.855,
      1.8425,
      0.92
    ],
    "SoftwareVersions": "syngo_MR_B17",
    "TaskName": "MST",
    "TotalReadoutTime": 0.0437508,
    "TrueEchoSpacing": 0.000700013,
    "dataset": "ds003711",
    "modality": "bold",
    "run_id": 5,
    "subject_id": "36",
    "task_id": "MST"
  },
  "dummy_trs": 0,
  "dvars_nstd": 88.84634196323739,
  "dvars_std": 1.0456082789208632,
  "dvars_vstd": 1.0041995072661878,
  "efc": 0.6542488418138308,
  "fber": 79.50210571289062,
  "fd_mean": 0.06593323958705258,
  "fd_num": 9,
  "fd_perc": 3.225806451612903,
  "fwhm_avg": 2.4866434736120655,
  "fwhm_x": 2.401676460176991,
  "fwhm_y": 2.5346038938053095,
  "fwhm_z": 2.523650066853896,
  "gcor": 0.00304015,
  "gsr_x": -0.014160321094095707,
  "gsr_y": 0.04144718125462532,
  "provenance": {
    "md5sum": "80807a72057c8e2325809c423d5281f0",
    "settings": {
      "fd_thres": 0.2,
      "testing": false
    },
    "software": "mriqc",
    "version": "22.0.0rc1",
    "webapi_port": null,
    "webapi_url": "https://mriqc.nimh.nih.gov/api/v1"
  },
  "size_t": 279,
  "size_x": 128,
  "size_y": 128,
  "size_z": 29,
  "snr": 4.079546853546458,
  "spacing_tr": 1.899999976158142,
  "spacing_x": 1.765625,
  "spacing_y": 1.765625,
  "spacing_z": 1.7999999523162842,
  "summary_bg_k": 17.969402394302662,
  "summary_bg_mad": 20.73517701879086,
  "summary_bg_mean": 126.63372039794922,
  "summary_bg_median": 93.34767150878906,
  "summary_bg_n": 309225.0,
  "summary_bg_p05": 72.88172149658203,
  "summary_bg_p95": 331.108966064453,
  "summary_bg_stdv": 96.85225677490234,
  "summary_fg_k": 1.0845988658144643,
  "summary_fg_mad": 177.19485469794807,
  "summary_fg_mean": 857.5289306640625,
  "summary_fg_median": 843.5985717773438,
  "summary_fg_n": 95461.0,
  "summary_fg_p05": 545.2723999023438,
  "summary_fg_p95": 1222.0322265625,
  "summary_fg_stdv": 206.78623962402344,
  "tsnr": 15.728785961866379
}