{
  "aor": 0.0003496415770609319,
  "aqi": 0.0361279917562724,
  "bids_meta": {
    "AccelFactPE": 2,
    "AcquisitionNumber": 1,
    "AcquisitionTime": "14:36:49.005000",
    "BandwidthPerPixelPhaseEncode": 22.321,
    "ConversionSoftware": "dcm2niix",
    "ConversionSoftwareVersion": "v1.0.20170724 (OpenJPEG build) GCC6.1.0",
    "DeviceSerialNumber": "35002",
    "EchoTime": 0.028,
    "EffectiveEchoSpacing": 0.000350007,
    "FlipAngle": 90,
    "ImageType": [
      "ORIGINAL",
      "PRIMARY",
      "M",
      "ND",
      "MOSAIC"
    ],
    "InstitutionAddress": "University_Pkwy_1700_North_685_Provo_FC28C0_UT_US_84601",
    "InstitutionName": "Brigham_Young_University",
    "MagneticFieldStrength": 3,
    "Manufacturer": "Siemens",
    "ManufacturersModelName": "TrioTim",
    "PhaseEncodingDirection": "j-",
    "PhaseEncodingLines": 128,
    "ProcedureStepDescription": "Research_KIRWAN",
    "ProtocolName": "12Chan_1.8x1.8x1.8_TR1900_29Slice",
    "RepetitionTime": 1.9,
    "ScanningSequence": "EP",
    "SequenceName": "epfid2d1_128",
    "SequenceVariant": "SK",
    "SeriesDescription": "12Chan_1.8x1.8x1.8_TR1900_29Slice",
    "SliceTiming": [
      0,
      0.985,
      0.065,
      1.0525,
      0.13,
      1.1175,
      0.1975,
      1.1825,
      0.2625,
      1.25,
      0.3275,
      1.315,
      0.395,
      1.38,
      0.46,
      1.445,
      0.525,
      1.5125,
      0.59,
      1.5775,
      0.6575,
      1.6425,
      0.7225,
      1.71,
      0.7875,
      1.775,
      0.855,
      1.84,
      0.92
    ],
    "SoftwareVersions": "syngo_MR_B17",
    "TaskName": "MST",
    "TotalReadoutTime": 0.0437508,
    "TrueEchoSpacing": 0.000700013,
    "dataset": "ds003711",
    "modality": "bold",
    "run_id": 4,
    "subject_id": "18",
    "task_id": "MST"
  },
  "dummy_trs": 0,
  "dvars_nstd": 95.99850881010792,
  "dvars_std": 1.0538947910431655,
  "dvars_vstd": 1.0052514449280576,
  "efc": 0.6705547612372813,
  "fber": 68.39468383789062,
  "fd_mean": 0.10918192223057692,
  "fd_num": 27,
  "fd_perc": 9.67741935483871,
  "fwhm_avg": 2.8432216914737527,
  "fwhm_x": 2.713786902654867,
  "fwhm_y": 2.8634449557522124,
  "fwhm_z": 2.9524332160141777,
  "gcor": 0.00694793,
  "gsr_x": -0.030070560052990913,
  "gsr_y": 0.07762173563241959,
  "provenance": {
    "md5sum": "e54a9112f8fba58f777f222481145734",
    "settings": {
      "fd_thres": 0.2,
      "testing": false
    },
    "software": "mriqc",
    "version": "22.0.0rc1",
    "webapi_port": null,
    "webapi_url": "https://mriqc.nimh.nih.gov/api/v1"
  },
  "size_t": 279,
  "size_x": 128,
  "size_y": 128,
  "size_z": 29,
  "snr": 3.7209085100213253,
  "spacing_tr": 1.899999976158142,
  "spacing_x": 1.765625,
  "spacing_y": 1.765625,
  "spacing_z": 1.8000000715255737,
  "summary_bg_k": 11.93832702824665,
  "summary_bg_mad": 23.163668865272644,
  "summary_bg_mean": 124.6291732788086,
  "summary_bg_median": 94.17921447753906,
  "summary_bg_n": 298308.0,
  "summary_bg_p05": 73.30107879638672,
  "summary_bg_p95": 306.49803009033167,
  "summary_bg_stdv": 81.28144836425781,
  "summary_fg_k": 0.9123604384330801,
  "summary_fg_mad": 186.44121057483423,
  "summary_fg_mean": 808.9942626953125,
  "summary_fg_median": 793.9354858398438,
  "summary_fg_n": 105045.0,
  "summary_fg_p05": 487.8043029785157,
  "summary_fg_p95": 1189.7741699218743,
  "summary_fg_stdv": 213.37039184570312,
  "tsnr": 14.610638597980142
}