{
  "aor": 0.00033050179211469537,
  "aqi": 0.03482125017921147,
  "bids_meta": {
    "AccelFactPE": 2,
    "AcquisitionNumber": 1,
    "AcquisitionTime": "14:25:1.640000",
    "BandwidthPerPixelPhaseEncode": 22.321,
    "ConversionSoftware": "dcm2niix",
    "ConversionSoftwareVersion": "v1.0.20170724 (OpenJPEG build) GCC6.1.0",
    "DeviceSerialNumber": "35002",
    "EchoTime": 0.028,
    "EffectiveEchoSpacing": 0.000350007,
    "FlipAngle": 90,
    "ImageType": [
      "ORIGINAL",
      "PRIMARY",
      "M",
      "ND",
      "MOSAIC"
    ],
    "InstitutionAddress": "University_Pkwy_1700_North_685_Provo_FC28C0_UT_US_84601",
    "InstitutionName": "Brigham_Young_University",
    "MagneticFieldStrength": 3,
    "Manufacturer": "Siemens",
    "ManufacturersModelName": "TrioTim",
    "PhaseEncodingDirection": "j-",
    "PhaseEncodingLines": 128,
    "ProcedureStepDescription": "Research_KIRWAN",
    "ProtocolName": "12Chan_1.8x1.8x1.8_TR1900_29Slice",
    "RepetitionTime": 1.9,
    "ScanningSequence": "EP",
    "SequenceName": "epfid2d1_128",
    "SequenceVariant": "SK",
    "SeriesDescription": "12Chan_1.8x1.8x1.8_TR1900_29Slice",
    "SliceTiming": [
      0,
      0.985,
      0.065,
      1.05,
      0.13,
      1.1175,
      0.195,
      1.1825,
      0.2625,
      1.2475,
      0.3275,
      1.315,
      0.3925,
      1.38,
      0.46,
      1.445,
      0.525,
      1.5125,
      0.59,
      1.5775,
      0.6575,
      1.6425,
      0.7225,
      1.7075,
      0.7875,
      1.775,
      0.8525,
      1.84,
      0.92
    ],
    "SoftwareVersions": "syngo_MR_B17",
    "TaskName": "MST",
    "TotalReadoutTime": 0.0437508,
    "TrueEchoSpacing": 0.000700013,
    "dataset": "ds003711",
    "modality": "bold",
    "run_id": 3,
    "subject_id": "18",
    "task_id": "MST"
  },
  "dummy_trs": 0,
  "dvars_nstd": 92.80534779935253,
  "dvars_std": 1.055573913884892,
  "dvars_vstd": 1.004619230647482,
  "efc": 0.6681375520765185,
  "fber": 70.82144165039062,
  "fd_mean": 0.08606422342275241,
  "fd_num": 6,
  "fd_perc": 2.150537634408602,
  "fwhm_avg": 2.879558583656905,
  "fwhm_x": 2.7328679646017697,
  "fwhm_y": 2.905141238938053,
  "fwhm_z": 3.000666547430891,
  "gcor": 0.00672025,
  "gsr_x": -0.028286365792155266,
  "gsr_y": 0.07531261444091797,
  "provenance": {
    "md5sum": "9d8b5618e706e25fc0be47926b5b2831",
    "settings": {
      "fd_thres": 0.2,
      "testing": false
    },
    "software": "mriqc",
    "version": "22.0.0rc1",
    "webapi_port": null,
    "webapi_url": "https://mriqc.nimh.nih.gov/api/v1"
  },
  "size_t": 279,
  "size_x": 128,
  "size_y": 128,
  "size_z": 29,
  "snr": 3.679829338880108,
  "spacing_tr": 1.899999976158142,
  "spacing_x": 1.765625,
  "spacing_y": 1.765625,
  "spacing_z": 1.8000000715255737,
  "summary_bg_k": 12.506850513093239,
  "summary_bg_mad": 21.835172578048475,
  "summary_bg_mean": 122.60501861572266,
  "summary_bg_median": 92.42293548583984,
  "summary_bg_n": 297295.0,
  "summary_bg_p05": 72.64874267578125,
  "summary_bg_p95": 300.6139862060546,
  "summary_bg_stdv": 80.78890991210938,
  "summary_fg_k": 0.8470315921808984,
  "summary_fg_mad": 189.17792559523613,
  "summary_fg_mean": 806.6861572265625,
  "summary_fg_median": 792.6129150390625,
  "summary_fg_n": 105643.0,
  "summary_fg_p05": 480.34302368164066,
  "summary_fg_p95": 1189.482092285156,
  "summary_fg_stdv": 215.39291381835938,
  "tsnr": 14.934676897595637
}