{
  "aor": 0.000365663082437276,
  "aqi": 0.036432036559139784,
  "bids_meta": {
    "AccelFactPE": 2,
    "AcquisitionNumber": 1,
    "AcquisitionTime": "14:46:41.977500",
    "BandwidthPerPixelPhaseEncode": 22.321,
    "ConversionSoftware": "dcm2niix",
    "ConversionSoftwareVersion": "v1.0.20170724 (OpenJPEG build) GCC6.1.0",
    "DeviceSerialNumber": "35002",
    "EchoTime": 0.028,
    "EffectiveEchoSpacing": 0.000350007,
    "FlipAngle": 90,
    "ImageType": [
      "ORIGINAL",
      "PRIMARY",
      "M",
      "ND",
      "MOSAIC"
    ],
    "InstitutionAddress": "University_Pkwy_1700_North_685_Provo_FC28C0_UT_US_84601",
    "InstitutionName": "Brigham_Young_University",
    "MagneticFieldStrength": 3,
    "Manufacturer": "Siemens",
    "ManufacturersModelName": "TrioTim",
    "PhaseEncodingDirection": "j-",
    "PhaseEncodingLines": 128,
    "ProcedureStepDescription": "Research_KIRWAN",
    "ProtocolName": "12Chan_1.8x1.8x1.8_TR1900_29Slice",
    "RepetitionTime": 1.9,
    "ScanningSequence": "EP",
    "SequenceName": "epfid2d1_128",
    "SequenceVariant": "SK",
    "SeriesDescription": "12Chan_1.8x1.8x1.8_TR1900_29Slice",
    "SliceTiming": [
      0,
      0.985,
      0.065,
      1.0525,
      0.13,
      1.1175,
      0.1975,
      1.1825,
      0.2625,
      1.25,
      0.3275,
      1.315,
      0.395,
      1.38,
      0.46,
      1.4475,
      0.525,
      1.5125,
      0.5925,
      1.5775,
      0.6575,
      1.645,
      0.7225,
      1.71,
      0.79,
      1.775,
      0.855,
      1.84,
      0.92
    ],
    "SoftwareVersions": "syngo_MR_B17",
    "TaskName": "MST",
    "TotalReadoutTime": 0.0437508,
    "TrueEchoSpacing": 0.000700013,
    "dataset": "ds003711",
    "modality": "bold",
    "run_id": 5,
    "subject_id": "18",
    "task_id": "MST"
  },
  "dummy_trs": 0,
  "dvars_nstd": 99.60631081010791,
  "dvars_std": 1.057686208561151,
  "dvars_vstd": 1.007563560611511,
  "efc": 0.6743374085205124,
  "fber": 63.1617317199707,
  "fd_mean": 0.09230955735015174,
  "fd_num": 16,
  "fd_perc": 5.734767025089606,
  "fwhm_avg": 2.835011901404329,
  "fwhm_x": 2.7171851327433627,
  "fwhm_y": 2.847745132743363,
  "fwhm_z": 2.940105438726262,
  "gcor": 0.00494925,
  "gsr_x": -0.029893094673752785,
  "gsr_y": 0.07845830172300339,
  "provenance": {
    "md5sum": "a3fd5977d4e1226aff2da20ed9f70710",
    "settings": {
      "fd_thres": 0.2,
      "testing": false
    },
    "software": "mriqc",
    "version": "22.0.0rc1",
    "webapi_port": null,
    "webapi_url": "https://mriqc.nimh.nih.gov/api/v1"
  },
  "size_t": 279,
  "size_x": 128,
  "size_y": 128,
  "size_z": 29,
  "snr": 3.6864588814895165,
  "spacing_tr": 1.899999976158142,
  "spacing_x": 1.765625,
  "spacing_y": 1.765625,
  "spacing_z": 1.8000000715255737,
  "summary_bg_k": 11.755484138455452,
  "summary_bg_mad": 24.513419192784376,
  "summary_bg_mean": 126.85862731933594,
  "summary_bg_median": 97.415771484375,
  "summary_bg_n": 297648.0,
  "summary_bg_p05": 74.69892120361328,
  "summary_bg_p95": 309.84694671630837,
  "summary_bg_stdv": 81.69893646240234,
  "summary_fg_k": 0.974569287573686,
  "summary_fg_mad": 186.69096534308835,
  "summary_fg_mean": 805.1954956054688,
  "summary_fg_median": 789.6487426757812,
  "summary_fg_n": 105317.0,
  "summary_fg_p05": 485.4623596191406,
  "summary_fg_p95": 1187.061669921875,
  "summary_fg_stdv": 214.2014923095703,
  "tsnr": 14.406785028346349
}