{
  "bids_meta": {
    "AcquisitionNumber": 1,
    "AcquisitionTime": "14:47:50.932500",
    "ConversionSoftware": "dcm2niix",
    "ConversionSoftwareVersion": "v1.0.20170724 (OpenJPEG build) GCC6.1.0",
    "DeviceSerialNumber": "35002",
    "EchoTime": 0.064,
    "EchoTrainLength": 15,
    "FlipAngle": 178,
    "ImageType": [
      "ORIGINAL",
      "PRIMARY",
      "M",
      "ND"
    ],
    "InstitutionAddress": "University_Pkwy_1700_North_685_Provo_FC28C0_UT_US_84601",
    "InstitutionName": "Brigham_Young_University",
    "MagneticFieldStrength": 3,
    "Manufacturer": "Siemens",
    "ManufacturersModelName": "TrioTim",
    "PhaseEncodingDirection": "i-",
    "PhaseEncodingLines": 512,
    "ProcedureStepDescription": "Research_KIRWAN",
    "ProtocolName": "HiRes_T2",
    "RepetitionTime": 6.26,
    "ScanningSequence": "SE",
    "SequenceName": "_tse2d1_15",
    "SequenceVariant": "SK_SP_OSP",
    "SeriesDescription": "HiRes_T2",
    "SoftwareVersions": "syngo_MR_B17",
    "dataset": "ds003711",
    "modality": "T2w",
    "subject_id": "25"
  },
  "cjv": 0.6555011875480331,
  "cnr": 1.6027692983900952,
  "efc": 0.5673313481672124,
  "fber": 148.10855376976136,
  "fwhm_avg": 3.6619977792782614,
  "fwhm_x": 4.3948544,
  "fwhm_y": 1.9254877378347846,
  "fwhm_z": 4.6656512,
  "icvs_csf": 0.22110185194786755,
  "icvs_gm": 0.5619493898722681,
  "icvs_wm": 0.2169487581798644,
  "inu_med": 1.0891740322113037,
  "inu_range": 0.24577161073684695,
  "provenance": {
    "md5sum": "6d80ab7fb90aaf907980cb756a7218d4",
    "settings": {
      "testing": false
    },
    "software": "mriqc",
    "version": "22.0.0rc1",
    "warnings": {
      "large_rot_frame": false,
      "small_air_mask": false
    },
    "webapi_port": null,
    "webapi_url": "https://mriqc.nimh.nih.gov/api/v1"
  },
  "qi_1": 0.018769136055524646,
  "qi_2": 0.00015008671006726308,
  "rpve_csf": 12.459178221600306,
  "rpve_gm": 6.202607702165108,
  "rpve_wm": 14.091325027661624,
  "size_x": 512,
  "size_y": 19,
  "size_z": 512,
  "snr_csf": 4.245277682276432,
  "snr_gm": 10.050033405574796,
  "snr_total": 6.605237512438914,
  "snr_wm": 5.520401449465516,
  "snrd_csf": 25.542883153131896,
  "snrd_gm": 14.69141430032252,
  "snrd_total": 16.77597119858411,
  "snrd_wm": 10.093616142297913,
  "spacing_x": 0.390625,
  "spacing_y": 2.9999983310699463,
  "spacing_z": 0.390625,
  "summary_bg_k": 91.88032102191687,
  "summary_bg_mad": 68.63215538758178,
  "summary_bg_mean": 143.23705469981542,
  "summary_bg_median": 112.57673299312592,
  "summary_bg_n": 1373891.0,
  "summary_bg_p05": 25.800562977790833,
  "summary_bg_p95": 306.32983535528183,
  "summary_bg_stdv": 173.69895547153368,
  "summary_csf_k": 0.7817233134591772,
  "summary_csf_mad": 619.4728505547591,
  "summary_csf_mean": 2769.7198393481813,
  "summary_csf_median": 2675.8751088380814,
  "summary_csf_n": 131814.0,
  "summary_csf_p05": 1981.8026327311993,
  "summary_csf_p95": 3842.5417234897614,
  "summary_csf_stdv": 630.3156492676943,
  "summary_gm_k": -0.17762312964605043,
  "summary_gm_mad": 158.17374879646982,
  "summary_gm_mean": 1541.7713684589423,
  "summary_gm_median": 1539.0740976333618,
  "summary_gm_n": 307502.0,
  "summary_gm_p05": 1294.8398294448853,
  "summary_gm_p95": 1797.0797274112701,
  "summary_gm_stdv": 153.1409432166033,
  "summary_wm_k": 1.662019175037086,
  "summary_wm_mad": 157.55876532525494,
  "summary_wm_mean": 1022.5621042368218,
  "summary_wm_median": 1057.4082820415497,
  "summary_wm_n": 120404.0,
  "summary_wm_p05": 660.7764762639999,
  "summary_wm_p95": 1274.680547118187,
  "summary_wm_stdv": 191.54474554568597,
  "tpm_overlap_csf": 0.12592832744121552,
  "tpm_overlap_gm": 0.37383344769477844,
  "tpm_overlap_wm": 0.18693190813064575,
  "wm2max": 0.24579605060166615
}