{
  "bids_meta": {
    "AcquisitionNumber": 1,
    "AcquisitionTime": "13:39:40.682500",
    "ConversionSoftware": "dcm2niix",
    "ConversionSoftwareVersion": "v1.0.20170724 (OpenJPEG build) GCC6.1.0",
    "DeviceSerialNumber": "35002",
    "EchoTime": 0.00226,
    "FlipAngle": 9,
    "ImageType": [
      "ORIGINAL",
      "PRIMARY",
      "M",
      "ND",
      "NORM"
    ],
    "InstitutionAddress": "University_Pkwy_1700_North_685_Provo_FC28C0_UT_US_84601",
    "InstitutionName": "Brigham_Young_University",
    "InversionTime": 0.9,
    "MagneticFieldStrength": 3,
    "Manufacturer": "Siemens",
    "ManufacturersModelName": "TrioTim",
    "PhaseEncodingDirection": "i-",
    "PhaseEncodingLines": 215,
    "ProcedureStepDescription": "Research_KIRWAN",
    "ProtocolName": "t1_mpr_sag_iso_mprage",
    "RepetitionTime": 1.9,
    "ScanningSequence": "GR_IR",
    "SequenceName": "_tfl3d1_ns",
    "SequenceVariant": "SP_MP_OSP",
    "SeriesDescription": "t1_mpr_sag_iso_mprage",
    "SoftwareVersions": "syngo_MR_B17",
    "dataset": "ds003711",
    "modality": "T1w",
    "subject_id": "25"
  },
  "cjv": 0.3402318568933203,
  "cnr": 3.900578623340862,
  "efc": 0.5990444950350654,
  "fber": 1595.3575439453125,
  "fwhm_avg": 4.199130186666667,
  "fwhm_x": 4.0107,
  "fwhm_y": 4.49096704,
  "fwhm_z": 4.09572352,
  "icvs_csf": 0.2023607250208221,
  "icvs_gm": 0.43585057869154914,
  "icvs_wm": 0.3617886962876287,
  "inu_med": 1.3781659603118896,
  "inu_range": 0.4307534098625183,
  "provenance": {
    "md5sum": "b17d950da9eb7cac26344ce83036841b",
    "settings": {
      "testing": false
    },
    "software": "mriqc",
    "version": "22.0.0rc1",
    "warnings": {
      "large_rot_frame": true,
      "small_air_mask": false
    },
    "webapi_port": null,
    "webapi_url": "https://mriqc.nimh.nih.gov/api/v1"
  },
  "qi_1": 0.0,
  "qi_2": 0.005602463345272857,
  "rpve_csf": 22.06402360309029,
  "rpve_gm": 11.137493542953397,
  "rpve_wm": 15.8137977988857,
  "size_x": 176,
  "size_y": 224,
  "size_z": 256,
  "snr_csf": 3.5380035403511605,
  "snr_gm": 14.043140054833959,
  "snr_total": 13.939186232538347,
  "snr_wm": 24.236415102429927,
  "snrd_csf": 28.215133857066384,
  "snrd_gm": 61.850093603452095,
  "snrd_total": 57.99966519202851,
  "snrd_wm": 83.93376811556706,
  "spacing_x": 1.0,
  "spacing_y": 0.9765625,
  "spacing_z": 0.9765625,
  "summary_bg_k": 2.099163006439362,
  "summary_bg_mad": 7.805512715017246,
  "summary_bg_mean": 14.525687217712402,
  "summary_bg_median": 13.007963180541992,
  "summary_bg_n": 1755666.0,
  "summary_bg_p05": 2.5925488471984863,
  "summary_bg_p95": 32.330997467041016,
  "summary_bg_stdv": 9.70782470703125,
  "summary_csf_k": 0.5633218897295316,
  "summary_csf_mad": 80.08465823569084,
  "summary_csf_mean": 357.39666748046875,
  "summary_csf_median": 336.16448974609375,
  "summary_csf_n": 15796.0,
  "summary_csf_p05": 240.07983779907227,
  "summary_csf_p95": 554.7733917236328,
  "summary_csf_stdv": 95.01229858398438,
  "summary_gm_k": 0.05262601523257837,
  "summary_gm_mad": 51.57381669932688,
  "summary_gm_mean": 735.2964477539062,
  "summary_gm_median": 736.902587890625,
  "summary_gm_n": 27558.0,
  "summary_gm_p05": 645.988003540039,
  "summary_gm_p95": 819.7528930664063,
  "summary_gm_stdv": 52.47325134277344,
  "summary_wm_k": 0.5973907222582495,
  "summary_wm_mad": 37.94535052987775,
  "summary_wm_mean": 998.8743896484375,
  "summary_wm_median": 1000.0148315429688,
  "summary_wm_n": 204176.0,
  "summary_wm_p05": 928.0508575439453,
  "summary_wm_p95": 1064.5833435058594,
  "summary_wm_stdv": 41.260738372802734,
  "tpm_overlap_csf": 0.1715823858976364,
  "tpm_overlap_gm": 0.44914087653160095,
  "tpm_overlap_wm": 0.5098850131034851,
  "wm2max": 0.4596939701377713
}