{
  "bids_meta": {
    "AcquisitionNumber": 1,
    "AcquisitionTime": "10:48:35.407500",
    "ConversionSoftware": "dcm2niix",
    "ConversionSoftwareVersion": "v1.0.20170724 (OpenJPEG build) GCC6.1.0",
    "DeviceSerialNumber": "35002",
    "EchoTime": 0.00226,
    "FlipAngle": 9,
    "ImageType": [
      "ORIGINAL",
      "PRIMARY",
      "M",
      "ND",
      "NORM"
    ],
    "InstitutionAddress": "University_Pkwy_1700_North_685_Provo_FC28C0_UT_US_84601",
    "InstitutionName": "Brigham_Young_University",
    "InversionTime": 0.9,
    "MagneticFieldStrength": 3,
    "Manufacturer": "Siemens",
    "ManufacturersModelName": "TrioTim",
    "PhaseEncodingDirection": "i-",
    "PhaseEncodingLines": 215,
    "ProcedureStepDescription": "Research_KIRWAN",
    "ProtocolName": "t1_mpr_sag_iso_mprage",
    "RepetitionTime": 1.9,
    "ScanningSequence": "GR_IR",
    "SequenceName": "_tfl3d1_ns",
    "SequenceVariant": "SP_MP_OSP",
    "SeriesDescription": "t1_mpr_sag_iso_mprage",
    "SoftwareVersions": "syngo_MR_B17",
    "dataset": "ds003711",
    "modality": "T1w",
    "subject_id": "30"
  },
  "cjv": 0.4048701860462676,
  "cnr": 3.3327930896567275,
  "efc": 0.6849590178022341,
  "fber": 1315.43212890625,
  "fwhm_avg": 4.485039066666666,
  "fwhm_x": 4.19913,
  "fwhm_y": 5.03771136,
  "fwhm_z": 4.21827584,
  "icvs_csf": 0.22212544139356122,
  "icvs_gm": 0.4145176510533521,
  "icvs_wm": 0.3633569075530867,
  "inu_med": 1.2452025413513184,
  "inu_range": 0.48000165820121765,
  "provenance": {
    "md5sum": "f4968bf90ddf4ec4bc19a223ec1a29b9",
    "settings": {
      "testing": false
    },
    "software": "mriqc",
    "version": "22.0.0rc1",
    "warnings": {
      "large_rot_frame": true,
      "small_air_mask": false
    },
    "webapi_port": null,
    "webapi_url": "https://mriqc.nimh.nih.gov/api/v1"
  },
  "qi_1": 0.0,
  "qi_2": 0.007799245971261659,
  "rpve_csf": 17.62798706576669,
  "rpve_gm": 9.721225716632969,
  "rpve_wm": 13.400273500606662,
  "size_x": 176,
  "size_y": 224,
  "size_z": 256,
  "snr_csf": 3.713664842006182,
  "snr_gm": 13.321661393776145,
  "snr_total": 12.690480890043025,
  "snr_wm": 21.036116434346745,
  "snrd_csf": 19.445268994984517,
  "snrd_gm": 40.02617520445528,
  "snrd_total": 37.58464587119145,
  "snrd_wm": 53.282493414134564,
  "spacing_x": 1.0,
  "spacing_y": 0.9765625,
  "spacing_z": 0.9765625,
  "summary_bg_k": 4.992045096209164,
  "summary_bg_mad": 12.295752159887439,
  "summary_bg_mean": 16.755718231201172,
  "summary_bg_median": 16.820371627807617,
  "summary_bg_n": 1809265.0,
  "summary_bg_p05": 0.0,
  "summary_bg_p95": 38.28275680541992,
  "summary_bg_stdv": 11.54029655456543,
  "summary_csf_k": 0.6712551852526061,
  "summary_csf_mad": 95.57771115824437,
  "summary_csf_mean": 378.36761474609375,
  "summary_csf_median": 364.9533386230469,
  "summary_csf_n": 29661.0,
  "summary_csf_p05": 240.06666564941406,
  "summary_csf_p95": 559.3599853515625,
  "summary_csf_stdv": 98.27143859863281,
  "summary_gm_k": 0.06557129414210205,
  "summary_gm_mad": 55.515553231125885,
  "summary_gm_mean": 751.5443725585938,
  "summary_gm_median": 751.2205810546875,
  "summary_gm_n": 21352.0,
  "summary_gm_p05": 658.8191131591797,
  "summary_gm_p95": 846.1108947753906,
  "summary_gm_stdv": 56.38958740234375,
  "summary_wm_k": 0.3864208462451506,
  "summary_wm_mad": 45.21520508494996,
  "summary_wm_mean": 1000.0227661132812,
  "summary_wm_median": 1000.0182495117188,
  "summary_wm_n": 247512.0,
  "summary_wm_p05": 921.761099243164,
  "summary_wm_p95": 1078.2266174316405,
  "summary_wm_stdv": 47.538063049316406,
  "tpm_overlap_csf": 0.18740242719650269,
  "tpm_overlap_gm": 0.4459748864173889,
  "tpm_overlap_wm": 0.5034348368644714,
  "wm2max": 0.4296777760837442
}