{
  "bids_meta": {
    "AcquisitionNumber": 1,
    "AcquisitionTime": "11:55:35.787500",
    "ConversionSoftware": "dcm2niix",
    "ConversionSoftwareVersion": "v1.0.20170724 (OpenJPEG build) GCC6.1.0",
    "DeviceSerialNumber": "35002",
    "EchoTime": 0.064,
    "EchoTrainLength": 15,
    "FlipAngle": 178,
    "ImageType": [
      "ORIGINAL",
      "PRIMARY",
      "M",
      "ND"
    ],
    "InstitutionAddress": "University_Pkwy_1700_North_685_Provo_FC28C0_UT_US_84601",
    "InstitutionName": "Brigham_Young_University",
    "MagneticFieldStrength": 3,
    "Manufacturer": "Siemens",
    "ManufacturersModelName": "TrioTim",
    "PhaseEncodingDirection": "i-",
    "PhaseEncodingLines": 512,
    "ProcedureStepDescription": "Research_KIRWAN",
    "ProtocolName": "HiRes_T2",
    "RepetitionTime": 11.91,
    "ScanningSequence": "SE",
    "SequenceName": "_tse2d1_15",
    "SequenceVariant": "SK_SP_OSP",
    "SeriesDescription": "HiRes_T2",
    "SoftwareVersions": "syngo_MR_B17",
    "dataset": "ds003711",
    "modality": "T2w",
    "subject_id": "30"
  },
  "cjv": 0.615178809975763,
  "cnr": 0.8551598728716473,
  "efc": 0.5940831453655373,
  "fber": 106.8910633092871,
  "fwhm_avg": 4.010444806567067,
  "fwhm_x": 4.970752,
  "fwhm_y": 2.07593,
  "fwhm_z": 4.9846524197012005,
  "icvs_csf": 0.19222963735997134,
  "icvs_gm": 0.5629300448288507,
  "icvs_wm": 0.244840317811178,
  "inu_med": 1.0883511304855347,
  "inu_range": 0.24828672409057617,
  "provenance": {
    "md5sum": "f6d9e9ad84a8defe873134b5a3eccfbf",
    "settings": {
      "testing": false
    },
    "software": "mriqc",
    "version": "22.0.0rc1",
    "warnings": {
      "large_rot_frame": false,
      "small_air_mask": false
    },
    "webapi_port": null,
    "webapi_url": "https://mriqc.nimh.nih.gov/api/v1"
  },
  "qi_1": 0.00043620716636620947,
  "qi_2": 8.262145794900873e-05,
  "rpve_csf": 14.08694897704555,
  "rpve_gm": 6.237520161081875,
  "rpve_wm": 12.608161404249948,
  "size_x": 512,
  "size_y": 19,
  "size_z": 512,
  "snr_csf": 4.5163453751966225,
  "snr_gm": 10.18730365304016,
  "snr_total": 6.775147027827426,
  "snr_wm": 5.6217920552454945,
  "snrd_csf": 23.53476659803313,
  "snrd_gm": 12.813848876426952,
  "snrd_total": 14.991699679540277,
  "snrd_wm": 8.626483564160752,
  "spacing_x": 0.390625,
  "spacing_y": 3.0,
  "spacing_z": 0.3906250298023224,
  "summary_bg_k": 16.486387088383704,
  "summary_bg_mad": 79.87631690908721,
  "summary_bg_mean": 279.3615661429123,
  "summary_bg_median": 122.22833314538002,
  "summary_bg_n": 1622374.0,
  "summary_bg_p05": 28.037383764982224,
  "summary_bg_p95": 1430.4563246369362,
  "summary_bg_stdv": 545.8002076583446,
  "summary_csf_k": 0.9611562803658145,
  "summary_csf_mad": 644.7159864804896,
  "summary_csf_mean": 2918.4036460492657,
  "summary_csf_median": 2869.4338149279356,
  "summary_csf_n": 120464.0,
  "summary_csf_p05": 2065.420604020357,
  "summary_csf_p95": 3982.119379746168,
  "summary_csf_stdv": 635.3415575211113,
  "summary_gm_k": -0.10566674756587302,
  "summary_gm_mad": 156.49237598515046,
  "summary_gm_mean": 1565.0487625548865,
  "summary_gm_median": 1562.305328682065,
  "summary_gm_n": 317021.0,
  "summary_gm_p05": 1318.3984150141478,
  "summary_gm_p95": 1821.147188603878,
  "summary_gm_stdv": 153.35783813346274,
  "summary_wm_k": 0.8164930203386525,
  "summary_wm_mad": 157.57912859615845,
  "summary_wm_mean": 1020.25159289826,
  "summary_wm_median": 1051.7683929353952,
  "summary_wm_n": 138198.0,
  "summary_wm_p05": 654.4804974943399,
  "summary_wm_p95": 1275.4398288108403,
  "summary_wm_stdv": 187.0870671304663,
  "tpm_overlap_csf": 0.08109480142593384,
  "tpm_overlap_gm": 0.3573765158653259,
  "tpm_overlap_wm": 0.17506569623947144,
  "wm2max": 0.2479392439775387
}