{
  "aor": 0.00029444444444444445,
  "aqi": 0.042816340501792116,
  "bids_meta": {
    "AccelFactPE": 2,
    "AcquisitionNumber": 1,
    "AcquisitionTime": "09:30:38.840000",
    "BandwidthPerPixelPhaseEncode": 22.321,
    "ConversionSoftware": "dcm2niix",
    "ConversionSoftwareVersion": "v1.0.20170724 (OpenJPEG build) GCC6.1.0",
    "DeviceSerialNumber": "35002",
    "EchoTime": 0.028,
    "EffectiveEchoSpacing": 0.000350007,
    "FlipAngle": 90,
    "ImageType": [
      "ORIGINAL",
      "PRIMARY",
      "M",
      "ND",
      "MOSAIC"
    ],
    "InstitutionAddress": "University_Pkwy_1700_North_685_Provo_FC28C0_UT_US_84601",
    "InstitutionName": "Brigham_Young_University",
    "MagneticFieldStrength": 3,
    "Manufacturer": "Siemens",
    "ManufacturersModelName": "TrioTim",
    "PhaseEncodingDirection": "j-",
    "PhaseEncodingLines": 128,
    "ProcedureStepDescription": "Research_KIRWAN",
    "ProtocolName": "12Chan_1.8x1.8x1.8_TR1900_29Slice",
    "RepetitionTime": 1.9,
    "ScanningSequence": "EP",
    "SequenceName": "epfid2d1_128",
    "SequenceVariant": "SK",
    "SeriesDescription": "12Chan_1.8x1.8x1.8_TR1900_29Slice",
    "SliceTiming": [
      0,
      0.9875,
      0.0675,
      1.0525,
      0.1325,
      1.1175,
      0.1975,
      1.185,
      0.2625,
      1.25,
      0.33,
      1.315,
      0.395,
      1.3825,
      0.46,
      1.4475,
      0.5275,
      1.5125,
      0.5925,
      1.58,
      0.6575,
      1.645,
      0.725,
      1.71,
      0.79,
      1.775,
      0.855,
      1.8425,
      0.9225
    ],
    "SoftwareVersions": "syngo_MR_B17",
    "TaskName": "MST",
    "TotalReadoutTime": 0.0437508,
    "TrueEchoSpacing": 0.000700013,
    "dataset": "ds003711",
    "modality": "bold",
    "run_id": 2,
    "subject_id": "15",
    "task_id": "MST"
  },
  "dummy_trs": 0,
  "dvars_nstd": 85.40450113967627,
  "dvars_std": 1.0344980385251794,
  "dvars_vstd": 1.0052753724820152,
  "efc": 0.6289064598325447,
  "fber": 96.85132598876953,
  "fd_mean": 0.13939311388506775,
  "fd_num": 53,
  "fd_perc": 18.996415770609318,
  "fwhm_avg": 2.385583672735056,
  "fwhm_x": 2.2779242477876105,
  "fwhm_y": 2.4470711504424782,
  "fwhm_z": 2.43175561997508,
  "gcor": 0.00863288,
  "gsr_x": -0.016724618151783943,
  "gsr_y": 0.03137527033686638,
  "provenance": {
    "md5sum": "9feacdbfcd15bec812ff4a810021af72",
    "settings": {
      "fd_thres": 0.2,
      "testing": false
    },
    "software": "mriqc",
    "version": "22.0.0rc1",
    "webapi_port": null,
    "webapi_url": "https://mriqc.nimh.nih.gov/api/v1"
  },
  "size_t": 279,
  "size_x": 128,
  "size_y": 128,
  "size_z": 29,
  "snr": 4.716102475001338,
  "spacing_tr": 1.899999976158142,
  "spacing_x": 1.765625,
  "spacing_y": 1.765625,
  "spacing_z": 1.7999999523162842,
  "summary_bg_k": 26.343028080079726,
  "summary_bg_mad": 17.312959814489297,
  "summary_bg_mean": 102.73643493652344,
  "summary_bg_median": 84.58064270019531,
  "summary_bg_n": 314920.0,
  "summary_bg_p05": 67.61289978027344,
  "summary_bg_p95": 207.33350753784177,
  "summary_bg_stdv": 59.58042907714844,
  "summary_fg_k": 0.6415127115366195,
  "summary_fg_mad": 165.96638706604813,
  "summary_fg_mean": 844.7931518554688,
  "summary_fg_median": 840.1290283203125,
  "summary_fg_n": 92297.0,
  "summary_fg_p05": 565.4781372070313,
  "summary_fg_p95": 1144.4953369140626,
  "summary_fg_stdv": 178.1395721435547,
  "tsnr": 15.971984103671275
}