{
  "bids_meta": {
    "AcquisitionNumber": 1,
    "AcquisitionTime": "15:33:18.770000",
    "ConversionSoftware": "dcm2niix",
    "ConversionSoftwareVersion": "v1.0.20170724 (OpenJPEG build) GCC6.1.0",
    "DeviceSerialNumber": "35002",
    "EchoTime": 0.064,
    "EchoTrainLength": 15,
    "FlipAngle": 178,
    "ImageType": [
      "ORIGINAL",
      "PRIMARY",
      "M",
      "ND"
    ],
    "InstitutionAddress": "University_Pkwy_1700_North_685_Provo_FC28C0_UT_US_84601",
    "InstitutionName": "Brigham_Young_University",
    "MagneticFieldStrength": 3,
    "Manufacturer": "Siemens",
    "ManufacturersModelName": "TrioTim",
    "PhaseEncodingDirection": "i-",
    "PhaseEncodingLines": 512,
    "ProcedureStepDescription": "Research_KIRWAN",
    "ProtocolName": "HiRes_T2",
    "RepetitionTime": 6.26,
    "ScanningSequence": "SE",
    "SequenceName": "_tse2d1_15",
    "SequenceVariant": "SK_SP_OSP",
    "SeriesDescription": "HiRes_T2",
    "SoftwareVersions": "syngo_MR_B17",
    "dataset": "ds003711",
    "modality": "T2w",
    "subject_id": "44"
  },
  "cjv": 0.5760109970545413,
  "cnr": 1.3030768556307526,
  "efc": 0.5995260337249033,
  "fber": 97.70429123919455,
  "fwhm_avg": 3.971936864926707,
  "fwhm_x": 4.8005632,
  "fwhm_y": 2.18670979478012,
  "fwhm_z": 4.9285376,
  "icvs_csf": 0.14161074296146148,
  "icvs_gm": 0.5591666701089136,
  "icvs_wm": 0.2992225869296249,
  "inu_med": 1.082876443862915,
  "inu_range": 0.3135179877281187,
  "provenance": {
    "md5sum": "8a63d24fa1c59fcc5718ae737e85ed9e",
    "settings": {
      "testing": false
    },
    "software": "mriqc",
    "version": "22.0.0rc1",
    "warnings": {
      "large_rot_frame": false,
      "small_air_mask": false
    },
    "webapi_port": null,
    "webapi_url": "https://mriqc.nimh.nih.gov/api/v1"
  },
  "qi_1": 0.026341224665720253,
  "qi_2": 8.716652342368719e-05,
  "rpve_csf": 19.413844291639723,
  "rpve_gm": 6.611055356660085,
  "rpve_wm": 11.51870907500094,
  "size_x": 512,
  "size_y": 19,
  "size_z": 512,
  "snr_csf": 4.313875533139238,
  "snr_gm": 10.605999421155596,
  "snr_total": 6.835465417711222,
  "snr_wm": 5.58652129883883,
  "snrd_csf": 21.86786953186332,
  "snrd_gm": 12.779500469636883,
  "snrd_total": 14.386574833467819,
  "snrd_wm": 8.512354498903257,
  "spacing_x": 0.390625,
  "spacing_y": 2.999995708465576,
  "spacing_z": 0.390625,
  "summary_bg_k": 33.4663853335698,
  "summary_bg_mad": 79.99652262534303,
  "summary_bg_mean": 200.7986043967614,
  "summary_bg_median": 126.5880912989378,
  "summary_bg_n": 1499971.0,
  "summary_bg_p05": 29.389254570007324,
  "summary_bg_p95": 637.991734623909,
  "summary_bg_stdv": 321.90483213695813,
  "summary_csf_k": 0.7649152350336617,
  "summary_csf_mad": 676.0557188677926,
  "summary_csf_mean": 2735.519414203754,
  "summary_csf_median": 2670.21276742965,
  "summary_csf_n": 74395.0,
  "summary_csf_p05": 1926.0676575750113,
  "summary_csf_p95": 3690.9765824727715,
  "summary_csf_stdv": 618.9781788261022,
  "summary_gm_k": 0.08291004459308038,
  "summary_gm_mad": 145.12844317420388,
  "summary_gm_mean": 1560.311031869257,
  "summary_gm_median": 1560.4622693434358,
  "summary_gm_n": 326687.0,
  "summary_gm_p05": 1317.6182465553284,
  "summary_gm_p95": 1802.3878779262304,
  "summary_gm_stdv": 147.129923269182,
  "summary_wm_k": 0.9914793148746002,
  "summary_wm_mad": 155.00035447690578,
  "summary_wm_mean": 1011.2945931629353,
  "summary_wm_median": 1039.415276862681,
  "summary_wm_n": 181145.0,
  "summary_wm_p05": 646.333996988833,
  "summary_wm_p95": 1268.1769485026598,
  "summary_wm_stdv": 186.05718160606096,
  "tpm_overlap_csf": 0.11206981539726257,
  "tpm_overlap_gm": 0.3913312256336212,
  "tpm_overlap_wm": 0.2470981776714325,
  "wm2max": 0.27164572485014005
}