{
  "bids_meta": {
    "AcquisitionNumber": 1,
    "AcquisitionTime": "09:14:23.262500",
    "ConversionSoftware": "dcm2niix",
    "ConversionSoftwareVersion": "v1.0.20170724 (OpenJPEG build) GCC6.1.0",
    "DeviceSerialNumber": "35002",
    "EchoTime": 0.00226,
    "FlipAngle": 9,
    "ImageType": [
      "ORIGINAL",
      "PRIMARY",
      "M",
      "ND",
      "NORM"
    ],
    "InstitutionAddress": "University_Pkwy_1700_North_685_Provo_FC28C0_UT_US_84601",
    "InstitutionName": "Brigham_Young_University",
    "InversionTime": 0.9,
    "MagneticFieldStrength": 3,
    "Manufacturer": "Siemens",
    "ManufacturersModelName": "TrioTim",
    "PhaseEncodingDirection": "i-",
    "PhaseEncodingLines": 215,
    "ProcedureStepDescription": "Research_KIRWAN",
    "ProtocolName": "t1_mpr_sag_iso_mprage",
    "RepetitionTime": 1.9,
    "ScanningSequence": "GR_IR",
    "SequenceName": "_tfl3d1_ns",
    "SequenceVariant": "SP_MP_OSP",
    "SeriesDescription": "t1_mpr_sag_iso_mprage",
    "SoftwareVersions": "syngo_MR_B17",
    "dataset": "ds003711",
    "modality": "T1w",
    "subject_id": "48"
  },
  "cjv": 0.33550623664664037,
  "cnr": 3.886361409877173,
  "efc": 0.602300203655646,
  "fber": 1977.0933837890625,
  "fwhm_avg": 4.327436901197186,
  "fwhm_x": 4.107405103591557,
  "fwhm_y": 4.59466752,
  "fwhm_z": 4.28023808,
  "icvs_csf": 0.2169665165346978,
  "icvs_gm": 0.39818127165052875,
  "icvs_wm": 0.3848522118147734,
  "inu_med": 1.3758106231689453,
  "inu_range": 0.3766358911991119,
  "provenance": {
    "md5sum": "574e75851a09a6dd962909d0116828cc",
    "settings": {
      "testing": false
    },
    "software": "mriqc",
    "version": "22.0.0rc1",
    "warnings": {
      "large_rot_frame": true,
      "small_air_mask": false
    },
    "webapi_port": null,
    "webapi_url": "https://mriqc.nimh.nih.gov/api/v1"
  },
  "qi_1": 0.00041820706971898924,
  "qi_2": 0.00234948146547562,
  "rpve_csf": 21.745358072874176,
  "rpve_gm": 12.141378099353057,
  "rpve_wm": 15.827980872370306,
  "size_x": 176,
  "size_y": 224,
  "size_z": 256,
  "snr_csf": 3.980032730121736,
  "snr_gm": 14.538742224549361,
  "snr_total": 15.878746026726661,
  "snr_wm": 29.11746312550889,
  "snrd_csf": 33.155916889131305,
  "snrd_gm": 56.31054505239403,
  "snrd_total": 54.83723130377083,
  "snrd_wm": 75.04523196978714,
  "spacing_x": 1.0000011920928955,
  "spacing_y": 0.9765625,
  "spacing_z": 0.9765625,
  "summary_bg_k": 174.06432308928302,
  "summary_bg_mad": 8.72995070743376,
  "summary_bg_mean": 14.925880432128906,
  "summary_bg_median": 11.348170280456543,
  "summary_bg_n": 2177520.0,
  "summary_bg_p05": 2.705734431743622,
  "summary_bg_p95": 32.78052959442138,
  "summary_bg_stdv": 16.83075523376465,
  "summary_csf_k": 6.572849865300178,
  "summary_csf_mad": 129.03243023402695,
  "summary_csf_mean": 435.7489013671875,
  "summary_csf_median": 441.815673828125,
  "summary_csf_n": 19136.0,
  "summary_csf_p05": 261.83809661865234,
  "summary_csf_p95": 597.3209991455078,
  "summary_csf_stdv": 111.0051498413086,
  "summary_gm_k": 0.1261598147646712,
  "summary_gm_mad": 50.74356307659807,
  "summary_gm_mean": 750.2987670898438,
  "summary_gm_median": 750.3602294921875,
  "summary_gm_n": 21985.0,
  "summary_gm_p05": 664.2569580078125,
  "summary_gm_p95": 834.4401733398438,
  "summary_gm_stdv": 51.60990905761719,
  "summary_wm_k": 0.3944785341261383,
  "summary_wm_mad": 33.014594164878254,
  "summary_wm_mean": 999.7310791015625,
  "summary_wm_median": 1000.00732421875,
  "summary_wm_n": 236136.0,
  "summary_wm_p05": 943.0467529296875,
  "summary_wm_p95": 1055.383056640625,
  "summary_wm_stdv": 34.34383010864258,
  "tpm_overlap_csf": 0.15729831159114838,
  "tpm_overlap_gm": 0.4481353461742401,
  "tpm_overlap_wm": 0.5092665553092957,
  "wm2max": 0.4831856283866837
}