{
  "bids_meta": {
    "AcquisitionNumber": 1,
    "AcquisitionTime": "10:20:37.697500",
    "ConversionSoftware": "dcm2niix",
    "ConversionSoftwareVersion": "v1.0.20170724 (OpenJPEG build) GCC6.1.0",
    "DeviceSerialNumber": "35002",
    "EchoTime": 0.064,
    "EchoTrainLength": 15,
    "FlipAngle": 178,
    "ImageType": [
      "ORIGINAL",
      "PRIMARY",
      "M",
      "ND"
    ],
    "InstitutionAddress": "University_Pkwy_1700_North_685_Provo_FC28C0_UT_US_84601",
    "InstitutionName": "Brigham_Young_University",
    "MagneticFieldStrength": 3,
    "Manufacturer": "Siemens",
    "ManufacturersModelName": "TrioTim",
    "PhaseEncodingDirection": "i-",
    "PhaseEncodingLines": 512,
    "ProcedureStepDescription": "Research_KIRWAN",
    "ProtocolName": "HiRes_T2",
    "RepetitionTime": 6.26,
    "ScanningSequence": "SE",
    "SequenceName": "_tse2d1_15",
    "SequenceVariant": "SK_SP_OSP",
    "SeriesDescription": "HiRes_T2",
    "SoftwareVersions": "syngo_MR_B17",
    "dataset": "ds003711",
    "modality": "T2w",
    "subject_id": "48"
  },
  "cjv": 1.3387579563092986,
  "cnr": 0.9569201488138787,
  "efc": 0.5927003147754325,
  "fber": 101.94529315469758,
  "fwhm_avg": 3.4493537545677526,
  "fwhm_x": 4.1507072,
  "fwhm_y": 1.9098916637032588,
  "fwhm_z": 4.2874624,
  "icvs_csf": 0.37756992172061926,
  "icvs_gm": 0.11357389233218096,
  "icvs_wm": 0.5088561859471998,
  "inu_med": 1.070961356163025,
  "inu_range": 0.2502808332443236,
  "provenance": {
    "md5sum": "dfe42f0b969b9f7f78494cc2d25e0aaa",
    "settings": {
      "testing": false
    },
    "software": "mriqc",
    "version": "22.0.0rc1",
    "warnings": {
      "large_rot_frame": false,
      "small_air_mask": false
    },
    "webapi_port": null,
    "webapi_url": "https://mriqc.nimh.nih.gov/api/v1"
  },
  "qi_1": 0.02154560761011275,
  "qi_2": 0.00011531176111514695,
  "rpve_csf": 10.31934161749568,
  "rpve_gm": 37.26324838947036,
  "rpve_wm": 8.502714200732921,
  "size_x": 512,
  "size_y": 19,
  "size_z": 512,
  "snr_csf": 10.974927510923349,
  "snr_gm": 2.2266305979172367,
  "snr_total": 7.392600766922107,
  "snr_wm": 8.976244191925735,
  "snrd_csf": 14.407993861167487,
  "snrd_gm": 18.490247316982916,
  "snrd_total": 14.2563404281155,
  "snrd_wm": 9.870780106196097,
  "spacing_x": 0.390625,
  "spacing_y": 3.00000262260437,
  "spacing_z": 0.390625,
  "summary_bg_k": 19.25660701611684,
  "summary_bg_mad": 67.48178498597859,
  "summary_bg_mean": 196.38361343047575,
  "summary_bg_median": 103.22580134868622,
  "summary_bg_n": 1493503.0,
  "summary_bg_p05": 23.466854564845562,
  "summary_bg_p95": 858.0644737109542,
  "summary_bg_stdv": 341.1313969685418,
  "summary_csf_k": 0.08633368876661907,
  "summary_csf_mad": 135.0686817865771,
  "summary_csf_mean": 1493.1085419190772,
  "summary_csf_median": 1484.0835849121213,
  "summary_csf_n": 246141.0,
  "summary_csf_p05": 1287.0612621456385,
  "summary_csf_p95": 1728.677688382566,
  "summary_csf_stdv": 135.224635308966,
  "summary_gm_k": -1.5110612429621666,
  "summary_gm_mad": 1072.666068196124,
  "summary_gm_mean": 1565.6689745725025,
  "summary_gm_median": 1904.5727523565292,
  "summary_gm_n": 78623.0,
  "summary_gm_p05": 449.76956301927567,
  "summary_gm_p95": 2770.9888740062706,
  "summary_gm_stdv": 855.3554604167434,
  "summary_wm_k": -0.14608615270237468,
  "summary_wm_mad": 115.9383315257545,
  "summary_wm_mean": 1014.9064705224073,
  "summary_wm_median": 1016.7316051796079,
  "summary_wm_n": 354242.0,
  "summary_wm_p05": 828.1460065618157,
  "summary_wm_p95": 1199.5036627873778,
  "summary_wm_stdv": 113.26899629274942,
  "tpm_overlap_csf": 0.08316193521022797,
  "tpm_overlap_gm": 0.08555081486701965,
  "tpm_overlap_wm": 0.3431054651737213,
  "wm2max": 0.3329492340641102
}