{
  "bids_meta": {
    "AcquisitionNumber": 1,
    "AcquisitionTime": "16:00:43.967500",
    "ConversionSoftware": "dcm2niix",
    "ConversionSoftwareVersion": "v1.0.20170724 (OpenJPEG build) GCC6.1.0",
    "DeviceSerialNumber": "35002",
    "EchoTime": 0.00226,
    "FlipAngle": 9,
    "ImageType": [
      "ORIGINAL",
      "PRIMARY",
      "M",
      "ND",
      "NORM"
    ],
    "InstitutionAddress": "University_Pkwy_1700_North_685_Provo_FC28C0_UT_US_84601",
    "InstitutionName": "Brigham_Young_University",
    "InversionTime": 0.9,
    "MagneticFieldStrength": 3,
    "Manufacturer": "Siemens",
    "ManufacturersModelName": "TrioTim",
    "PhaseEncodingDirection": "i-",
    "PhaseEncodingLines": 215,
    "ProcedureStepDescription": "Research_KIRWAN",
    "ProtocolName": "t1_mpr_sag_iso_mprage",
    "RepetitionTime": 1.9,
    "ScanningSequence": "GR_IR",
    "SequenceName": "_tfl3d1_ns",
    "SequenceVariant": "SP_MP_OSP",
    "SeriesDescription": "t1_mpr_sag_iso_mprage",
    "SoftwareVersions": "syngo_MR_B17",
    "dataset": "ds003711",
    "modality": "T1w",
    "subject_id": "43"
  },
  "cjv": 0.35305084637402795,
  "cnr": 3.8039307083074134,
  "efc": 0.624557657044717,
  "fber": 1589.3280029296875,
  "fwhm_avg": 4.18736624,
  "fwhm_x": 3.99938,
  "fwhm_y": 4.4486656,
  "fwhm_z": 4.1140531199999995,
  "icvs_csf": 0.19744957012677658,
  "icvs_gm": 0.4127171278246505,
  "icvs_wm": 0.38983330204857297,
  "inu_med": 1.337594747543335,
  "inu_range": 0.41288611888885507,
  "provenance": {
    "md5sum": "7c0b7641dca95923c0d5bef4d48ba536",
    "settings": {
      "testing": false
    },
    "software": "mriqc",
    "version": "22.0.0rc1",
    "warnings": {
      "large_rot_frame": true,
      "small_air_mask": false
    },
    "webapi_port": null,
    "webapi_url": "https://mriqc.nimh.nih.gov/api/v1"
  },
  "qi_1": 0.0,
  "qi_2": 0.005270489512117381,
  "rpve_csf": 22.294544951861976,
  "rpve_gm": 11.267549340834625,
  "rpve_wm": 14.514263963807204,
  "size_x": 176,
  "size_y": 224,
  "size_z": 256,
  "snr_csf": 3.461813452404873,
  "snr_gm": 13.354280016848811,
  "snr_total": 13.892317171410076,
  "snr_wm": 24.86085804497654,
  "snrd_csf": 23.61863749637976,
  "snrd_gm": 52.18315383299422,
  "snrd_total": 48.86430370587405,
  "snrd_wm": 70.79111978824817,
  "spacing_x": 1.0,
  "spacing_y": 0.9765625,
  "spacing_z": 0.9765625,
  "summary_bg_k": 2.1399926474673636,
  "summary_bg_mad": 9.254673966229651,
  "summary_bg_mean": 15.703414916992188,
  "summary_bg_median": 15.259001731872559,
  "summary_bg_n": 1960007.0,
  "summary_bg_p05": 3.0623099565505982,
  "summary_bg_p95": 34.789526748657224,
  "summary_bg_stdv": 10.501615524291992,
  "summary_csf_k": 1.1148542502026935,
  "summary_csf_mad": 82.57964955149173,
  "summary_csf_mean": 359.0562438964844,
  "summary_csf_median": 333.64471435546875,
  "summary_csf_n": 21549.0,
  "summary_csf_p05": 242.8739227294922,
  "summary_csf_p95": 550.27607421875,
  "summary_csf_stdv": 96.37635803222656,
  "summary_gm_k": 0.09966547912059731,
  "summary_gm_mad": 53.95711967356341,
  "summary_gm_mean": 735.1642456054688,
  "summary_gm_median": 737.1565551757812,
  "summary_gm_n": 21428.0,
  "summary_gm_p05": 641.09619140625,
  "summary_gm_p95": 823.8811401367187,
  "summary_gm_stdv": 55.198734283447266,
  "summary_wm_k": 0.32119961868348756,
  "summary_wm_mad": 38.846639476186084,
  "summary_wm_mean": 999.853515625,
  "summary_wm_median": 1000.0188598632812,
  "summary_wm_n": 241124.0,
  "summary_wm_p05": 933.318814086914,
  "summary_wm_p95": 1065.464532470703,
  "summary_wm_stdv": 40.22454833984375,
  "tpm_overlap_csf": 0.18339566886425018,
  "tpm_overlap_gm": 0.4395497143268585,
  "tpm_overlap_wm": 0.5086878538131714,
  "wm2max": 0.4300380192991102
}