{
  "bids_meta": {
    "AcquisitionNumber": 1,
    "AcquisitionTime": "13:33:19.465000",
    "ConversionSoftware": "dcm2niix",
    "ConversionSoftwareVersion": "v1.0.20170724 (OpenJPEG build) GCC6.1.0",
    "DeviceSerialNumber": "35002",
    "EchoTime": 0.00226,
    "FlipAngle": 9,
    "ImageType": [
      "ORIGINAL",
      "PRIMARY",
      "M",
      "ND",
      "NORM"
    ],
    "InstitutionAddress": "University_Pkwy_1700_North_685_Provo_FC28C0_UT_US_84601",
    "InstitutionName": "Brigham_Young_University",
    "InversionTime": 0.9,
    "MagneticFieldStrength": 3,
    "Manufacturer": "Siemens",
    "ManufacturersModelName": "TrioTim",
    "PhaseEncodingDirection": "i-",
    "PhaseEncodingLines": 215,
    "ProcedureStepDescription": "Research_KIRWAN",
    "ProtocolName": "t1_mpr_sag_iso_mprage",
    "RepetitionTime": 1.9,
    "ScanningSequence": "GR_IR",
    "SequenceName": "_tfl3d1_ns",
    "SequenceVariant": "SP_MP_OSP",
    "SeriesDescription": "t1_mpr_sag_iso_mprage",
    "SoftwareVersions": "syngo_MR_B17",
    "dataset": "ds003711",
    "modality": "T1w",
    "subject_id": "16"
  },
  "cjv": 0.35223994958200444,
  "cnr": 3.810199107809388,
  "efc": 0.6423709146747439,
  "fber": 1456.62109375,
  "fwhm_avg": 4.44453552,
  "fwhm_x": 4.10922,
  "fwhm_y": 4.8779776,
  "fwhm_z": 4.34640896,
  "icvs_csf": 0.22034467341032132,
  "icvs_gm": 0.40581059092740684,
  "icvs_wm": 0.37384473566227183,
  "inu_med": 1.3198775053024292,
  "inu_range": 0.46279878616333003,
  "provenance": {
    "md5sum": "af45799590735100a96f0c70bcff0e08",
    "settings": {
      "testing": false
    },
    "software": "mriqc",
    "version": "22.0.0rc1",
    "warnings": {
      "large_rot_frame": true,
      "small_air_mask": false
    },
    "webapi_port": null,
    "webapi_url": "https://mriqc.nimh.nih.gov/api/v1"
  },
  "qi_1": 0.0,
  "qi_2": 0.006947060058890512,
  "rpve_csf": 19.75651186888462,
  "rpve_gm": 11.065289605942077,
  "rpve_wm": 14.737178987038032,
  "size_x": 176,
  "size_y": 224,
  "size_z": 256,
  "snr_csf": 3.5352975019952417,
  "snr_gm": 14.063609299309736,
  "snr_total": 13.827897994599402,
  "snr_wm": 23.884787182493223,
  "snrd_csf": 25.179065249431392,
  "snrd_gm": 50.75400720567324,
  "snrd_total": 48.1476094659796,
  "snrd_wm": 68.50975594283416,
  "spacing_x": 1.0,
  "spacing_y": 0.9765625,
  "spacing_z": 0.9765625,
  "summary_bg_k": 1.6357972516574586,
  "summary_bg_mad": 9.56284553208229,
  "summary_bg_mean": 15.048484802246094,
  "summary_bg_median": 12.898401260375977,
  "summary_bg_n": 2013587.0,
  "summary_bg_p05": 3.1926067590713503,
  "summary_bg_p95": 32.83088607788086,
  "summary_bg_stdv": 9.956755638122559,
  "summary_csf_k": 9.404413457871646,
  "summary_csf_mad": 104.06794804786988,
  "summary_csf_mean": 383.907958984375,
  "summary_csf_median": 367.5318908691406,
  "summary_csf_n": 30592.0,
  "summary_csf_p05": 243.7636848449707,
  "summary_csf_p95": 565.838018798828,
  "summary_csf_stdv": 103.95896911621094,
  "summary_gm_k": 0.13851500607726042,
  "summary_gm_mad": 51.68448701873804,
  "summary_gm_mean": 740.4632568359375,
  "summary_gm_median": 740.84228515625,
  "summary_gm_n": 22142.0,
  "summary_gm_p05": 653.9353668212891,
  "summary_gm_p95": 827.0612060546875,
  "summary_gm_stdv": 52.67677307128906,
  "summary_wm_k": 0.5051721431792822,
  "summary_wm_mad": 39.607577101638576,
  "summary_wm_mean": 999.9439086914062,
  "summary_wm_median": 1000.01806640625,
  "summary_wm_n": 243753.0,
  "summary_wm_p05": 931.1460083007812,
  "summary_wm_p95": 1068.0284423828125,
  "summary_wm_stdv": 41.868324279785156,
  "tpm_overlap_csf": 0.16772986948490143,
  "tpm_overlap_gm": 0.44219234585762024,
  "tpm_overlap_wm": 0.5201044678688049,
  "wm2max": 0.46740949978499824
}