{
  "aor": 0.00029913978494623656,
  "aqi": 0.048077675268817205,
  "bids_meta": {
    "AccelFactPE": 2,
    "AcquisitionNumber": 1,
    "AcquisitionTime": "15:22:56.865000",
    "BandwidthPerPixelPhaseEncode": 22.321,
    "ConversionSoftware": "dcm2niix",
    "ConversionSoftwareVersion": "v1.0.20170724 (OpenJPEG build) GCC6.1.0",
    "DeviceSerialNumber": "35002",
    "EchoTime": 0.028,
    "EffectiveEchoSpacing": 0.000350007,
    "FlipAngle": 90,
    "ImageType": [
      "ORIGINAL",
      "PRIMARY",
      "M",
      "ND",
      "MOSAIC"
    ],
    "InstitutionAddress": "University_Pkwy_1700_North_685_Provo_FC28C0_UT_US_84601",
    "InstitutionName": "Brigham_Young_University",
    "MagneticFieldStrength": 3,
    "Manufacturer": "Siemens",
    "ManufacturersModelName": "TrioTim",
    "PhaseEncodingDirection": "j-",
    "PhaseEncodingLines": 128,
    "ProcedureStepDescription": "Research_KIRWAN",
    "ProtocolName": "12Chan_1.8x1.8x1.8_TR1900_29Slice",
    "RepetitionTime": 1.9,
    "ScanningSequence": "EP",
    "SequenceName": "epfid2d1_128",
    "SequenceVariant": "SK",
    "SeriesDescription": "12Chan_1.8x1.8x1.8_TR1900_29Slice",
    "SliceTiming": [
      0,
      0.985,
      0.065,
      1.0525,
      0.13,
      1.1175,
      0.1975,
      1.1825,
      0.2625,
      1.25,
      0.3275,
      1.315,
      0.395,
      1.38,
      0.46,
      1.4475,
      0.525,
      1.5125,
      0.5925,
      1.5775,
      0.6575,
      1.645,
      0.7225,
      1.71,
      0.79,
      1.775,
      0.855,
      1.84,
      0.92
    ],
    "SoftwareVersions": "syngo_MR_B17",
    "TaskName": "MST",
    "TotalReadoutTime": 0.0437508,
    "TrueEchoSpacing": 0.000700013,
    "dataset": "ds003711",
    "modality": "bold",
    "run_id": 5,
    "subject_id": "32",
    "task_id": "MST"
  },
  "dummy_trs": 0,
  "dvars_nstd": 84.31214504082733,
  "dvars_std": 1.0182679296043167,
  "dvars_vstd": 1.003769829424461,
  "efc": 0.6535740348801519,
  "fber": 79.91458892822266,
  "fd_mean": 0.0961634590596829,
  "fd_num": 14,
  "fd_perc": 5.017921146953405,
  "fwhm_avg": 2.267680587242394,
  "fwhm_x": 2.2132389380530975,
  "fwhm_y": 2.404225132743363,
  "fwhm_z": 2.185577690930723,
  "gcor": 0.00347095,
  "gsr_x": -0.03590446338057518,
  "gsr_y": 0.06611385196447372,
  "provenance": {
    "md5sum": "30611c4b37a1ed0ac26f5cd3d0a06b6f",
    "settings": {
      "fd_thres": 0.2,
      "testing": false
    },
    "software": "mriqc",
    "version": "22.0.0rc1",
    "webapi_port": null,
    "webapi_url": "https://mriqc.nimh.nih.gov/api/v1"
  },
  "size_t": 279,
  "size_x": 128,
  "size_y": 128,
  "size_z": 29,
  "snr": 4.9303560110463645,
  "spacing_tr": 1.899999976158142,
  "spacing_x": 1.765625,
  "spacing_y": 1.765625,
  "spacing_z": 1.8000000715255737,
  "summary_bg_k": 28.84995253289102,
  "summary_bg_mad": 17.769972581779655,
  "summary_bg_mean": 111.97451782226562,
  "summary_bg_median": 86.53046417236328,
  "summary_bg_n": 312413.0,
  "summary_bg_p05": 69.81720733642578,
  "summary_bg_p95": 244.02078247070287,
  "summary_bg_stdv": 80.00357055664062,
  "summary_fg_k": 1.1213975492606894,
  "summary_fg_mad": 141.46897344378365,
  "summary_fg_mean": 785.1592407226562,
  "summary_fg_median": 785.7921142578125,
  "summary_fg_n": 91647.0,
  "summary_fg_p05": 524.70107421875,
  "summary_fg_p95": 1044.4656005859374,
  "summary_fg_stdv": 159.37750244140625,
  "tsnr": 15.66747310408391
}