{
  "aor": 0.00026584229390681004,
  "aqi": 0.042002495340501794,
  "bids_meta": {
    "AccelFactPE": 2,
    "AcquisitionNumber": 1,
    "AcquisitionTime": "14:40:8.517500",
    "BandwidthPerPixelPhaseEncode": 22.321,
    "ConversionSoftware": "dcm2niix",
    "ConversionSoftwareVersion": "v1.0.20170724 (OpenJPEG build) GCC6.1.0",
    "DeviceSerialNumber": "35002",
    "EchoTime": 0.028,
    "EffectiveEchoSpacing": 0.000350007,
    "FlipAngle": 90,
    "ImageType": [
      "ORIGINAL",
      "PRIMARY",
      "M",
      "ND",
      "MOSAIC"
    ],
    "InstitutionAddress": "University_Pkwy_1700_North_685_Provo_FC28C0_UT_US_84601",
    "InstitutionName": "Brigham_Young_University",
    "MagneticFieldStrength": 3,
    "Manufacturer": "Siemens",
    "ManufacturersModelName": "TrioTim",
    "PhaseEncodingDirection": "j-",
    "PhaseEncodingLines": 128,
    "ProcedureStepDescription": "Research_KIRWAN",
    "ProtocolName": "12Chan_1.8x1.8x1.8_TR1900_29Slice",
    "RepetitionTime": 1.9,
    "ScanningSequence": "EP",
    "SequenceName": "epfid2d1_128",
    "SequenceVariant": "SK",
    "SeriesDescription": "12Chan_1.8x1.8x1.8_TR1900_29Slice",
    "SliceTiming": [
      0,
      0.9875,
      0.065,
      1.0525,
      0.1325,
      1.1175,
      0.1975,
      1.185,
      0.2625,
      1.25,
      0.33,
      1.315,
      0.395,
      1.38,
      0.46,
      1.4475,
      0.5275,
      1.5125,
      0.5925,
      1.5775,
      0.6575,
      1.645,
      0.7225,
      1.71,
      0.79,
      1.775,
      0.855,
      1.8425,
      0.92
    ],
    "SoftwareVersions": "syngo_MR_B17",
    "TaskName": "MST",
    "TotalReadoutTime": 0.0437508,
    "TrueEchoSpacing": 0.000700013,
    "dataset": "ds003711",
    "modality": "bold",
    "run_id": 1,
    "subject_id": "32",
    "task_id": "MST"
  },
  "dummy_trs": 0,
  "dvars_nstd": 73.48747794057557,
  "dvars_std": 1.0053456902517979,
  "dvars_vstd": 0.9974528497482007,
  "efc": 0.6415980543576023,
  "fber": 96.88335418701172,
  "fd_mean": 0.07379117303252047,
  "fd_num": 10,
  "fd_perc": 3.5842293906810037,
  "fwhm_avg": 2.334439277548778,
  "fwhm_x": 2.212950088495575,
  "fwhm_y": 2.4594067256637167,
  "fwhm_z": 2.3309610184870424,
  "gcor": 0.00636166,
  "gsr_x": -0.02946583554148674,
  "gsr_y": 0.059070512652397156,
  "provenance": {
    "md5sum": "b40889bb5c662416c2841ee581962502",
    "settings": {
      "fd_thres": 0.2,
      "testing": false
    },
    "software": "mriqc",
    "version": "22.0.0rc1",
    "webapi_port": null,
    "webapi_url": "https://mriqc.nimh.nih.gov/api/v1"
  },
  "size_t": 279,
  "size_x": 128,
  "size_y": 128,
  "size_z": 29,
  "snr": 4.976795992019762,
  "spacing_tr": 1.899999976158142,
  "spacing_x": 1.765625,
  "spacing_y": 1.765625,
  "spacing_z": 1.8000000715255737,
  "summary_bg_k": 25.970728808545527,
  "summary_bg_mad": 12.5888280125196,
  "summary_bg_mean": 105.10994720458984,
  "summary_bg_median": 78.98566436767578,
  "summary_bg_n": 312252.0,
  "summary_bg_p05": 67.07168579101562,
  "summary_bg_p95": 236.83154296875,
  "summary_bg_stdv": 77.81327819824219,
  "summary_fg_k": 1.1893423719779026,
  "summary_fg_mad": 140.47520284053485,
  "summary_fg_mean": 787.0642700195312,
  "summary_fg_median": 787.0250854492188,
  "summary_fg_n": 91715.0,
  "summary_fg_p05": 530.7766784667969,
  "summary_fg_p95": 1045.5376220703126,
  "summary_fg_stdv": 158.13804626464844,
  "tsnr": 17.24208700004965
}