{
  "aor": 0.00032548387096774194,
  "aqi": 0.05158041935483871,
  "bids_meta": {
    "AccelFactPE": 2,
    "AcquisitionNumber": 1,
    "AcquisitionTime": "15:11:50.095000",
    "BandwidthPerPixelPhaseEncode": 22.321,
    "ConversionSoftware": "dcm2niix",
    "ConversionSoftwareVersion": "v1.0.20170724 (OpenJPEG build) GCC6.1.0",
    "DeviceSerialNumber": "35002",
    "EchoTime": 0.028,
    "EffectiveEchoSpacing": 0.000350007,
    "FlipAngle": 90,
    "ImageType": [
      "ORIGINAL",
      "PRIMARY",
      "M",
      "ND",
      "MOSAIC"
    ],
    "InstitutionAddress": "University_Pkwy_1700_North_685_Provo_FC28C0_UT_US_84601",
    "InstitutionName": "Brigham_Young_University",
    "MagneticFieldStrength": 3,
    "Manufacturer": "Siemens",
    "ManufacturersModelName": "TrioTim",
    "PhaseEncodingDirection": "j-",
    "PhaseEncodingLines": 128,
    "ProcedureStepDescription": "Research_KIRWAN",
    "ProtocolName": "12Chan_1.8x1.8x1.8_TR1900_29Slice",
    "RepetitionTime": 1.9,
    "ScanningSequence": "EP",
    "SequenceName": "epfid2d1_128",
    "SequenceVariant": "SK",
    "SeriesDescription": "12Chan_1.8x1.8x1.8_TR1900_29Slice",
    "SliceTiming": [
      0,
      0.985,
      0.065,
      1.0525,
      0.13,
      1.1175,
      0.1975,
      1.1825,
      0.2625,
      1.25,
      0.3275,
      1.315,
      0.395,
      1.38,
      0.46,
      1.445,
      0.525,
      1.5125,
      0.59,
      1.5775,
      0.6575,
      1.6425,
      0.7225,
      1.71,
      0.7875,
      1.775,
      0.855,
      1.84,
      0.92
    ],
    "SoftwareVersions": "syngo_MR_B17",
    "TaskName": "MST",
    "TotalReadoutTime": 0.0437508,
    "TrueEchoSpacing": 0.000700013,
    "dataset": "ds003711",
    "modality": "bold",
    "run_id": 4,
    "subject_id": "32",
    "task_id": "MST"
  },
  "dummy_trs": 0,
  "dvars_nstd": 84.28245289223027,
  "dvars_std": 1.0189598645683462,
  "dvars_vstd": 1.003367540503597,
  "efc": 0.6535112797862552,
  "fber": 80.68941497802734,
  "fd_mean": 0.10976677546693449,
  "fd_num": 31,
  "fd_perc": 11.11111111111111,
  "fwhm_avg": 2.2973350340034195,
  "fwhm_x": 2.2258237168141592,
  "fwhm_y": 2.4080481415929205,
  "fwhm_z": 2.25813324360318,
  "gcor": 0.00371971,
  "gsr_x": -0.03539681062102318,
  "gsr_y": 0.06637603044509888,
  "provenance": {
    "md5sum": "9f3083b2c41b8b3a4f4cf444a2c94491",
    "settings": {
      "fd_thres": 0.2,
      "testing": false
    },
    "software": "mriqc",
    "version": "22.0.0rc1",
    "webapi_port": null,
    "webapi_url": "https://mriqc.nimh.nih.gov/api/v1"
  },
  "size_t": 279,
  "size_x": 128,
  "size_y": 128,
  "size_z": 29,
  "snr": 4.950632288466015,
  "spacing_tr": 1.899999976158142,
  "spacing_x": 1.765625,
  "spacing_y": 1.765625,
  "spacing_z": 1.8000000715255737,
  "summary_bg_k": 28.61896459723525,
  "summary_bg_mad": 17.392682260442875,
  "summary_bg_mean": 111.70740509033203,
  "summary_bg_median": 86.24372863769531,
  "summary_bg_n": 312198.0,
  "summary_bg_p05": 69.97490692138672,
  "summary_bg_p95": 244.32312393188465,
  "summary_bg_stdv": 79.55113220214844,
  "summary_fg_k": 1.1790582195616972,
  "summary_fg_mad": 140.0926074926441,
  "summary_fg_mean": 785.0673828125,
  "summary_fg_median": 786.0914306640625,
  "summary_fg_n": 91778.0,
  "summary_fg_p05": 525.3806304931641,
  "summary_fg_p95": 1043.6136596679685,
  "summary_fg_stdv": 158.7852020263672,
  "tsnr": 15.437186760944314
}