{
  "aor": 0.0003957347670250896,
  "aqi": 0.0482971,
  "bids_meta": {
    "AccelFactPE": 2,
    "AcquisitionNumber": 1,
    "AcquisitionTime": "15:01:34.365000",
    "BandwidthPerPixelPhaseEncode": 22.321,
    "ConversionSoftware": "dcm2niix",
    "ConversionSoftwareVersion": "v1.0.20170724 (OpenJPEG build) GCC6.1.0",
    "DeviceSerialNumber": "35002",
    "EchoTime": 0.028,
    "EffectiveEchoSpacing": 0.000350007,
    "FlipAngle": 90,
    "ImageType": [
      "ORIGINAL",
      "PRIMARY",
      "M",
      "ND",
      "MOSAIC"
    ],
    "InstitutionAddress": "University_Pkwy_1700_North_685_Provo_FC28C0_UT_US_84601",
    "InstitutionName": "Brigham_Young_University",
    "MagneticFieldStrength": 3,
    "Manufacturer": "Siemens",
    "ManufacturersModelName": "TrioTim",
    "PhaseEncodingDirection": "j-",
    "PhaseEncodingLines": 128,
    "ProcedureStepDescription": "Research_KIRWAN",
    "ProtocolName": "12Chan_1.8x1.8x1.8_TR1900_29Slice",
    "RepetitionTime": 1.9,
    "ScanningSequence": "EP",
    "SequenceName": "epfid2d1_128",
    "SequenceVariant": "SK",
    "SeriesDescription": "12Chan_1.8x1.8x1.8_TR1900_29Slice",
    "SliceTiming": [
      0,
      0.985,
      0.065,
      1.0525,
      0.13,
      1.1175,
      0.1975,
      1.1825,
      0.2625,
      1.25,
      0.3275,
      1.315,
      0.395,
      1.38,
      0.46,
      1.4475,
      0.525,
      1.5125,
      0.5925,
      1.5775,
      0.6575,
      1.6425,
      0.7225,
      1.71,
      0.7875,
      1.775,
      0.855,
      1.84,
      0.92
    ],
    "SoftwareVersions": "syngo_MR_B17",
    "TaskName": "MST",
    "TotalReadoutTime": 0.0437508,
    "TrueEchoSpacing": 0.000700013,
    "dataset": "ds003711",
    "modality": "bold",
    "run_id": 3,
    "subject_id": "32",
    "task_id": "MST"
  },
  "dummy_trs": 0,
  "dvars_nstd": 83.39237907438846,
  "dvars_std": 1.0215182736690644,
  "dvars_vstd": 1.0069157682374092,
  "efc": 0.6530684716064374,
  "fber": 81.51538848876953,
  "fd_mean": 0.09440987248455557,
  "fd_num": 20,
  "fd_perc": 7.168458781362007,
  "fwhm_avg": 2.2599187186311585,
  "fwhm_x": 2.1908672566371683,
  "fwhm_y": 2.375277876106195,
  "fwhm_z": 2.2136110231501123,
  "gcor": 0.00570586,
  "gsr_x": -0.035329729318618774,
  "gsr_y": 0.06729037314653397,
  "provenance": {
    "md5sum": "f6d3351e3bdb5b141e613d0a85310f9d",
    "settings": {
      "fd_thres": 0.2,
      "testing": false
    },
    "software": "mriqc",
    "version": "22.0.0rc1",
    "webapi_port": null,
    "webapi_url": "https://mriqc.nimh.nih.gov/api/v1"
  },
  "size_t": 279,
  "size_x": 128,
  "size_y": 128,
  "size_z": 29,
  "snr": 4.968921119649872,
  "spacing_tr": 1.899999976158142,
  "spacing_x": 1.765625,
  "spacing_y": 1.765625,
  "spacing_z": 1.8000000715255737,
  "summary_bg_k": 29.34363156558613,
  "summary_bg_mad": 17.21199463960541,
  "summary_bg_mean": 111.41020202636719,
  "summary_bg_median": 85.61289978027344,
  "summary_bg_n": 311823.0,
  "summary_bg_p05": 69.67742156982422,
  "summary_bg_p95": 244.13619995117188,
  "summary_bg_stdv": 81.65795135498047,
  "summary_fg_k": 1.2162084655080854,
  "summary_fg_mad": 139.00852701304834,
  "summary_fg_mean": 783.3785400390625,
  "summary_fg_median": 784.5304565429688,
  "summary_fg_n": 92078.0,
  "summary_fg_p05": 525.748013305664,
  "summary_fg_p95": 1039.6636169433593,
  "summary_fg_stdv": 157.88662719726562,
  "tsnr": 15.824799975758651
}