{
  "aor": 0.0003084229390681004,
  "aqi": 0.02894283440860215,
  "bids_meta": {
    "AccelFactPE": 2,
    "AcquisitionNumber": 1,
    "AcquisitionTime": "13:31:37.090000",
    "BandwidthPerPixelPhaseEncode": 22.321,
    "ConversionSoftware": "dcm2niix",
    "ConversionSoftwareVersion": "v1.0.20170724 (OpenJPEG build) GCC6.1.0",
    "DeviceSerialNumber": "35002",
    "EchoTime": 0.028,
    "EffectiveEchoSpacing": 0.000350007,
    "FlipAngle": 90,
    "ImageType": [
      "ORIGINAL",
      "PRIMARY",
      "M",
      "ND",
      "MOSAIC"
    ],
    "InstitutionAddress": "University_Pkwy_1700_North_685_Provo_FC28C0_UT_US_84601",
    "InstitutionName": "Brigham_Young_University",
    "MagneticFieldStrength": 3,
    "Manufacturer": "Siemens",
    "ManufacturersModelName": "TrioTim",
    "PhaseEncodingDirection": "j-",
    "PhaseEncodingLines": 128,
    "ProcedureStepDescription": "Research_KIRWAN",
    "ProtocolName": "12Chan_1.8x1.8x1.8_TR1900_29Slice",
    "RepetitionTime": 1.9,
    "ScanningSequence": "EP",
    "SequenceName": "epfid2d1_128",
    "SequenceVariant": "SK",
    "SeriesDescription": "12Chan_1.8x1.8x1.8_TR1900_29Slice",
    "SliceTiming": [
      0,
      0.9875,
      0.065,
      1.0525,
      0.1325,
      1.1175,
      0.1975,
      1.1825,
      0.2625,
      1.25,
      0.3275,
      1.315,
      0.395,
      1.38,
      0.46,
      1.4475,
      0.525,
      1.5125,
      0.5925,
      1.5775,
      0.6575,
      1.645,
      0.7225,
      1.71,
      0.79,
      1.775,
      0.855,
      1.8425,
      0.92
    ],
    "SoftwareVersions": "syngo_MR_B17",
    "TaskName": "MST",
    "TotalReadoutTime": 0.0437508,
    "TrueEchoSpacing": 0.000700013,
    "dataset": "ds003711",
    "modality": "bold",
    "run_id": 1,
    "subject_id": "02",
    "task_id": "MST"
  },
  "dummy_trs": 0,
  "dvars_nstd": 72.10758813028778,
  "dvars_std": 1.037106549676259,
  "dvars_vstd": 0.9970539076618703,
  "efc": 0.6273293993943024,
  "fber": 112.18402099609375,
  "fd_mean": 0.07748640073112213,
  "fd_num": 5,
  "fd_perc": 1.7921146953405018,
  "fwhm_avg": 2.728028827246799,
  "fwhm_x": 2.517431504424779,
  "fwhm_y": 2.744993982300885,
  "fwhm_z": 2.921660995014734,
  "gcor": 0.00890725,
  "gsr_x": -0.016500992700457573,
  "gsr_y": 0.04239093139767647,
  "provenance": {
    "md5sum": "f3f767721582177968e2cf038d967246",
    "settings": {
      "fd_thres": 0.2,
      "testing": false
    },
    "software": "mriqc",
    "version": "22.0.0rc1",
    "webapi_port": null,
    "webapi_url": "https://mriqc.nimh.nih.gov/api/v1"
  },
  "size_t": 279,
  "size_x": 128,
  "size_y": 128,
  "size_z": 29,
  "snr": 4.116144321230812,
  "spacing_tr": 1.899999976158142,
  "spacing_x": 1.765625,
  "spacing_y": 1.765625,
  "spacing_z": 1.8000000715255737,
  "summary_bg_k": 29.97821329089208,
  "summary_bg_mad": 11.552605885481944,
  "summary_bg_mean": 102.46350860595703,
  "summary_bg_median": 78.01433563232422,
  "summary_bg_n": 306321.0,
  "summary_bg_p05": 67.03584289550781,
  "summary_bg_p95": 227.55914306640625,
  "summary_bg_stdv": 76.44947052001953,
  "summary_fg_k": 1.1562031009048832,
  "summary_fg_mad": 179.53304797944014,
  "summary_fg_mean": 848.78466796875,
  "summary_fg_median": 839.4677734375,
  "summary_fg_n": 96880.0,
  "summary_fg_p05": 532.2500183105469,
  "summary_fg_p95": 1197.7456665039062,
  "summary_fg_stdv": 203.94412231445312,
  "tsnr": 18.41736990842037
}