{
  "aor": 0.0003117921146953405,
  "aqi": 0.03894540573476703,
  "bids_meta": {
    "AccelFactPE": 2,
    "AcquisitionNumber": 1,
    "AcquisitionTime": "13:42:1.902500",
    "BandwidthPerPixelPhaseEncode": 22.321,
    "ConversionSoftware": "dcm2niix",
    "ConversionSoftwareVersion": "v1.0.20170724 (OpenJPEG build) GCC6.1.0",
    "DeviceSerialNumber": "35002",
    "EchoTime": 0.028,
    "EffectiveEchoSpacing": 0.000350007,
    "FlipAngle": 90,
    "ImageType": [
      "ORIGINAL",
      "PRIMARY",
      "M",
      "ND",
      "MOSAIC"
    ],
    "InstitutionAddress": "University_Pkwy_1700_North_685_Provo_FC28C0_UT_US_84601",
    "InstitutionName": "Brigham_Young_University",
    "MagneticFieldStrength": 3,
    "Manufacturer": "Siemens",
    "ManufacturersModelName": "TrioTim",
    "PhaseEncodingDirection": "j-",
    "PhaseEncodingLines": 128,
    "ProcedureStepDescription": "Research_KIRWAN",
    "ProtocolName": "12Chan_1.8x1.8x1.8_TR1900_29Slice",
    "RepetitionTime": 1.9,
    "ScanningSequence": "EP",
    "SequenceName": "epfid2d1_128",
    "SequenceVariant": "SK",
    "SeriesDescription": "12Chan_1.8x1.8x1.8_TR1900_29Slice",
    "SliceTiming": [
      0,
      0.985,
      0.065,
      1.0525,
      0.1325,
      1.1175,
      0.1975,
      1.1825,
      0.2625,
      1.25,
      0.3275,
      1.315,
      0.395,
      1.38,
      0.46,
      1.4475,
      0.525,
      1.5125,
      0.5925,
      1.5775,
      0.6575,
      1.645,
      0.7225,
      1.71,
      0.79,
      1.775,
      0.855,
      1.84,
      0.92
    ],
    "SoftwareVersions": "syngo_MR_B17",
    "TaskName": "MST",
    "TotalReadoutTime": 0.0437508,
    "TrueEchoSpacing": 0.000700013,
    "dataset": "ds003711",
    "modality": "bold",
    "run_id": 2,
    "subject_id": "02",
    "task_id": "MST"
  },
  "dummy_trs": 0,
  "dvars_nstd": 83.12061224719429,
  "dvars_std": 1.0321169376618702,
  "dvars_vstd": 0.9961112587769788,
  "efc": 0.6412744700176571,
  "fber": 88.07726287841797,
  "fd_mean": 0.06594725894225316,
  "fd_num": 4,
  "fd_perc": 1.4336917562724014,
  "fwhm_avg": 2.559327668225658,
  "fwhm_x": 2.4619327433628317,
  "fwhm_y": 2.6365281415929203,
  "fwhm_z": 2.5795221197212226,
  "gcor": 0.00786929,
  "gsr_x": -0.025283178314566612,
  "gsr_y": 0.05466347560286522,
  "provenance": {
    "md5sum": "2eaa690bc5ac605b9503bf7e99126a1e",
    "settings": {
      "fd_thres": 0.2,
      "testing": false
    },
    "software": "mriqc",
    "version": "22.0.0rc1",
    "webapi_port": null,
    "webapi_url": "https://mriqc.nimh.nih.gov/api/v1"
  },
  "size_t": 279,
  "size_x": 128,
  "size_y": 128,
  "size_z": 29,
  "snr": 4.253559172408461,
  "spacing_tr": 1.899999976158142,
  "spacing_x": 1.765625,
  "spacing_y": 1.765625,
  "spacing_z": 1.8000000715255737,
  "summary_bg_k": 23.603913121511482,
  "summary_bg_mad": 19.603294743423263,
  "summary_bg_mean": 113.83052062988281,
  "summary_bg_median": 87.92472839355469,
  "summary_bg_n": 310329.0,
  "summary_bg_p05": 69.37275695800781,
  "summary_bg_p95": 256.40142822265625,
  "summary_bg_stdv": 83.1697769165039,
  "summary_fg_k": 1.0292163452878071,
  "summary_fg_mad": 175.43064492915016,
  "summary_fg_mean": 844.718017578125,
  "summary_fg_median": 835.37451171875,
  "summary_fg_n": 94960.0,
  "summary_fg_p05": 544.0621856689453,
  "summary_fg_p95": 1185.842462158203,
  "summary_fg_stdv": 196.39320373535156,
  "tsnr": 15.82968622201588
}