{
  "aor": 0.00046197132616487455,
  "aqi": 0.041112414336917556,
  "bids_meta": {
    "AccelFactPE": 2,
    "AcquisitionNumber": 1,
    "AcquisitionTime": "13:51:52.732500",
    "BandwidthPerPixelPhaseEncode": 22.321,
    "ConversionSoftware": "dcm2niix",
    "ConversionSoftwareVersion": "v1.0.20170724 (OpenJPEG build) GCC6.1.0",
    "DeviceSerialNumber": "35002",
    "EchoTime": 0.028,
    "EffectiveEchoSpacing": 0.000350007,
    "FlipAngle": 90,
    "ImageType": [
      "ORIGINAL",
      "PRIMARY",
      "M",
      "ND",
      "MOSAIC"
    ],
    "InstitutionAddress": "University_Pkwy_1700_North_685_Provo_FC28C0_UT_US_84601",
    "InstitutionName": "Brigham_Young_University",
    "MagneticFieldStrength": 3,
    "Manufacturer": "Siemens",
    "ManufacturersModelName": "TrioTim",
    "PhaseEncodingDirection": "j-",
    "PhaseEncodingLines": 128,
    "ProcedureStepDescription": "Research_KIRWAN",
    "ProtocolName": "12Chan_1.8x1.8x1.8_TR1900_29Slice",
    "RepetitionTime": 1.9,
    "ScanningSequence": "EP",
    "SequenceName": "epfid2d1_128",
    "SequenceVariant": "SK",
    "SeriesDescription": "12Chan_1.8x1.8x1.8_TR1900_29Slice",
    "SliceTiming": [
      0,
      0.9875,
      0.0675,
      1.0525,
      0.1325,
      1.12,
      0.1975,
      1.185,
      0.265,
      1.25,
      0.33,
      1.315,
      0.395,
      1.3825,
      0.4625,
      1.4475,
      0.5275,
      1.5125,
      0.5925,
      1.58,
      0.6575,
      1.645,
      0.725,
      1.71,
      0.79,
      1.7775,
      0.855,
      1.8425,
      0.9225
    ],
    "SoftwareVersions": "syngo_MR_B17",
    "TaskName": "MST",
    "TotalReadoutTime": 0.0437508,
    "TrueEchoSpacing": 0.000700013,
    "dataset": "ds003711",
    "modality": "bold",
    "run_id": 3,
    "subject_id": "02",
    "task_id": "MST"
  },
  "dummy_trs": 0,
  "dvars_nstd": 89.01055647514396,
  "dvars_std": 1.0407562922661866,
  "dvars_vstd": 1.008380676007194,
  "efc": 0.6474951364409742,
  "fber": 79.93070220947266,
  "fd_mean": 0.0839411830674308,
  "fd_num": 10,
  "fd_perc": 3.5842293906810037,
  "fwhm_avg": 2.5475735876965806,
  "fwhm_x": 2.4465670796460177,
  "fwhm_y": 2.6241982300884956,
  "fwhm_z": 2.5719554533552285,
  "gcor": 0.00677783,
  "gsr_x": -0.02761436067521572,
  "gsr_y": 0.05279425531625748,
  "provenance": {
    "md5sum": "fdea9ca1dca63db93ae7ae83603e9dc5",
    "settings": {
      "fd_thres": 0.2,
      "testing": false
    },
    "software": "mriqc",
    "version": "22.0.0rc1",
    "webapi_port": null,
    "webapi_url": "https://mriqc.nimh.nih.gov/api/v1"
  },
  "size_t": 279,
  "size_x": 128,
  "size_y": 128,
  "size_z": 29,
  "snr": 4.227633837226682,
  "spacing_tr": 1.899999976158142,
  "spacing_x": 1.765625,
  "spacing_y": 1.765625,
  "spacing_z": 1.8000000715255737,
  "summary_bg_k": 24.436469696010196,
  "summary_bg_mad": 22.536623775681747,
  "summary_bg_mean": 115.98584747314453,
  "summary_bg_median": 91.73834991455078,
  "summary_bg_n": 308913.0,
  "summary_bg_p05": 70.4552001953125,
  "summary_bg_p95": 249.4465881347645,
  "summary_bg_stdv": 77.61013793945312,
  "summary_fg_k": 0.9942857634220288,
  "summary_fg_mad": 174.13667090427708,
  "summary_fg_mean": 836.5810546875,
  "summary_fg_median": 828.4014282226562,
  "summary_fg_n": 95620.0,
  "summary_fg_p05": 535.2286529541016,
  "summary_fg_p95": 1175.4344299316406,
  "summary_fg_stdv": 195.9481658935547,
  "tsnr": 15.117619630414993
}