{
  "aor": 0.00037010752688172043,
  "aqi": 0.04269887419354839,
  "bids_meta": {
    "AccelFactPE": 2,
    "AcquisitionNumber": 1,
    "AcquisitionTime": "14:13:13.282500",
    "BandwidthPerPixelPhaseEncode": 22.321,
    "ConversionSoftware": "dcm2niix",
    "ConversionSoftwareVersion": "v1.0.20170724 (OpenJPEG build) GCC6.1.0",
    "DeviceSerialNumber": "35002",
    "EchoTime": 0.028,
    "EffectiveEchoSpacing": 0.000350007,
    "FlipAngle": 90,
    "ImageType": [
      "ORIGINAL",
      "PRIMARY",
      "M",
      "ND",
      "MOSAIC"
    ],
    "InstitutionAddress": "University_Pkwy_1700_North_685_Provo_FC28C0_UT_US_84601",
    "InstitutionName": "Brigham_Young_University",
    "MagneticFieldStrength": 3,
    "Manufacturer": "Siemens",
    "ManufacturersModelName": "TrioTim",
    "PhaseEncodingDirection": "j-",
    "PhaseEncodingLines": 128,
    "ProcedureStepDescription": "Research_KIRWAN",
    "ProtocolName": "12Chan_1.8x1.8x1.8_TR1900_29Slice",
    "RepetitionTime": 1.9,
    "ScanningSequence": "EP",
    "SequenceName": "epfid2d1_128",
    "SequenceVariant": "SK",
    "SeriesDescription": "12Chan_1.8x1.8x1.8_TR1900_29Slice",
    "SliceTiming": [
      0,
      0.9875,
      0.065,
      1.0525,
      0.1325,
      1.1175,
      0.1975,
      1.185,
      0.2625,
      1.25,
      0.33,
      1.315,
      0.395,
      1.3825,
      0.46,
      1.4475,
      0.5275,
      1.5125,
      0.5925,
      1.58,
      0.6575,
      1.645,
      0.725,
      1.71,
      0.79,
      1.775,
      0.855,
      1.8425,
      0.92
    ],
    "SoftwareVersions": "syngo_MR_B17",
    "TaskName": "MST",
    "TotalReadoutTime": 0.0437508,
    "TrueEchoSpacing": 0.000700013,
    "dataset": "ds003711",
    "modality": "bold",
    "run_id": 5,
    "subject_id": "02",
    "task_id": "MST"
  },
  "dummy_trs": 0,
  "dvars_nstd": 87.19418502330934,
  "dvars_std": 1.034163459856115,
  "dvars_vstd": 1.0044366820863309,
  "efc": 0.6485770385951637,
  "fber": 81.41423034667969,
  "fd_mean": 0.06005638367919566,
  "fd_num": 3,
  "fd_perc": 1.075268817204301,
  "fwhm_avg": 2.512327563883901,
  "fwhm_x": 2.4055221238938054,
  "fwhm_y": 2.592849557522124,
  "fwhm_z": 2.5386110102357726,
  "gcor": 0.00482587,
  "gsr_x": -0.0275773573666811,
  "gsr_y": 0.05236881226301193,
  "provenance": {
    "md5sum": "e8111e9bd87afb9a1a31ecacc125923a",
    "settings": {
      "fd_thres": 0.2,
      "testing": false
    },
    "software": "mriqc",
    "version": "22.0.0rc1",
    "webapi_port": null,
    "webapi_url": "https://mriqc.nimh.nih.gov/api/v1"
  },
  "size_t": 279,
  "size_x": 128,
  "size_y": 128,
  "size_z": 29,
  "snr": 4.326427507188719,
  "spacing_tr": 1.899999976158142,
  "spacing_x": 1.765625,
  "spacing_y": 1.765625,
  "spacing_z": 1.8000000715255737,
  "summary_bg_k": 27.87346529780337,
  "summary_bg_mad": 21.170913123079135,
  "summary_bg_mean": 116.1703872680664,
  "summary_bg_median": 91.37275695800781,
  "summary_bg_n": 308006.0,
  "summary_bg_p05": 70.98566436767578,
  "summary_bg_p95": 249.78673553466797,
  "summary_bg_stdv": 80.6463623046875,
  "summary_fg_k": 1.1119577363981952,
  "summary_fg_mad": 170.00770878714553,
  "summary_fg_mean": 840.7827758789062,
  "summary_fg_median": 834.67919921875,
  "summary_fg_n": 95996.0,
  "summary_fg_p05": 538.9354858398438,
  "summary_fg_p95": 1169.630859375,
  "summary_fg_stdv": 192.9247283935547,
  "tsnr": 15.366303378075827
}