{
  "bids_meta": {
    "AcquisitionNumber": 1,
    "AcquisitionTime": "10:49:33.827500",
    "ConversionSoftware": "dcm2niix",
    "ConversionSoftwareVersion": "v1.0.20170724 (OpenJPEG build) GCC6.1.0",
    "DeviceSerialNumber": "35002",
    "EchoTime": 0.00226,
    "FlipAngle": 9,
    "ImageType": [
      "ORIGINAL",
      "PRIMARY",
      "M",
      "ND",
      "NORM"
    ],
    "InstitutionAddress": "University_Pkwy_1700_North_685_Provo_FC28C0_UT_US_84601",
    "InstitutionName": "Brigham_Young_University",
    "InversionTime": 0.9,
    "MagneticFieldStrength": 3,
    "Manufacturer": "Siemens",
    "ManufacturersModelName": "TrioTim",
    "PhaseEncodingDirection": "i-",
    "PhaseEncodingLines": 215,
    "ProcedureStepDescription": "Research_KIRWAN",
    "ProtocolName": "t1_mpr_sag_iso_mprage",
    "RepetitionTime": 1.9,
    "ScanningSequence": "GR_IR",
    "SequenceName": "_tfl3d1_ns",
    "SequenceVariant": "SP_MP_OSP",
    "SeriesDescription": "t1_mpr_sag_iso_mprage",
    "SoftwareVersions": "syngo_MR_B17",
    "dataset": "ds003711",
    "modality": "T1w",
    "subject_id": "24"
  },
  "cjv": 0.3829537291701387,
  "cnr": 3.5274483474833995,
  "efc": 0.6483471256812683,
  "fber": 1654.869873046875,
  "fwhm_avg": 4.305007413333334,
  "fwhm_x": 4.05818,
  "fwhm_y": 4.655534080000001,
  "fwhm_z": 4.20130816,
  "icvs_csf": 0.19606025190460466,
  "icvs_gm": 0.40550939215069903,
  "icvs_wm": 0.3984303559446963,
  "inu_med": 1.2803809642791748,
  "inu_range": 0.43612604141235356,
  "provenance": {
    "md5sum": "d3a74f3b7dff0e89366349fcc6473cdd",
    "settings": {
      "testing": false
    },
    "software": "mriqc",
    "version": "22.0.0rc1",
    "warnings": {
      "large_rot_frame": true,
      "small_air_mask": false
    },
    "webapi_port": null,
    "webapi_url": "https://mriqc.nimh.nih.gov/api/v1"
  },
  "qi_1": 0.0,
  "qi_2": 0.005226538312007863,
  "rpve_csf": 22.337897370596252,
  "rpve_gm": 11.396988899209976,
  "rpve_wm": 14.242379645654946,
  "size_x": 176,
  "size_y": 224,
  "size_z": 256,
  "snr_csf": 3.372396785299919,
  "snr_gm": 13.651198845933278,
  "snr_total": 13.513447421910385,
  "snr_wm": 23.516746634497956,
  "snrd_csf": 22.013604781294028,
  "snrd_gm": 43.75042777993993,
  "snrd_total": 41.323043884672416,
  "snrd_wm": 58.20509909278328,
  "spacing_x": 1.0,
  "spacing_y": 0.9765625,
  "spacing_z": 0.9765625,
  "summary_bg_k": 8.57120014914156,
  "summary_bg_mad": 11.256003010264807,
  "summary_bg_mean": 15.64288330078125,
  "summary_bg_median": 15.280508041381836,
  "summary_bg_n": 1952909.0,
  "summary_bg_p05": 0.0,
  "summary_bg_p95": 34.89829330444336,
  "summary_bg_stdv": 10.801515579223633,
  "summary_csf_k": 4.580964171466882,
  "summary_csf_mad": 105.67662665437187,
  "summary_csf_mean": 396.8536682128906,
  "summary_csf_median": 378.2192687988281,
  "summary_csf_n": 15877.0,
  "summary_csf_p05": 245.02886657714845,
  "summary_csf_p95": 601.6008056640625,
  "summary_csf_stdv": 112.14794158935547,
  "summary_gm_k": 0.042597175353130456,
  "summary_gm_mad": 54.40998117274013,
  "summary_gm_mean": 750.15625,
  "summary_gm_median": 751.68310546875,
  "summary_gm_n": 16775.0,
  "summary_gm_p05": 658.0438110351563,
  "summary_gm_p95": 838.3563720703125,
  "summary_gm_stdv": 55.06188201904297,
  "summary_wm_k": 0.29314657030302316,
  "summary_wm_mad": 40.69582016070525,
  "summary_wm_mean": 999.8174438476562,
  "summary_wm_median": 1000.0311279296875,
  "summary_wm_n": 251918.0,
  "summary_wm_p05": 929.1831695556641,
  "summary_wm_p95": 1069.3531066894532,
  "summary_wm_stdv": 42.52412796020508,
  "tpm_overlap_csf": 0.16592620313167572,
  "tpm_overlap_gm": 0.43938422203063965,
  "tpm_overlap_wm": 0.5165174603462219,
  "wm2max": 0.40055545833100414
}