{
  "bids_meta": {
    "AcquisitionNumber": 1,
    "AcquisitionTime": "11:58:13.340000",
    "ConversionSoftware": "dcm2niix",
    "ConversionSoftwareVersion": "v1.0.20170724 (OpenJPEG build) GCC6.1.0",
    "DeviceSerialNumber": "35002",
    "EchoTime": 0.064,
    "EchoTrainLength": 15,
    "FlipAngle": 178,
    "ImageType": [
      "ORIGINAL",
      "PRIMARY",
      "M",
      "ND"
    ],
    "InstitutionAddress": "University_Pkwy_1700_North_685_Provo_FC28C0_UT_US_84601",
    "InstitutionName": "Brigham_Young_University",
    "MagneticFieldStrength": 3,
    "Manufacturer": "Siemens",
    "ManufacturersModelName": "TrioTim",
    "PhaseEncodingDirection": "i-",
    "PhaseEncodingLines": 512,
    "ProcedureStepDescription": "Research_KIRWAN",
    "ProtocolName": "HiRes_T2",
    "RepetitionTime": 9.43,
    "ScanningSequence": "SE",
    "SequenceName": "_tse2d1_15",
    "SequenceVariant": "SK_SP_OSP",
    "SeriesDescription": "HiRes_T2",
    "SoftwareVersions": "syngo_MR_B17",
    "dataset": "ds003711",
    "modality": "T2w",
    "subject_id": "24"
  },
  "cjv": 0.6278728234889042,
  "cnr": 1.0854572322039076,
  "efc": 0.6140946984774642,
  "fber": 93.71373917165833,
  "fwhm_avg": 3.7613459345274656,
  "fwhm_x": 4.5394944,
  "fwhm_y": 1.9423162035823973,
  "fwhm_z": 4.8022272,
  "icvs_csf": 0.21695349708746348,
  "icvs_gm": 0.5847579963990708,
  "icvs_wm": 0.19828850651346577,
  "inu_med": 1.0906997919082642,
  "inu_range": 0.2584628462791443,
  "provenance": {
    "md5sum": "418a0151f9679a0118edd2829a6b2f75",
    "settings": {
      "testing": false
    },
    "software": "mriqc",
    "version": "22.0.0rc1",
    "warnings": {
      "large_rot_frame": false,
      "small_air_mask": false
    },
    "webapi_port": null,
    "webapi_url": "https://mriqc.nimh.nih.gov/api/v1"
  },
  "qi_1": 0.011232698664037156,
  "qi_2": 7.907008925188925e-05,
  "rpve_csf": 12.823662851850107,
  "rpve_gm": 6.008687030535851,
  "rpve_wm": 14.68026372469248,
  "size_x": 512,
  "size_y": 19,
  "size_z": 512,
  "snr_csf": 4.475197780805835,
  "snr_gm": 11.586671121029227,
  "snr_total": 7.1123350279608895,
  "snr_wm": 5.275136182047609,
  "snrd_csf": 18.151272000345347,
  "snrd_gm": 11.245859741123908,
  "snrd_total": 12.359843557904602,
  "snrd_wm": 7.682398932244545,
  "spacing_x": 0.390625,
  "spacing_y": 3.0000007152557373,
  "spacing_z": 0.390625,
  "summary_bg_k": 37.70845403506232,
  "summary_bg_mad": 91.61024135496118,
  "summary_bg_mean": 228.55680540516272,
  "summary_bg_median": 142.56215039640665,
  "summary_bg_n": 1449961.0,
  "summary_bg_p05": 32.7217860519886,
  "summary_bg_p95": 650.9411613643169,
  "summary_bg_stdv": 388.39004363152026,
  "summary_csf_k": 0.5865825288352968,
  "summary_csf_mad": 505.9758446044578,
  "summary_csf_mean": 2678.4578758457274,
  "summary_csf_median": 2538.162229731679,
  "summary_csf_n": 137186.0,
  "summary_csf_p05": 2009.610078819096,
  "summary_csf_p95": 3772.05948241055,
  "summary_csf_stdv": 567.1599565486624,
  "summary_gm_k": 0.03750774023287917,
  "summary_gm_mad": 134.35383725708317,
  "summary_gm_mean": 1573.2583213182797,
  "summary_gm_median": 1572.551853954792,
  "summary_gm_n": 364157.0,
  "summary_gm_p05": 1350.6314302012324,
  "summary_gm_p95": 1798.2686402648687,
  "summary_gm_stdv": 135.7205774082773,
  "summary_wm_k": 0.6855870600128711,
  "summary_wm_mad": 178.51044459398605,
  "summary_wm_mean": 1042.304741889827,
  "summary_wm_median": 1074.259412959218,
  "summary_wm_n": 112470.0,
  "summary_wm_p05": 663.7280729040504,
  "summary_wm_p95": 1330.9149656686923,
  "summary_wm_stdv": 203.64491078821808,
  "tpm_overlap_csf": 0.09865497797727585,
  "tpm_overlap_gm": 0.32209280133247375,
  "tpm_overlap_wm": 0.146713525056839,
  "wm2max": 0.2555709763312938
}