{
  "aor": 0.0002744086021505376,
  "aqi": 0.0374976541218638,
  "bids_meta": {
    "AccelFactPE": 2,
    "AcquisitionNumber": 1,
    "AcquisitionTime": "11:23:6.035000",
    "BandwidthPerPixelPhaseEncode": 22.321,
    "ConversionSoftware": "dcm2niix",
    "ConversionSoftwareVersion": "v1.0.20170724 (OpenJPEG build) GCC6.1.0",
    "DeviceSerialNumber": "35002",
    "EchoTime": 0.028,
    "EffectiveEchoSpacing": 0.000350007,
    "FlipAngle": 90,
    "ImageType": [
      "ORIGINAL",
      "PRIMARY",
      "M",
      "ND",
      "MOSAIC"
    ],
    "InstitutionAddress": "University_Pkwy_1700_North_685_Provo_FC28C0_UT_US_84601",
    "InstitutionName": "Brigham_Young_University",
    "MagneticFieldStrength": 3,
    "Manufacturer": "Siemens",
    "ManufacturersModelName": "TrioTim",
    "PhaseEncodingDirection": "j-",
    "PhaseEncodingLines": 128,
    "ProcedureStepDescription": "Research_KIRWAN",
    "ProtocolName": "12Chan_1.8x1.8x1.8_TR1900_29Slice",
    "RepetitionTime": 1.9,
    "ScanningSequence": "EP",
    "SequenceName": "epfid2d1_128",
    "SequenceVariant": "SK",
    "SeriesDescription": "12Chan_1.8x1.8x1.8_TR1900_29Slice",
    "SliceTiming": [
      0,
      0.985,
      0.065,
      1.05,
      0.13,
      1.1175,
      0.195,
      1.1825,
      0.2625,
      1.2475,
      0.3275,
      1.315,
      0.3925,
      1.38,
      0.46,
      1.445,
      0.525,
      1.5125,
      0.59,
      1.5775,
      0.6575,
      1.6425,
      0.7225,
      1.7075,
      0.7875,
      1.775,
      0.855,
      1.84,
      0.92
    ],
    "SoftwareVersions": "syngo_MR_B17",
    "TaskName": "MST",
    "TotalReadoutTime": 0.0437508,
    "TrueEchoSpacing": 0.000700013,
    "dataset": "ds003711",
    "modality": "bold",
    "run_id": 2,
    "subject_id": "45",
    "task_id": "MST"
  },
  "dummy_trs": 0,
  "dvars_nstd": 89.53752328334534,
  "dvars_std": 1.0241245620503598,
  "dvars_vstd": 1.0046804241366905,
  "efc": 0.6524124153312112,
  "fber": 77.56260681152344,
  "fd_mean": 0.09644575404164103,
  "fd_num": 8,
  "fd_perc": 2.867383512544803,
  "fwhm_avg": 2.489376289124691,
  "fwhm_x": 2.3893578761061947,
  "fwhm_y": 2.55033203539823,
  "fwhm_z": 2.528438955869647,
  "gcor": 0.00788121,
  "gsr_x": -0.022129448130726814,
  "gsr_y": 0.052744343876838684,
  "provenance": {
    "md5sum": "a84dd7092a4527813fcc03e4b37a0f87",
    "settings": {
      "fd_thres": 0.2,
      "testing": false
    },
    "software": "mriqc",
    "version": "22.0.0rc1",
    "webapi_port": null,
    "webapi_url": "https://mriqc.nimh.nih.gov/api/v1"
  },
  "size_t": 279,
  "size_x": 128,
  "size_y": 128,
  "size_z": 29,
  "snr": 4.388265548125275,
  "spacing_tr": 1.899999976158142,
  "spacing_x": 1.765625,
  "spacing_y": 1.765625,
  "spacing_z": 1.7999999523162842,
  "summary_bg_k": 19.117622201040014,
  "summary_bg_mad": 17.950648891259867,
  "summary_bg_mean": 111.8843765258789,
  "summary_bg_median": 84.51971435546875,
  "summary_bg_n": 318794.0,
  "summary_bg_p05": 67.74193572998047,
  "summary_bg_p95": 266.17919921875,
  "summary_bg_stdv": 77.64738464355469,
  "summary_fg_k": 0.5784124644187765,
  "summary_fg_mad": 157.21162277558972,
  "summary_fg_mean": 754.5808715820312,
  "summary_fg_median": 756.8799438476562,
  "summary_fg_n": 86494.0,
  "summary_fg_p05": 464.81289215087895,
  "summary_fg_p95": 1034.4471557617187,
  "summary_fg_stdv": 172.47715759277344,
  "tsnr": 15.268810553243384
}