{
  "aor": 0.0003294982078853047,
  "aqi": 0.04856101648745519,
  "bids_meta": {
    "AccelFactPE": 2,
    "AcquisitionNumber": 1,
    "AcquisitionTime": "11:42:31.065000",
    "BandwidthPerPixelPhaseEncode": 22.321,
    "ConversionSoftware": "dcm2niix",
    "ConversionSoftwareVersion": "v1.0.20170724 (OpenJPEG build) GCC6.1.0",
    "DeviceSerialNumber": "35002",
    "EchoTime": 0.028,
    "EffectiveEchoSpacing": 0.000350007,
    "FlipAngle": 90,
    "ImageType": [
      "ORIGINAL",
      "PRIMARY",
      "M",
      "ND",
      "MOSAIC"
    ],
    "InstitutionAddress": "University_Pkwy_1700_North_685_Provo_FC28C0_UT_US_84601",
    "InstitutionName": "Brigham_Young_University",
    "MagneticFieldStrength": 3,
    "Manufacturer": "Siemens",
    "ManufacturersModelName": "TrioTim",
    "PhaseEncodingDirection": "j-",
    "PhaseEncodingLines": 128,
    "ProcedureStepDescription": "Research_KIRWAN",
    "ProtocolName": "12Chan_1.8x1.8x1.8_TR1900_29Slice",
    "RepetitionTime": 1.9,
    "ScanningSequence": "EP",
    "SequenceName": "epfid2d1_128",
    "SequenceVariant": "SK",
    "SeriesDescription": "12Chan_1.8x1.8x1.8_TR1900_29Slice",
    "SliceTiming": [
      0,
      0.9875,
      0.0675,
      1.0525,
      0.1325,
      1.12,
      0.1975,
      1.185,
      0.265,
      1.25,
      0.33,
      1.3175,
      0.395,
      1.3825,
      0.4625,
      1.4475,
      0.5275,
      1.5125,
      0.5925,
      1.58,
      0.66,
      1.645,
      0.725,
      1.71,
      0.79,
      1.7775,
      0.855,
      1.8425,
      0.9225
    ],
    "SoftwareVersions": "syngo_MR_B17",
    "TaskName": "MST",
    "TotalReadoutTime": 0.0437508,
    "TrueEchoSpacing": 0.000700013,
    "dataset": "ds003711",
    "modality": "bold",
    "run_id": 4,
    "subject_id": "45",
    "task_id": "MST"
  },
  "dummy_trs": 0,
  "dvars_nstd": 89.99787570748194,
  "dvars_std": 1.0186874937410069,
  "dvars_vstd": 0.9993578603237406,
  "efc": 0.6546918125716121,
  "fber": 76.17115020751953,
  "fd_mean": 0.12514147560257277,
  "fd_num": 29,
  "fd_perc": 10.394265232974911,
  "fwhm_avg": 2.465836914515762,
  "fwhm_x": 2.4103419469026552,
  "fwhm_y": 2.5304353982300887,
  "fwhm_z": 2.4567333984145425,
  "gcor": 0.00495326,
  "gsr_x": -0.023208415135741234,
  "gsr_y": 0.055844735354185104,
  "provenance": {
    "md5sum": "7171abc6b0697a1001f103e0c43cae81",
    "settings": {
      "fd_thres": 0.2,
      "testing": false
    },
    "software": "mriqc",
    "version": "22.0.0rc1",
    "webapi_port": null,
    "webapi_url": "https://mriqc.nimh.nih.gov/api/v1"
  },
  "size_t": 279,
  "size_x": 128,
  "size_y": 128,
  "size_z": 29,
  "snr": 4.3704346280595345,
  "spacing_tr": 1.899999976158142,
  "spacing_x": 1.765625,
  "spacing_y": 1.765625,
  "spacing_z": 1.7999999523162842,
  "summary_bg_k": 20.219155859364474,
  "summary_bg_mad": 18.689291831557064,
  "summary_bg_mean": 114.70665740966797,
  "summary_bg_median": 85.62007141113281,
  "summary_bg_n": 319618.0,
  "summary_bg_p05": 68.67383575439453,
  "summary_bg_p95": 276.0431915283194,
  "summary_bg_stdv": 82.38719940185547,
  "summary_fg_k": 0.628970619058522,
  "summary_fg_mad": 157.82804650071546,
  "summary_fg_mean": 758.70361328125,
  "summary_fg_median": 759.3405151367188,
  "summary_fg_n": 86810.0,
  "summary_fg_p05": 468.40465545654297,
  "summary_fg_p95": 1042.438330078125,
  "summary_fg_stdv": 173.7438507080078,
  "tsnr": 13.99157541274326
}