{
  "aor": 0.00025261648745519713,
  "aqi": 0.0354665817204301,
  "bids_meta": {
    "AccelFactPE": 2,
    "AcquisitionNumber": 1,
    "AcquisitionTime": "11:13:16.610000",
    "BandwidthPerPixelPhaseEncode": 22.321,
    "ConversionSoftware": "dcm2niix",
    "ConversionSoftwareVersion": "v1.0.20170724 (OpenJPEG build) GCC6.1.0",
    "DeviceSerialNumber": "35002",
    "EchoTime": 0.028,
    "EffectiveEchoSpacing": 0.000350007,
    "FlipAngle": 90,
    "ImageType": [
      "ORIGINAL",
      "PRIMARY",
      "M",
      "ND",
      "MOSAIC"
    ],
    "InstitutionAddress": "University_Pkwy_1700_North_685_Provo_FC28C0_UT_US_84601",
    "InstitutionName": "Brigham_Young_University",
    "MagneticFieldStrength": 3,
    "Manufacturer": "Siemens",
    "ManufacturersModelName": "TrioTim",
    "PhaseEncodingDirection": "j-",
    "PhaseEncodingLines": 128,
    "ProcedureStepDescription": "Research_KIRWAN",
    "ProtocolName": "12Chan_1.8x1.8x1.8_TR1900_29Slice",
    "RepetitionTime": 1.9,
    "ScanningSequence": "EP",
    "SequenceName": "epfid2d1_128",
    "SequenceVariant": "SK",
    "SeriesDescription": "12Chan_1.8x1.8x1.8_TR1900_29Slice",
    "SliceTiming": [
      0,
      0.985,
      0.065,
      1.05,
      0.13,
      1.1175,
      0.1975,
      1.1825,
      0.2625,
      1.2475,
      0.3275,
      1.315,
      0.3925,
      1.38,
      0.46,
      1.445,
      0.525,
      1.5125,
      0.59,
      1.5775,
      0.6575,
      1.6425,
      0.7225,
      1.71,
      0.7875,
      1.775,
      0.855,
      1.84,
      0.92
    ],
    "SoftwareVersions": "syngo_MR_B17",
    "TaskName": "MST",
    "TotalReadoutTime": 0.0437508,
    "TrueEchoSpacing": 0.000700013,
    "dataset": "ds003711",
    "modality": "bold",
    "run_id": 1,
    "subject_id": "45",
    "task_id": "MST"
  },
  "dummy_trs": 0,
  "dvars_nstd": 80.96826701532362,
  "dvars_std": 1.0117170138848925,
  "dvars_vstd": 0.9978712910071945,
  "efc": 0.6437150904051585,
  "fber": 88.8736343383789,
  "fd_mean": 0.09291284077919976,
  "fd_num": 2,
  "fd_perc": 0.7168458781362007,
  "fwhm_avg": 2.5162493609776093,
  "fwhm_x": 2.35186407079646,
  "fwhm_y": 2.585922831858407,
  "fwhm_z": 2.6109611802779615,
  "gcor": 0.00757554,
  "gsr_x": -0.022706974297761917,
  "gsr_y": 0.05050014704465866,
  "provenance": {
    "md5sum": "5ff753b466d025854c2728af3c5867c5",
    "settings": {
      "fd_thres": 0.2,
      "testing": false
    },
    "software": "mriqc",
    "version": "22.0.0rc1",
    "webapi_port": null,
    "webapi_url": "https://mriqc.nimh.nih.gov/api/v1"
  },
  "size_t": 279,
  "size_x": 128,
  "size_y": 128,
  "size_z": 29,
  "snr": 4.466480279029704,
  "spacing_tr": 1.899999976158142,
  "spacing_x": 1.765625,
  "spacing_y": 1.765625,
  "spacing_z": 1.7999999523162842,
  "summary_bg_k": 20.081785446701303,
  "summary_bg_mad": 14.257434189773877,
  "summary_bg_mean": 108.94625091552734,
  "summary_bg_median": 80.0394287109375,
  "summary_bg_n": 320790.0,
  "summary_bg_p05": 66.7741928100586,
  "summary_bg_p95": 270.64228820800764,
  "summary_bg_stdv": 81.04270935058594,
  "summary_fg_k": 0.5192081726927622,
  "summary_fg_mad": 157.83596445079596,
  "summary_fg_mean": 761.9978637695312,
  "summary_fg_median": 764.7562866210938,
  "summary_fg_n": 86173.0,
  "summary_fg_p05": 474.0630859375,
  "summary_fg_p95": 1039.123291015625,
  "summary_fg_stdv": 171.22024536132812,
  "tsnr": 16.206717775203288
}