{
  "aor": 0.00038906810035842297,
  "aqi": 0.05204170179211469,
  "bids_meta": {
    "AccelFactPE": 2,
    "AcquisitionNumber": 1,
    "AcquisitionTime": "13:31:43.237500",
    "BandwidthPerPixelPhaseEncode": 22.321,
    "ConversionSoftware": "dcm2niix",
    "ConversionSoftwareVersion": "v1.0.20170724 (OpenJPEG build) GCC6.1.0",
    "DeviceSerialNumber": "35002",
    "EchoTime": 0.028,
    "EffectiveEchoSpacing": 0.000350007,
    "FlipAngle": 90,
    "ImageType": [
      "ORIGINAL",
      "PRIMARY",
      "M",
      "ND",
      "MOSAIC"
    ],
    "InstitutionAddress": "University_Pkwy_1700_North_685_Provo_FC28C0_UT_US_84601",
    "InstitutionName": "Brigham_Young_University",
    "MagneticFieldStrength": 3,
    "Manufacturer": "Siemens",
    "ManufacturersModelName": "TrioTim",
    "PhaseEncodingDirection": "j-",
    "PhaseEncodingLines": 128,
    "ProcedureStepDescription": "Research_KIRWAN",
    "ProtocolName": "12Chan_1.8x1.8x1.8_TR1900_29Slice",
    "RepetitionTime": 1.9,
    "ScanningSequence": "EP",
    "SequenceName": "epfid2d1_128",
    "SequenceVariant": "SK",
    "SeriesDescription": "12Chan_1.8x1.8x1.8_TR1900_29Slice",
    "SliceTiming": [
      0,
      0.985,
      0.065,
      1.05,
      0.13,
      1.1175,
      0.195,
      1.1825,
      0.2625,
      1.2475,
      0.3275,
      1.315,
      0.3925,
      1.38,
      0.46,
      1.445,
      0.525,
      1.5125,
      0.59,
      1.5775,
      0.6575,
      1.6425,
      0.7225,
      1.71,
      0.7875,
      1.775,
      0.855,
      1.84,
      0.92
    ],
    "SoftwareVersions": "syngo_MR_B17",
    "TaskName": "MST",
    "TotalReadoutTime": 0.0437508,
    "TrueEchoSpacing": 0.000700013,
    "dataset": "ds003711",
    "modality": "bold",
    "run_id": 5,
    "subject_id": "41",
    "task_id": "MST"
  },
  "dummy_trs": 0,
  "dvars_nstd": 96.87809314312949,
  "dvars_std": 1.037771960647483,
  "dvars_vstd": 1.0086189370503602,
  "efc": 0.6608217062986625,
  "fber": 75.54271697998047,
  "fd_mean": 0.09276334298852444,
  "fd_num": 19,
  "fd_perc": 6.810035842293907,
  "fwhm_avg": 2.367721863356492,
  "fwhm_x": 2.292944424778761,
  "fwhm_y": 2.3938322123893805,
  "fwhm_z": 2.4163889529013356,
  "gcor": 0.00338774,
  "gsr_x": -0.023994211107492447,
  "gsr_y": 0.06004328280687332,
  "provenance": {
    "md5sum": "232427d50635cadc0d69e9817d15d0b8",
    "settings": {
      "fd_thres": 0.2,
      "testing": false
    },
    "software": "mriqc",
    "version": "22.0.0rc1",
    "webapi_port": null,
    "webapi_url": "https://mriqc.nimh.nih.gov/api/v1"
  },
  "size_t": 279,
  "size_x": 128,
  "size_y": 128,
  "size_z": 29,
  "snr": 4.696718170205234,
  "spacing_tr": 1.899999976158142,
  "spacing_x": 1.765625,
  "spacing_y": 1.765625,
  "spacing_z": 1.7999999523162842,
  "summary_bg_k": 31.927951462893745,
  "summary_bg_mad": 20.155945036329047,
  "summary_bg_mean": 112.77739715576172,
  "summary_bg_median": 91.09677124023438,
  "summary_bg_n": 302759.0,
  "summary_bg_p05": 72.38351440429688,
  "summary_bg_p95": 231.21183013916007,
  "summary_bg_stdv": 72.81055450439453,
  "summary_fg_k": 1.0393853356081921,
  "summary_fg_mad": 152.35194697959875,
  "summary_fg_mean": 800.3934326171875,
  "summary_fg_median": 802.2867431640625,
  "summary_fg_n": 98783.0,
  "summary_fg_p05": 521.8426452636719,
  "summary_fg_p95": 1076.4476440429687,
  "summary_fg_stdv": 170.81771850585938,
  "tsnr": 14.356734314584173
}