{
  "aor": 0.012235985663082436,
  "aqi": 0.07102075304659498,
  "bids_meta": {
    "AccelFactPE": 2,
    "AcquisitionNumber": 1,
    "AcquisitionTime": "08:04:47.862500",
    "BandwidthPerPixelPhaseEncode": 22.321,
    "ConversionSoftware": "dcm2niix",
    "ConversionSoftwareVersion": "v1.0.20170724 (OpenJPEG build) GCC6.1.0",
    "DeviceSerialNumber": "35002",
    "EchoTime": 0.028,
    "EffectiveEchoSpacing": 0.000350007,
    "FlipAngle": 90,
    "ImageType": [
      "ORIGINAL",
      "PRIMARY",
      "M",
      "ND",
      "MOSAIC"
    ],
    "InstitutionAddress": "University_Pkwy_1700_North_685_Provo_FC28C0_UT_US_84601",
    "InstitutionName": "Brigham_Young_University",
    "MagneticFieldStrength": 3,
    "Manufacturer": "Siemens",
    "ManufacturersModelName": "TrioTim",
    "PhaseEncodingDirection": "j-",
    "PhaseEncodingLines": 128,
    "ProcedureStepDescription": "Research_KIRWAN",
    "ProtocolName": "12Chan_1.8x1.8x1.8_TR1900_29Slice",
    "RepetitionTime": 1.9,
    "ScanningSequence": "EP",
    "SequenceName": "epfid2d1_128",
    "SequenceVariant": "SK",
    "SeriesDescription": "12Chan_1.8x1.8x1.8_TR1900_29Slice",
    "SliceTiming": [
      0,
      0.985,
      0.065,
      1.05,
      0.13,
      1.1175,
      0.195,
      1.1825,
      0.2625,
      1.2475,
      0.3275,
      1.315,
      0.3925,
      1.38,
      0.46,
      1.445,
      0.525,
      1.5125,
      0.59,
      1.5775,
      0.6575,
      1.6425,
      0.7225,
      1.7075,
      0.7875,
      1.775,
      0.8525,
      1.84,
      0.92
    ],
    "SoftwareVersions": "syngo_MR_B17",
    "TaskName": "MST",
    "TotalReadoutTime": 0.0437508,
    "TrueEchoSpacing": 0.000700013,
    "dataset": "ds003711",
    "modality": "bold",
    "run_id": 3,
    "subject_id": "29",
    "task_id": "MST"
  },
  "dummy_trs": 0,
  "dvars_nstd": 89.90675765669064,
  "dvars_std": 1.1727721487050353,
  "dvars_vstd": 1.2004082239208629,
  "efc": 0.6300510628879762,
  "fber": 99.99957275390625,
  "fd_mean": 1.3453125987149177,
  "fd_num": 75,
  "fd_perc": 26.881720430107528,
  "fwhm_avg": 2.76017688418027,
  "fwhm_x": 2.592283185840708,
  "fwhm_y": 2.837952757981073,
  "fwhm_z": 2.850294708719028,
  "gcor": 0.198215,
  "gsr_x": -0.027225280180573463,
  "gsr_y": 0.059953562915325165,
  "provenance": {
    "md5sum": "8c37de589acbe13c79db809993e12629",
    "settings": {
      "fd_thres": 0.2,
      "testing": false
    },
    "software": "mriqc",
    "version": "22.0.0rc1",
    "webapi_port": null,
    "webapi_url": "https://mriqc.nimh.nih.gov/api/v1"
  },
  "size_t": 279,
  "size_x": 128,
  "size_y": 128,
  "size_z": 29,
  "snr": 4.027030707175988,
  "spacing_tr": 1.899999976158142,
  "spacing_x": 1.765625,
  "spacing_y": 1.7656248807907104,
  "spacing_z": 1.7999998331069946,
  "summary_bg_k": 24.31638910308791,
  "summary_bg_mad": 17.870937756663544,
  "summary_bg_mean": 108.63921356201172,
  "summary_bg_median": 85.14337158203125,
  "summary_bg_n": 305700.0,
  "summary_bg_p05": 67.68099975585938,
  "summary_bg_p95": 238.05429458618153,
  "summary_bg_stdv": 72.24284362792969,
  "summary_fg_k": 0.8289704096705335,
  "summary_fg_mad": 193.25906329388133,
  "summary_fg_mean": 884.9159545898438,
  "summary_fg_median": 866.2760009765625,
  "summary_fg_n": 97039.0,
  "summary_fg_p05": 567.2878356933594,
  "summary_fg_p95": 1274.9938720703124,
  "summary_fg_stdv": 215.1142120361328,
  "tsnr": 8.406836575013585
}