{
  "aor": 0.004075268817204301,
  "aqi": 0.0694471917562724,
  "bids_meta": {
    "AccelFactPE": 2,
    "AcquisitionNumber": 1,
    "AcquisitionTime": "08:15:31.562500",
    "BandwidthPerPixelPhaseEncode": 22.321,
    "ConversionSoftware": "dcm2niix",
    "ConversionSoftwareVersion": "v1.0.20170724 (OpenJPEG build) GCC6.1.0",
    "DeviceSerialNumber": "35002",
    "EchoTime": 0.028,
    "EffectiveEchoSpacing": 0.000350007,
    "FlipAngle": 90,
    "ImageType": [
      "ORIGINAL",
      "PRIMARY",
      "M",
      "ND",
      "MOSAIC"
    ],
    "InstitutionAddress": "University_Pkwy_1700_North_685_Provo_FC28C0_UT_US_84601",
    "InstitutionName": "Brigham_Young_University",
    "MagneticFieldStrength": 3,
    "Manufacturer": "Siemens",
    "ManufacturersModelName": "TrioTim",
    "PhaseEncodingDirection": "j-",
    "PhaseEncodingLines": 128,
    "ProcedureStepDescription": "Research_KIRWAN",
    "ProtocolName": "12Chan_1.8x1.8x1.8_TR1900_29Slice",
    "RepetitionTime": 1.9,
    "ScanningSequence": "EP",
    "SequenceName": "epfid2d1_128",
    "SequenceVariant": "SK",
    "SeriesDescription": "12Chan_1.8x1.8x1.8_TR1900_29Slice",
    "SliceTiming": [
      0,
      0.985,
      0.065,
      1.05,
      0.13,
      1.1175,
      0.1975,
      1.1825,
      0.2625,
      1.2475,
      0.3275,
      1.315,
      0.3925,
      1.38,
      0.46,
      1.445,
      0.525,
      1.5125,
      0.59,
      1.5775,
      0.6575,
      1.6425,
      0.7225,
      1.71,
      0.7875,
      1.775,
      0.855,
      1.84,
      0.92
    ],
    "SoftwareVersions": "syngo_MR_B17",
    "TaskName": "MST",
    "TotalReadoutTime": 0.0437508,
    "TrueEchoSpacing": 0.000700013,
    "dataset": "ds003711",
    "modality": "bold",
    "run_id": 4,
    "subject_id": "29",
    "task_id": "MST"
  },
  "dummy_trs": 0,
  "dvars_nstd": 94.13128148910066,
  "dvars_std": 0.9940116935611517,
  "dvars_vstd": 0.9901586808273383,
  "efc": 0.6331515872291725,
  "fber": 99.24129486083984,
  "fd_mean": 1.2961948993823995,
  "fd_num": 133,
  "fd_perc": 47.67025089605735,
  "fwhm_avg": 2.6448526156957946,
  "fwhm_x": 2.5145373451327435,
  "fwhm_y": 2.754214699230005,
  "fwhm_z": 2.6658058027246345,
  "gcor": 0.0816384,
  "gsr_x": -0.028268931433558464,
  "gsr_y": 0.06851708889007568,
  "provenance": {
    "md5sum": "5427dfc95edfbf829bf4ecfaf7bfc813",
    "settings": {
      "fd_thres": 0.2,
      "testing": false
    },
    "software": "mriqc",
    "version": "22.0.0rc1",
    "webapi_port": null,
    "webapi_url": "https://mriqc.nimh.nih.gov/api/v1"
  },
  "size_t": 279,
  "size_x": 128,
  "size_y": 128,
  "size_z": 29,
  "snr": 4.142128567178119,
  "spacing_tr": 1.899999976158142,
  "spacing_x": 1.765625,
  "spacing_y": 1.7656248807907104,
  "spacing_z": 1.7999998331069946,
  "summary_bg_k": 23.27703848663342,
  "summary_bg_mad": 19.334932792479925,
  "summary_bg_mean": 113.58446502685547,
  "summary_bg_median": 86.70071411132812,
  "summary_bg_n": 305082.0,
  "summary_bg_p05": 67.24749336242677,
  "summary_bg_p95": 265.1360214233399,
  "summary_bg_stdv": 84.97510528564453,
  "summary_fg_k": 0.722352425106854,
  "summary_fg_mad": 191.9252280460314,
  "summary_fg_mean": 888.6155395507812,
  "summary_fg_median": 871.1917724609375,
  "summary_fg_n": 98798.0,
  "summary_fg_p05": 577.7987243652344,
  "summary_fg_p95": 1268.526007080078,
  "summary_fg_stdv": 210.32359313964844,
  "tsnr": 11.179894439061172
}