{
  "aor": 0.0004705376344086021,
  "aqi": 0.043643606810035845,
  "bids_meta": {
    "AccelFactPE": 2,
    "AcquisitionNumber": 1,
    "AcquisitionTime": "14:04:44.130000",
    "BandwidthPerPixelPhaseEncode": 22.321,
    "ConversionSoftware": "dcm2niix",
    "ConversionSoftwareVersion": "v1.0.20170724 (OpenJPEG build) GCC6.1.0",
    "DeviceSerialNumber": "35002",
    "EchoTime": 0.028,
    "EffectiveEchoSpacing": 0.000350007,
    "FlipAngle": 90,
    "ImageType": [
      "ORIGINAL",
      "PRIMARY",
      "M",
      "ND",
      "MOSAIC"
    ],
    "InstitutionAddress": "University_Pkwy_1700_North_685_Provo_FC28C0_UT_US_84601",
    "InstitutionName": "Brigham_Young_University",
    "MagneticFieldStrength": 3,
    "Manufacturer": "Siemens",
    "ManufacturersModelName": "TrioTim",
    "PhaseEncodingDirection": "j-",
    "PhaseEncodingLines": 128,
    "ProcedureStepDescription": "Research_KIRWAN",
    "ProtocolName": "12Chan_1.8x1.8x1.8_TR1900_29Slice",
    "RepetitionTime": 1.9,
    "ScanningSequence": "EP",
    "SequenceName": "epfid2d1_128",
    "SequenceVariant": "SK",
    "SeriesDescription": "12Chan_1.8x1.8x1.8_TR1900_29Slice",
    "SliceTiming": [
      0,
      0.9875,
      0.065,
      1.0525,
      0.1325,
      1.1175,
      0.1975,
      1.1825,
      0.2625,
      1.25,
      0.33,
      1.315,
      0.395,
      1.38,
      0.46,
      1.4475,
      0.525,
      1.5125,
      0.5925,
      1.5775,
      0.6575,
      1.645,
      0.7225,
      1.71,
      0.79,
      1.775,
      0.855,
      1.8425,
      0.92
    ],
    "SoftwareVersions": "syngo_MR_B17",
    "TaskName": "MST",
    "TotalReadoutTime": 0.0437508,
    "TrueEchoSpacing": 0.000700013,
    "dataset": "ds003711",
    "modality": "bold",
    "run_id": 2,
    "subject_id": "25",
    "task_id": "MST"
  },
  "dummy_trs": 0,
  "dvars_nstd": 78.54660873949639,
  "dvars_std": 1.0171013046402881,
  "dvars_vstd": 0.9931616157553962,
  "efc": 0.6255580040970679,
  "fber": 110.99794006347656,
  "fd_mean": 0.1373951326317329,
  "fd_num": 43,
  "fd_perc": 15.412186379928315,
  "fwhm_avg": 2.5561816868677965,
  "fwhm_x": 2.433246017699115,
  "fwhm_y": 2.677482477876106,
  "fwhm_z": 2.557816565028168,
  "gcor": 0.00743535,
  "gsr_x": -0.02396245487034321,
  "gsr_y": 0.05243934318423271,
  "provenance": {
    "md5sum": "7caa3bf041fcb70bf81ca727c05e1101",
    "settings": {
      "fd_thres": 0.2,
      "testing": false
    },
    "software": "mriqc",
    "version": "22.0.0rc1",
    "webapi_port": null,
    "webapi_url": "https://mriqc.nimh.nih.gov/api/v1"
  },
  "size_t": 279,
  "size_x": 128,
  "size_y": 128,
  "size_z": 29,
  "snr": 4.356244022655895,
  "spacing_tr": 1.899999976158142,
  "spacing_x": 1.765625,
  "spacing_y": 1.765625,
  "spacing_z": 1.8000000715255737,
  "summary_bg_k": 28.233274393165193,
  "summary_bg_mad": 13.02989176607634,
  "summary_bg_mean": 100.46420288085938,
  "summary_bg_median": 78.04659271240234,
  "summary_bg_n": 309145.0,
  "summary_bg_p05": 66.07168579101562,
  "summary_bg_p95": 219.6050140380859,
  "summary_bg_stdv": 69.3563003540039,
  "summary_fg_k": 1.16888136916059,
  "summary_fg_mad": 166.12053824275858,
  "summary_fg_mean": 841.5215454101562,
  "summary_fg_median": 827.7670288085938,
  "summary_fg_n": 96492.0,
  "summary_fg_p05": 562.0576995849609,
  "summary_fg_p95": 1179.0148559570312,
  "summary_fg_stdv": 190.0175323486328,
  "tsnr": 16.217172179021873
}