{
  "aor": 0.000430573476702509,
  "aqi": 0.05090238924731182,
  "bids_meta": {
    "AccelFactPE": 2,
    "AcquisitionNumber": 1,
    "AcquisitionTime": "11:46:6.497500",
    "BandwidthPerPixelPhaseEncode": 22.321,
    "ConversionSoftware": "dcm2niix",
    "ConversionSoftwareVersion": "v1.0.20170724 (OpenJPEG build) GCC6.1.0",
    "DeviceSerialNumber": "35002",
    "EchoTime": 0.028,
    "EffectiveEchoSpacing": 0.000350007,
    "FlipAngle": 90,
    "ImageType": [
      "ORIGINAL",
      "PRIMARY",
      "M",
      "ND",
      "MOSAIC"
    ],
    "InstitutionAddress": "University_Pkwy_1700_North_685_Provo_FC28C0_UT_US_84601",
    "InstitutionName": "Brigham_Young_University",
    "MagneticFieldStrength": 3,
    "Manufacturer": "Siemens",
    "ManufacturersModelName": "TrioTim",
    "PhaseEncodingDirection": "j-",
    "PhaseEncodingLines": 128,
    "ProcedureStepDescription": "Research_KIRWAN",
    "ProtocolName": "12Chan_1.8x1.8x1.8_TR1900_29Slice",
    "RepetitionTime": 1.9,
    "ScanningSequence": "EP",
    "SequenceName": "epfid2d1_128",
    "SequenceVariant": "SK",
    "SeriesDescription": "12Chan_1.8x1.8x1.8_TR1900_29Slice",
    "SliceTiming": [
      0,
      0.9875,
      0.065,
      1.0525,
      0.1325,
      1.1175,
      0.1975,
      1.1825,
      0.2625,
      1.25,
      0.3275,
      1.315,
      0.395,
      1.38,
      0.46,
      1.4475,
      0.525,
      1.5125,
      0.5925,
      1.5775,
      0.6575,
      1.645,
      0.7225,
      1.71,
      0.79,
      1.775,
      0.855,
      1.8425,
      0.92
    ],
    "SoftwareVersions": "syngo_MR_B17",
    "TaskName": "MST",
    "TotalReadoutTime": 0.0437508,
    "TrueEchoSpacing": 0.000700013,
    "dataset": "ds003711",
    "modality": "bold",
    "run_id": 5,
    "subject_id": "30",
    "task_id": "MST"
  },
  "dummy_trs": 0,
  "dvars_nstd": 96.54452448802157,
  "dvars_std": 1.0183990108992806,
  "dvars_vstd": 1.0033229751438841,
  "efc": 0.697514035257858,
  "fber": 57.7504768371582,
  "fd_mean": 0.10092148275990306,
  "fd_num": 6,
  "fd_perc": 2.150537634408602,
  "fwhm_avg": 2.3957922111206513,
  "fwhm_x": 2.3347483185840705,
  "fwhm_y": 2.529778407079646,
  "fwhm_z": 2.322849907698237,
  "gcor": 0.00405121,
  "gsr_x": -0.021197186782956123,
  "gsr_y": 0.09820526093244553,
  "provenance": {
    "md5sum": "00ffd8b9502d70385f07111e3b369abc",
    "settings": {
      "fd_thres": 0.2,
      "testing": false
    },
    "software": "mriqc",
    "version": "22.0.0rc1",
    "webapi_port": null,
    "webapi_url": "https://mriqc.nimh.nih.gov/api/v1"
  },
  "size_t": 279,
  "size_x": 128,
  "size_y": 128,
  "size_z": 29,
  "snr": 4.481896880899064,
  "spacing_tr": 1.899999976158142,
  "spacing_x": 1.765625,
  "spacing_y": 1.765625,
  "spacing_z": 1.8000000715255737,
  "summary_bg_k": 15.19590760603905,
  "summary_bg_mad": 22.589764532079293,
  "summary_bg_mean": 129.7936553955078,
  "summary_bg_median": 93.62724304199219,
  "summary_bg_n": 295165.0,
  "summary_bg_p05": 73.01074981689453,
  "summary_bg_p95": 335.7878051757808,
  "summary_bg_stdv": 99.5217514038086,
  "summary_fg_k": 1.3030028608217572,
  "summary_fg_mad": 138.5622261010812,
  "summary_fg_mean": 713.8565063476562,
  "summary_fg_median": 721.52685546875,
  "summary_fg_n": 105565.0,
  "summary_fg_p05": 433.02509765625,
  "summary_fg_p95": 957.3827758789062,
  "summary_fg_stdv": 160.98617553710938,
  "tsnr": 13.731665881117806
}