{
  "bids_meta": {
    "AcquisitionNumber": 1,
    "AcquisitionTime": "11:51:4.470000",
    "ConversionSoftware": "dcm2niix",
    "ConversionSoftwareVersion": "v1.0.20170724 (OpenJPEG build) GCC6.1.0",
    "DeviceSerialNumber": "35002",
    "EchoTime": 0.064,
    "EchoTrainLength": 15,
    "FlipAngle": 178,
    "ImageType": [
      "ORIGINAL",
      "PRIMARY",
      "M",
      "ND"
    ],
    "InstitutionAddress": "University_Pkwy_1700_North_685_Provo_FC28C0_UT_US_84601",
    "InstitutionName": "Brigham_Young_University",
    "MagneticFieldStrength": 3,
    "Manufacturer": "Siemens",
    "ManufacturersModelName": "TrioTim",
    "PhaseEncodingDirection": "i-",
    "PhaseEncodingLines": 512,
    "ProcedureStepDescription": "Research_KIRWAN",
    "ProtocolName": "HiRes_T2",
    "RepetitionTime": 7.07,
    "ScanningSequence": "SE",
    "SequenceName": "_tse2d1_15",
    "SequenceVariant": "SK_SP_OSP",
    "SeriesDescription": "HiRes_T2",
    "SoftwareVersions": "syngo_MR_B17",
    "dataset": "ds003711",
    "modality": "T2w",
    "subject_id": "40"
  },
  "cjv": 1.2638138887201322,
  "cnr": 0.9707734687450649,
  "efc": 0.6252271230241838,
  "fber": 92.0383110897026,
  "fwhm_avg": 3.3502139490370397,
  "fwhm_x": 4.0515328,
  "fwhm_y": 1.8577970471111185,
  "fwhm_z": 4.141312,
  "icvs_csf": 0.31784615298729185,
  "icvs_gm": 0.5691971764746905,
  "icvs_wm": 0.11295667053801768,
  "inu_med": 1.0426223278045654,
  "inu_range": 0.31247695684432997,
  "provenance": {
    "md5sum": "20bd4addb3accfac82f7412c64ac5a0c",
    "settings": {
      "testing": false
    },
    "software": "mriqc",
    "version": "22.0.0rc1",
    "warnings": {
      "large_rot_frame": false,
      "small_air_mask": false
    },
    "webapi_port": null,
    "webapi_url": "https://mriqc.nimh.nih.gov/api/v1"
  },
  "qi_1": 0.012000440571624563,
  "qi_2": 0.000171346530025761,
  "rpve_csf": 9.878465724603231,
  "rpve_gm": 6.486333205037883,
  "rpve_wm": 31.786629403403634,
  "size_x": 512,
  "size_y": 19,
  "size_z": 512,
  "snr_csf": 9.250068605126087,
  "snr_gm": 8.136737208859222,
  "snr_total": 6.539624826707088,
  "snr_wm": 2.2320686661359543,
  "snrd_csf": 14.13677840913086,
  "snrd_gm": 9.593598865569659,
  "snrd_total": 14.000473383147506,
  "snrd_wm": 18.271042874741994,
  "spacing_x": 0.390625,
  "spacing_y": 3.000004768371582,
  "spacing_z": 0.390625,
  "summary_bg_k": 12.727790791023008,
  "summary_bg_mad": 29.59239441364746,
  "summary_bg_mean": 91.44217221010773,
  "summary_bg_median": 44.96172580868006,
  "summary_bg_n": 1731241.0,
  "summary_bg_p05": 10.345638245344162,
  "summary_bg_p95": 475.89935928583145,
  "summary_bg_stdv": 153.21205397181384,
  "summary_csf_k": 0.8384800954215357,
  "summary_csf_mad": 63.484207387392914,
  "summary_csf_mean": 646.7576404615972,
  "summary_csf_median": 638.5557828098536,
  "summary_csf_n": 207181.0,
  "summary_csf_p05": 548.4233283996582,
  "summary_csf_p95": 773.1797067448497,
  "summary_csf_stdv": 69.03237900271903,
  "summary_gm_k": -0.19289424294226398,
  "summary_gm_mad": 55.77624077964966,
  "summary_gm_mean": 433.6268745068718,
  "summary_gm_median": 433.3411655947566,
  "summary_gm_n": 436406.0,
  "summary_gm_p05": 347.96352472156286,
  "summary_gm_p95": 521.540344171226,
  "summary_gm_stdv": 53.25730178849853,
  "summary_wm_k": -1.560404117975993,
  "summary_wm_mad": 439.5864976446139,
  "summary_wm_mean": 676.917610172013,
  "summary_wm_median": 825.2997782081366,
  "summary_wm_n": 96850.0,
  "summary_wm_p05": 185.38547724485397,
  "summary_wm_p95": 1177.00184038654,
  "summary_wm_stdv": 369.744681248786,
  "tpm_overlap_csf": 0.08009781688451767,
  "tpm_overlap_gm": 0.2811238765716553,
  "tpm_overlap_wm": 0.07500691711902618,
  "wm2max": 0.6630476800861018
}