{
  "aor": 0.00033549090909090913,
  "aqi": 0.03997303927272727,
  "bids_meta": {
    "AccelFactPE": 2,
    "AcquisitionNumber": 1,
    "AcquisitionTime": "12:50:12.702500",
    "BandwidthPerPixelPhaseEncode": 22.321,
    "ConversionSoftware": "dcm2niix",
    "ConversionSoftwareVersion": "v1.0.20170724 (OpenJPEG build) GCC6.1.0",
    "DeviceSerialNumber": "35002",
    "EchoTime": 0.028,
    "EffectiveEchoSpacing": 0.000350007,
    "FlipAngle": 90,
    "ImageType": [
      "ORIGINAL",
      "PRIMARY",
      "M",
      "ND",
      "MOSAIC"
    ],
    "InstitutionAddress": "University_Pkwy_1700_North_685_Provo_FC28C0_UT_US_84601",
    "InstitutionName": "Brigham_Young_University",
    "MagneticFieldStrength": 3,
    "Manufacturer": "Siemens",
    "ManufacturersModelName": "TrioTim",
    "PhaseEncodingDirection": "j-",
    "PhaseEncodingLines": 128,
    "ProcedureStepDescription": "Research_KIRWAN",
    "ProtocolName": "12Chan_1.8x1.8x1.8_TR1900_29Slice",
    "RepetitionTime": 1.9,
    "ScanningSequence": "EP",
    "SequenceName": "epfid2d1_128",
    "SequenceVariant": "SK",
    "SeriesDescription": "12Chan_1.8x1.8x1.8_TR1900_29Slice",
    "SliceTiming": [
      0,
      0.9875,
      0.0675,
      1.0525,
      0.1325,
      1.12,
      0.1975,
      1.185,
      0.265,
      1.25,
      0.33,
      1.3175,
      0.395,
      1.3825,
      0.4625,
      1.4475,
      0.5275,
      1.5125,
      0.5925,
      1.58,
      0.6575,
      1.645,
      0.725,
      1.71,
      0.79,
      1.7775,
      0.855,
      1.8425,
      0.9225
    ],
    "SoftwareVersions": "syngo_MR_B17",
    "TaskName": "MST",
    "TotalReadoutTime": 0.0437508,
    "TrueEchoSpacing": 0.000700013,
    "dataset": "ds003711",
    "modality": "bold",
    "run_id": 1,
    "subject_id": "41",
    "task_id": "MST"
  },
  "dummy_trs": 4,
  "dvars_nstd": 84.10680475693425,
  "dvars_std": 1.035080683832118,
  "dvars_vstd": 1.0057992549270072,
  "efc": 0.6454776522997117,
  "fber": 96.05205535888672,
  "fd_mean": 0.07660809006182548,
  "fd_num": 8,
  "fd_perc": 2.909090909090909,
  "fwhm_avg": 2.4241058069351555,
  "fwhm_x": 2.288521061946903,
  "fwhm_y": 2.49842407079646,
  "fwhm_z": 2.4853722880621034,
  "gcor": 0.00503175,
  "gsr_x": -0.027890870347619057,
  "gsr_y": 0.06468488276004791,
  "provenance": {
    "md5sum": "edc43681037430344798248de92dbb88",
    "settings": {
      "fd_thres": 0.2,
      "testing": false
    },
    "software": "mriqc",
    "version": "22.0.0rc1",
    "webapi_port": null,
    "webapi_url": "https://mriqc.nimh.nih.gov/api/v1"
  },
  "size_t": 275,
  "size_x": 128,
  "size_y": 128,
  "size_z": 29,
  "snr": 4.774061518611038,
  "spacing_tr": 1.899999976158142,
  "spacing_x": 1.765625,
  "spacing_y": 1.765625,
  "spacing_z": 1.7999999523162842,
  "summary_bg_k": 23.90380499241062,
  "summary_bg_mad": 13.316465002204875,
  "summary_bg_mean": 110.52049255371094,
  "summary_bg_median": 82.7272720336914,
  "summary_bg_n": 309517.0,
  "summary_bg_p05": 69.8109130859375,
  "summary_bg_p95": 261.8589111328125,
  "summary_bg_stdv": 85.59479522705078,
  "summary_fg_k": 0.7482581625470304,
  "summary_fg_mad": 160.0725364986832,
  "summary_fg_mean": 818.0410766601562,
  "summary_fg_median": 820.0982055664062,
  "summary_fg_n": 96671.0,
  "summary_fg_p05": 541.6836547851562,
  "summary_fg_p95": 1096.4981689453125,
  "summary_fg_stdv": 171.78118896484375,
  "tsnr": 16.431153048411943
}