{
  "aor": 0.00050415770609319,
  "aqi": 0.054197704301075275,
  "bids_meta": {
    "AccelFactPE": 2,
    "AcquisitionNumber": 1,
    "AcquisitionTime": "13:21:34.687500",
    "BandwidthPerPixelPhaseEncode": 22.321,
    "ConversionSoftware": "dcm2niix",
    "ConversionSoftwareVersion": "v1.0.20170724 (OpenJPEG build) GCC6.1.0",
    "DeviceSerialNumber": "35002",
    "EchoTime": 0.028,
    "EffectiveEchoSpacing": 0.000350007,
    "FlipAngle": 90,
    "ImageType": [
      "ORIGINAL",
      "PRIMARY",
      "M",
      "ND",
      "MOSAIC"
    ],
    "InstitutionAddress": "University_Pkwy_1700_North_685_Provo_FC28C0_UT_US_84601",
    "InstitutionName": "Brigham_Young_University",
    "MagneticFieldStrength": 3,
    "Manufacturer": "Siemens",
    "ManufacturersModelName": "TrioTim",
    "PhaseEncodingDirection": "j-",
    "PhaseEncodingLines": 128,
    "ProcedureStepDescription": "Research_KIRWAN",
    "ProtocolName": "12Chan_1.8x1.8x1.8_TR1900_29Slice",
    "RepetitionTime": 1.9,
    "ScanningSequence": "EP",
    "SequenceName": "epfid2d1_128",
    "SequenceVariant": "SK",
    "SeriesDescription": "12Chan_1.8x1.8x1.8_TR1900_29Slice",
    "SliceTiming": [
      0,
      0.9875,
      0.065,
      1.0525,
      0.1325,
      1.1175,
      0.1975,
      1.185,
      0.2625,
      1.25,
      0.33,
      1.315,
      0.395,
      1.3825,
      0.46,
      1.4475,
      0.5275,
      1.5125,
      0.5925,
      1.5775,
      0.6575,
      1.645,
      0.725,
      1.71,
      0.79,
      1.775,
      0.855,
      1.8425,
      0.92
    ],
    "SoftwareVersions": "syngo_MR_B17",
    "TaskName": "MST",
    "TotalReadoutTime": 0.0437508,
    "TrueEchoSpacing": 0.000700013,
    "dataset": "ds003711",
    "modality": "bold",
    "run_id": 4,
    "subject_id": "41",
    "task_id": "MST"
  },
  "dummy_trs": 0,
  "dvars_nstd": 97.77744578640292,
  "dvars_std": 1.0403357226618701,
  "dvars_vstd": 1.010510925647482,
  "efc": 0.6615428479519283,
  "fber": 74.35362243652344,
  "fd_mean": 0.10778365726191305,
  "fd_num": 24,
  "fd_perc": 8.602150537634408,
  "fwhm_avg": 2.3005889291097863,
  "fwhm_x": 2.235939115044248,
  "fwhm_y": 2.338027610619469,
  "fwhm_z": 2.3278000616656422,
  "gcor": 0.00350824,
  "gsr_x": -0.03261875361204147,
  "gsr_y": 0.07374248653650284,
  "provenance": {
    "md5sum": "db30ae0be102368ab48dcaf32f716afc",
    "settings": {
      "fd_thres": 0.2,
      "testing": false
    },
    "software": "mriqc",
    "version": "22.0.0rc1",
    "webapi_port": null,
    "webapi_url": "https://mriqc.nimh.nih.gov/api/v1"
  },
  "size_t": 279,
  "size_x": 128,
  "size_y": 128,
  "size_z": 29,
  "snr": 4.782088146473248,
  "spacing_tr": 1.899999976158142,
  "spacing_x": 1.765625,
  "spacing_y": 1.765625,
  "spacing_z": 1.7999999523162842,
  "summary_bg_k": 23.885024875403616,
  "summary_bg_mad": 21.707637024965813,
  "summary_bg_mean": 119.67451477050781,
  "summary_bg_median": 92.84587860107422,
  "summary_bg_n": 309695.0,
  "summary_bg_p05": 73.06451416015625,
  "summary_bg_p95": 271.42509460449213,
  "summary_bg_stdv": 87.34054565429688,
  "summary_fg_k": 1.0237872479638774,
  "summary_fg_mad": 151.17230815388837,
  "summary_fg_mean": 805.2501831054688,
  "summary_fg_median": 805.6165161132812,
  "summary_fg_n": 96594.0,
  "summary_fg_p05": 532.8718536376953,
  "summary_fg_p95": 1079.080096435547,
  "summary_fg_stdv": 168.4645538330078,
  "tsnr": 14.225750823155977
}