{
  "aor": 0.0010667025089605737,
  "aqi": 0.03134777204301075,
  "bids_meta": {
    "AccelFactPE": 2,
    "AcquisitionNumber": 1,
    "AcquisitionTime": "21:15:28.882500",
    "BandwidthPerPixelPhaseEncode": 22.321,
    "ConversionSoftware": "dcm2niix",
    "ConversionSoftwareVersion": "v1.0.20170724 (OpenJPEG build) GCC6.1.0",
    "DeviceSerialNumber": "35002",
    "EchoTime": 0.028,
    "EffectiveEchoSpacing": 0.000350007,
    "FlipAngle": 90,
    "ImageType": [
      "ORIGINAL",
      "PRIMARY",
      "M",
      "ND",
      "MOSAIC"
    ],
    "InstitutionAddress": "University_Pkwy_1700_North_685_Provo_FC28C0_UT_US_84601",
    "InstitutionName": "Brigham_Young_University",
    "MagneticFieldStrength": 3,
    "Manufacturer": "Siemens",
    "ManufacturersModelName": "TrioTim",
    "PhaseEncodingDirection": "j-",
    "PhaseEncodingLines": 128,
    "ProcedureStepDescription": "Research_KIRWAN",
    "ProtocolName": "12Chan_1.8x1.8x1.8_TR1900_29Slice",
    "RepetitionTime": 1.9,
    "ScanningSequence": "EP",
    "SequenceName": "epfid2d1_128",
    "SequenceVariant": "SK",
    "SeriesDescription": "12Chan_1.8x1.8x1.8_TR1900_29Slice",
    "SliceTiming": [
      0,
      0.985,
      0.065,
      1.05,
      0.13,
      1.1175,
      0.195,
      1.1825,
      0.2625,
      1.2475,
      0.3275,
      1.315,
      0.3925,
      1.38,
      0.46,
      1.445,
      0.525,
      1.5125,
      0.59,
      1.5775,
      0.6575,
      1.6425,
      0.7225,
      1.71,
      0.7875,
      1.775,
      0.855,
      1.84,
      0.92
    ],
    "SoftwareVersions": "syngo_MR_B17",
    "TaskName": "MST",
    "TotalReadoutTime": 0.0437508,
    "TrueEchoSpacing": 0.000700013,
    "dataset": "ds003711",
    "modality": "bold",
    "run_id": 2,
    "subject_id": "01",
    "task_id": "MST"
  },
  "dummy_trs": 0,
  "dvars_nstd": 82.52547446604318,
  "dvars_std": 1.0553217633453236,
  "dvars_vstd": 1.0139469938129506,
  "efc": 0.6480397184259196,
  "fber": 85.76830291748047,
  "fd_mean": 0.06342011631482657,
  "fd_num": 4,
  "fd_perc": 1.4336917562724014,
  "fwhm_avg": 2.929712343518617,
  "fwhm_x": 2.7723384070796464,
  "fwhm_y": 3.049243185840708,
  "fwhm_z": 2.967555437635497,
  "gcor": 0.00936832,
  "gsr_x": -0.01509717758744955,
  "gsr_y": 0.060494378209114075,
  "provenance": {
    "md5sum": "b722432ab50cfdf277f98bea5e596f22",
    "settings": {
      "fd_thres": 0.2,
      "testing": false
    },
    "software": "mriqc",
    "version": "22.0.0rc1",
    "webapi_port": null,
    "webapi_url": "https://mriqc.nimh.nih.gov/api/v1"
  },
  "size_t": 279,
  "size_x": 128,
  "size_y": 128,
  "size_z": 29,
  "snr": 3.683926101133919,
  "spacing_tr": 1.899999976158142,
  "spacing_x": 1.765625,
  "spacing_y": 1.765625,
  "spacing_z": 1.8000000715255737,
  "summary_bg_k": 16.64554369926074,
  "summary_bg_mad": 19.241942124462845,
  "summary_bg_mean": 120.5850601196289,
  "summary_bg_median": 88.28673553466797,
  "summary_bg_n": 306041.0,
  "summary_bg_p05": 70.96415710449219,
  "summary_bg_p95": 315.6846008300781,
  "summary_bg_stdv": 88.66230010986328,
  "summary_fg_k": 1.0071447642220717,
  "summary_fg_mad": 194.02425398966278,
  "summary_fg_mean": 850.8893432617188,
  "summary_fg_median": 837.3512573242188,
  "summary_fg_n": 96399.0,
  "summary_fg_p05": 501.2630798339844,
  "summary_fg_p95": 1251.0132568359372,
  "summary_fg_stdv": 227.29742431640625,
  "tsnr": 15.901859658770263
}