{
  "aor": 0.0002832258064516129,
  "aqi": 0.02841351971326165,
  "bids_meta": {
    "AccelFactPE": 2,
    "AcquisitionNumber": 1,
    "AcquisitionTime": "21:27:35.402500",
    "BandwidthPerPixelPhaseEncode": 22.321,
    "ConversionSoftware": "dcm2niix",
    "ConversionSoftwareVersion": "v1.0.20170724 (OpenJPEG build) GCC6.1.0",
    "DeviceSerialNumber": "35002",
    "EchoTime": 0.028,
    "EffectiveEchoSpacing": 0.000350007,
    "FlipAngle": 90,
    "ImageType": [
      "ORIGINAL",
      "PRIMARY",
      "M",
      "ND",
      "MOSAIC"
    ],
    "InstitutionAddress": "University_Pkwy_1700_North_685_Provo_FC28C0_UT_US_84601",
    "InstitutionName": "Brigham_Young_University",
    "MagneticFieldStrength": 3,
    "Manufacturer": "Siemens",
    "ManufacturersModelName": "TrioTim",
    "PhaseEncodingDirection": "j-",
    "PhaseEncodingLines": 128,
    "ProcedureStepDescription": "Research_KIRWAN",
    "ProtocolName": "12Chan_1.8x1.8x1.8_TR1900_29Slice",
    "RepetitionTime": 1.9,
    "ScanningSequence": "EP",
    "SequenceName": "epfid2d1_128",
    "SequenceVariant": "SK",
    "SeriesDescription": "12Chan_1.8x1.8x1.8_TR1900_29Slice",
    "SliceTiming": [
      0,
      0.9875,
      0.065,
      1.0525,
      0.1325,
      1.1175,
      0.1975,
      1.1825,
      0.2625,
      1.25,
      0.3275,
      1.315,
      0.395,
      1.38,
      0.46,
      1.4475,
      0.525,
      1.5125,
      0.5925,
      1.5775,
      0.6575,
      1.645,
      0.7225,
      1.71,
      0.79,
      1.775,
      0.855,
      1.8425,
      0.92
    ],
    "SoftwareVersions": "syngo_MR_B17",
    "TaskName": "MST",
    "TotalReadoutTime": 0.0437508,
    "TrueEchoSpacing": 0.000700013,
    "dataset": "ds003711",
    "modality": "bold",
    "run_id": 3,
    "subject_id": "01",
    "task_id": "MST"
  },
  "dummy_trs": 0,
  "dvars_nstd": 82.22212803791362,
  "dvars_std": 1.046558801582734,
  "dvars_vstd": 1.004041034280575,
  "efc": 0.6496953040205143,
  "fber": 86.99121856689453,
  "fd_mean": 0.07201196129096799,
  "fd_num": 4,
  "fd_perc": 1.4336917562724014,
  "fwhm_avg": 2.6905597963859473,
  "fwhm_x": 2.5566923893805313,
  "fwhm_y": 2.762670442477876,
  "fwhm_z": 2.7523165572994333,
  "gcor": 0.00750642,
  "gsr_x": -0.02525484561920166,
  "gsr_y": 0.06089844927191734,
  "provenance": {
    "md5sum": "ec295b261744300b07f02a158d9badbd",
    "settings": {
      "fd_thres": 0.2,
      "testing": false
    },
    "software": "mriqc",
    "version": "22.0.0rc1",
    "webapi_port": null,
    "webapi_url": "https://mriqc.nimh.nih.gov/api/v1"
  },
  "size_t": 279,
  "size_x": 128,
  "size_y": 128,
  "size_z": 29,
  "snr": 3.8565817740657486,
  "spacing_tr": 1.899999976158142,
  "spacing_x": 1.765625,
  "spacing_y": 1.765625,
  "spacing_z": 1.8000000715255737,
  "summary_bg_k": 12.172902630507144,
  "summary_bg_mad": 19.57672436522449,
  "summary_bg_mean": 125.16221618652344,
  "summary_bg_median": 88.71684265136719,
  "summary_bg_n": 310727.0,
  "summary_bg_p05": 70.96774291992188,
  "summary_bg_p95": 348.46308898925804,
  "summary_bg_stdv": 97.7337646484375,
  "summary_fg_k": 1.0573047984666513,
  "summary_fg_mad": 188.2214372255093,
  "summary_fg_mean": 858.5319213867188,
  "summary_fg_median": 841.16845703125,
  "summary_fg_n": 95545.0,
  "summary_fg_p05": 535.0723999023437,
  "summary_fg_p95": 1249.146240234375,
  "summary_fg_stdv": 218.11129760742188,
  "tsnr": 16.699841890949756
}