{
  "aor": 0.0002697849462365592,
  "aqi": 0.04149964551971326,
  "bids_meta": {
    "AccelFactPE": 2,
    "AcquisitionNumber": 1,
    "AcquisitionTime": "11:32:44.245000",
    "BandwidthPerPixelPhaseEncode": 22.321,
    "ConversionSoftware": "dcm2niix",
    "ConversionSoftwareVersion": "v1.0.20170724 (OpenJPEG build) GCC6.1.0",
    "DeviceSerialNumber": "35002",
    "EchoTime": 0.028,
    "EffectiveEchoSpacing": 0.000350007,
    "FlipAngle": 90,
    "ImageType": [
      "ORIGINAL",
      "PRIMARY",
      "M",
      "ND",
      "MOSAIC"
    ],
    "InstitutionAddress": "University_Pkwy_1700_North_685_Provo_FC28C0_UT_US_84601",
    "InstitutionName": "Brigham_Young_University",
    "MagneticFieldStrength": 3,
    "Manufacturer": "Siemens",
    "ManufacturersModelName": "TrioTim",
    "PhaseEncodingDirection": "j-",
    "PhaseEncodingLines": 128,
    "ProcedureStepDescription": "Research_KIRWAN",
    "ProtocolName": "12Chan_1.8x1.8x1.8_TR1900_29Slice",
    "RepetitionTime": 1.9,
    "ScanningSequence": "EP",
    "SequenceName": "epfid2d1_128",
    "SequenceVariant": "SK",
    "SeriesDescription": "12Chan_1.8x1.8x1.8_TR1900_29Slice",
    "SliceTiming": [
      0,
      0.9875,
      0.0675,
      1.0525,
      0.1325,
      1.12,
      0.1975,
      1.185,
      0.265,
      1.25,
      0.33,
      1.3175,
      0.395,
      1.3825,
      0.4625,
      1.4475,
      0.5275,
      1.5125,
      0.5925,
      1.58,
      0.66,
      1.645,
      0.725,
      1.71,
      0.79,
      1.7775,
      0.855,
      1.8425,
      0.9225
    ],
    "SoftwareVersions": "syngo_MR_B17",
    "TaskName": "MST",
    "TotalReadoutTime": 0.0437508,
    "TrueEchoSpacing": 0.000700013,
    "dataset": "ds003711",
    "modality": "bold",
    "run_id": 3,
    "subject_id": "45",
    "task_id": "MST"
  },
  "dummy_trs": 0,
  "dvars_nstd": 89.98301145122308,
  "dvars_std": 1.0232385097482017,
  "dvars_vstd": 1.0039860502158269,
  "efc": 0.6535870953098833,
  "fber": 77.0265884399414,
  "fd_mean": 0.10052053182300962,
  "fd_num": 9,
  "fd_perc": 3.225806451612903,
  "fwhm_avg": 2.4410297532172165,
  "fwhm_x": 2.3499893805309737,
  "fwhm_y": 2.48377203539823,
  "fwhm_z": 2.489327843722445,
  "gcor": 0.00888421,
  "gsr_x": -0.02294844202697277,
  "gsr_y": 0.054030146449804306,
  "provenance": {
    "md5sum": "827ac36aa1ca6f24558f95280e6ab9c5",
    "settings": {
      "fd_thres": 0.2,
      "testing": false
    },
    "software": "mriqc",
    "version": "22.0.0rc1",
    "webapi_port": null,
    "webapi_url": "https://mriqc.nimh.nih.gov/api/v1"
  },
  "size_t": 279,
  "size_x": 128,
  "size_y": 128,
  "size_z": 29,
  "snr": 4.448537195448893,
  "spacing_tr": 1.899999976158142,
  "spacing_x": 1.765625,
  "spacing_y": 1.765625,
  "spacing_z": 1.7999999523162842,
  "summary_bg_k": 17.823100057545847,
  "summary_bg_mad": 17.78059394624481,
  "summary_bg_mean": 113.55388641357422,
  "summary_bg_median": 85.25806427001953,
  "summary_bg_n": 320618.0,
  "summary_bg_p05": 69.00717163085938,
  "summary_bg_p95": 274.0077072143553,
  "summary_bg_stdv": 79.18021392822266,
  "summary_fg_k": 0.5989704611831459,
  "summary_fg_mad": 155.81141248335052,
  "summary_fg_mean": 756.78955078125,
  "summary_fg_median": 757.8781127929688,
  "summary_fg_n": 85993.0,
  "summary_fg_p05": 471.7369140625,
  "summary_fg_p95": 1033.8616210937498,
  "summary_fg_stdv": 170.3647003173828,
  "tsnr": 14.659899885067716
}