{
  "aor": 0.0006619713261648746,
  "aqi": 0.03980170430107526,
  "bids_meta": {
    "AccelFactPE": 2,
    "AcquisitionNumber": 1,
    "AcquisitionTime": "11:52:16.285000",
    "BandwidthPerPixelPhaseEncode": 22.321,
    "ConversionSoftware": "dcm2niix",
    "ConversionSoftwareVersion": "v1.0.20170724 (OpenJPEG build) GCC6.1.0",
    "DeviceSerialNumber": "35002",
    "EchoTime": 0.028,
    "EffectiveEchoSpacing": 0.000350007,
    "FlipAngle": 90,
    "ImageType": [
      "ORIGINAL",
      "PRIMARY",
      "M",
      "ND",
      "MOSAIC"
    ],
    "InstitutionAddress": "University_Pkwy_1700_North_685_Provo_FC28C0_UT_US_84601",
    "InstitutionName": "Brigham_Young_University",
    "MagneticFieldStrength": 3,
    "Manufacturer": "Siemens",
    "ManufacturersModelName": "TrioTim",
    "PhaseEncodingDirection": "j-",
    "PhaseEncodingLines": 128,
    "ProcedureStepDescription": "Research_KIRWAN",
    "ProtocolName": "12Chan_1.8x1.8x1.8_TR1900_29Slice",
    "RepetitionTime": 1.9,
    "ScanningSequence": "EP",
    "SequenceName": "epfid2d1_128",
    "SequenceVariant": "SK",
    "SeriesDescription": "12Chan_1.8x1.8x1.8_TR1900_29Slice",
    "SliceTiming": [
      0,
      0.9875,
      0.065,
      1.0525,
      0.1325,
      1.1175,
      0.1975,
      1.185,
      0.2625,
      1.25,
      0.33,
      1.315,
      0.395,
      1.38,
      0.46,
      1.4475,
      0.525,
      1.5125,
      0.5925,
      1.5775,
      0.6575,
      1.645,
      0.7225,
      1.71,
      0.79,
      1.775,
      0.855,
      1.8425,
      0.92
    ],
    "SoftwareVersions": "syngo_MR_B17",
    "TaskName": "MST",
    "TotalReadoutTime": 0.0437508,
    "TrueEchoSpacing": 0.000700013,
    "dataset": "ds003711",
    "modality": "bold",
    "run_id": 5,
    "subject_id": "45",
    "task_id": "MST"
  },
  "dummy_trs": 0,
  "dvars_nstd": 89.31433772348926,
  "dvars_std": 1.0309718317985619,
  "dvars_vstd": 1.013385306007194,
  "efc": 0.6528287233029846,
  "fber": 77.6213607788086,
  "fd_mean": 0.12704284834756702,
  "fd_num": 33,
  "fd_perc": 11.827956989247312,
  "fwhm_avg": 2.45438725248695,
  "fwhm_x": 2.3798201769911507,
  "fwhm_y": 2.4839192920353983,
  "fwhm_z": 2.4994222884343014,
  "gcor": 0.00456189,
  "gsr_x": -0.021667100489139557,
  "gsr_y": 0.05157473310828209,
  "provenance": {
    "md5sum": "0a3ab3ac77d1d8a49df5abb2004c8c6b",
    "settings": {
      "fd_thres": 0.2,
      "testing": false
    },
    "software": "mriqc",
    "version": "22.0.0rc1",
    "webapi_port": null,
    "webapi_url": "https://mriqc.nimh.nih.gov/api/v1"
  },
  "size_t": 279,
  "size_x": 128,
  "size_y": 128,
  "size_z": 29,
  "snr": 4.363942989570352,
  "spacing_tr": 1.899999976158142,
  "spacing_x": 1.765625,
  "spacing_y": 1.765625,
  "spacing_z": 1.7999999523162842,
  "summary_bg_k": 21.496120662852643,
  "summary_bg_mad": 17.89219179695111,
  "summary_bg_mean": 113.19815063476562,
  "summary_bg_median": 84.78136444091797,
  "summary_bg_n": 319399.0,
  "summary_bg_p05": 68.05017852783203,
  "summary_bg_p95": 275.1003723144531,
  "summary_bg_stdv": 82.85185241699219,
  "summary_fg_k": 0.6838099345265136,
  "summary_fg_mad": 156.9884270741771,
  "summary_fg_mean": 756.6760864257812,
  "summary_fg_median": 757.915771484375,
  "summary_fg_n": 86844.0,
  "summary_fg_p05": 466.47169036865233,
  "summary_fg_p95": 1040.2969543457032,
  "summary_fg_stdv": 173.6758270263672,
  "tsnr": 14.951675573829561
}