{
  "aor": 0.00044913978494623647,
  "aqi": 0.04232388494623656,
  "bids_meta": {
    "AccelFactPE": 2,
    "AcquisitionNumber": 1,
    "AcquisitionTime": "07:46:29.087500",
    "BandwidthPerPixelPhaseEncode": 22.321,
    "ConversionSoftware": "dcm2niix",
    "ConversionSoftwareVersion": "v1.0.20170724 (OpenJPEG build) GCC6.1.0",
    "DeviceSerialNumber": "35002",
    "EchoTime": 0.028,
    "EffectiveEchoSpacing": 0.000350007,
    "FlipAngle": 90,
    "ImageType": [
      "ORIGINAL",
      "PRIMARY",
      "M",
      "ND",
      "MOSAIC"
    ],
    "InstitutionAddress": "University_Pkwy_1700_North_685_Provo_FC28C0_UT_US_84601",
    "InstitutionName": "Brigham_Young_University",
    "MagneticFieldStrength": 3,
    "Manufacturer": "Siemens",
    "ManufacturersModelName": "TrioTim",
    "PhaseEncodingDirection": "j-",
    "PhaseEncodingLines": 128,
    "ProcedureStepDescription": "Research_KIRWAN",
    "ProtocolName": "12Chan_1.8x1.8x1.8_TR1900_29Slice",
    "RepetitionTime": 1.9,
    "ScanningSequence": "EP",
    "SequenceName": "epfid2d1_128",
    "SequenceVariant": "SK",
    "SeriesDescription": "12Chan_1.8x1.8x1.8_TR1900_29Slice",
    "SliceTiming": [
      0,
      0.9875,
      0.065,
      1.0525,
      0.1325,
      1.1175,
      0.1975,
      1.1825,
      0.2625,
      1.25,
      0.3275,
      1.315,
      0.395,
      1.38,
      0.46,
      1.4475,
      0.525,
      1.5125,
      0.5925,
      1.5775,
      0.6575,
      1.645,
      0.7225,
      1.71,
      0.79,
      1.775,
      0.855,
      1.8425,
      0.92
    ],
    "SoftwareVersions": "syngo_MR_B17",
    "TaskName": "MST",
    "TotalReadoutTime": 0.0437508,
    "TrueEchoSpacing": 0.000700013,
    "dataset": "ds003711",
    "modality": "bold",
    "run_id": 3,
    "subject_id": "10",
    "task_id": "MST"
  },
  "dummy_trs": 0,
  "dvars_nstd": 90.0606935626618,
  "dvars_std": 1.0269854067985604,
  "dvars_vstd": 1.0080933078417265,
  "efc": 0.6674006403607968,
  "fber": 70.25300598144531,
  "fd_mean": 0.1353667262400006,
  "fd_num": 34,
  "fd_perc": 12.186379928315413,
  "fwhm_avg": 2.5068975955752992,
  "fwhm_x": 2.4395553982300884,
  "fwhm_y": 2.7018817699115045,
  "fwhm_z": 2.379255618584305,
  "gcor": 0.00437559,
  "gsr_x": -0.0315149649977684,
  "gsr_y": 0.07842249423265457,
  "provenance": {
    "md5sum": "411446536fc6c2cbfa7d48f42c65d8e3",
    "settings": {
      "fd_thres": 0.2,
      "testing": false
    },
    "software": "mriqc",
    "version": "22.0.0rc1",
    "webapi_port": null,
    "webapi_url": "https://mriqc.nimh.nih.gov/api/v1"
  },
  "size_t": 279,
  "size_x": 128,
  "size_y": 128,
  "size_z": 29,
  "snr": 4.418571688151604,
  "spacing_tr": 1.899999976158142,
  "spacing_x": 1.765625,
  "spacing_y": 1.765625,
  "spacing_z": 1.7999999523162842,
  "summary_bg_k": 34.55409527884676,
  "summary_bg_mad": 17.472393395039198,
  "summary_bg_mean": 112.92210388183594,
  "summary_bg_median": 85.69534301757812,
  "summary_bg_n": 304344.0,
  "summary_bg_p05": 70.15770721435547,
  "summary_bg_p95": 252.15393676757753,
  "summary_bg_stdv": 84.3780288696289,
  "summary_fg_k": 1.1572979063151703,
  "summary_fg_mad": 144.5350751875352,
  "summary_fg_mean": 733.6517944335938,
  "summary_fg_median": 730.910400390625,
  "summary_fg_n": 98857.0,
  "summary_fg_p05": 466.6007080078125,
  "summary_fg_p95": 1008.5742065429688,
  "summary_fg_stdv": 165.41696166992188,
  "tsnr": 14.807036775862798
}