{
  "aor": 0.00029910394265232973,
  "aqi": 0.04652153440860215,
  "bids_meta": {
    "AccelFactPE": 2,
    "AcquisitionNumber": 1,
    "AcquisitionTime": "07:56:47.830000",
    "BandwidthPerPixelPhaseEncode": 22.321,
    "ConversionSoftware": "dcm2niix",
    "ConversionSoftwareVersion": "v1.0.20170724 (OpenJPEG build) GCC6.1.0",
    "DeviceSerialNumber": "35002",
    "EchoTime": 0.028,
    "EffectiveEchoSpacing": 0.000350007,
    "FlipAngle": 90,
    "ImageType": [
      "ORIGINAL",
      "PRIMARY",
      "M",
      "ND",
      "MOSAIC"
    ],
    "InstitutionAddress": "University_Pkwy_1700_North_685_Provo_FC28C0_UT_US_84601",
    "InstitutionName": "Brigham_Young_University",
    "MagneticFieldStrength": 3,
    "Manufacturer": "Siemens",
    "ManufacturersModelName": "TrioTim",
    "PhaseEncodingDirection": "j-",
    "PhaseEncodingLines": 128,
    "ProcedureStepDescription": "Research_KIRWAN",
    "ProtocolName": "12Chan_1.8x1.8x1.8_TR1900_29Slice",
    "RepetitionTime": 1.9,
    "ScanningSequence": "EP",
    "SequenceName": "epfid2d1_128",
    "SequenceVariant": "SK",
    "SeriesDescription": "12Chan_1.8x1.8x1.8_TR1900_29Slice",
    "SliceTiming": [
      0,
      0.985,
      0.065,
      1.0525,
      0.13,
      1.1175,
      0.1975,
      1.1825,
      0.2625,
      1.2475,
      0.3275,
      1.315,
      0.3925,
      1.38,
      0.46,
      1.445,
      0.525,
      1.5125,
      0.59,
      1.5775,
      0.6575,
      1.6425,
      0.7225,
      1.71,
      0.7875,
      1.775,
      0.855,
      1.84,
      0.92
    ],
    "SoftwareVersions": "syngo_MR_B17",
    "TaskName": "MST",
    "TotalReadoutTime": 0.0437508,
    "TrueEchoSpacing": 0.000700013,
    "dataset": "ds003711",
    "modality": "bold",
    "run_id": 4,
    "subject_id": "10",
    "task_id": "MST"
  },
  "dummy_trs": 0,
  "dvars_nstd": 93.3012163451439,
  "dvars_std": 1.0265403308273389,
  "dvars_vstd": 1.0050055597841734,
  "efc": 0.6706598407943326,
  "fber": 68.62071990966797,
  "fd_mean": 0.12407132386259646,
  "fd_num": 26,
  "fd_perc": 9.31899641577061,
  "fwhm_avg": 2.502181588482267,
  "fwhm_x": 2.388831150442478,
  "fwhm_y": 2.6508913274336283,
  "fwhm_z": 2.4668222875706958,
  "gcor": 0.00533521,
  "gsr_x": -0.03278178721666336,
  "gsr_y": 0.07958617061376572,
  "provenance": {
    "md5sum": "8603db1e482e414ff91ed662f2276b1f",
    "settings": {
      "fd_thres": 0.2,
      "testing": false
    },
    "software": "mriqc",
    "version": "22.0.0rc1",
    "webapi_port": null,
    "webapi_url": "https://mriqc.nimh.nih.gov/api/v1"
  },
  "size_t": 279,
  "size_x": 128,
  "size_y": 128,
  "size_z": 29,
  "snr": 4.470005284466898,
  "spacing_tr": 1.899999976158142,
  "spacing_x": 1.765625,
  "spacing_y": 1.765625,
  "spacing_z": 1.7999999523162842,
  "summary_bg_k": 35.51993478088958,
  "summary_bg_mad": 18.407650347192966,
  "summary_bg_mean": 114.55461883544922,
  "summary_bg_median": 86.92472839355469,
  "summary_bg_n": 304523.0,
  "summary_bg_p05": 70.2652359008789,
  "summary_bg_p95": 255.81002807617188,
  "summary_bg_stdv": 85.30940246582031,
  "summary_fg_k": 1.1924183022222037,
  "summary_fg_mad": 142.4679925168001,
  "summary_fg_mean": 734.3074951171875,
  "summary_fg_median": 731.4014282226562,
  "summary_fg_n": 98773.0,
  "summary_fg_p05": 471.0057312011719,
  "summary_fg_p95": 1006.0910400390621,
  "summary_fg_stdv": 163.6234588623047,
  "tsnr": 14.547479164903052
}