{
  "aor": 0.0004356989247311828,
  "aqi": 0.04077886487455198,
  "bids_meta": {
    "AccelFactPE": 2,
    "AcquisitionNumber": 1,
    "AcquisitionTime": "07:24:58.120000",
    "BandwidthPerPixelPhaseEncode": 22.321,
    "ConversionSoftware": "dcm2niix",
    "ConversionSoftwareVersion": "v1.0.20170724 (OpenJPEG build) GCC6.1.0",
    "DeviceSerialNumber": "35002",
    "EchoTime": 0.028,
    "EffectiveEchoSpacing": 0.000350007,
    "FlipAngle": 90,
    "ImageType": [
      "ORIGINAL",
      "PRIMARY",
      "M",
      "ND",
      "MOSAIC"
    ],
    "InstitutionAddress": "University_Pkwy_1700_North_685_Provo_FC28C0_UT_US_84601",
    "InstitutionName": "Brigham_Young_University",
    "MagneticFieldStrength": 3,
    "Manufacturer": "Siemens",
    "ManufacturersModelName": "TrioTim",
    "PhaseEncodingDirection": "j-",
    "PhaseEncodingLines": 128,
    "ProcedureStepDescription": "Research_KIRWAN",
    "ProtocolName": "12Chan_1.8x1.8x1.8_TR1900_29Slice",
    "RepetitionTime": 1.9,
    "ScanningSequence": "EP",
    "SequenceName": "epfid2d1_128",
    "SequenceVariant": "SK",
    "SeriesDescription": "12Chan_1.8x1.8x1.8_TR1900_29Slice",
    "SliceTiming": [
      0,
      0.985,
      0.065,
      1.05,
      0.13,
      1.1175,
      0.195,
      1.1825,
      0.2625,
      1.2475,
      0.3275,
      1.315,
      0.3925,
      1.38,
      0.46,
      1.445,
      0.525,
      1.5125,
      0.59,
      1.5775,
      0.6575,
      1.6425,
      0.7225,
      1.71,
      0.7875,
      1.775,
      0.855,
      1.84,
      0.92
    ],
    "SoftwareVersions": "syngo_MR_B17",
    "TaskName": "MST",
    "TotalReadoutTime": 0.0437508,
    "TrueEchoSpacing": 0.000700013,
    "dataset": "ds003711",
    "modality": "bold",
    "run_id": 1,
    "subject_id": "10",
    "task_id": "MST"
  },
  "dummy_trs": 0,
  "dvars_nstd": 80.78526772687044,
  "dvars_std": 1.0080226873741012,
  "dvars_vstd": 0.9988797158992802,
  "efc": 0.6579686256178564,
  "fber": 83.37261962890625,
  "fd_mean": 0.12642576543866355,
  "fd_num": 28,
  "fd_perc": 10.03584229390681,
  "fwhm_avg": 2.622862314365772,
  "fwhm_x": 2.4811214159292034,
  "fwhm_y": 2.747282123893805,
  "fwhm_z": 2.640183403274308,
  "gcor": 0.00989913,
  "gsr_x": -0.028961632400751114,
  "gsr_y": 0.07570058852434158,
  "provenance": {
    "md5sum": "c6fe0020856615305f589c62b156e870",
    "settings": {
      "fd_thres": 0.2,
      "testing": false
    },
    "software": "mriqc",
    "version": "22.0.0rc1",
    "webapi_port": null,
    "webapi_url": "https://mriqc.nimh.nih.gov/api/v1"
  },
  "size_t": 279,
  "size_x": 128,
  "size_y": 128,
  "size_z": 29,
  "snr": 4.38459363529604,
  "spacing_tr": 1.899999976158142,
  "spacing_x": 1.765625,
  "spacing_y": 1.765625,
  "spacing_z": 1.7999999523162842,
  "summary_bg_k": 31.496811368268027,
  "summary_bg_mad": 13.354041331015573,
  "summary_bg_mean": 108.73937225341797,
  "summary_bg_median": 79.11827850341797,
  "summary_bg_n": 304605.0,
  "summary_bg_p05": 67.2258071899414,
  "summary_bg_p95": 254.4250946044921,
  "summary_bg_stdv": 85.84539794921875,
  "summary_fg_k": 1.2036434114183487,
  "summary_fg_mad": 145.91678009930047,
  "summary_fg_mean": 734.1130981445312,
  "summary_fg_median": 730.6702270507812,
  "summary_fg_n": 99193.0,
  "summary_fg_p05": 463.9003601074219,
  "summary_fg_p95": 1011.4946411132807,
  "summary_fg_stdv": 166.64407348632812,
  "tsnr": 15.349139418569393
}