{
  "bids_meta": {
    "AcquisitionNumber": 1,
    "AcquisitionTime": "10:18:58.787500",
    "ConversionSoftware": "dcm2niix",
    "ConversionSoftwareVersion": "v1.0.20170724 (OpenJPEG build) GCC6.1.0",
    "DeviceSerialNumber": "35002",
    "EchoTime": 0.064,
    "EchoTrainLength": 15,
    "FlipAngle": 178,
    "ImageType": [
      "ORIGINAL",
      "PRIMARY",
      "M",
      "ND"
    ],
    "InstitutionAddress": "University_Pkwy_1700_North_685_Provo_FC28C0_UT_US_84601",
    "InstitutionName": "Brigham_Young_University",
    "MagneticFieldStrength": 3,
    "Manufacturer": "Siemens",
    "ManufacturersModelName": "TrioTim",
    "PhaseEncodingDirection": "i-",
    "PhaseEncodingLines": 512,
    "ProcedureStepDescription": "Research_KIRWAN",
    "ProtocolName": "HiRes_T2",
    "RepetitionTime": 7.07,
    "ScanningSequence": "SE",
    "SequenceName": "_tse2d1_15",
    "SequenceVariant": "SK_SP_OSP",
    "SeriesDescription": "HiRes_T2",
    "SoftwareVersions": "syngo_MR_B17",
    "dataset": "ds003711",
    "modality": "T2w",
    "subject_id": "05"
  },
  "cjv": 0.5842101529565227,
  "cnr": 0.9029910262782496,
  "efc": 0.5725368311378503,
  "fber": 113.12589088954581,
  "fwhm_avg": 4.453720104881103,
  "fwhm_x": 5.3808128,
  "fwhm_y": 2.4317267146433075,
  "fwhm_z": 5.5486208,
  "icvs_csf": 0.14748603434263885,
  "icvs_gm": 0.4224015772461417,
  "icvs_wm": 0.43011238841121946,
  "inu_med": 1.0400590896606445,
  "inu_range": 0.27244211733341217,
  "provenance": {
    "md5sum": "c01ebfb5caac1777ab8fe26189dce6de",
    "settings": {
      "testing": false
    },
    "software": "mriqc",
    "version": "22.0.0rc1",
    "warnings": {
      "large_rot_frame": false,
      "small_air_mask": false
    },
    "webapi_port": null,
    "webapi_url": "https://mriqc.nimh.nih.gov/api/v1"
  },
  "qi_1": 0.0,
  "qi_2": 8.311803018104257e-05,
  "rpve_csf": 24.18169125472315,
  "rpve_gm": 8.771467706720584,
  "rpve_wm": 9.23122091318502,
  "size_x": 512,
  "size_y": 19,
  "size_z": 512,
  "snr_csf": 2.958836989013791,
  "snr_gm": 11.631857929374563,
  "snr_total": 7.633422242704462,
  "snr_wm": 8.309571809725034,
  "snrd_csf": 28.0316208817848,
  "snrd_gm": 14.273152131659526,
  "snrd_total": 17.46650291500553,
  "snrd_wm": 10.094735731572257,
  "spacing_x": 0.390625,
  "spacing_y": 3.0000040531158447,
  "spacing_z": 0.390625,
  "summary_bg_k": 25.48270216909385,
  "summary_bg_mad": 65.66977951893737,
  "summary_bg_mean": 208.09005035346797,
  "summary_bg_median": 102.41832753270864,
  "summary_bg_n": 1425223.0,
  "summary_bg_p05": 23.41960099339485,
  "summary_bg_p95": 851.5909984409809,
  "summary_bg_stdv": 430.3301690168419,
  "summary_csf_k": 0.16284528830839173,
  "summary_csf_mad": 600.463328819709,
  "summary_csf_mean": 2480.7890892469804,
  "summary_csf_median": 2809.842997446656,
  "summary_csf_n": 113707.0,
  "summary_csf_p05": 533.4747516140342,
  "summary_csf_p95": 3408.4004808068275,
  "summary_csf_stdv": 949.6402310176285,
  "summary_gm_k": 0.07496670634372071,
  "summary_gm_mad": 123.03648346651484,
  "summary_gm_mean": 1434.9379128625583,
  "summary_gm_median": 1430.7170012667775,
  "summary_gm_n": 286627.0,
  "summary_gm_p05": 1240.3054627552629,
  "summary_gm_p95": 1642.1722392216325,
  "summary_gm_stdv": 122.9996544120061,
  "summary_wm_k": -0.10853100946621774,
  "summary_wm_mad": 121.65263753795486,
  "summary_wm_mean": 1006.6584114014038,
  "summary_wm_median": 1011.8794994428754,
  "summary_wm_n": 330504.0,
  "summary_wm_p05": 797.1998236700892,
  "summary_wm_p95": 1200.5939654186368,
  "summary_wm_stdv": 121.7725764695465,
  "tpm_overlap_csf": 0.05682762339711189,
  "tpm_overlap_gm": 0.28516826033592224,
  "tpm_overlap_wm": 0.2663097381591797,
  "wm2max": 0.2670278390797278
}