{
  "aor": 0.0003124014336917563,
  "aqi": 0.052018913261648744,
  "bids_meta": {
    "AccelFactPE": 2,
    "AcquisitionNumber": 1,
    "AcquisitionTime": "12:37:31.097500",
    "BandwidthPerPixelPhaseEncode": 22.321,
    "ConversionSoftware": "dcm2niix",
    "ConversionSoftwareVersion": "v1.0.20170724 (OpenJPEG build) GCC6.1.0",
    "DeviceSerialNumber": "35002",
    "EchoTime": 0.028,
    "EffectiveEchoSpacing": 0.000350007,
    "FlipAngle": 90,
    "ImageType": [
      "ORIGINAL",
      "PRIMARY",
      "M",
      "ND",
      "MOSAIC"
    ],
    "InstitutionAddress": "University_Pkwy_1700_North_685_Provo_FC28C0_UT_US_84601",
    "InstitutionName": "Brigham_Young_University",
    "MagneticFieldStrength": 3,
    "Manufacturer": "Siemens",
    "ManufacturersModelName": "TrioTim",
    "PhaseEncodingDirection": "j-",
    "PhaseEncodingLines": 128,
    "ProcedureStepDescription": "Research_KIRWAN",
    "ProtocolName": "12Chan_1.8x1.8x1.8_TR1900_29Slice",
    "RepetitionTime": 1.9,
    "ScanningSequence": "EP",
    "SequenceName": "epfid2d1_128",
    "SequenceVariant": "SK",
    "SeriesDescription": "12Chan_1.8x1.8x1.8_TR1900_29Slice",
    "SliceTiming": [
      0,
      0.985,
      0.065,
      1.0525,
      0.13,
      1.1175,
      0.1975,
      1.1825,
      0.2625,
      1.25,
      0.3275,
      1.315,
      0.395,
      1.38,
      0.46,
      1.4475,
      0.525,
      1.5125,
      0.5925,
      1.5775,
      0.6575,
      1.6425,
      0.7225,
      1.71,
      0.7875,
      1.775,
      0.855,
      1.84,
      0.92
    ],
    "SoftwareVersions": "syngo_MR_B17",
    "TaskName": "MST",
    "TotalReadoutTime": 0.0437508,
    "TrueEchoSpacing": 0.000700013,
    "dataset": "ds003711",
    "modality": "bold",
    "run_id": 4,
    "subject_id": "12",
    "task_id": "MST"
  },
  "dummy_trs": 0,
  "dvars_nstd": 78.84885557471227,
  "dvars_std": 1.003110036762591,
  "dvars_vstd": 0.9936196370863307,
  "efc": 0.6344158476657126,
  "fber": 99.40477752685547,
  "fd_mean": 0.10228643883881644,
  "fd_num": 15,
  "fd_perc": 5.376344086021505,
  "fwhm_avg": 2.527599272122641,
  "fwhm_x": 2.3889387610619472,
  "fwhm_y": 2.623597876106195,
  "fwhm_z": 2.57026117919978,
  "gcor": 0.00870929,
  "gsr_x": -0.016422634944319725,
  "gsr_y": 0.04224047064781189,
  "provenance": {
    "md5sum": "225312a8be72d1e9727e796c3fe53351",
    "settings": {
      "fd_thres": 0.2,
      "testing": false
    },
    "software": "mriqc",
    "version": "22.0.0rc1",
    "webapi_port": null,
    "webapi_url": "https://mriqc.nimh.nih.gov/api/v1"
  },
  "size_t": 279,
  "size_x": 128,
  "size_y": 128,
  "size_z": 29,
  "snr": 4.693461427823006,
  "spacing_tr": 1.899999976158142,
  "spacing_x": 1.765625,
  "spacing_y": 1.765625,
  "spacing_z": 1.7999999523162842,
  "summary_bg_k": 29.09705322383929,
  "summary_bg_mad": 12.7482615930695,
  "summary_bg_mean": 101.141357421875,
  "summary_bg_median": 77.9426498413086,
  "summary_bg_n": 311939.0,
  "summary_bg_p05": 64.72042846679688,
  "summary_bg_p95": 226.9605712890625,
  "summary_bg_stdv": 78.91215515136719,
  "summary_fg_k": 1.2427875308265044,
  "summary_fg_mad": 145.11964613062273,
  "summary_fg_mean": 790.0958251953125,
  "summary_fg_median": 789.2938842773438,
  "summary_fg_n": 93421.0,
  "summary_fg_p05": 508.03582763671875,
  "summary_fg_p95": 1060.3404541015625,
  "summary_fg_stdv": 168.1679229736328,
  "tsnr": 15.806210874870885
}