{
  "aor": 0.0002721146953405018,
  "aqi": 0.043709664874551975,
  "bids_meta": {
    "AccelFactPE": 2,
    "AcquisitionNumber": 1,
    "AcquisitionTime": "12:27:2.130000",
    "BandwidthPerPixelPhaseEncode": 22.321,
    "ConversionSoftware": "dcm2niix",
    "ConversionSoftwareVersion": "v1.0.20170724 (OpenJPEG build) GCC6.1.0",
    "DeviceSerialNumber": "35002",
    "EchoTime": 0.028,
    "EffectiveEchoSpacing": 0.000350007,
    "FlipAngle": 90,
    "ImageType": [
      "ORIGINAL",
      "PRIMARY",
      "M",
      "ND",
      "MOSAIC"
    ],
    "InstitutionAddress": "University_Pkwy_1700_North_685_Provo_FC28C0_UT_US_84601",
    "InstitutionName": "Brigham_Young_University",
    "MagneticFieldStrength": 3,
    "Manufacturer": "Siemens",
    "ManufacturersModelName": "TrioTim",
    "PhaseEncodingDirection": "j-",
    "PhaseEncodingLines": 128,
    "ProcedureStepDescription": "Research_KIRWAN",
    "ProtocolName": "12Chan_1.8x1.8x1.8_TR1900_29Slice",
    "RepetitionTime": 1.9,
    "ScanningSequence": "EP",
    "SequenceName": "epfid2d1_128",
    "SequenceVariant": "SK",
    "SeriesDescription": "12Chan_1.8x1.8x1.8_TR1900_29Slice",
    "SliceTiming": [
      0,
      0.9875,
      0.065,
      1.0525,
      0.1325,
      1.1175,
      0.1975,
      1.185,
      0.2625,
      1.25,
      0.33,
      1.315,
      0.395,
      1.3825,
      0.46,
      1.4475,
      0.5275,
      1.5125,
      0.5925,
      1.5775,
      0.6575,
      1.645,
      0.7225,
      1.71,
      0.79,
      1.775,
      0.855,
      1.8425,
      0.92
    ],
    "SoftwareVersions": "syngo_MR_B17",
    "TaskName": "MST",
    "TotalReadoutTime": 0.0437508,
    "TrueEchoSpacing": 0.000700013,
    "dataset": "ds003711",
    "modality": "bold",
    "run_id": 3,
    "subject_id": "12",
    "task_id": "MST"
  },
  "dummy_trs": 0,
  "dvars_nstd": 74.67350629068349,
  "dvars_std": 0.9969873028417269,
  "dvars_vstd": 0.9866794724460427,
  "efc": 0.6287444779882814,
  "fber": 109.32372283935547,
  "fd_mean": 0.08522252052672516,
  "fd_num": 6,
  "fd_perc": 2.150537634408602,
  "fwhm_avg": 2.622827664488347,
  "fwhm_x": 2.4313430088495576,
  "fwhm_y": 2.6772899115044244,
  "fwhm_z": 2.7598500731110596,
  "gcor": 0.00964718,
  "gsr_x": -0.013582896441221237,
  "gsr_y": 0.040314000099897385,
  "provenance": {
    "md5sum": "e4ebda136522d8b8a497da26e66cb870",
    "settings": {
      "fd_thres": 0.2,
      "testing": false
    },
    "software": "mriqc",
    "version": "22.0.0rc1",
    "webapi_port": null,
    "webapi_url": "https://mriqc.nimh.nih.gov/api/v1"
  },
  "size_t": 279,
  "size_x": 128,
  "size_y": 128,
  "size_z": 29,
  "snr": 4.55453144718004,
  "spacing_tr": 1.899999976158142,
  "spacing_x": 1.765625,
  "spacing_y": 1.765625,
  "spacing_z": 1.7999999523162842,
  "summary_bg_k": 28.025689182351964,
  "summary_bg_mad": 11.058412686884916,
  "summary_bg_mean": 98.47900390625,
  "summary_bg_median": 75.16129302978516,
  "summary_bg_n": 311404.0,
  "summary_bg_p05": 63.960575103759766,
  "summary_bg_p95": 227.70394897460903,
  "summary_bg_stdv": 78.60797119140625,
  "summary_fg_k": 1.1549925327702848,
  "summary_fg_mad": 151.2200873269457,
  "summary_fg_mean": 798.17822265625,
  "summary_fg_median": 795.557373046875,
  "summary_fg_n": 93846.0,
  "summary_fg_p05": 506.9005355834961,
  "summary_fg_p95": 1080.7742309570312,
  "summary_fg_stdv": 174.67288208007812,
  "tsnr": 16.803248348878697
}