{
  "aor": 0.0010309318996415769,
  "aqi": 0.04680805089605735,
  "bids_meta": {
    "AccelFactPE": 2,
    "AcquisitionNumber": 1,
    "AcquisitionTime": "12:11:52.910000",
    "BandwidthPerPixelPhaseEncode": 22.321,
    "ConversionSoftware": "dcm2niix",
    "ConversionSoftwareVersion": "v1.0.20170724 (OpenJPEG build) GCC6.1.0",
    "DeviceSerialNumber": "35002",
    "EchoTime": 0.028,
    "EffectiveEchoSpacing": 0.000350007,
    "FlipAngle": 90,
    "ImageType": [
      "ORIGINAL",
      "PRIMARY",
      "M",
      "ND",
      "MOSAIC"
    ],
    "InstitutionAddress": "University_Pkwy_1700_North_685_Provo_FC28C0_UT_US_84601",
    "InstitutionName": "Brigham_Young_University",
    "MagneticFieldStrength": 3,
    "Manufacturer": "Siemens",
    "ManufacturersModelName": "TrioTim",
    "PhaseEncodingDirection": "j-",
    "PhaseEncodingLines": 128,
    "ProcedureStepDescription": "Research_KIRWAN",
    "ProtocolName": "12Chan_1.8x1.8x1.8_TR1900_29Slice",
    "RepetitionTime": 1.9,
    "ScanningSequence": "EP",
    "SequenceName": "epfid2d1_128",
    "SequenceVariant": "SK",
    "SeriesDescription": "12Chan_1.8x1.8x1.8_TR1900_29Slice",
    "SliceTiming": [
      0,
      0.9875,
      0.065,
      1.0525,
      0.1325,
      1.1175,
      0.1975,
      1.1825,
      0.2625,
      1.25,
      0.33,
      1.315,
      0.395,
      1.38,
      0.46,
      1.4475,
      0.525,
      1.5125,
      0.5925,
      1.5775,
      0.6575,
      1.645,
      0.7225,
      1.71,
      0.79,
      1.775,
      0.855,
      1.8425,
      0.92
    ],
    "SoftwareVersions": "syngo_MR_B17",
    "TaskName": "MST",
    "TotalReadoutTime": 0.0437508,
    "TrueEchoSpacing": 0.000700013,
    "dataset": "ds003711",
    "modality": "bold",
    "run_id": 2,
    "subject_id": "12",
    "task_id": "MST"
  },
  "dummy_trs": 0,
  "dvars_nstd": 77.94492268737413,
  "dvars_std": 1.0103059752877706,
  "dvars_vstd": 0.9989148012589928,
  "efc": 0.6318658123088009,
  "fber": 102.00878143310547,
  "fd_mean": 0.09472047832450232,
  "fd_num": 13,
  "fd_perc": 4.659498207885305,
  "fwhm_avg": 2.573903535761977,
  "fwhm_x": 2.4815631858407077,
  "fwhm_y": 2.730625132743363,
  "fwhm_z": 2.5095222887018602,
  "gcor": 0.0109956,
  "gsr_x": -0.017275914549827576,
  "gsr_y": 0.04481525346636772,
  "provenance": {
    "md5sum": "dce57a53701ff3f9dafbdeafc2409f17",
    "settings": {
      "fd_thres": 0.2,
      "testing": false
    },
    "software": "mriqc",
    "version": "22.0.0rc1",
    "webapi_port": null,
    "webapi_url": "https://mriqc.nimh.nih.gov/api/v1"
  },
  "size_t": 279,
  "size_x": 128,
  "size_y": 128,
  "size_z": 29,
  "snr": 4.439228952966505,
  "spacing_tr": 1.899999976158142,
  "spacing_x": 1.765625,
  "spacing_y": 1.765625,
  "spacing_z": 1.7999999523162842,
  "summary_bg_k": 28.149866306390443,
  "summary_bg_mad": 12.471925135259351,
  "summary_bg_mean": 100.03118896484375,
  "summary_bg_median": 76.78136444091797,
  "summary_bg_n": 311833.0,
  "summary_bg_p05": 64.37275695800781,
  "summary_bg_p95": 230.468811035156,
  "summary_bg_stdv": 76.32969665527344,
  "summary_fg_k": 1.1063991982213075,
  "summary_fg_mad": 154.20130864583405,
  "summary_fg_mean": 791.3292846679688,
  "summary_fg_median": 787.49462890625,
  "summary_fg_n": 93127.0,
  "summary_fg_p05": 498.7462463378906,
  "summary_fg_p95": 1078.695715332031,
  "summary_fg_stdv": 177.3935089111328,
  "tsnr": 16.268489849113394
}