{
  "aor": 0.00034247311827956993,
  "aqi": 0.043738899283154116,
  "bids_meta": {
    "AccelFactPE": 2,
    "AcquisitionNumber": 1,
    "AcquisitionTime": "12:48:51.432500",
    "BandwidthPerPixelPhaseEncode": 22.321,
    "ConversionSoftware": "dcm2niix",
    "ConversionSoftwareVersion": "v1.0.20170724 (OpenJPEG build) GCC6.1.0",
    "DeviceSerialNumber": "35002",
    "EchoTime": 0.028,
    "EffectiveEchoSpacing": 0.000350007,
    "FlipAngle": 90,
    "ImageType": [
      "ORIGINAL",
      "PRIMARY",
      "M",
      "ND",
      "MOSAIC"
    ],
    "InstitutionAddress": "University_Pkwy_1700_North_685_Provo_FC28C0_UT_US_84601",
    "InstitutionName": "Brigham_Young_University",
    "MagneticFieldStrength": 3,
    "Manufacturer": "Siemens",
    "ManufacturersModelName": "TrioTim",
    "PhaseEncodingDirection": "j-",
    "PhaseEncodingLines": 128,
    "ProcedureStepDescription": "Research_KIRWAN",
    "ProtocolName": "12Chan_1.8x1.8x1.8_TR1900_29Slice",
    "RepetitionTime": 1.9,
    "ScanningSequence": "EP",
    "SequenceName": "epfid2d1_128",
    "SequenceVariant": "SK",
    "SeriesDescription": "12Chan_1.8x1.8x1.8_TR1900_29Slice",
    "SliceTiming": [
      0,
      0.985,
      0.065,
      1.05,
      0.13,
      1.1175,
      0.195,
      1.1825,
      0.2625,
      1.2475,
      0.3275,
      1.315,
      0.3925,
      1.38,
      0.46,
      1.445,
      0.525,
      1.5125,
      0.59,
      1.5775,
      0.6575,
      1.6425,
      0.7225,
      1.7075,
      0.7875,
      1.775,
      0.8525,
      1.84,
      0.92
    ],
    "SoftwareVersions": "syngo_MR_B17",
    "TaskName": "MST",
    "TotalReadoutTime": 0.0437508,
    "TrueEchoSpacing": 0.000700013,
    "dataset": "ds003711",
    "modality": "bold",
    "run_id": 5,
    "subject_id": "12",
    "task_id": "MST"
  },
  "dummy_trs": 0,
  "dvars_nstd": 80.17733792093524,
  "dvars_std": 1.0168548818705039,
  "dvars_vstd": 1.004655574640288,
  "efc": 0.6354215007550381,
  "fber": 97.38925170898438,
  "fd_mean": 0.0875621948110317,
  "fd_num": 5,
  "fd_perc": 1.7921146953405018,
  "fwhm_avg": 2.500878116616862,
  "fwhm_x": 2.450310796460177,
  "fwhm_y": 2.6842846017699116,
  "fwhm_z": 2.3680389516204983,
  "gcor": 0.00315073,
  "gsr_x": -0.016727080568671227,
  "gsr_y": 0.043086472898721695,
  "provenance": {
    "md5sum": "e0128f0d47cfb76fb0af130d6e129991",
    "settings": {
      "fd_thres": 0.2,
      "testing": false
    },
    "software": "mriqc",
    "version": "22.0.0rc1",
    "webapi_port": null,
    "webapi_url": "https://mriqc.nimh.nih.gov/api/v1"
  },
  "size_t": 279,
  "size_x": 128,
  "size_y": 128,
  "size_z": 29,
  "snr": 4.633285008993569,
  "spacing_tr": 1.899999976158142,
  "spacing_x": 1.765625,
  "spacing_y": 1.765625,
  "spacing_z": 1.7999999523162842,
  "summary_bg_k": 28.714654913827168,
  "summary_bg_mad": 12.992700023412413,
  "summary_bg_mean": 101.86225128173828,
  "summary_bg_median": 78.50537872314453,
  "summary_bg_n": 310978.0,
  "summary_bg_p05": 64.96774291992188,
  "summary_bg_p95": 229.88083038330015,
  "summary_bg_stdv": 79.53104400634766,
  "summary_fg_k": 1.1626629513203515,
  "summary_fg_mad": 148.12204231029787,
  "summary_fg_mean": 787.9024047851562,
  "summary_fg_median": 787.8244018554688,
  "summary_fg_n": 93955.0,
  "summary_fg_p05": 501.9874542236328,
  "summary_fg_p95": 1060.8913818359376,
  "summary_fg_stdv": 170.034912109375,
  "tsnr": 16.135370025236625
}