{
  "aor": 0.00026419354838709677,
  "aqi": 0.03748632724014336,
  "bids_meta": {
    "AccelFactPE": 2,
    "AcquisitionNumber": 1,
    "AcquisitionTime": "15:08:18.090000",
    "BandwidthPerPixelPhaseEncode": 22.321,
    "ConversionSoftware": "dcm2niix",
    "ConversionSoftwareVersion": "v1.0.20170724 (OpenJPEG build) GCC6.1.0",
    "DeviceSerialNumber": "35002",
    "EchoTime": 0.028,
    "EffectiveEchoSpacing": 0.000350007,
    "FlipAngle": 90,
    "ImageType": [
      "ORIGINAL",
      "PRIMARY",
      "M",
      "ND",
      "MOSAIC"
    ],
    "InstitutionAddress": "University_Pkwy_1700_North_685_Provo_FC28C0_UT_US_84601",
    "InstitutionName": "Brigham_Young_University",
    "MagneticFieldStrength": 3,
    "Manufacturer": "Siemens",
    "ManufacturersModelName": "TrioTim",
    "PhaseEncodingDirection": "j-",
    "PhaseEncodingLines": 128,
    "ProcedureStepDescription": "Research_KIRWAN",
    "ProtocolName": "12Chan_1.8x1.8x1.8_TR1900_29Slice",
    "RepetitionTime": 1.9,
    "ScanningSequence": "EP",
    "SequenceName": "epfid2d1_128",
    "SequenceVariant": "SK",
    "SeriesDescription": "12Chan_1.8x1.8x1.8_TR1900_29Slice",
    "SliceTiming": [
      0,
      0.9875,
      0.065,
      1.0525,
      0.1325,
      1.1175,
      0.1975,
      1.1825,
      0.2625,
      1.25,
      0.3275,
      1.315,
      0.395,
      1.38,
      0.46,
      1.4475,
      0.525,
      1.5125,
      0.5925,
      1.5775,
      0.6575,
      1.645,
      0.7225,
      1.71,
      0.79,
      1.775,
      0.855,
      1.84,
      0.92
    ],
    "SoftwareVersions": "syngo_MR_B17",
    "TaskName": "MST",
    "TotalReadoutTime": 0.0437508,
    "TrueEchoSpacing": 0.000700013,
    "dataset": "ds003711",
    "modality": "bold",
    "run_id": 2,
    "subject_id": "33",
    "task_id": "MST"
  },
  "dummy_trs": 0,
  "dvars_nstd": 83.97815794924453,
  "dvars_std": 1.0148747237050366,
  "dvars_vstd": 1.000657951618705,
  "efc": 0.6609251058834248,
  "fber": 78.75206756591797,
  "fd_mean": 0.08541616301715345,
  "fd_num": 2,
  "fd_perc": 0.7168458781362007,
  "fwhm_avg": 2.5213303539293466,
  "fwhm_x": 2.3465854867256635,
  "fwhm_y": 2.6251610619469026,
  "fwhm_z": 2.5922445131154723,
  "gcor": 0.00615944,
  "gsr_x": -0.022118929773569107,
  "gsr_y": 0.06506509333848953,
  "provenance": {
    "md5sum": "dad0938fb9e67ce9c6531c1d30f4ecac",
    "settings": {
      "fd_thres": 0.2,
      "testing": false
    },
    "software": "mriqc",
    "version": "22.0.0rc1",
    "webapi_port": null,
    "webapi_url": "https://mriqc.nimh.nih.gov/api/v1"
  },
  "size_t": 279,
  "size_x": 128,
  "size_y": 128,
  "size_z": 29,
  "snr": 4.260989577422639,
  "spacing_tr": 1.899999976158142,
  "spacing_x": 1.765625,
  "spacing_y": 1.765625,
  "spacing_z": 1.7999999523162842,
  "summary_bg_k": 30.675860311089785,
  "summary_bg_mad": 18.338571888419057,
  "summary_bg_mean": 115.5927734375,
  "summary_bg_median": 88.38351440429688,
  "summary_bg_n": 298967.0,
  "summary_bg_p05": 71.69892120361328,
  "summary_bg_p95": 255.70895843505875,
  "summary_bg_stdv": 84.69317626953125,
  "summary_fg_k": 0.9765028353370386,
  "summary_fg_mad": 164.92221305485816,
  "summary_fg_mean": 803.109375,
  "summary_fg_median": 797.2401123046875,
  "summary_fg_n": 101430.0,
  "summary_fg_p05": 502.39193267822264,
  "summary_fg_p95": 1118.4714965820312,
  "summary_fg_stdv": 187.10118103027344,
  "tsnr": 15.716467453166842
}