{
  "aor": 0.0003126881720430108,
  "aqi": 0.03771973655913978,
  "bids_meta": {
    "AccelFactPE": 2,
    "AcquisitionNumber": 1,
    "AcquisitionTime": "15:38:35.410000",
    "BandwidthPerPixelPhaseEncode": 22.321,
    "ConversionSoftware": "dcm2niix",
    "ConversionSoftwareVersion": "v1.0.20170724 (OpenJPEG build) GCC6.1.0",
    "DeviceSerialNumber": "35002",
    "EchoTime": 0.028,
    "EffectiveEchoSpacing": 0.000350007,
    "FlipAngle": 90,
    "ImageType": [
      "ORIGINAL",
      "PRIMARY",
      "M",
      "ND",
      "MOSAIC"
    ],
    "InstitutionAddress": "University_Pkwy_1700_North_685_Provo_FC28C0_UT_US_84601",
    "InstitutionName": "Brigham_Young_University",
    "MagneticFieldStrength": 3,
    "Manufacturer": "Siemens",
    "ManufacturersModelName": "TrioTim",
    "PhaseEncodingDirection": "j-",
    "PhaseEncodingLines": 128,
    "ProcedureStepDescription": "Research_KIRWAN",
    "ProtocolName": "12Chan_1.8x1.8x1.8_TR1900_29Slice",
    "RepetitionTime": 1.9,
    "ScanningSequence": "EP",
    "SequenceName": "epfid2d1_128",
    "SequenceVariant": "SK",
    "SeriesDescription": "12Chan_1.8x1.8x1.8_TR1900_29Slice",
    "SliceTiming": [
      0,
      0.9875,
      0.065,
      1.0525,
      0.1325,
      1.1175,
      0.1975,
      1.185,
      0.2625,
      1.25,
      0.33,
      1.315,
      0.395,
      1.3825,
      0.46,
      1.4475,
      0.5275,
      1.5125,
      0.5925,
      1.5775,
      0.6575,
      1.645,
      0.7225,
      1.71,
      0.79,
      1.775,
      0.855,
      1.8425,
      0.92
    ],
    "SoftwareVersions": "syngo_MR_B17",
    "TaskName": "MST",
    "TotalReadoutTime": 0.0437508,
    "TrueEchoSpacing": 0.000700013,
    "dataset": "ds003711",
    "modality": "bold",
    "run_id": 5,
    "subject_id": "33",
    "task_id": "MST"
  },
  "dummy_trs": 0,
  "dvars_nstd": 86.19498819582739,
  "dvars_std": 1.0215222882014385,
  "dvars_vstd": 1.0066173501798559,
  "efc": 0.6634756831668813,
  "fber": 75.74638366699219,
  "fd_mean": 0.08036223526120152,
  "fd_num": 3,
  "fd_perc": 1.075268817204301,
  "fwhm_avg": 2.4319672228846687,
  "fwhm_x": 2.2861366371681417,
  "fwhm_y": 2.522092743362832,
  "fwhm_z": 2.4876722881230324,
  "gcor": 0.00531235,
  "gsr_x": -0.02164914458990097,
  "gsr_y": 0.060882676392793655,
  "provenance": {
    "md5sum": "7ebe1f751d0859d264427391fa533d5f",
    "settings": {
      "fd_thres": 0.2,
      "testing": false
    },
    "software": "mriqc",
    "version": "22.0.0rc1",
    "webapi_port": null,
    "webapi_url": "https://mriqc.nimh.nih.gov/api/v1"
  },
  "size_t": 279,
  "size_x": 128,
  "size_y": 128,
  "size_z": 29,
  "snr": 4.314049143952434,
  "spacing_tr": 1.899999976158142,
  "spacing_x": 1.765625,
  "spacing_y": 1.765625,
  "spacing_z": 1.7999999523162842,
  "summary_bg_k": 28.793457039252292,
  "summary_bg_mad": 19.34822363725794,
  "summary_bg_mean": 117.26040649414062,
  "summary_bg_median": 90.31541442871094,
  "summary_bg_n": 299926.0,
  "summary_bg_p05": 72.50537872314453,
  "summary_bg_p95": 262.86468505859375,
  "summary_bg_stdv": 84.2142562866211,
  "summary_fg_k": 1.1293296036233427,
  "summary_fg_mad": 163.03312590193318,
  "summary_fg_mean": 805.4692993164062,
  "summary_fg_median": 799.0340576171875,
  "summary_fg_n": 100574.0,
  "summary_fg_p05": 510.5369216918946,
  "summary_fg_p95": 1116.558380126953,
  "summary_fg_stdv": 185.21580505371094,
  "tsnr": 15.748552046716213
}