{
  "aor": 0.0007440143369175627,
  "aqi": 0.0397614146953405,
  "bids_meta": {
    "AccelFactPE": 2,
    "AcquisitionNumber": 1,
    "AcquisitionTime": "14:15:6.890000",
    "BandwidthPerPixelPhaseEncode": 22.321,
    "ConversionSoftware": "dcm2niix",
    "ConversionSoftwareVersion": "v1.0.20170724 (OpenJPEG build) GCC6.1.0",
    "DeviceSerialNumber": "35002",
    "EchoTime": 0.028,
    "EffectiveEchoSpacing": 0.000350007,
    "FlipAngle": 90,
    "ImageType": [
      "ORIGINAL",
      "PRIMARY",
      "M",
      "ND",
      "MOSAIC"
    ],
    "InstitutionAddress": "University_Pkwy_1700_North_685_Provo_FC28C0_UT_US_84601",
    "InstitutionName": "Brigham_Young_University",
    "MagneticFieldStrength": 3,
    "Manufacturer": "Siemens",
    "ManufacturersModelName": "TrioTim",
    "PhaseEncodingDirection": "j-",
    "PhaseEncodingLines": 128,
    "ProcedureStepDescription": "Research_KIRWAN",
    "ProtocolName": "12Chan_1.8x1.8x1.8_TR1900_29Slice",
    "RepetitionTime": 1.9,
    "ScanningSequence": "EP",
    "SequenceName": "epfid2d1_128",
    "SequenceVariant": "SK",
    "SeriesDescription": "12Chan_1.8x1.8x1.8_TR1900_29Slice",
    "SliceTiming": [
      0,
      0.9875,
      0.0675,
      1.0525,
      0.1325,
      1.1175,
      0.1975,
      1.185,
      0.2625,
      1.25,
      0.33,
      1.315,
      0.395,
      1.3825,
      0.46,
      1.4475,
      0.5275,
      1.5125,
      0.5925,
      1.58,
      0.6575,
      1.645,
      0.725,
      1.71,
      0.79,
      1.775,
      0.855,
      1.8425,
      0.9225
    ],
    "SoftwareVersions": "syngo_MR_B17",
    "TaskName": "MST",
    "TotalReadoutTime": 0.0437508,
    "TrueEchoSpacing": 0.000700013,
    "dataset": "ds003711",
    "modality": "bold",
    "run_id": 3,
    "subject_id": "25",
    "task_id": "MST"
  },
  "dummy_trs": 0,
  "dvars_nstd": 79.649519693741,
  "dvars_std": 1.0415243942446037,
  "dvars_vstd": 1.0119195670503602,
  "efc": 0.6286804222706771,
  "fber": 107.07990264892578,
  "fd_mean": 0.11614799974133205,
  "fd_num": 33,
  "fd_perc": 11.827956989247312,
  "fwhm_avg": 2.5095533491827413,
  "fwhm_x": 2.4006909734513275,
  "fwhm_y": 2.6127858407079647,
  "fwhm_z": 2.5151832333889312,
  "gcor": 0.00587795,
  "gsr_x": -0.025927703827619553,
  "gsr_y": 0.054233867675065994,
  "provenance": {
    "md5sum": "f648f45947759a8bade7c30e9dbeaa0e",
    "settings": {
      "fd_thres": 0.2,
      "testing": false
    },
    "software": "mriqc",
    "version": "22.0.0rc1",
    "webapi_port": null,
    "webapi_url": "https://mriqc.nimh.nih.gov/api/v1"
  },
  "size_t": 279,
  "size_x": 128,
  "size_y": 128,
  "size_z": 29,
  "snr": 4.342294845050642,
  "spacing_tr": 1.899999976158142,
  "spacing_x": 1.765625,
  "spacing_y": 1.765625,
  "spacing_z": 1.8000000715255737,
  "summary_bg_k": 28.38875380293614,
  "summary_bg_mad": 13.763218368462331,
  "summary_bg_mean": 101.74656677246094,
  "summary_bg_median": 79.3369140625,
  "summary_bg_n": 308892.0,
  "summary_bg_p05": 65.93548583984375,
  "summary_bg_p95": 222.56953506469736,
  "summary_bg_stdv": 70.76463317871094,
  "summary_fg_k": 1.2076159099572426,
  "summary_fg_mad": 164.36691590435404,
  "summary_fg_mean": 843.0226440429688,
  "summary_fg_median": 829.2598876953125,
  "summary_fg_n": 96822.0,
  "summary_fg_p05": 560.4256011962891,
  "summary_fg_p95": 1183.8451110839844,
  "summary_fg_stdv": 190.97174072265625,
  "tsnr": 16.864988772198558
}