{
  "aor": 0.0003812903225806452,
  "aqi": 0.034281009318996414,
  "bids_meta": {
    "AccelFactPE": 2,
    "AcquisitionNumber": 1,
    "AcquisitionTime": "14:38:21.605000",
    "BandwidthPerPixelPhaseEncode": 22.321,
    "ConversionSoftware": "dcm2niix",
    "ConversionSoftwareVersion": "v1.0.20170724 (OpenJPEG build) GCC6.1.0",
    "DeviceSerialNumber": "35002",
    "EchoTime": 0.028,
    "EffectiveEchoSpacing": 0.000350007,
    "FlipAngle": 90,
    "ImageType": [
      "ORIGINAL",
      "PRIMARY",
      "M",
      "ND",
      "MOSAIC"
    ],
    "InstitutionAddress": "University_Pkwy_1700_North_685_Provo_FC28C0_UT_US_84601",
    "InstitutionName": "Brigham_Young_University",
    "MagneticFieldStrength": 3,
    "Manufacturer": "Siemens",
    "ManufacturersModelName": "TrioTim",
    "PhaseEncodingDirection": "j-",
    "PhaseEncodingLines": 128,
    "ProcedureStepDescription": "Research_KIRWAN",
    "ProtocolName": "12Chan_1.8x1.8x1.8_TR1900_29Slice",
    "RepetitionTime": 1.9,
    "ScanningSequence": "EP",
    "SequenceName": "epfid2d1_128",
    "SequenceVariant": "SK",
    "SeriesDescription": "12Chan_1.8x1.8x1.8_TR1900_29Slice",
    "SliceTiming": [
      0,
      0.985,
      0.065,
      1.0525,
      0.13,
      1.1175,
      0.1975,
      1.1825,
      0.2625,
      1.25,
      0.3275,
      1.315,
      0.395,
      1.38,
      0.46,
      1.4475,
      0.525,
      1.5125,
      0.5925,
      1.5775,
      0.6575,
      1.6425,
      0.7225,
      1.71,
      0.7875,
      1.775,
      0.855,
      1.84,
      0.92
    ],
    "SoftwareVersions": "syngo_MR_B17",
    "TaskName": "MST",
    "TotalReadoutTime": 0.0437508,
    "TrueEchoSpacing": 0.000700013,
    "dataset": "ds003711",
    "modality": "bold",
    "run_id": 5,
    "subject_id": "25",
    "task_id": "MST"
  },
  "dummy_trs": 0,
  "dvars_nstd": 76.24190545935248,
  "dvars_std": 1.0334607613309346,
  "dvars_vstd": 1.0072901836330934,
  "efc": 0.6282442797873612,
  "fber": 106.53900909423828,
  "fd_mean": 0.0885026521038301,
  "fd_num": 13,
  "fd_perc": 4.659498207885305,
  "fwhm_avg": 2.4965355189616694,
  "fwhm_x": 2.3893748672566373,
  "fwhm_y": 2.5849373451327433,
  "fwhm_z": 2.515294344495627,
  "gcor": 0.00405271,
  "gsr_x": -0.02519139274954796,
  "gsr_y": 0.0521153025329113,
  "provenance": {
    "md5sum": "182c29c1f66ad10ac18cf94cfc22fe24",
    "settings": {
      "fd_thres": 0.2,
      "testing": false
    },
    "software": "mriqc",
    "version": "22.0.0rc1",
    "webapi_port": null,
    "webapi_url": "https://mriqc.nimh.nih.gov/api/v1"
  },
  "size_t": 279,
  "size_x": 128,
  "size_y": 128,
  "size_z": 29,
  "snr": 4.3263253091589515,
  "spacing_tr": 1.899999976158142,
  "spacing_x": 1.765625,
  "spacing_y": 1.765625,
  "spacing_z": 1.8000000715255737,
  "summary_bg_k": 28.859323947360096,
  "summary_bg_mad": 13.364674006837985,
  "summary_bg_mean": 101.62983703613281,
  "summary_bg_median": 79.57347869873047,
  "summary_bg_n": 309465.0,
  "summary_bg_p05": 66.59497833251953,
  "summary_bg_p95": 222.0430145263672,
  "summary_bg_stdv": 70.21531677246094,
  "summary_fg_k": 1.2476327687429984,
  "summary_fg_mad": 165.01523765694702,
  "summary_fg_mean": 842.8773803710938,
  "summary_fg_median": 828.9641723632812,
  "summary_fg_n": 96283.0,
  "summary_fg_p05": 561.5096862792968,
  "summary_fg_p95": 1185.646643066406,
  "summary_fg_stdv": 191.60830688476562,
  "tsnr": 18.117170863901265
}