{
  "bids_meta": {
    "AcquisitionNumber": 1,
    "AcquisitionTime": "13:32:3.835000",
    "ConversionSoftware": "dcm2niix",
    "ConversionSoftwareVersion": "v1.0.20170724 (OpenJPEG build) GCC6.1.0",
    "DeviceSerialNumber": "35002",
    "EchoTime": 0.00226,
    "FlipAngle": 9,
    "ImageType": [
      "ORIGINAL",
      "PRIMARY",
      "M",
      "ND",
      "NORM"
    ],
    "InstitutionAddress": "University_Pkwy_1700_North_685_Provo_FC28C0_UT_US_84601",
    "InstitutionName": "Brigham_Young_University",
    "InversionTime": 0.9,
    "MagneticFieldStrength": 3,
    "Manufacturer": "Siemens",
    "ManufacturersModelName": "TrioTim",
    "PhaseEncodingDirection": "i-",
    "PhaseEncodingLines": 215,
    "ProcedureStepDescription": "Research_KIRWAN",
    "ProtocolName": "t1_mpr_sag_iso_mprage",
    "RepetitionTime": 1.9,
    "ScanningSequence": "GR_IR",
    "SequenceName": "_tfl3d1_ns",
    "SequenceVariant": "SP_MP_OSP",
    "SeriesDescription": "t1_mpr_sag_iso_mprage",
    "SoftwareVersions": "syngo_MR_B17",
    "dataset": "ds003711",
    "modality": "T1w",
    "subject_id": "11"
  },
  "cjv": 0.3392802120410777,
  "cnr": 4.0174655525622915,
  "efc": 0.6332942098432243,
  "fber": 1564.12548828125,
  "fwhm_avg": 4.385241946666667,
  "fwhm_x": 4.11185,
  "fwhm_y": 4.69511168,
  "fwhm_z": 4.34876416,
  "icvs_csf": 0.18990319017868135,
  "icvs_gm": 0.4343025429857788,
  "icvs_wm": 0.37579426683553985,
  "inu_med": 1.2820018529891968,
  "inu_range": 0.4540199041366575,
  "provenance": {
    "md5sum": "a2bbb22d4f1637e950852c11967e8848",
    "settings": {
      "testing": false
    },
    "software": "mriqc",
    "version": "22.0.0rc1",
    "warnings": {
      "large_rot_frame": true,
      "small_air_mask": false
    },
    "webapi_port": null,
    "webapi_url": "https://mriqc.nimh.nih.gov/api/v1"
  },
  "qi_1": 0.0,
  "qi_2": 0.005816577632331624,
  "rpve_csf": 19.45799907593873,
  "rpve_gm": 9.325232902331523,
  "rpve_wm": 12.815892004750314,
  "size_x": 176,
  "size_y": 224,
  "size_z": 256,
  "snr_csf": 3.361641111631548,
  "snr_gm": 14.098007923751505,
  "snr_total": 14.376866072165605,
  "snr_wm": 25.67094918111376,
  "snrd_csf": 21.453681663528933,
  "snrd_gm": 46.94725427428121,
  "snrd_total": 44.084603019793654,
  "snrd_wm": 63.85287312157084,
  "spacing_x": 1.0,
  "spacing_y": 0.9765625,
  "spacing_z": 0.9765625,
  "summary_bg_k": 1.8166670451232125,
  "summary_bg_mad": 10.260190707030947,
  "summary_bg_mean": 15.038662910461426,
  "summary_bg_median": 12.149728775024414,
  "summary_bg_n": 2013848.0,
  "summary_bg_p05": 0.0,
  "summary_bg_p95": 34.37333793640137,
  "summary_bg_stdv": 10.289103507995605,
  "summary_csf_k": 3.988859570680307,
  "summary_csf_mad": 80.02468541950952,
  "summary_csf_mean": 364.5557861328125,
  "summary_csf_median": 335.9893798828125,
  "summary_csf_n": 16049.0,
  "summary_csf_p05": 249.3370391845703,
  "summary_csf_p95": 568.2472778320312,
  "summary_csf_stdv": 99.94490814208984,
  "summary_gm_k": -0.026117194569379443,
  "summary_gm_mad": 52.2441277304292,
  "summary_gm_mean": 734.52392578125,
  "summary_gm_median": 735.2481079101562,
  "summary_gm_n": 31286.0,
  "summary_gm_p05": 647.142822265625,
  "summary_gm_p95": 818.2653045654297,
  "summary_gm_stdv": 52.151790618896484,
  "summary_wm_k": 0.30608481427035406,
  "summary_wm_mad": 37.58420151534797,
  "summary_wm_mean": 999.0487060546875,
  "summary_wm_median": 1000.0095825195312,
  "summary_wm_n": 260281.0,
  "summary_wm_p05": 932.9423217773438,
  "summary_wm_p95": 1061.0732421875,
  "summary_wm_stdv": 38.954837799072266,
  "tpm_overlap_csf": 0.1714651733636856,
  "tpm_overlap_gm": 0.44644156098365784,
  "tpm_overlap_wm": 0.5138755440711975,
  "wm2max": 0.4061168779650902
}