{
  "bids_meta": {
    "AcquisitionNumber": 1,
    "AcquisitionTime": "14:41:19.827500",
    "ConversionSoftware": "dcm2niix",
    "ConversionSoftwareVersion": "v1.0.20170724 (OpenJPEG build) GCC6.1.0",
    "DeviceSerialNumber": "35002",
    "EchoTime": 0.064,
    "EchoTrainLength": 15,
    "FlipAngle": 178,
    "ImageType": [
      "ORIGINAL",
      "PRIMARY",
      "M",
      "ND"
    ],
    "InstitutionAddress": "University_Pkwy_1700_North_685_Provo_FC28C0_UT_US_84601",
    "InstitutionName": "Brigham_Young_University",
    "MagneticFieldStrength": 3,
    "Manufacturer": "Siemens",
    "ManufacturersModelName": "TrioTim",
    "PhaseEncodingDirection": "i-",
    "PhaseEncodingLines": 512,
    "ProcedureStepDescription": "Research_KIRWAN",
    "ProtocolName": "HiRes_T2",
    "RepetitionTime": 6.26,
    "ScanningSequence": "SE",
    "SequenceName": "_tse2d1_15",
    "SequenceVariant": "SK_SP_OSP",
    "SeriesDescription": "HiRes_T2",
    "SoftwareVersions": "syngo_MR_B17",
    "dataset": "ds003711",
    "modality": "T2w",
    "subject_id": "11"
  },
  "cjv": 0.5835141261588312,
  "cnr": 1.044704553877131,
  "efc": 0.5970858874513397,
  "fber": 103.24444059471075,
  "fwhm_avg": 3.4206651485085438,
  "fwhm_x": 4.112409599999999,
  "fwhm_y": 2.0182322455256334,
  "fwhm_z": 4.1313536,
  "icvs_csf": 0.16888872240765088,
  "icvs_gm": 0.5406655004149952,
  "icvs_wm": 0.290445777177354,
  "inu_med": 1.0289443731307983,
  "inu_range": 0.2965116202831267,
  "provenance": {
    "md5sum": "2d7988bace54b064e080ce6c738fd834",
    "settings": {
      "testing": false
    },
    "software": "mriqc",
    "version": "22.0.0rc1",
    "warnings": {
      "large_rot_frame": false,
      "small_air_mask": false
    },
    "webapi_port": null,
    "webapi_url": "https://mriqc.nimh.nih.gov/api/v1"
  },
  "qi_1": 0.04624135359284025,
  "qi_2": 9.652117496764625e-05,
  "rpve_csf": 15.61981249006833,
  "rpve_gm": 6.260015884964868,
  "rpve_wm": 11.064583672325577,
  "size_x": 512,
  "size_y": 19,
  "size_z": 512,
  "snr_csf": 3.96626378879532,
  "snr_gm": 10.80238045952107,
  "snr_total": 6.81598736347627,
  "snr_wm": 5.67931784211242,
  "snrd_csf": 21.355784941507327,
  "snrd_gm": 12.484247123537337,
  "snrd_total": 14.093895707579685,
  "snrd_wm": 8.44165505769439,
  "spacing_x": 0.390625,
  "spacing_y": 2.9999966621398926,
  "spacing_z": 0.390625,
  "summary_bg_k": 30.07053119123495,
  "summary_bg_mad": 80.27235876547323,
  "summary_bg_mean": 224.5859172769269,
  "summary_bg_median": 125.9297730922699,
  "summary_bg_n": 1489833.0,
  "summary_bg_p05": 28.80124618113041,
  "summary_bg_p95": 765.957466006279,
  "summary_bg_stdv": 414.2247388755969,
  "summary_csf_k": 1.4133395316632127,
  "summary_csf_mad": 608.9671434141092,
  "summary_csf_mean": 2685.6154404466397,
  "summary_csf_median": 2616.6753812730312,
  "summary_csf_n": 102844.0,
  "summary_csf_p05": 1841.043983178586,
  "summary_csf_p95": 3743.037630572915,
  "summary_csf_stdv": 659.7298614022759,
  "summary_gm_k": 0.1353887862856702,
  "summary_gm_mad": 138.87374527636982,
  "summary_gm_mean": 1529.160853167053,
  "summary_gm_median": 1529.6661860644817,
  "summary_gm_n": 330403.0,
  "summary_gm_p05": 1294.1532931178808,
  "summary_gm_p95": 1761.3735089451075,
  "summary_gm_stdv": 141.60433220673946,
  "summary_wm_k": 1.2166260998330722,
  "summary_wm_mad": 150.15803852135645,
  "summary_wm_mean": 1012.306081500682,
  "summary_wm_median": 1034.336645886302,
  "summary_wm_n": 191472.0,
  "summary_wm_p05": 663.6395253688097,
  "summary_wm_p95": 1273.049677297473,
  "summary_wm_stdv": 182.1229192703986,
  "tpm_overlap_csf": 0.0804886594414711,
  "tpm_overlap_gm": 0.33442240953445435,
  "tpm_overlap_wm": 0.19141921401023865,
  "wm2max": 0.2521240486581072
}