{
  "bids_meta": {
    "AcquisitionNumber": 1,
    "AcquisitionTime": "08:38:26.575000",
    "ConversionSoftware": "dcm2niix",
    "ConversionSoftwareVersion": "v1.0.20170724 (OpenJPEG build) GCC6.1.0",
    "DeviceSerialNumber": "35002",
    "EchoTime": 0.064,
    "EchoTrainLength": 15,
    "FlipAngle": 178,
    "ImageType": [
      "ORIGINAL",
      "PRIMARY",
      "M",
      "ND"
    ],
    "InstitutionAddress": "University_Pkwy_1700_North_685_Provo_FC28C0_UT_US_84601",
    "InstitutionName": "Brigham_Young_University",
    "MagneticFieldStrength": 3,
    "Manufacturer": "Siemens",
    "ManufacturersModelName": "TrioTim",
    "PhaseEncodingDirection": "i-",
    "PhaseEncodingLines": 512,
    "ProcedureStepDescription": "Research_KIRWAN",
    "ProtocolName": "HiRes_T2",
    "RepetitionTime": 6.27,
    "ScanningSequence": "SE",
    "SequenceName": "_tse2d1_15",
    "SequenceVariant": "SK_SP_OSP",
    "SeriesDescription": "HiRes_T2",
    "SoftwareVersions": "syngo_MR_B17",
    "dataset": "ds003711",
    "modality": "T2w",
    "subject_id": "29"
  },
  "cjv": 0.7084645929326173,
  "cnr": 1.328872695769316,
  "efc": 0.5759146883784425,
  "fber": 133.38217819334199,
  "fwhm_avg": 3.3127015907924577,
  "fwhm_x": 3.9257858995136945,
  "fwhm_y": 1.9935793662581869,
  "fwhm_z": 4.018739506605492,
  "icvs_csf": 0.2836687757557687,
  "icvs_gm": 0.6073176959917438,
  "icvs_wm": 0.1090135282524875,
  "inu_med": 1.0639021396636963,
  "inu_range": 0.28593333065509796,
  "provenance": {
    "md5sum": "1770318174c7ff996c332191ad682998",
    "settings": {
      "testing": false
    },
    "software": "mriqc",
    "version": "22.0.0rc1",
    "warnings": {
      "large_rot_frame": false,
      "small_air_mask": false
    },
    "webapi_port": null,
    "webapi_url": "https://mriqc.nimh.nih.gov/api/v1"
  },
  "qi_1": 0.0,
  "qi_2": 0.00015020758360519124,
  "rpve_csf": 10.322792188557887,
  "rpve_gm": 5.980817047554721,
  "rpve_wm": 26.024035418951986,
  "size_x": 512,
  "size_y": 19,
  "size_z": 512,
  "snr_csf": 3.7912719850467718,
  "snr_gm": 9.08702852379888,
  "snr_total": 5.740946028736155,
  "snr_wm": 4.344537577362813,
  "snrd_csf": 21.28859710782039,
  "snrd_gm": 13.427078193053006,
  "snrd_total": 14.513338666227172,
  "snrd_wm": 8.824340697808124,
  "spacing_x": 0.3906249701976776,
  "spacing_y": 3.0000009536743164,
  "spacing_z": 0.3906249701976776,
  "summary_bg_k": 79.773154337498,
  "summary_bg_mad": 76.25180534802986,
  "summary_bg_mean": 171.82031930750915,
  "summary_bg_median": 126.39837060123682,
  "summary_bg_n": 1536010.0,
  "summary_bg_p05": 29.735095612704754,
  "summary_bg_p95": 323.1149151921272,
  "summary_bg_stdv": 277.587708214746,
  "summary_csf_k": 2.1714536106744546,
  "summary_csf_mad": 432.52436479899427,
  "summary_csf_mean": 2687.664482813592,
  "summary_csf_median": 2477.7954917401075,
  "summary_csf_n": 174539.0,
  "summary_csf_p05": 2027.3039503581822,
  "summary_csf_p95": 4082.2315139696,
  "summary_csf_stdv": 653.5506825647122,
  "summary_gm_k": -0.2066604299008672,
  "summary_gm_mad": 177.3464775985252,
  "summary_gm_mean": 1571.3664300930689,
  "summary_gm_median": 1562.7875169739127,
  "summary_gm_n": 391115.0,
  "summary_gm_p05": 1302.5327876210213,
  "summary_gm_p95": 1865.6883785687376,
  "summary_gm_stdv": 171.97981881731798,
  "summary_wm_k": 3.2479478994473245,
  "summary_wm_mad": 202.1893445009907,
  "summary_wm_mean": 1001.1308308292577,
  "summary_wm_median": 1027.0715110003948,
  "summary_wm_n": 52889.0,
  "summary_wm_p05": 592.1255163475871,
  "summary_wm_p95": 1314.891739413142,
  "summary_wm_stdv": 236.40301941839166,
  "tpm_overlap_csf": 0.09424129128456116,
  "tpm_overlap_gm": 0.34863826632499695,
  "tpm_overlap_wm": 0.08360807597637177,
  "wm2max": 0.21231935822849762
}