{
  "bids_meta": {
    "AcquisitionNumber": 1,
    "AcquisitionTime": "07:24:36.880000",
    "ConversionSoftware": "dcm2niix",
    "ConversionSoftwareVersion": "v1.0.20170724 (OpenJPEG build) GCC6.1.0",
    "DeviceSerialNumber": "35002",
    "EchoTime": 0.00226,
    "FlipAngle": 9,
    "ImageType": [
      "ORIGINAL",
      "PRIMARY",
      "M",
      "ND",
      "NORM"
    ],
    "InstitutionAddress": "University_Pkwy_1700_North_685_Provo_FC28C0_UT_US_84601",
    "InstitutionName": "Brigham_Young_University",
    "InversionTime": 0.9,
    "MagneticFieldStrength": 3,
    "Manufacturer": "Siemens",
    "ManufacturersModelName": "TrioTim",
    "PhaseEncodingDirection": "i-",
    "PhaseEncodingLines": 215,
    "ProcedureStepDescription": "Research_KIRWAN",
    "ProtocolName": "t1_mpr_sag_iso_mprage",
    "RepetitionTime": 1.9,
    "ScanningSequence": "GR_IR",
    "SequenceName": "_tfl3d1_ns",
    "SequenceVariant": "SP_MP_OSP",
    "SeriesDescription": "t1_mpr_sag_iso_mprage",
    "SoftwareVersions": "syngo_MR_B17",
    "dataset": "ds003711",
    "modality": "T1w",
    "subject_id": "29"
  },
  "cjv": 0.30855182307399004,
  "cnr": 4.23618695385836,
  "efc": 0.6243890797324628,
  "fber": 1794.137451171875,
  "fwhm_avg": 4.572975706666667,
  "fwhm_x": 4.25345,
  "fwhm_y": 5.0018099199999995,
  "fwhm_z": 4.4636672,
  "icvs_csf": 0.2031765095748091,
  "icvs_gm": 0.42537882200634236,
  "icvs_wm": 0.37144466841884854,
  "inu_med": 1.3050636053085327,
  "inu_range": 0.49334909915924063,
  "provenance": {
    "md5sum": "366b5c55e07533eb8266301b2c757e76",
    "settings": {
      "testing": false
    },
    "software": "mriqc",
    "version": "22.0.0rc1",
    "warnings": {
      "large_rot_frame": true,
      "small_air_mask": false
    },
    "webapi_port": null,
    "webapi_url": "https://mriqc.nimh.nih.gov/api/v1"
  },
  "qi_1": 0.0,
  "qi_2": 0.007052609681852301,
  "rpve_csf": 19.70948553022932,
  "rpve_gm": 10.026197190522627,
  "rpve_wm": 13.681120148243645,
  "size_x": 176,
  "size_y": 224,
  "size_z": 256,
  "snr_csf": 3.887861588574556,
  "snr_gm": 14.76835247273618,
  "snr_total": 14.240253673065277,
  "snr_wm": 24.064546957885096,
  "snrd_csf": 30.56577969432968,
  "snrd_gm": 55.013488570360465,
  "snrd_total": 53.82040606506532,
  "snrd_wm": 75.88194993050581,
  "spacing_x": 1.0,
  "spacing_y": 0.9765625,
  "spacing_z": 0.9765625,
  "summary_bg_k": 1.5897204198279713,
  "summary_bg_mad": 8.633683987570866,
  "summary_bg_mean": 13.318245887756348,
  "summary_bg_median": 11.65798568725586,
  "summary_bg_n": 1641272.0,
  "summary_bg_p05": 2.8844483375549315,
  "summary_bg_p95": 29.25204257965088,
  "summary_bg_stdv": 8.831521987915039,
  "summary_csf_k": -0.7441259834249734,
  "summary_csf_mad": 125.85617849329813,
  "summary_csf_mean": 412.0789489746094,
  "summary_csf_median": 402.8096923828125,
  "summary_csf_n": 28143.0,
  "summary_csf_p05": 260.0098480224609,
  "summary_csf_p95": 573.3994567871093,
  "summary_csf_stdv": 103.60516357421875,
  "summary_gm_k": 0.4407679531080251,
  "summary_gm_mad": 46.65066156640469,
  "summary_gm_mean": 722.9165649414062,
  "summary_gm_median": 724.99267578125,
  "summary_gm_n": 21031.0,
  "summary_gm_p05": 637.9406127929688,
  "summary_gm_p95": 798.927734375,
  "summary_gm_stdv": 49.08979797363281,
  "summary_wm_k": 0.6606080702166452,
  "summary_wm_mad": 38.20542125595106,
  "summary_wm_mean": 999.6829223632812,
  "summary_wm_median": 1000.0067138671875,
  "summary_wm_n": 241441.0,
  "summary_wm_p05": 930.390625,
  "summary_wm_p95": 1066.97802734375,
  "summary_wm_stdv": 41.55509948730469,
  "tpm_overlap_csf": 0.17962241172790527,
  "tpm_overlap_gm": 0.4672902226448059,
  "tpm_overlap_wm": 0.5206364393234253,
  "wm2max": 0.4261530258810294
}