{
  "aor": 0.006313046594982077,
  "aqi": 0.04887253225806451,
  "bids_meta": {
    "AccelFactPE": 2,
    "AcquisitionNumber": 1,
    "AcquisitionTime": "07:08:48.435000",
    "BandwidthPerPixelPhaseEncode": 22.321,
    "ConversionSoftware": "dcm2niix",
    "ConversionSoftwareVersion": "v1.0.20170724 (OpenJPEG build) GCC6.1.0",
    "DeviceSerialNumber": "35002",
    "EchoTime": 0.028,
    "EffectiveEchoSpacing": 0.000350007,
    "FlipAngle": 90,
    "ImageType": [
      "ORIGINAL",
      "PRIMARY",
      "M",
      "ND",
      "MOSAIC"
    ],
    "InstitutionAddress": "University_Pkwy_1700_North_685_Provo_FC28C0_UT_US_84601",
    "InstitutionName": "Brigham_Young_University",
    "MagneticFieldStrength": 3,
    "Manufacturer": "Siemens",
    "ManufacturersModelName": "TrioTim",
    "PhaseEncodingDirection": "j-",
    "PhaseEncodingLines": 128,
    "ProcedureStepDescription": "Research_KIRWAN",
    "ProtocolName": "12Chan_1.8x1.8x1.8_TR1900_29Slice",
    "RepetitionTime": 1.9,
    "ScanningSequence": "EP",
    "SequenceName": "epfid2d1_128",
    "SequenceVariant": "SK",
    "SeriesDescription": "12Chan_1.8x1.8x1.8_TR1900_29Slice",
    "SliceTiming": [
      0,
      0.985,
      0.065,
      1.0525,
      0.1325,
      1.1175,
      0.1975,
      1.1825,
      0.2625,
      1.25,
      0.3275,
      1.315,
      0.395,
      1.38,
      0.46,
      1.4475,
      0.525,
      1.5125,
      0.5925,
      1.5775,
      0.6575,
      1.645,
      0.7225,
      1.71,
      0.79,
      1.775,
      0.855,
      1.84,
      0.92
    ],
    "SoftwareVersions": "syngo_MR_B17",
    "TaskName": "MST",
    "TotalReadoutTime": 0.0437508,
    "TrueEchoSpacing": 0.000700013,
    "dataset": "ds003711",
    "modality": "bold",
    "run_id": 4,
    "subject_id": "23",
    "task_id": "MST"
  },
  "dummy_trs": 0,
  "dvars_nstd": 89.36420495564737,
  "dvars_std": 1.0844147167985603,
  "dvars_vstd": 1.1004942710791372,
  "efc": 0.6883514663930297,
  "fber": 68.26216125488281,
  "fd_mean": 0.17555970021325312,
  "fd_num": 35,
  "fd_perc": 12.544802867383513,
  "fwhm_avg": 2.5257036704828875,
  "fwhm_x": 2.4134456637168142,
  "fwhm_y": 2.615781946902655,
  "fwhm_z": 2.5478834008291935,
  "gcor": 0.0137313,
  "gsr_x": -0.04124904423952103,
  "gsr_y": 0.0973026305437088,
  "provenance": {
    "md5sum": "c5ccd350f4f9739eb21d6f393627e66f",
    "settings": {
      "fd_thres": 0.2,
      "testing": false
    },
    "software": "mriqc",
    "version": "22.0.0rc1",
    "webapi_port": null,
    "webapi_url": "https://mriqc.nimh.nih.gov/api/v1"
  },
  "size_t": 279,
  "size_x": 128,
  "size_y": 128,
  "size_z": 29,
  "snr": 4.225114497673267,
  "spacing_tr": 1.899999976158142,
  "spacing_x": 1.765625,
  "spacing_y": 1.765625,
  "spacing_z": 1.7999999523162842,
  "summary_bg_k": 16.866479306481747,
  "summary_bg_mad": 21.771399145828518,
  "summary_bg_mean": 142.84915161132812,
  "summary_bg_median": 95.82078552246094,
  "summary_bg_n": 291257.0,
  "summary_bg_p05": 76.247314453125,
  "summary_bg_p95": 407.9182739257815,
  "summary_bg_stdv": 126.9189682006836,
  "summary_fg_k": 1.2080977384889158,
  "summary_fg_mad": 165.0523389087529,
  "summary_fg_mean": 818.1808471679688,
  "summary_fg_median": 800.4337158203125,
  "summary_fg_n": 111765.0,
  "summary_fg_p05": 553.5885375976562,
  "summary_fg_p95": 1164.2293945312497,
  "summary_fg_stdv": 189.44578552246094,
  "tsnr": 14.39509907644242
}