{
  "aor": 0.0005957706093189963,
  "aqi": 0.03777519534050179,
  "bids_meta": {
    "AccelFactPE": 2,
    "AcquisitionNumber": 1,
    "AcquisitionTime": "17:00:6.187500",
    "BandwidthPerPixelPhaseEncode": 22.321,
    "ConversionSoftware": "dcm2niix",
    "ConversionSoftwareVersion": "v1.0.20170724 (OpenJPEG build) GCC6.1.0",
    "DeviceSerialNumber": "35002",
    "EchoTime": 0.028,
    "EffectiveEchoSpacing": 0.000350007,
    "FlipAngle": 90,
    "ImageType": [
      "ORIGINAL",
      "PRIMARY",
      "M",
      "ND",
      "MOSAIC"
    ],
    "InstitutionAddress": "University_Pkwy_1700_North_685_Provo_FC28C0_UT_US_84601",
    "InstitutionName": "Brigham_Young_University",
    "MagneticFieldStrength": 3,
    "Manufacturer": "Siemens",
    "ManufacturersModelName": "TrioTim",
    "PhaseEncodingDirection": "j-",
    "PhaseEncodingLines": 128,
    "ProcedureStepDescription": "Research_KIRWAN",
    "ProtocolName": "12Chan_1.8x1.8x1.8_TR1900_29Slice",
    "RepetitionTime": 1.9,
    "ScanningSequence": "EP",
    "SequenceName": "epfid2d1_128",
    "SequenceVariant": "SK",
    "SeriesDescription": "12Chan_1.8x1.8x1.8_TR1900_29Slice",
    "SliceTiming": [
      0,
      0.985,
      0.065,
      1.0525,
      0.13,
      1.1175,
      0.1975,
      1.1825,
      0.2625,
      1.25,
      0.3275,
      1.315,
      0.395,
      1.38,
      0.46,
      1.445,
      0.525,
      1.5125,
      0.5925,
      1.5775,
      0.6575,
      1.6425,
      0.7225,
      1.71,
      0.7875,
      1.775,
      0.855,
      1.84,
      0.92
    ],
    "SoftwareVersions": "syngo_MR_B17",
    "TaskName": "MST",
    "TotalReadoutTime": 0.0437508,
    "TrueEchoSpacing": 0.000700013,
    "dataset": "ds003711",
    "modality": "bold",
    "run_id": 5,
    "subject_id": "43",
    "task_id": "MST"
  },
  "dummy_trs": 0,
  "dvars_nstd": 89.04321697982016,
  "dvars_std": 1.040465994928058,
  "dvars_vstd": 1.0124164528417265,
  "efc": 0.6501155138634108,
  "fber": 79.0575942993164,
  "fd_mean": 0.11624215566875754,
  "fd_num": 27,
  "fd_perc": 9.67741935483871,
  "fwhm_avg": 2.6022015353428594,
  "fwhm_x": 2.522449557522124,
  "fwhm_y": 2.669360707964602,
  "fwhm_z": 2.6147943405418523,
  "gcor": 0.00380105,
  "gsr_x": -0.016524648293852806,
  "gsr_y": 0.04063545912504196,
  "provenance": {
    "md5sum": "6cc04e8d14b447c3c94d22b241465864",
    "settings": {
      "fd_thres": 0.2,
      "testing": false
    },
    "software": "mriqc",
    "version": "22.0.0rc1",
    "webapi_port": null,
    "webapi_url": "https://mriqc.nimh.nih.gov/api/v1"
  },
  "size_t": 279,
  "size_x": 128,
  "size_y": 128,
  "size_z": 29,
  "snr": 4.247184261504852,
  "spacing_tr": 1.899999976158142,
  "spacing_x": 1.765625,
  "spacing_y": 1.765625,
  "spacing_z": 1.8000000715255737,
  "summary_bg_k": 41.226409342869424,
  "summary_bg_mad": 15.187374804016438,
  "summary_bg_mean": 112.50408935546875,
  "summary_bg_median": 87.247314453125,
  "summary_bg_n": 310570.0,
  "summary_bg_p05": 72.74910736083984,
  "summary_bg_p95": 246.7061004638672,
  "summary_bg_stdv": 83.629638671875,
  "summary_fg_k": 0.97004133098191,
  "summary_fg_mad": 165.44298794301122,
  "summary_fg_mean": 795.7536010742188,
  "summary_fg_median": 786.7777709960938,
  "summary_fg_n": 93888.0,
  "summary_fg_p05": 511.1924819946289,
  "summary_fg_p95": 1117.3700866699214,
  "summary_fg_stdv": 185.2459259033203,
  "tsnr": 15.598632415872999
}