{
  "aor": 0.00031089605734767025,
  "aqi": 0.03322796594982078,
  "bids_meta": {
    "AccelFactPE": 2,
    "AcquisitionNumber": 1,
    "AcquisitionTime": "16:14:46.695000",
    "BandwidthPerPixelPhaseEncode": 22.321,
    "ConversionSoftware": "dcm2niix",
    "ConversionSoftwareVersion": "v1.0.20170724 (OpenJPEG build) GCC6.1.0",
    "DeviceSerialNumber": "35002",
    "EchoTime": 0.028,
    "EffectiveEchoSpacing": 0.000350007,
    "FlipAngle": 90,
    "ImageType": [
      "ORIGINAL",
      "PRIMARY",
      "M",
      "ND",
      "MOSAIC"
    ],
    "InstitutionAddress": "University_Pkwy_1700_North_685_Provo_FC28C0_UT_US_84601",
    "InstitutionName": "Brigham_Young_University",
    "MagneticFieldStrength": 3,
    "Manufacturer": "Siemens",
    "ManufacturersModelName": "TrioTim",
    "PhaseEncodingDirection": "j-",
    "PhaseEncodingLines": 128,
    "ProcedureStepDescription": "Research_KIRWAN",
    "ProtocolName": "12Chan_1.8x1.8x1.8_TR1900_29Slice",
    "RepetitionTime": 1.9,
    "ScanningSequence": "EP",
    "SequenceName": "epfid2d1_128",
    "SequenceVariant": "SK",
    "SeriesDescription": "12Chan_1.8x1.8x1.8_TR1900_29Slice",
    "SliceTiming": [
      0,
      0.985,
      0.065,
      1.0525,
      0.13,
      1.1175,
      0.1975,
      1.1825,
      0.2625,
      1.2475,
      0.3275,
      1.315,
      0.395,
      1.38,
      0.46,
      1.445,
      0.525,
      1.5125,
      0.59,
      1.5775,
      0.6575,
      1.6425,
      0.7225,
      1.71,
      0.7875,
      1.775,
      0.855,
      1.84,
      0.92
    ],
    "SoftwareVersions": "syngo_MR_B17",
    "TaskName": "MST",
    "TotalReadoutTime": 0.0437508,
    "TrueEchoSpacing": 0.000700013,
    "dataset": "ds003711",
    "modality": "bold",
    "run_id": 1,
    "subject_id": "43",
    "task_id": "MST"
  },
  "dummy_trs": 0,
  "dvars_nstd": 78.65951886618701,
  "dvars_std": 1.0268822942086335,
  "dvars_vstd": 1.0026323632733811,
  "efc": 0.6403834343925728,
  "fber": 93.49626922607422,
  "fd_mean": 0.11226304599844603,
  "fd_num": 22,
  "fd_perc": 7.885304659498208,
  "fwhm_avg": 2.6695617234286515,
  "fwhm_x": 2.513636814159292,
  "fwhm_y": 2.728065132743363,
  "fwhm_z": 2.7669832233832987,
  "gcor": 0.0047491,
  "gsr_x": -0.016954949125647545,
  "gsr_y": 0.045983485877513885,
  "provenance": {
    "md5sum": "8b4df50dfe29b88b4c3a06a473d3a414",
    "settings": {
      "fd_thres": 0.2,
      "testing": false
    },
    "software": "mriqc",
    "version": "22.0.0rc1",
    "webapi_port": null,
    "webapi_url": "https://mriqc.nimh.nih.gov/api/v1"
  },
  "size_t": 279,
  "size_x": 128,
  "size_y": 128,
  "size_z": 29,
  "snr": 4.296208748649753,
  "spacing_tr": 1.899999976158142,
  "spacing_x": 1.765625,
  "spacing_y": 1.765625,
  "spacing_z": 1.8000000715255737,
  "summary_bg_k": 37.62285610816847,
  "summary_bg_mad": 11.57387123712677,
  "summary_bg_mean": 107.89244079589844,
  "summary_bg_median": 81.02509307861328,
  "summary_bg_n": 310371.0,
  "summary_bg_p05": 69.2652359008789,
  "summary_bg_p95": 248.00537872314453,
  "summary_bg_stdv": 86.14959716796875,
  "summary_fg_k": 0.9834030535072804,
  "summary_fg_mad": 166.43938278114388,
  "summary_fg_mean": 801.7239990234375,
  "summary_fg_median": 793.9031982421875,
  "summary_fg_n": 94733.0,
  "summary_fg_p05": 515.1870849609376,
  "summary_fg_p95": 1122.0852783203125,
  "summary_fg_stdv": 184.7906036376953,
  "tsnr": 17.08817558566807
}