{
  "aor": 0.00047652329749103947,
  "aqi": 0.05292884086021506,
  "bids_meta": {
    "AccelFactPE": 2,
    "AcquisitionNumber": 1,
    "AcquisitionTime": "07:35:25.030000",
    "BandwidthPerPixelPhaseEncode": 22.321,
    "ConversionSoftware": "dcm2niix",
    "ConversionSoftwareVersion": "v1.0.20170724 (OpenJPEG build) GCC6.1.0",
    "DeviceSerialNumber": "35002",
    "EchoTime": 0.028,
    "EffectiveEchoSpacing": 0.000350007,
    "FlipAngle": 90,
    "ImageType": [
      "ORIGINAL",
      "PRIMARY",
      "M",
      "ND",
      "MOSAIC"
    ],
    "InstitutionAddress": "University_Pkwy_1700_North_685_Provo_FC28C0_UT_US_84601",
    "InstitutionName": "Brigham_Young_University",
    "MagneticFieldStrength": 3,
    "Manufacturer": "Siemens",
    "ManufacturersModelName": "TrioTim",
    "PhaseEncodingDirection": "j-",
    "PhaseEncodingLines": 128,
    "ProcedureStepDescription": "Research_KIRWAN",
    "ProtocolName": "12Chan_1.8x1.8x1.8_TR1900_29Slice",
    "RepetitionTime": 1.9,
    "ScanningSequence": "EP",
    "SequenceName": "epfid2d1_128",
    "SequenceVariant": "SK",
    "SeriesDescription": "12Chan_1.8x1.8x1.8_TR1900_29Slice",
    "SliceTiming": [
      0,
      0.985,
      0.065,
      1.05,
      0.13,
      1.1175,
      0.195,
      1.1825,
      0.2625,
      1.2475,
      0.3275,
      1.315,
      0.3925,
      1.38,
      0.46,
      1.445,
      0.525,
      1.5125,
      0.59,
      1.5775,
      0.6575,
      1.6425,
      0.7225,
      1.7075,
      0.7875,
      1.775,
      0.855,
      1.84,
      0.92
    ],
    "SoftwareVersions": "syngo_MR_B17",
    "TaskName": "MST",
    "TotalReadoutTime": 0.0437508,
    "TrueEchoSpacing": 0.000700013,
    "dataset": "ds003711",
    "modality": "bold",
    "run_id": 2,
    "subject_id": "10",
    "task_id": "MST"
  },
  "dummy_trs": 0,
  "dvars_nstd": 91.65556118640289,
  "dvars_std": 1.018206960539569,
  "dvars_vstd": 1.0030048954316546,
  "efc": 0.6719484879253921,
  "fber": 71.07667541503906,
  "fd_mean": 0.14715107780361428,
  "fd_num": 48,
  "fd_perc": 17.204301075268816,
  "fwhm_avg": 2.584742860924274,
  "fwhm_x": 2.4462725663716816,
  "fwhm_y": 2.7587115044247787,
  "fwhm_z": 2.5492445119763616,
  "gcor": 0.00686247,
  "gsr_x": -0.03553938493132591,
  "gsr_y": 0.08503764122724533,
  "provenance": {
    "md5sum": "fffa2d6db5b601c75b500cd5461a6eca",
    "settings": {
      "fd_thres": 0.2,
      "testing": false
    },
    "software": "mriqc",
    "version": "22.0.0rc1",
    "webapi_port": null,
    "webapi_url": "https://mriqc.nimh.nih.gov/api/v1"
  },
  "size_t": 279,
  "size_x": 128,
  "size_y": 128,
  "size_z": 29,
  "snr": 4.442356724318146,
  "spacing_tr": 1.899999976158142,
  "spacing_x": 1.765625,
  "spacing_y": 1.765625,
  "spacing_z": 1.7999999523162842,
  "summary_bg_k": 33.94179589783376,
  "summary_bg_mad": 16.71780144100838,
  "summary_bg_mean": 114.51026916503906,
  "summary_bg_median": 84.8136215209961,
  "summary_bg_n": 301606.0,
  "summary_bg_p05": 70.16487121582031,
  "summary_bg_p95": 264.02689361572266,
  "summary_bg_stdv": 89.1496810913086,
  "summary_fg_k": 0.9878234454832349,
  "summary_fg_mad": 144.47661809322645,
  "summary_fg_mean": 730.0941162109375,
  "summary_fg_median": 729.3405151367188,
  "summary_fg_n": 100200.0,
  "summary_fg_p05": 460.80142364501955,
  "summary_fg_p95": 1000.9256378173826,
  "summary_fg_stdv": 164.17791748046875,
  "tsnr": 13.855593380867504
}