{
  "aor": 0.00030336917562724013,
  "aqi": 0.058930442293906815,
  "bids_meta": {
    "AccelFactPE": 2,
    "AcquisitionNumber": 1,
    "AcquisitionTime": "15:14:9.205000",
    "BandwidthPerPixelPhaseEncode": 22.321,
    "ConversionSoftware": "dcm2niix",
    "ConversionSoftwareVersion": "v1.0.20170724 (OpenJPEG build) GCC6.1.0",
    "DeviceSerialNumber": "35002",
    "EchoTime": 0.028,
    "EffectiveEchoSpacing": 0.000350007,
    "FlipAngle": 90,
    "ImageType": [
      "ORIGINAL",
      "PRIMARY",
      "M",
      "ND",
      "MOSAIC"
    ],
    "InstitutionAddress": "University_Pkwy_1700_North_685_Provo_FC28C0_UT_US_84601",
    "InstitutionName": "Brigham_Young_University",
    "MagneticFieldStrength": 3,
    "Manufacturer": "Siemens",
    "ManufacturersModelName": "TrioTim",
    "PhaseEncodingDirection": "j-",
    "PhaseEncodingLines": 128,
    "ProcedureStepDescription": "Research_KIRWAN",
    "ProtocolName": "12Chan_1.8x1.8x1.8_TR1900_29Slice",
    "RepetitionTime": 1.9,
    "ScanningSequence": "EP",
    "SequenceName": "epfid2d1_128",
    "SequenceVariant": "SK",
    "SeriesDescription": "12Chan_1.8x1.8x1.8_TR1900_29Slice",
    "SliceTiming": [
      0,
      0.9875,
      0.065,
      1.0525,
      0.1325,
      1.1175,
      0.1975,
      1.1825,
      0.2625,
      1.25,
      0.33,
      1.315,
      0.395,
      1.38,
      0.46,
      1.4475,
      0.525,
      1.5125,
      0.5925,
      1.5775,
      0.6575,
      1.645,
      0.7225,
      1.71,
      0.79,
      1.775,
      0.855,
      1.8425,
      0.92
    ],
    "SoftwareVersions": "syngo_MR_B17",
    "TaskName": "MST",
    "TotalReadoutTime": 0.0437508,
    "TrueEchoSpacing": 0.000700013,
    "dataset": "ds003711",
    "modality": "bold",
    "run_id": 4,
    "subject_id": "44",
    "task_id": "MST"
  },
  "dummy_trs": 0,
  "dvars_nstd": 88.37437244093526,
  "dvars_std": 1.0092618046762583,
  "dvars_vstd": 0.9881409464388488,
  "efc": 0.6504754072818626,
  "fber": 84.48982238769531,
  "fd_mean": 0.18350193653198166,
  "fd_num": 107,
  "fd_perc": 38.35125448028674,
  "fwhm_avg": 2.426128453193743,
  "fwhm_x": 2.3699936283185843,
  "fwhm_y": 2.6555638938053097,
  "fwhm_z": 2.2528278374573345,
  "gcor": 0.00315204,
  "gsr_x": -0.011478183791041374,
  "gsr_y": 0.04785546287894249,
  "provenance": {
    "md5sum": "786a8fba8296f9390e50c94c9eafaaba",
    "settings": {
      "fd_thres": 0.2,
      "testing": false
    },
    "software": "mriqc",
    "version": "22.0.0rc1",
    "webapi_port": null,
    "webapi_url": "https://mriqc.nimh.nih.gov/api/v1"
  },
  "size_t": 279,
  "size_x": 128,
  "size_y": 128,
  "size_z": 29,
  "snr": 4.3284275541606405,
  "spacing_tr": 1.899999976158142,
  "spacing_x": 1.765625,
  "spacing_y": 1.765625,
  "spacing_z": 1.7999999523162842,
  "summary_bg_k": 31.50936928263154,
  "summary_bg_mad": 18.636151075159514,
  "summary_bg_mean": 117.68602752685547,
  "summary_bg_median": 88.53763580322266,
  "summary_bg_n": 306680.0,
  "summary_bg_p05": 71.10035705566406,
  "summary_bg_p95": 275.1111145019531,
  "summary_bg_stdv": 91.8550033569336,
  "summary_fg_k": 1.035673269885793,
  "summary_fg_mad": 167.49952842878196,
  "summary_fg_mean": 828.8135986328125,
  "summary_fg_median": 828.28857421875,
  "summary_fg_n": 96148.0,
  "summary_fg_p05": 515.7351348876954,
  "summary_fg_p95": 1141.910400390625,
  "summary_fg_stdv": 191.35916137695312,
  "tsnr": 14.08788486791309
}