{
  "aor": 0.0004705734767025089,
  "aqi": 0.05080105949820789,
  "bids_meta": {
    "AccelFactPE": 2,
    "AcquisitionNumber": 1,
    "AcquisitionTime": "15:04:19.805000",
    "BandwidthPerPixelPhaseEncode": 22.321,
    "ConversionSoftware": "dcm2niix",
    "ConversionSoftwareVersion": "v1.0.20170724 (OpenJPEG build) GCC6.1.0",
    "DeviceSerialNumber": "35002",
    "EchoTime": 0.028,
    "EffectiveEchoSpacing": 0.000350007,
    "FlipAngle": 90,
    "ImageType": [
      "ORIGINAL",
      "PRIMARY",
      "M",
      "ND",
      "MOSAIC"
    ],
    "InstitutionAddress": "University_Pkwy_1700_North_685_Provo_FC28C0_UT_US_84601",
    "InstitutionName": "Brigham_Young_University",
    "MagneticFieldStrength": 3,
    "Manufacturer": "Siemens",
    "ManufacturersModelName": "TrioTim",
    "PhaseEncodingDirection": "j-",
    "PhaseEncodingLines": 128,
    "ProcedureStepDescription": "Research_KIRWAN",
    "ProtocolName": "12Chan_1.8x1.8x1.8_TR1900_29Slice",
    "RepetitionTime": 1.9,
    "ScanningSequence": "EP",
    "SequenceName": "epfid2d1_128",
    "SequenceVariant": "SK",
    "SeriesDescription": "12Chan_1.8x1.8x1.8_TR1900_29Slice",
    "SliceTiming": [
      0,
      0.985,
      0.065,
      1.0525,
      0.13,
      1.1175,
      0.1975,
      1.1825,
      0.2625,
      1.25,
      0.3275,
      1.315,
      0.395,
      1.38,
      0.46,
      1.4475,
      0.525,
      1.5125,
      0.5925,
      1.5775,
      0.6575,
      1.6425,
      0.7225,
      1.71,
      0.79,
      1.775,
      0.855,
      1.84,
      0.92
    ],
    "SoftwareVersions": "syngo_MR_B17",
    "TaskName": "MST",
    "TotalReadoutTime": 0.0437508,
    "TrueEchoSpacing": 0.000700013,
    "dataset": "ds003711",
    "modality": "bold",
    "run_id": 3,
    "subject_id": "44",
    "task_id": "MST"
  },
  "dummy_trs": 0,
  "dvars_nstd": 87.88030539298565,
  "dvars_std": 1.0148475292805756,
  "dvars_vstd": 0.9914552192446043,
  "efc": 0.6492872875248775,
  "fber": 84.99869537353516,
  "fd_mean": 0.14796928076102897,
  "fd_num": 50,
  "fd_perc": 17.921146953405017,
  "fwhm_avg": 2.4325670375100223,
  "fwhm_x": 2.3599518584070793,
  "fwhm_y": 2.6571214159292036,
  "fwhm_z": 2.2806278381937832,
  "gcor": 0.0029786,
  "gsr_x": -0.012240242213010788,
  "gsr_y": 0.04944557324051857,
  "provenance": {
    "md5sum": "4e0b1c035d2f162c41758b2c86d880c6",
    "settings": {
      "fd_thres": 0.2,
      "testing": false
    },
    "software": "mriqc",
    "version": "22.0.0rc1",
    "webapi_port": null,
    "webapi_url": "https://mriqc.nimh.nih.gov/api/v1"
  },
  "size_t": 279,
  "size_x": 128,
  "size_y": 128,
  "size_z": 29,
  "snr": 4.305249873883222,
  "spacing_tr": 1.899999976158142,
  "spacing_x": 1.765625,
  "spacing_y": 1.765625,
  "spacing_z": 1.7999999523162842,
  "summary_bg_k": 31.251356465002196,
  "summary_bg_mad": 19.342907299346734,
  "summary_bg_mean": 118.00613403320312,
  "summary_bg_median": 88.7921142578125,
  "summary_bg_n": 307680.0,
  "summary_bg_p05": 70.86021423339844,
  "summary_bg_p95": 276.6996307373045,
  "summary_bg_stdv": 91.4721908569336,
  "summary_fg_k": 0.9565402423349707,
  "summary_fg_mad": 170.90311582767978,
  "summary_fg_mean": 830.1805419921875,
  "summary_fg_median": 829.3082275390625,
  "summary_fg_n": 95399.0,
  "summary_fg_p05": 519.3878173828125,
  "summary_fg_p95": 1147.6078613281247,
  "summary_fg_stdv": 192.62619018554688,
  "tsnr": 14.2783549396554
}