{
  "aor": 0.0002723655913978495,
  "aqi": 0.03429538064516129,
  "bids_meta": {
    "AccelFactPE": 2,
    "AcquisitionNumber": 1,
    "AcquisitionTime": "14:43:31.387500",
    "BandwidthPerPixelPhaseEncode": 22.321,
    "ConversionSoftware": "dcm2niix",
    "ConversionSoftwareVersion": "v1.0.20170724 (OpenJPEG build) GCC6.1.0",
    "DeviceSerialNumber": "35002",
    "EchoTime": 0.028,
    "EffectiveEchoSpacing": 0.000350007,
    "FlipAngle": 90,
    "ImageType": [
      "ORIGINAL",
      "PRIMARY",
      "M",
      "ND",
      "MOSAIC"
    ],
    "InstitutionAddress": "University_Pkwy_1700_North_685_Provo_FC28C0_UT_US_84601",
    "InstitutionName": "Brigham_Young_University",
    "MagneticFieldStrength": 3,
    "Manufacturer": "Siemens",
    "ManufacturersModelName": "TrioTim",
    "PhaseEncodingDirection": "j-",
    "PhaseEncodingLines": 128,
    "ProcedureStepDescription": "Research_KIRWAN",
    "ProtocolName": "12Chan_1.8x1.8x1.8_TR1900_29Slice",
    "RepetitionTime": 1.9,
    "ScanningSequence": "EP",
    "SequenceName": "epfid2d1_128",
    "SequenceVariant": "SK",
    "SeriesDescription": "12Chan_1.8x1.8x1.8_TR1900_29Slice",
    "SliceTiming": [
      0,
      0.985,
      0.065,
      1.0525,
      0.13,
      1.1175,
      0.1975,
      1.1825,
      0.2625,
      1.2475,
      0.3275,
      1.315,
      0.3925,
      1.38,
      0.46,
      1.445,
      0.525,
      1.5125,
      0.59,
      1.5775,
      0.6575,
      1.6425,
      0.7225,
      1.71,
      0.7875,
      1.775,
      0.855,
      1.84,
      0.92
    ],
    "SoftwareVersions": "syngo_MR_B17",
    "TaskName": "MST",
    "TotalReadoutTime": 0.0437508,
    "TrueEchoSpacing": 0.000700013,
    "dataset": "ds003711",
    "modality": "bold",
    "run_id": 1,
    "subject_id": "44",
    "task_id": "MST"
  },
  "dummy_trs": 0,
  "dvars_nstd": 75.82700647046757,
  "dvars_std": 1.011671193705036,
  "dvars_vstd": 0.9936584046402877,
  "efc": 0.6370833185048989,
  "fber": 101.08638763427734,
  "fd_mean": 0.07148284299897685,
  "fd_num": 1,
  "fd_perc": 0.35842293906810035,
  "fwhm_avg": 2.5498401602462653,
  "fwhm_x": 2.3813776991150446,
  "fwhm_y": 2.710309380530973,
  "fwhm_z": 2.557833401092778,
  "gcor": 0.00353981,
  "gsr_x": -0.0051122428849339485,
  "gsr_y": 0.03982622176408768,
  "provenance": {
    "md5sum": "80e6bfd4ad6f92e79710393556a328a3",
    "settings": {
      "fd_thres": 0.2,
      "testing": false
    },
    "software": "mriqc",
    "version": "22.0.0rc1",
    "webapi_port": null,
    "webapi_url": "https://mriqc.nimh.nih.gov/api/v1"
  },
  "size_t": 279,
  "size_x": 128,
  "size_y": 128,
  "size_z": 29,
  "snr": 4.19257196546838,
  "spacing_tr": 1.899999976158142,
  "spacing_x": 1.765625,
  "spacing_y": 1.765625,
  "spacing_z": 1.7999999523162842,
  "summary_bg_k": 33.45568667029747,
  "summary_bg_mad": 14.544380700691923,
  "summary_bg_mean": 109.7132797241211,
  "summary_bg_median": 82.00358581542969,
  "summary_bg_n": 307382.0,
  "summary_bg_p05": 67.76344299316406,
  "summary_bg_p95": 258.2650497436524,
  "summary_bg_stdv": 87.63666534423828,
  "summary_fg_k": 0.8915013478775524,
  "summary_fg_mad": 177.79535203205472,
  "summary_fg_mean": 837.8523559570312,
  "summary_fg_median": 838.1039428710938,
  "summary_fg_n": 94843.0,
  "summary_fg_p05": 510.7025146484375,
  "summary_fg_p95": 1163.4759643554687,
  "summary_fg_stdv": 199.9010467529297,
  "tsnr": 16.854350764595438
}