{
  "aor": 0.000816953405017921,
  "aqi": 0.05901033225806451,
  "bids_meta": {
    "AccelFactPE": 2,
    "AcquisitionNumber": 1,
    "AcquisitionTime": "15:24:1.992500",
    "BandwidthPerPixelPhaseEncode": 22.321,
    "ConversionSoftware": "dcm2niix",
    "ConversionSoftwareVersion": "v1.0.20170724 (OpenJPEG build) GCC6.1.0",
    "DeviceSerialNumber": "35002",
    "EchoTime": 0.028,
    "EffectiveEchoSpacing": 0.000350007,
    "FlipAngle": 90,
    "ImageType": [
      "ORIGINAL",
      "PRIMARY",
      "M",
      "ND",
      "MOSAIC"
    ],
    "InstitutionAddress": "University_Pkwy_1700_North_685_Provo_FC28C0_UT_US_84601",
    "InstitutionName": "Brigham_Young_University",
    "MagneticFieldStrength": 3,
    "Manufacturer": "Siemens",
    "ManufacturersModelName": "TrioTim",
    "PhaseEncodingDirection": "j-",
    "PhaseEncodingLines": 128,
    "ProcedureStepDescription": "Research_KIRWAN",
    "ProtocolName": "12Chan_1.8x1.8x1.8_TR1900_29Slice",
    "RepetitionTime": 1.9,
    "ScanningSequence": "EP",
    "SequenceName": "epfid2d1_128",
    "SequenceVariant": "SK",
    "SeriesDescription": "12Chan_1.8x1.8x1.8_TR1900_29Slice",
    "SliceTiming": [
      0,
      0.985,
      0.065,
      1.0525,
      0.13,
      1.1175,
      0.1975,
      1.1825,
      0.2625,
      1.2475,
      0.3275,
      1.315,
      0.395,
      1.38,
      0.46,
      1.445,
      0.525,
      1.5125,
      0.59,
      1.5775,
      0.6575,
      1.6425,
      0.7225,
      1.71,
      0.7875,
      1.775,
      0.855,
      1.84,
      0.92
    ],
    "SoftwareVersions": "syngo_MR_B17",
    "TaskName": "MST",
    "TotalReadoutTime": 0.0437508,
    "TrueEchoSpacing": 0.000700013,
    "dataset": "ds003711",
    "modality": "bold",
    "run_id": 5,
    "subject_id": "44",
    "task_id": "MST"
  },
  "dummy_trs": 0,
  "dvars_nstd": 87.60940603888487,
  "dvars_std": 1.0138482288129487,
  "dvars_vstd": 0.9894424060071952,
  "efc": 0.6485477203690859,
  "fber": 87.21430206298828,
  "fd_mean": 0.17980604250557644,
  "fd_num": 106,
  "fd_perc": 37.992831541218635,
  "fwhm_avg": 2.4428392209196588,
  "fwhm_x": 2.3449146902654867,
  "fwhm_y": 2.6442251327433626,
  "fwhm_z": 2.339377839750127,
  "gcor": 0.00298805,
  "gsr_x": -0.010531794279813766,
  "gsr_y": 0.04726565256714821,
  "provenance": {
    "md5sum": "23ca579c97ed25bc3bb3f9001d2e5c3b",
    "settings": {
      "fd_thres": 0.2,
      "testing": false
    },
    "software": "mriqc",
    "version": "22.0.0rc1",
    "webapi_port": null,
    "webapi_url": "https://mriqc.nimh.nih.gov/api/v1"
  },
  "size_t": 279,
  "size_x": 128,
  "size_y": 128,
  "size_z": 29,
  "snr": 4.325908598953258,
  "spacing_tr": 1.899999976158142,
  "spacing_x": 1.765625,
  "spacing_y": 1.765625,
  "spacing_z": 1.7999999523162842,
  "summary_bg_k": 31.44429605207955,
  "summary_bg_mad": 18.540490926829577,
  "summary_bg_mean": 116.71907043457031,
  "summary_bg_median": 87.3369140625,
  "summary_bg_n": 307558.0,
  "summary_bg_p05": 70.06809997558594,
  "summary_bg_p95": 275.8618408203121,
  "summary_bg_stdv": 91.78475952148438,
  "summary_fg_k": 1.0462845136732382,
  "summary_fg_mad": 167.59775625520942,
  "summary_fg_mean": 830.7091674804688,
  "summary_fg_median": 829.8244018554688,
  "summary_fg_n": 95213.0,
  "summary_fg_p05": 518.7498291015625,
  "summary_fg_p95": 1144.03798828125,
  "summary_fg_stdv": 191.8256072998047,
  "tsnr": 14.383394662290812
}