{
  "aor": 0.000599283154121864,
  "aqi": 0.04223057562724014,
  "bids_meta": {
    "AccelFactPE": 2,
    "AcquisitionNumber": 1,
    "AcquisitionTime": "10:58:33.805000",
    "BandwidthPerPixelPhaseEncode": 22.321,
    "ConversionSoftware": "dcm2niix",
    "ConversionSoftwareVersion": "v1.0.20170724 (OpenJPEG build) GCC6.1.0",
    "DeviceSerialNumber": "35002",
    "EchoTime": 0.028,
    "EffectiveEchoSpacing": 0.000350007,
    "FlipAngle": 90,
    "ImageType": [
      "ORIGINAL",
      "PRIMARY",
      "M",
      "ND",
      "MOSAIC"
    ],
    "InstitutionAddress": "University_Pkwy_1700_North_685_Provo_FC28C0_UT_US_84601",
    "InstitutionName": "Brigham_Young_University",
    "MagneticFieldStrength": 3,
    "Manufacturer": "Siemens",
    "ManufacturersModelName": "TrioTim",
    "PhaseEncodingDirection": "j-",
    "PhaseEncodingLines": 128,
    "ProcedureStepDescription": "Research_KIRWAN",
    "ProtocolName": "12Chan_1.8x1.8x1.8_TR1900_29Slice",
    "RepetitionTime": 1.9,
    "ScanningSequence": "EP",
    "SequenceName": "epfid2d1_128",
    "SequenceVariant": "SK",
    "SeriesDescription": "12Chan_1.8x1.8x1.8_TR1900_29Slice",
    "SliceTiming": [
      0,
      0.9875,
      0.065,
      1.0525,
      0.1325,
      1.1175,
      0.1975,
      1.1825,
      0.2625,
      1.25,
      0.3275,
      1.315,
      0.395,
      1.38,
      0.46,
      1.4475,
      0.525,
      1.5125,
      0.5925,
      1.5775,
      0.6575,
      1.645,
      0.7225,
      1.71,
      0.79,
      1.775,
      0.855,
      1.8425,
      0.92
    ],
    "SoftwareVersions": "syngo_MR_B17",
    "TaskName": "MST",
    "TotalReadoutTime": 0.0437508,
    "TrueEchoSpacing": 0.000700013,
    "dataset": "ds003711",
    "modality": "bold",
    "run_id": 1,
    "subject_id": "40",
    "task_id": "MST"
  },
  "dummy_trs": 0,
  "dvars_nstd": 83.34215290428055,
  "dvars_std": 1.0022203211870504,
  "dvars_vstd": 0.9946679876978417,
  "efc": 0.6706452629702755,
  "fber": 80.56938934326172,
  "fd_mean": 0.1172465188850938,
  "fd_num": 31,
  "fd_perc": 11.11111111111111,
  "fwhm_avg": 2.727832636174407,
  "fwhm_x": 2.5729925663716813,
  "fwhm_y": 2.9020941592920355,
  "fwhm_z": 2.708411182859505,
  "gcor": 0.00876067,
  "gsr_x": -0.01705227978527546,
  "gsr_y": 0.056674085557460785,
  "provenance": {
    "md5sum": "fa86c5c25e2cf980c2b4d6d95505265f",
    "settings": {
      "fd_thres": 0.2,
      "testing": false
    },
    "software": "mriqc",
    "version": "22.0.0rc1",
    "webapi_port": null,
    "webapi_url": "https://mriqc.nimh.nih.gov/api/v1"
  },
  "size_t": 279,
  "size_x": 128,
  "size_y": 128,
  "size_z": 29,
  "snr": 4.223681601149528,
  "spacing_tr": 1.899999976158142,
  "spacing_x": 1.765625,
  "spacing_y": 1.765625,
  "spacing_z": 1.7999999523162842,
  "summary_bg_k": 14.26974146580186,
  "summary_bg_mad": 16.29799172773921,
  "summary_bg_mean": 119.46283721923828,
  "summary_bg_median": 89.74193572998047,
  "summary_bg_n": 287631.0,
  "summary_bg_p05": 74.4372787475586,
  "summary_bg_p95": 286.4175567626953,
  "summary_bg_stdv": 77.94701385498047,
  "summary_fg_k": 1.0883769343474743,
  "summary_fg_mad": 169.7632477340881,
  "summary_fg_mean": 816.95849609375,
  "summary_fg_median": 817.6756591796875,
  "summary_fg_n": 111110.0,
  "summary_fg_p05": 499.3607543945313,
  "summary_fg_p95": 1128.95703125,
  "summary_fg_stdv": 193.5922393798828,
  "tsnr": 14.943954199552536
}