{
  "aor": 0.0006014336917562724,
  "aqi": 0.045638592473118286,
  "bids_meta": {
    "AccelFactPE": 2,
    "AcquisitionNumber": 1,
    "AcquisitionTime": "11:45:36.862500",
    "BandwidthPerPixelPhaseEncode": 22.321,
    "ConversionSoftware": "dcm2niix",
    "ConversionSoftwareVersion": "v1.0.20170724 (OpenJPEG build) GCC6.1.0",
    "DeviceSerialNumber": "35002",
    "EchoTime": 0.028,
    "EffectiveEchoSpacing": 0.000350007,
    "FlipAngle": 90,
    "ImageType": [
      "ORIGINAL",
      "PRIMARY",
      "M",
      "ND",
      "MOSAIC"
    ],
    "InstitutionAddress": "University_Pkwy_1700_North_685_Provo_FC28C0_UT_US_84601",
    "InstitutionName": "Brigham_Young_University",
    "MagneticFieldStrength": 3,
    "Manufacturer": "Siemens",
    "ManufacturersModelName": "TrioTim",
    "PhaseEncodingDirection": "j-",
    "PhaseEncodingLines": 128,
    "ProcedureStepDescription": "Research_KIRWAN",
    "ProtocolName": "12Chan_1.8x1.8x1.8_TR1900_29Slice",
    "RepetitionTime": 1.9,
    "ScanningSequence": "EP",
    "SequenceName": "epfid2d1_128",
    "SequenceVariant": "SK",
    "SeriesDescription": "12Chan_1.8x1.8x1.8_TR1900_29Slice",
    "SliceTiming": [
      0,
      0.9875,
      0.065,
      1.0525,
      0.1325,
      1.1175,
      0.1975,
      1.185,
      0.2625,
      1.25,
      0.33,
      1.315,
      0.395,
      1.3825,
      0.46,
      1.4475,
      0.5275,
      1.5125,
      0.5925,
      1.5775,
      0.6575,
      1.645,
      0.725,
      1.71,
      0.79,
      1.775,
      0.855,
      1.8425,
      0.92
    ],
    "SoftwareVersions": "syngo_MR_B17",
    "TaskName": "MST",
    "TotalReadoutTime": 0.0437508,
    "TrueEchoSpacing": 0.000700013,
    "dataset": "ds003711",
    "modality": "bold",
    "run_id": 4,
    "subject_id": "49",
    "task_id": "MST"
  },
  "dummy_trs": 0,
  "dvars_nstd": 92.98487162417271,
  "dvars_std": 1.0316656462949638,
  "dvars_vstd": 1.0093511724820146,
  "efc": 0.6812056771649557,
  "fber": 67.49980926513672,
  "fd_mean": 0.09683097405674197,
  "fd_num": 13,
  "fd_perc": 4.659498207885305,
  "fwhm_avg": 2.5798472766488802,
  "fwhm_x": 2.443344424778761,
  "fwhm_y": 2.658769557522124,
  "fwhm_z": 2.6374278476457556,
  "gcor": 0.00498081,
  "gsr_x": -0.015092444606125355,
  "gsr_y": 0.06712654232978821,
  "provenance": {
    "md5sum": "1417a5d0173c22140b7d48546461d147",
    "settings": {
      "fd_thres": 0.2,
      "testing": false
    },
    "software": "mriqc",
    "version": "22.0.0rc1",
    "webapi_port": null,
    "webapi_url": "https://mriqc.nimh.nih.gov/api/v1"
  },
  "size_t": 279,
  "size_x": 128,
  "size_y": 128,
  "size_z": 29,
  "snr": 4.267911353414105,
  "spacing_tr": 1.899999976158142,
  "spacing_x": 1.765625,
  "spacing_y": 1.765625,
  "spacing_z": 1.7999999523162842,
  "summary_bg_k": 15.588009439071797,
  "summary_bg_mad": 16.468046672754262,
  "summary_bg_mean": 119.2315444946289,
  "summary_bg_median": 88.46595001220703,
  "summary_bg_n": 297480.0,
  "summary_bg_p05": 73.87813568115234,
  "summary_bg_p95": 297.55950164794916,
  "summary_bg_stdv": 79.85370635986328,
  "summary_fg_k": 1.0865570550354064,
  "summary_fg_mad": 144.23754124622377,
  "summary_fg_mean": 742.4766845703125,
  "summary_fg_median": 741.6039428710938,
  "summary_fg_n": 102594.0,
  "summary_fg_p05": 434.3236618041992,
  "summary_fg_p95": 1028.9227416992185,
  "summary_fg_stdv": 173.7618865966797,
  "tsnr": 14.353351471363567
}