{
  "aor": 0.0002843010752688172,
  "aqi": 0.04343777992831541,
  "bids_meta": {
    "AccelFactPE": 2,
    "AcquisitionNumber": 1,
    "AcquisitionTime": "11:35:36.100000",
    "BandwidthPerPixelPhaseEncode": 22.321,
    "ConversionSoftware": "dcm2niix",
    "ConversionSoftwareVersion": "v1.0.20170724 (OpenJPEG build) GCC6.1.0",
    "DeviceSerialNumber": "35002",
    "EchoTime": 0.028,
    "EffectiveEchoSpacing": 0.000350007,
    "FlipAngle": 90,
    "ImageType": [
      "ORIGINAL",
      "PRIMARY",
      "M",
      "ND",
      "MOSAIC"
    ],
    "InstitutionAddress": "University_Pkwy_1700_North_685_Provo_FC28C0_UT_US_84601",
    "InstitutionName": "Brigham_Young_University",
    "MagneticFieldStrength": 3,
    "Manufacturer": "Siemens",
    "ManufacturersModelName": "TrioTim",
    "PhaseEncodingDirection": "j-",
    "PhaseEncodingLines": 128,
    "ProcedureStepDescription": "Research_KIRWAN",
    "ProtocolName": "12Chan_1.8x1.8x1.8_TR1900_29Slice",
    "RepetitionTime": 1.9,
    "ScanningSequence": "EP",
    "SequenceName": "epfid2d1_128",
    "SequenceVariant": "SK",
    "SeriesDescription": "12Chan_1.8x1.8x1.8_TR1900_29Slice",
    "SliceTiming": [
      0,
      0.9875,
      0.065,
      1.0525,
      0.1325,
      1.1175,
      0.1975,
      1.185,
      0.2625,
      1.25,
      0.33,
      1.315,
      0.395,
      1.38,
      0.46,
      1.4475,
      0.5275,
      1.5125,
      0.5925,
      1.5775,
      0.6575,
      1.645,
      0.7225,
      1.71,
      0.79,
      1.775,
      0.855,
      1.8425,
      0.92
    ],
    "SoftwareVersions": "syngo_MR_B17",
    "TaskName": "MST",
    "TotalReadoutTime": 0.0437508,
    "TrueEchoSpacing": 0.000700013,
    "dataset": "ds003711",
    "modality": "bold",
    "run_id": 3,
    "subject_id": "49",
    "task_id": "MST"
  },
  "dummy_trs": 0,
  "dvars_nstd": 90.8627132170144,
  "dvars_std": 1.0205922636330937,
  "dvars_vstd": 1.0026685258633092,
  "efc": 0.6783488571909899,
  "fber": 68.3629150390625,
  "fd_mean": 0.08231655623101931,
  "fd_num": 2,
  "fd_perc": 0.7168458781362007,
  "fwhm_avg": 2.4952241391986973,
  "fwhm_x": 2.354208849557522,
  "fwhm_y": 2.581652389380531,
  "fwhm_z": 2.54981117865804,
  "gcor": 0.00621985,
  "gsr_x": -0.00913933478295803,
  "gsr_y": 0.05371210724115372,
  "provenance": {
    "md5sum": "097f3db9b4cf3142c3e69b62857bd81b",
    "settings": {
      "fd_thres": 0.2,
      "testing": false
    },
    "software": "mriqc",
    "version": "22.0.0rc1",
    "webapi_port": null,
    "webapi_url": "https://mriqc.nimh.nih.gov/api/v1"
  },
  "size_t": 279,
  "size_x": 128,
  "size_y": 128,
  "size_z": 29,
  "snr": 4.391200508092103,
  "spacing_tr": 1.899999976158142,
  "spacing_x": 1.765625,
  "spacing_y": 1.765625,
  "spacing_z": 1.7999999523162842,
  "summary_bg_k": 16.10104538119776,
  "summary_bg_mad": 15.729403732457065,
  "summary_bg_mean": 117.42207336425781,
  "summary_bg_median": 87.8136215209961,
  "summary_bg_n": 299686.0,
  "summary_bg_p05": 73.6415786743164,
  "summary_bg_p95": 289.6980209350586,
  "summary_bg_stdv": 77.93074035644531,
  "summary_fg_k": 1.1131668384234166,
  "summary_fg_mad": 142.4308007741362,
  "summary_fg_mean": 743.2788696289062,
  "summary_fg_median": 739.6307983398438,
  "summary_fg_n": 101548.0,
  "summary_fg_p05": 462.0299362182617,
  "summary_fg_p95": 1025.6475219726562,
  "summary_fg_stdv": 168.43392944335938,
  "tsnr": 14.821093386068242
}