{
  "aor": 0.00048232974910394276,
  "aqi": 0.05541197204301075,
  "bids_meta": {
    "AccelFactPE": 2,
    "AcquisitionNumber": 1,
    "AcquisitionTime": "12:02:29.850000",
    "BandwidthPerPixelPhaseEncode": 22.321,
    "ConversionSoftware": "dcm2niix",
    "ConversionSoftwareVersion": "v1.0.20170724 (OpenJPEG build) GCC6.1.0",
    "DeviceSerialNumber": "35002",
    "EchoTime": 0.028,
    "EffectiveEchoSpacing": 0.000350007,
    "FlipAngle": 90,
    "ImageType": [
      "ORIGINAL",
      "PRIMARY",
      "M",
      "ND",
      "MOSAIC"
    ],
    "InstitutionAddress": "University_Pkwy_1700_North_685_Provo_FC28C0_UT_US_84601",
    "InstitutionName": "Brigham_Young_University",
    "MagneticFieldStrength": 3,
    "Manufacturer": "Siemens",
    "ManufacturersModelName": "TrioTim",
    "PhaseEncodingDirection": "j-",
    "PhaseEncodingLines": 128,
    "ProcedureStepDescription": "Research_KIRWAN",
    "ProtocolName": "12Chan_1.8x1.8x1.8_TR1900_29Slice",
    "RepetitionTime": 1.9,
    "ScanningSequence": "EP",
    "SequenceName": "epfid2d1_128",
    "SequenceVariant": "SK",
    "SeriesDescription": "12Chan_1.8x1.8x1.8_TR1900_29Slice",
    "SliceTiming": [
      0,
      0.9875,
      0.0675,
      1.0525,
      0.1325,
      1.12,
      0.1975,
      1.185,
      0.265,
      1.25,
      0.33,
      1.315,
      0.395,
      1.3825,
      0.4625,
      1.4475,
      0.5275,
      1.5125,
      0.5925,
      1.58,
      0.6575,
      1.645,
      0.725,
      1.71,
      0.79,
      1.7775,
      0.855,
      1.8425,
      0.9225
    ],
    "SoftwareVersions": "syngo_MR_B17",
    "TaskName": "MST",
    "TotalReadoutTime": 0.0437508,
    "TrueEchoSpacing": 0.000700013,
    "dataset": "ds003711",
    "modality": "bold",
    "run_id": 5,
    "subject_id": "49",
    "task_id": "MST"
  },
  "dummy_trs": 0,
  "dvars_nstd": 92.41834245305756,
  "dvars_std": 1.003820803489209,
  "dvars_vstd": 0.9926269588129497,
  "efc": 0.6784088484595077,
  "fber": 65.0738754272461,
  "fd_mean": 0.13691158393154698,
  "fd_num": 40,
  "fd_perc": 14.336917562724015,
  "fwhm_avg": 2.5955515205286375,
  "fwhm_x": 2.4919957522123894,
  "fwhm_y": 2.728603185840708,
  "fwhm_z": 2.566055623532815,
  "gcor": 0.00326187,
  "gsr_x": -0.010351594537496567,
  "gsr_y": 0.06228344514966011,
  "provenance": {
    "md5sum": "1bc826f23322459cb3402a894974fc7c",
    "settings": {
      "fd_thres": 0.2,
      "testing": false
    },
    "software": "mriqc",
    "version": "22.0.0rc1",
    "webapi_port": null,
    "webapi_url": "https://mriqc.nimh.nih.gov/api/v1"
  },
  "size_t": 279,
  "size_x": 128,
  "size_y": 128,
  "size_z": 29,
  "snr": 4.36340084708937,
  "spacing_tr": 1.899999976158142,
  "spacing_x": 1.765625,
  "spacing_y": 1.765625,
  "spacing_z": 1.7999999523162842,
  "summary_bg_k": 13.519428972136634,
  "summary_bg_mad": 18.524564535810473,
  "summary_bg_mean": 119.93392181396484,
  "summary_bg_median": 89.30465698242188,
  "summary_bg_n": 301095.0,
  "summary_bg_p05": 71.9426498413086,
  "summary_bg_p95": 294.4623565673824,
  "summary_bg_stdv": 78.4373779296875,
  "summary_fg_k": 0.9190317012969147,
  "summary_fg_mad": 144.3916471775052,
  "summary_fg_mean": 734.4735107421875,
  "summary_fg_median": 731.2974853515625,
  "summary_fg_n": 99879.0,
  "summary_fg_p05": 449.60608825683596,
  "summary_fg_p95": 1016.8817138671875,
  "summary_fg_stdv": 167.5972137451172,
  "tsnr": 12.957863378513139
}