{
  "aor": 0.00031949820788530466,
  "aqi": 0.0411958035842294,
  "bids_meta": {
    "AccelFactPE": 2,
    "AcquisitionNumber": 1,
    "AcquisitionTime": "11:15:36.145000",
    "BandwidthPerPixelPhaseEncode": 22.321,
    "ConversionSoftware": "dcm2niix",
    "ConversionSoftwareVersion": "v1.0.20170724 (OpenJPEG build) GCC6.1.0",
    "DeviceSerialNumber": "35002",
    "EchoTime": 0.028,
    "EffectiveEchoSpacing": 0.000350007,
    "FlipAngle": 90,
    "ImageType": [
      "ORIGINAL",
      "PRIMARY",
      "M",
      "ND",
      "MOSAIC"
    ],
    "InstitutionAddress": "University_Pkwy_1700_North_685_Provo_FC28C0_UT_US_84601",
    "InstitutionName": "Brigham_Young_University",
    "MagneticFieldStrength": 3,
    "Manufacturer": "Siemens",
    "ManufacturersModelName": "TrioTim",
    "PhaseEncodingDirection": "j-",
    "PhaseEncodingLines": 128,
    "ProcedureStepDescription": "Research_KIRWAN",
    "ProtocolName": "12Chan_1.8x1.8x1.8_TR1900_29Slice",
    "RepetitionTime": 1.9,
    "ScanningSequence": "EP",
    "SequenceName": "epfid2d1_128",
    "SequenceVariant": "SK",
    "SeriesDescription": "12Chan_1.8x1.8x1.8_TR1900_29Slice",
    "SliceTiming": [
      0,
      0.985,
      0.065,
      1.0525,
      0.13,
      1.1175,
      0.1975,
      1.1825,
      0.2625,
      1.25,
      0.3275,
      1.315,
      0.395,
      1.38,
      0.46,
      1.4475,
      0.525,
      1.5125,
      0.5925,
      1.5775,
      0.6575,
      1.645,
      0.7225,
      1.71,
      0.79,
      1.775,
      0.855,
      1.84,
      0.92
    ],
    "SoftwareVersions": "syngo_MR_B17",
    "TaskName": "MST",
    "TotalReadoutTime": 0.0437508,
    "TrueEchoSpacing": 0.000700013,
    "dataset": "ds003711",
    "modality": "bold",
    "run_id": 1,
    "subject_id": "49",
    "task_id": "MST"
  },
  "dummy_trs": 0,
  "dvars_nstd": 86.24931991370507,
  "dvars_std": 1.0197287384532374,
  "dvars_vstd": 1.0035040731294969,
  "efc": 0.6710768532706143,
  "fber": 75.77892303466797,
  "fd_mean": 0.08409012688520097,
  "fd_num": 4,
  "fd_perc": 1.4336917562724014,
  "fwhm_avg": 2.5556570769488283,
  "fwhm_x": 2.364794336283186,
  "fwhm_y": 2.6382046017699117,
  "fwhm_z": 2.6639722927933875,
  "gcor": 0.00608127,
  "gsr_x": -0.0058235847391188145,
  "gsr_y": 0.04663345217704773,
  "provenance": {
    "md5sum": "84b7ca828cbd97373709ad1ceb3977b8",
    "settings": {
      "fd_thres": 0.2,
      "testing": false
    },
    "software": "mriqc",
    "version": "22.0.0rc1",
    "webapi_port": null,
    "webapi_url": "https://mriqc.nimh.nih.gov/api/v1"
  },
  "size_t": 279,
  "size_x": 128,
  "size_y": 128,
  "size_z": 29,
  "snr": 4.39574459781789,
  "spacing_tr": 1.899999976158142,
  "spacing_x": 1.765625,
  "spacing_y": 1.765625,
  "spacing_z": 1.7999999523162842,
  "summary_bg_k": 16.468356193295374,
  "summary_bg_mad": 13.4390688035231,
  "summary_bg_mean": 112.47298431396484,
  "summary_bg_median": 83.44444274902344,
  "summary_bg_n": 299672.0,
  "summary_bg_p05": 71.10394287109375,
  "summary_bg_p95": 279.3190002441406,
  "summary_bg_stdv": 75.53325653076172,
  "summary_fg_k": 1.0317874339869313,
  "summary_fg_mad": 145.75995944227714,
  "summary_fg_mean": 744.7023315429688,
  "summary_fg_median": 740.1129150390625,
  "summary_fg_n": 101888.0,
  "summary_fg_p05": 467.18476715087894,
  "summary_fg_p95": 1028.4512207031248,
  "summary_fg_stdv": 168.36949157714844,
  "tsnr": 15.320643058978021
}