{
  "bids_meta": {
    "AcquisitionNumber": 1,
    "AcquisitionTime": "13:20:21.990000",
    "ConversionSoftware": "dcm2niix",
    "ConversionSoftwareVersion": "v1.0.20170724 (OpenJPEG build) GCC6.1.0",
    "DeviceSerialNumber": "35002",
    "EchoTime": 0.00226,
    "FlipAngle": 9,
    "ImageType": [
      "ORIGINAL",
      "PRIMARY",
      "M",
      "ND",
      "NORM"
    ],
    "InstitutionAddress": "University_Pkwy_1700_North_685_Provo_FC28C0_UT_US_84601",
    "InstitutionName": "Brigham_Young_University",
    "InversionTime": 0.9,
    "MagneticFieldStrength": 3,
    "Manufacturer": "Siemens",
    "ManufacturersModelName": "TrioTim",
    "PhaseEncodingDirection": "i-",
    "PhaseEncodingLines": 215,
    "ProcedureStepDescription": "Research_KIRWAN",
    "ProtocolName": "t1_mpr_sag_iso_mprage",
    "RepetitionTime": 1.9,
    "ScanningSequence": "GR_IR",
    "SequenceName": "_tfl3d1_ns",
    "SequenceVariant": "SP_MP_OSP",
    "SeriesDescription": "t1_mpr_sag_iso_mprage",
    "SoftwareVersions": "syngo_MR_B17",
    "dataset": "ds003711",
    "modality": "T1w",
    "subject_id": "13"
  },
  "cjv": 0.3010251823948315,
  "cnr": 4.370882088715923,
  "efc": 0.5982525347325909,
  "fber": 2027.212646484375,
  "fwhm_avg": 4.214634213333333,
  "fwhm_x": 4.09979,
  "fwhm_y": 4.43954176,
  "fwhm_z": 4.10457088,
  "icvs_csf": 0.1957087985188227,
  "icvs_gm": 0.4439783821256759,
  "icvs_wm": 0.3603128193555014,
  "inu_med": 1.39389967918396,
  "inu_range": 0.43151217699050903,
  "provenance": {
    "md5sum": "66aed79f9256c80d0b5f190cf2f7def7",
    "settings": {
      "testing": false
    },
    "software": "mriqc",
    "version": "22.0.0rc1",
    "warnings": {
      "large_rot_frame": true,
      "small_air_mask": false
    },
    "webapi_port": null,
    "webapi_url": "https://mriqc.nimh.nih.gov/api/v1"
  },
  "qi_1": 0.0,
  "qi_2": 0.004393926590452155,
  "rpve_csf": 23.630072264337702,
  "rpve_gm": 11.410667681913388,
  "rpve_wm": 16.39035693173314,
  "size_x": 176,
  "size_y": 224,
  "size_z": 256,
  "snr_csf": 3.849081188011734,
  "snr_gm": 14.613689815935075,
  "snr_total": 14.323433599918445,
  "snr_wm": 24.507529795808523,
  "snrd_csf": 28.847892257055577,
  "snrd_gm": 57.56273223665072,
  "snrd_total": 55.522430975782164,
  "snrd_wm": 80.1566684336402,
  "spacing_x": 1.0,
  "spacing_y": 0.9765625,
  "spacing_z": 0.9765625,
  "summary_bg_k": 2.787738952496624,
  "summary_bg_mad": 8.173244585991196,
  "summary_bg_mean": 13.210345268249512,
  "summary_bg_median": 10.892814636230469,
  "summary_bg_n": 2193708.0,
  "summary_bg_p05": 2.660922133922577,
  "summary_bg_p95": 29.47284746170044,
  "summary_bg_stdv": 8.89588451385498,
  "summary_csf_k": 5.348267366170212,
  "summary_csf_mad": 82.16196637338703,
  "summary_csf_mean": 381.51171875,
  "summary_csf_median": 359.8958740234375,
  "summary_csf_n": 15020.0,
  "summary_csf_p05": 262.7768020629883,
  "summary_csf_p95": 556.2202575683593,
  "summary_csf_stdv": 93.49864959716797,
  "summary_gm_k": 0.2589292893359869,
  "summary_gm_mad": 47.37413597661906,
  "summary_gm_mean": 717.281494140625,
  "summary_gm_median": 718.1318359375,
  "summary_gm_n": 22572.0,
  "summary_gm_p05": 634.7538482666016,
  "summary_gm_p95": 797.4073669433594,
  "summary_gm_stdv": 49.13994598388672,
  "summary_wm_k": 0.637020900970354,
  "summary_wm_mad": 37.47696984854321,
  "summary_wm_mean": 997.6952514648438,
  "summary_wm_median": 1000.005615234375,
  "summary_wm_n": 192885.0,
  "summary_wm_p05": 925.184521484375,
  "summary_wm_p95": 1060.4330322265625,
  "summary_wm_stdv": 40.80390930175781,
  "tpm_overlap_csf": 0.173959419131279,
  "tpm_overlap_gm": 0.45820242166519165,
  "tpm_overlap_wm": 0.5045206546783447,
  "wm2max": 0.468823726706107
}