{
  "bids_meta": {
    "AcquisitionNumber": 1,
    "AcquisitionTime": "17:30:39.755000",
    "ConversionSoftware": "dcm2niix",
    "ConversionSoftwareVersion": "v1.0.20170724 (OpenJPEG build) GCC6.1.0",
    "DeviceSerialNumber": "35002",
    "EchoTime": 0.064,
    "EchoTrainLength": 15,
    "FlipAngle": 178,
    "ImageType": [
      "ORIGINAL",
      "PRIMARY",
      "M",
      "ND"
    ],
    "InstitutionAddress": "University_Pkwy_1700_North_685_Provo_FC28C0_UT_US_84601",
    "InstitutionName": "Brigham_Young_University",
    "MagneticFieldStrength": 3,
    "Manufacturer": "Siemens",
    "ManufacturersModelName": "TrioTim",
    "PhaseEncodingDirection": "i-",
    "PhaseEncodingLines": 512,
    "ProcedureStepDescription": "Research_KIRWAN",
    "ProtocolName": "HiRes_T2",
    "RepetitionTime": 6.67,
    "ScanningSequence": "SE",
    "SequenceName": "_tse2d1_15",
    "SequenceVariant": "SK_SP_OSP",
    "SeriesDescription": "HiRes_T2",
    "SoftwareVersions": "syngo_MR_B17",
    "dataset": "ds003711",
    "modality": "T2w",
    "subject_id": "34"
  },
  "cjv": 0.588615209138045,
  "cnr": 1.1033648695899,
  "efc": 0.5913567241296289,
  "fber": 126.49834463415692,
  "fwhm_avg": 3.3276639849641807,
  "fwhm_x": 4.0546816,
  "fwhm_y": 1.802460754892541,
  "fwhm_z": 4.1258496000000004,
  "icvs_csf": 0.1810190478795842,
  "icvs_gm": 0.5856636910298867,
  "icvs_wm": 0.23331726109052908,
  "inu_med": 1.0655937194824219,
  "inu_range": 0.29722257852554324,
  "provenance": {
    "md5sum": "3ed17f75177de26125e275c883d51be5",
    "settings": {
      "testing": false
    },
    "software": "mriqc",
    "version": "22.0.0rc1",
    "warnings": {
      "large_rot_frame": false,
      "small_air_mask": false
    },
    "webapi_port": null,
    "webapi_url": "https://mriqc.nimh.nih.gov/api/v1"
  },
  "qi_1": 0.022077108744945093,
  "qi_2": 0.00010278192055921703,
  "rpve_csf": 15.542192992438611,
  "rpve_gm": 6.369064300887562,
  "rpve_wm": 13.795112845367548,
  "size_x": 512,
  "size_y": 19,
  "size_z": 512,
  "snr_csf": 4.516448621074737,
  "snr_gm": 10.793369812234292,
  "snr_total": 6.765299668113147,
  "snr_wm": 4.98608057103041,
  "snrd_csf": 22.338752259470375,
  "snrd_gm": 13.340125245447057,
  "snrd_total": 14.841737592666135,
  "snrd_wm": 8.846335273080973,
  "spacing_x": 0.390625,
  "spacing_y": 3.000004291534424,
  "spacing_z": 0.390625,
  "summary_bg_k": 20.800095416612926,
  "summary_bg_mad": 77.87798776071482,
  "summary_bg_mean": 228.4712030826879,
  "summary_bg_median": 121.3769793510437,
  "summary_bg_n": 1605235.0,
  "summary_bg_p05": 27.85854935646057,
  "summary_bg_p95": 957.1334600448608,
  "summary_bg_stdv": 410.2817177416971,
  "summary_csf_k": 1.3295872974676453,
  "summary_csf_mad": 553.0727809363622,
  "summary_csf_mean": 2722.7812998484414,
  "summary_csf_median": 2655.4731726646423,
  "summary_csf_n": 108732.0,
  "summary_csf_p05": 1897.1015512943268,
  "summary_csf_p95": 3687.271296977997,
  "summary_csf_stdv": 587.9533200383149,
  "summary_gm_k": 0.1411168648179557,
  "summary_gm_mad": 145.46495571019233,
  "summary_gm_mean": 1584.8101080536162,
  "summary_gm_median": 1585.7799172401428,
  "summary_gm_n": 358116.0,
  "summary_gm_p05": 1343.5887575149536,
  "summary_gm_p95": 1825.4384815692902,
  "summary_gm_stdv": 146.92146482205223,
  "summary_wm_k": 2.0329229477322857,
  "summary_wm_mad": 168.96741987369376,
  "summary_wm_mean": 1016.0320338980343,
  "summary_wm_median": 1051.5898883342743,
  "summary_wm_n": 137606.0,
  "summary_wm_p05": 624.5192646980286,
  "summary_wm_p95": 1294.3438470363617,
  "summary_wm_stdv": 210.90434707765687,
  "tpm_overlap_csf": 0.08784191310405731,
  "tpm_overlap_gm": 0.34571266174316406,
  "tpm_overlap_wm": 0.15405258536338806,
  "wm2max": 0.25295787369175327
}