{
  "bids_meta": {
    "AcquisitionNumber": 1,
    "AcquisitionTime": "16:19:3.780000",
    "ConversionSoftware": "dcm2niix",
    "ConversionSoftwareVersion": "v1.0.20170724 (OpenJPEG build) GCC6.1.0",
    "DeviceSerialNumber": "35002",
    "EchoTime": 0.00226,
    "FlipAngle": 9,
    "ImageType": [
      "ORIGINAL",
      "PRIMARY",
      "M",
      "ND",
      "NORM"
    ],
    "InstitutionAddress": "University_Pkwy_1700_North_685_Provo_FC28C0_UT_US_84601",
    "InstitutionName": "Brigham_Young_University",
    "InversionTime": 0.9,
    "MagneticFieldStrength": 3,
    "Manufacturer": "Siemens",
    "ManufacturersModelName": "TrioTim",
    "PhaseEncodingDirection": "i-",
    "PhaseEncodingLines": 215,
    "ProcedureStepDescription": "Research_KIRWAN",
    "ProtocolName": "t1_mpr_sag_iso_mprage",
    "RepetitionTime": 1.9,
    "ScanningSequence": "GR_IR",
    "SequenceName": "_tfl3d1_ns",
    "SequenceVariant": "SP_MP_OSP",
    "SeriesDescription": "t1_mpr_sag_iso_mprage",
    "SoftwareVersions": "syngo_MR_B17",
    "dataset": "ds003711",
    "modality": "T1w",
    "subject_id": "34"
  },
  "cjv": 0.3756551198208724,
  "cnr": 3.591241724196097,
  "efc": 0.6387654327244598,
  "fber": 1431.5555419921875,
  "fwhm_avg": 4.18245904,
  "fwhm_x": 3.90366,
  "fwhm_y": 4.546867199999999,
  "fwhm_z": 4.0968499199999995,
  "icvs_csf": 0.18926289811677185,
  "icvs_gm": 0.4485859504494704,
  "icvs_wm": 0.36215115143375776,
  "inu_med": 1.3787648677825928,
  "inu_range": 0.5463349223136902,
  "provenance": {
    "md5sum": "4d742bfbfcf1af90b025864b7aabe43a",
    "settings": {
      "testing": false
    },
    "software": "mriqc",
    "version": "22.0.0rc1",
    "warnings": {
      "large_rot_frame": true,
      "small_air_mask": false
    },
    "webapi_port": null,
    "webapi_url": "https://mriqc.nimh.nih.gov/api/v1"
  },
  "qi_1": 0.0,
  "qi_2": 0.010143818091162821,
  "rpve_csf": 19.88964395690141,
  "rpve_gm": 9.357529281801398,
  "rpve_wm": 13.114686396078621,
  "size_x": 176,
  "size_y": 224,
  "size_z": 256,
  "snr_csf": 3.7588161197475314,
  "snr_gm": 14.908069739074932,
  "snr_total": 12.859206443575388,
  "snr_wm": 19.9107334719037,
  "snrd_csf": 23.5041949520503,
  "snrd_gm": 49.456095135456636,
  "snrd_total": 46.4974488153936,
  "snrd_wm": 66.53205635867386,
  "spacing_x": 1.0,
  "spacing_y": 0.9765625,
  "spacing_z": 0.9765625,
  "summary_bg_k": 1.4526812900639516,
  "summary_bg_mad": 9.847024295271298,
  "summary_bg_mean": 15.188785552978516,
  "summary_bg_median": 13.293187141418457,
  "summary_bg_n": 1750707.0,
  "summary_bg_p05": 3.2890865325927736,
  "summary_bg_p95": 33.295218276977536,
  "summary_bg_stdv": 9.952451705932617,
  "summary_csf_k": 3.7831605745215047,
  "summary_csf_mad": 81.88047193666729,
  "summary_csf_mean": 367.7979736328125,
  "summary_csf_median": 353.2796936035156,
  "summary_csf_n": 22031.0,
  "summary_csf_p05": 244.51698303222656,
  "summary_csf_p95": 550.5093688964844,
  "summary_csf_stdv": 93.98482513427734,
  "summary_gm_k": 0.26561114134960073,
  "summary_gm_mad": 48.505181211549576,
  "summary_gm_mean": 742.2085571289062,
  "summary_gm_median": 743.349609375,
  "summary_gm_n": 34299.0,
  "summary_gm_p05": 659.8773681640625,
  "summary_gm_p95": 823.2846862792968,
  "summary_gm_stdv": 49.86150360107422,
  "summary_wm_k": 0.37314809999786736,
  "summary_wm_mad": 47.91052053778801,
  "summary_wm_mean": 998.93896484375,
  "summary_wm_median": 1000.009765625,
  "summary_wm_n": 238788.0,
  "summary_wm_p05": 913.0001159667969,
  "summary_wm_p95": 1078.4698364257813,
  "summary_wm_stdv": 50.224552154541016,
  "tpm_overlap_csf": 0.19346937537193298,
  "tpm_overlap_gm": 0.471658319234848,
  "tpm_overlap_wm": 0.5029382705688477,
  "wm2max": 0.4360574225815807
}