{
  "bids_meta": {
    "AcquisitionNumber": 1,
    "AcquisitionTime": "07:09:34.062500",
    "ConversionSoftware": "dcm2niix",
    "ConversionSoftwareVersion": "v1.0.20170724 (OpenJPEG build) GCC6.1.0",
    "DeviceSerialNumber": "35002",
    "EchoTime": 0.00226,
    "FlipAngle": 9,
    "ImageType": [
      "ORIGINAL",
      "PRIMARY",
      "M",
      "ND",
      "NORM"
    ],
    "InstitutionAddress": "University_Pkwy_1700_North_685_Provo_FC28C0_UT_US_84601",
    "InstitutionName": "Brigham_Young_University",
    "InversionTime": 0.9,
    "MagneticFieldStrength": 3,
    "Manufacturer": "Siemens",
    "ManufacturersModelName": "TrioTim",
    "PhaseEncodingDirection": "i-",
    "PhaseEncodingLines": 215,
    "ProcedureStepDescription": "Research_KIRWAN",
    "ProtocolName": "t1_mpr_sag_iso_mprage",
    "RepetitionTime": 1.9,
    "ScanningSequence": "GR_IR",
    "SequenceName": "_tfl3d1_ns",
    "SequenceVariant": "SP_MP_OSP",
    "SeriesDescription": "t1_mpr_sag_iso_mprage",
    "SoftwareVersions": "syngo_MR_B17",
    "dataset": "ds003711",
    "modality": "T1w",
    "subject_id": "10"
  },
  "cjv": 0.4375139752700375,
  "cnr": 3.0952064622912747,
  "efc": 0.6579088133320777,
  "fber": 1328.1280517578125,
  "fwhm_avg": 4.4138955200000005,
  "fwhm_x": 4.17346,
  "fwhm_y": 4.7961497600000005,
  "fwhm_z": 4.2720768,
  "icvs_csf": 0.19837109451724907,
  "icvs_gm": 0.41555502656942017,
  "icvs_wm": 0.3860738789133307,
  "inu_med": 1.3172721862792969,
  "inu_range": 0.5377126872539519,
  "provenance": {
    "md5sum": "88df006d8bde613ed9fc93f897d94643",
    "settings": {
      "testing": false
    },
    "software": "mriqc",
    "version": "22.0.0rc1",
    "warnings": {
      "large_rot_frame": true,
      "small_air_mask": false
    },
    "webapi_port": null,
    "webapi_url": "https://mriqc.nimh.nih.gov/api/v1"
  },
  "qi_1": 0.0,
  "qi_2": 0.0028779520450878805,
  "rpve_csf": 21.166031374940705,
  "rpve_gm": 10.623331409308703,
  "rpve_wm": 13.741274994364757,
  "size_x": 176,
  "size_y": 224,
  "size_z": 256,
  "snr_csf": 3.1695474590782426,
  "snr_gm": 13.103265179885982,
  "snr_total": 12.159688446939368,
  "snr_wm": 20.20625270185388,
  "snrd_csf": 18.746279470607462,
  "snrd_gm": 39.89449900410096,
  "snrd_total": 37.076644996465284,
  "snrd_wm": 52.58915651468741,
  "spacing_x": 1.0,
  "spacing_y": 0.9765625,
  "spacing_z": 0.9765625,
  "summary_bg_k": 562.9292565672623,
  "summary_bg_mad": 12.45795702296552,
  "summary_bg_mean": 17.731632232666016,
  "summary_bg_median": 13.790175437927246,
  "summary_bg_n": 1846507.0,
  "summary_bg_p05": 0.0,
  "summary_bg_p95": 40.129202651977536,
  "summary_bg_stdv": 16.779253005981445,
  "summary_csf_k": -0.15974144723952843,
  "summary_csf_mad": 111.63255395036808,
  "summary_csf_mean": 382.2059020996094,
  "summary_csf_median": 356.4759216308594,
  "summary_csf_n": 16328.0,
  "summary_csf_p05": 239.31108169555665,
  "summary_csf_p95": 591.6671173095702,
  "summary_csf_stdv": 112.46558380126953,
  "summary_gm_k": -0.04750069135663493,
  "summary_gm_mad": 58.40583123766085,
  "summary_gm_mean": 757.1005249023438,
  "summary_gm_median": 758.626708984375,
  "summary_gm_n": 18582.0,
  "summary_gm_p05": 659.2145202636718,
  "summary_gm_p95": 849.3240539550782,
  "summary_gm_stdv": 57.894447326660156,
  "summary_wm_k": 0.3331792891178309,
  "summary_wm_mad": 47.20975933294747,
  "summary_wm_mean": 999.4822387695312,
  "summary_wm_median": 1000.0260620117188,
  "summary_wm_n": 248822.0,
  "summary_wm_p05": 916.137353515625,
  "summary_wm_p95": 1079.6779235839845,
  "summary_wm_stdv": 49.490821838378906,
  "tpm_overlap_csf": 0.18596923351287842,
  "tpm_overlap_gm": 0.45363742113113403,
  "tpm_overlap_wm": 0.5159579515457153,
  "wm2max": 0.40660707845300964
}