{
  "bids_meta": {
    "AcquisitionNumber": 1,
    "AcquisitionTime": "08:16:57.672500",
    "ConversionSoftware": "dcm2niix",
    "ConversionSoftwareVersion": "v1.0.20170724 (OpenJPEG build) GCC6.1.0",
    "DeviceSerialNumber": "35002",
    "EchoTime": 0.064,
    "EchoTrainLength": 15,
    "FlipAngle": 178,
    "ImageType": [
      "ORIGINAL",
      "PRIMARY",
      "M",
      "ND"
    ],
    "InstitutionAddress": "University_Pkwy_1700_North_685_Provo_FC28C0_UT_US_84601",
    "InstitutionName": "Brigham_Young_University",
    "MagneticFieldStrength": 3,
    "Manufacturer": "Siemens",
    "ManufacturersModelName": "TrioTim",
    "PhaseEncodingDirection": "i-",
    "PhaseEncodingLines": 512,
    "ProcedureStepDescription": "Research_KIRWAN",
    "ProtocolName": "HiRes_T2",
    "RepetitionTime": 8.67,
    "ScanningSequence": "SE",
    "SequenceName": "_tse2d1_15",
    "SequenceVariant": "SK_SP_OSP",
    "SeriesDescription": "HiRes_T2",
    "SoftwareVersions": "syngo_MR_B17",
    "dataset": "ds003711",
    "modality": "T2w",
    "subject_id": "10"
  },
  "cjv": 0.6257736636549619,
  "cnr": 0.9033750114170682,
  "efc": 0.5902650169707824,
  "fber": 95.53910598691743,
  "fwhm_avg": 3.6635715446235504,
  "fwhm_x": 4.3937536,
  "fwhm_y": 2.0248518850464055,
  "fwhm_z": 4.572109148824245,
  "icvs_csf": 0.18805642723623017,
  "icvs_gm": 0.5957120070018164,
  "icvs_wm": 0.21623156576195351,
  "inu_med": 1.0740363597869873,
  "inu_range": 0.25585334300994855,
  "provenance": {
    "md5sum": "d0cf6e163032f96f5dc61a6c57954648",
    "settings": {
      "testing": false
    },
    "software": "mriqc",
    "version": "22.0.0rc1",
    "warnings": {
      "large_rot_frame": false,
      "small_air_mask": false
    },
    "webapi_port": null,
    "webapi_url": "https://mriqc.nimh.nih.gov/api/v1"
  },
  "qi_1": 0.012755971772753347,
  "qi_2": 6.489592972599584e-05,
  "rpve_csf": 14.656570282826053,
  "rpve_gm": 6.290718721717692,
  "rpve_wm": 14.382222626228268,
  "size_x": 512,
  "size_y": 19,
  "size_z": 512,
  "snr_csf": 4.027319716419432,
  "snr_gm": 10.428802622327089,
  "snr_total": 6.648260806094836,
  "snr_wm": 5.488660079537987,
  "snrd_csf": 21.409955590394166,
  "snrd_gm": 11.542174076501379,
  "snrd_total": 13.609195705094585,
  "snrd_wm": 7.875457448388211,
  "spacing_x": 0.390625,
  "spacing_y": 3.000002145767212,
  "spacing_z": 0.3906249701976776,
  "summary_bg_k": 26.79135243875408,
  "summary_bg_mad": 87.9828865119356,
  "summary_bg_mean": 258.3052837270021,
  "summary_bg_median": 135.89768175035715,
  "summary_bg_n": 1459431.0,
  "summary_bg_p05": 31.035456731915474,
  "summary_bg_p95": 991.8179596811533,
  "summary_bg_stdv": 487.75948183032835,
  "summary_csf_k": 0.7267165521184795,
  "summary_csf_mad": 720.5951782784202,
  "summary_csf_mean": 2951.6133604338243,
  "summary_csf_median": 2875.2939959540963,
  "summary_csf_n": 108229.0,
  "summary_csf_p05": 2031.881947554648,
  "summary_csf_p95": 4090.097009912133,
  "summary_csf_stdv": 713.9439912903531,
  "summary_gm_k": -0.008941763978737693,
  "summary_gm_mad": 149.05500107965,
  "summary_gm_mean": 1551.7124951521223,
  "summary_gm_median": 1550.0799935013056,
  "summary_gm_n": 338866.0,
  "summary_gm_p05": 1309.8843677639961,
  "summary_gm_p95": 1798.7398347109556,
  "summary_gm_stdv": 148.6342931664371,
  "summary_wm_k": 1.2131046788954558,
  "summary_wm_mad": 159.09425278941129,
  "summary_wm_mean": 1024.255430112058,
  "summary_wm_median": 1057.6507466882467,
  "summary_wm_n": 113163.0,
  "summary_wm_p05": 656.080150628835,
  "summary_wm_p95": 1284.585768185556,
  "summary_wm_stdv": 192.69658864304756,
  "tpm_overlap_csf": 0.10139060020446777,
  "tpm_overlap_gm": 0.3792455792427063,
  "tpm_overlap_wm": 0.19014206528663635,
  "wm2max": 0.24125144413530325
}