{
  "bids_meta": {
    "AcquisitionNumber": 1,
    "AcquisitionTime": "10:59:25.745000",
    "ConversionSoftware": "dcm2niix",
    "ConversionSoftwareVersion": "v1.0.20170724 (OpenJPEG build) GCC6.1.0",
    "DeviceSerialNumber": "35002",
    "EchoTime": 0.00226,
    "FlipAngle": 9,
    "ImageType": [
      "ORIGINAL",
      "PRIMARY",
      "M",
      "ND",
      "NORM"
    ],
    "InstitutionAddress": "University_Pkwy_1700_North_685_Provo_FC28C0_UT_US_84601",
    "InstitutionName": "Brigham_Young_University",
    "InversionTime": 0.9,
    "MagneticFieldStrength": 3,
    "Manufacturer": "Siemens",
    "ManufacturersModelName": "TrioTim",
    "PhaseEncodingDirection": "i-",
    "PhaseEncodingLines": 215,
    "ProcedureStepDescription": "Research_KIRWAN",
    "ProtocolName": "t1_mpr_sag_iso_mprage",
    "RepetitionTime": 1.9,
    "ScanningSequence": "GR_IR",
    "SequenceName": "_tfl3d1_ns",
    "SequenceVariant": "SP_MP_OSP",
    "SeriesDescription": "t1_mpr_sag_iso_mprage",
    "SoftwareVersions": "syngo_MR_B17",
    "dataset": "ds003711",
    "modality": "T1w",
    "subject_id": "45"
  },
  "cjv": 0.42010639648396625,
  "cnr": 3.264265784282887,
  "efc": 0.6430534734196306,
  "fber": 1348.2110595703125,
  "fwhm_avg": 4.183762293333333,
  "fwhm_x": 3.96518,
  "fwhm_y": 4.43518976,
  "fwhm_z": 4.15091712,
  "icvs_csf": 0.19198813953802055,
  "icvs_gm": 0.45150791997779116,
  "icvs_wm": 0.35650394048418826,
  "inu_med": 1.3783756494522095,
  "inu_range": 0.5139229893684387,
  "provenance": {
    "md5sum": "36206ae53632f3c8ea873b03129830cd",
    "settings": {
      "testing": false
    },
    "software": "mriqc",
    "version": "22.0.0rc1",
    "warnings": {
      "large_rot_frame": true,
      "small_air_mask": false
    },
    "webapi_port": null,
    "webapi_url": "https://mriqc.nimh.nih.gov/api/v1"
  },
  "qi_1": 0.0,
  "qi_2": 0.0069619011130455,
  "rpve_csf": 23.810966701090294,
  "rpve_gm": 11.252560767924242,
  "rpve_wm": 16.131400461619794,
  "size_x": 176,
  "size_y": 224,
  "size_z": 256,
  "snr_csf": 3.4193548144637878,
  "snr_gm": 14.618227717951651,
  "snr_total": 12.09862076419404,
  "snr_wm": 18.258279760166683,
  "snrd_csf": 21.353516121944043,
  "snrd_gm": 47.637699493386954,
  "snrd_total": 44.10752642400493,
  "snrd_wm": 63.33136365668379,
  "spacing_x": 1.0,
  "spacing_y": 0.9765625,
  "spacing_z": 0.9765625,
  "summary_bg_k": 1.5247062096660837,
  "summary_bg_mad": 10.344820868114791,
  "summary_bg_mean": 16.290353775024414,
  "summary_bg_median": 13.951310157775879,
  "summary_bg_n": 1947464.0,
  "summary_bg_p05": 3.453216087818146,
  "summary_bg_p95": 35.50379467010496,
  "summary_bg_stdv": 10.748950958251953,
  "summary_csf_k": 0.7137826909965432,
  "summary_csf_mad": 86.62685317836325,
  "summary_csf_mean": 360.72149658203125,
  "summary_csf_median": 337.1791076660156,
  "summary_csf_n": 15883.0,
  "summary_csf_p05": 240.2349105834961,
  "summary_csf_p95": 560.0609985351562,
  "summary_csf_stdv": 98.60588073730469,
  "summary_gm_k": 0.07562513128017079,
  "summary_gm_mad": 50.3746770937039,
  "summary_gm_mean": 750.9669189453125,
  "summary_gm_median": 752.215087890625,
  "summary_gm_n": 31302.0,
  "summary_gm_p05": 663.7956909179687,
  "summary_gm_p95": 834.121694946289,
  "summary_gm_stdv": 51.45651626586914,
  "summary_wm_k": 0.030981687465139185,
  "summary_wm_mad": 53.73111875555086,
  "summary_wm_mean": 997.4624633789062,
  "summary_wm_median": 1000.0232543945312,
  "summary_wm_n": 189606.0,
  "summary_wm_p05": 902.6778564453125,
  "summary_wm_p95": 1084.24951171875,
  "summary_wm_stdv": 54.77080154418945,
  "tpm_overlap_csf": 0.1820707470178604,
  "tpm_overlap_gm": 0.46807384490966797,
  "tpm_overlap_wm": 0.5105116963386536,
  "wm2max": 0.45299758882592667
}