{
  "bids_meta": {
    "AcquisitionNumber": 1,
    "AcquisitionTime": "16:03:0.590000",
    "ConversionSoftware": "dcm2niix",
    "ConversionSoftwareVersion": "v1.0.20170724 (OpenJPEG build) GCC6.1.0",
    "DeviceSerialNumber": "35002",
    "EchoTime": 0.064,
    "EchoTrainLength": 15,
    "FlipAngle": 178,
    "ImageType": [
      "ORIGINAL",
      "PRIMARY",
      "M",
      "ND"
    ],
    "InstitutionAddress": "University_Pkwy_1700_North_685_Provo_FC28C0_UT_US_84601",
    "InstitutionName": "Brigham_Young_University",
    "MagneticFieldStrength": 3,
    "Manufacturer": "Siemens",
    "ManufacturersModelName": "TrioTim",
    "PhaseEncodingDirection": "i-",
    "PhaseEncodingLines": 512,
    "ProcedureStepDescription": "Research_KIRWAN",
    "ProtocolName": "HiRes_T2",
    "RepetitionTime": 6.45,
    "ScanningSequence": "SE",
    "SequenceName": "_tse2d1_15",
    "SequenceVariant": "SK_SP_OSP",
    "SeriesDescription": "HiRes_T2",
    "SoftwareVersions": "syngo_MR_B17",
    "dataset": "ds003711",
    "modality": "T2w",
    "subject_id": "03"
  },
  "cjv": 1.1644915953250816,
  "cnr": 1.0592792768448327,
  "efc": 0.5742088001468628,
  "fber": 113.10698240447759,
  "fwhm_avg": 3.1636469331091965,
  "fwhm_x": 3.746943714130881,
  "fwhm_y": 1.9108834851967083,
  "fwhm_z": 3.8331136,
  "icvs_csf": 0.4120639675000264,
  "icvs_gm": 0.10323692253815435,
  "icvs_wm": 0.48469910996181925,
  "inu_med": 1.0986753702163696,
  "inu_range": 0.22086108326911913,
  "provenance": {
    "md5sum": "06b02392b1d922f6a1398ae3c1a238fc",
    "settings": {
      "testing": false
    },
    "software": "mriqc",
    "version": "22.0.0rc1",
    "warnings": {
      "large_rot_frame": false,
      "small_air_mask": false
    },
    "webapi_port": null,
    "webapi_url": "https://mriqc.nimh.nih.gov/api/v1"
  },
  "qi_1": 0.018110800188573375,
  "qi_2": 0.00011319370829712704,
  "rpve_csf": 9.375664522951546,
  "rpve_gm": 38.61286920652216,
  "rpve_wm": 8.572782263003363,
  "size_x": 512,
  "size_y": 19,
  "size_z": 512,
  "snr_csf": 11.314037216551203,
  "snr_gm": 2.1817843915104205,
  "snr_total": 7.415538868343607,
  "snr_wm": 8.750794996969203,
  "snrd_csf": 15.84393359932888,
  "snrd_gm": 21.538004751834244,
  "snrd_total": 16.024831109140944,
  "snrd_wm": 10.692554976259702,
  "spacing_x": 0.3906250298023224,
  "spacing_y": 2.999999761581421,
  "spacing_z": 0.390625,
  "summary_bg_k": 74.37486708929067,
  "summary_bg_mad": 62.42785757276839,
  "summary_bg_mean": 143.86888205566058,
  "summary_bg_median": 101.50496706366539,
  "summary_bg_n": 1620398.0,
  "summary_bg_p05": 23.775217048823833,
  "summary_bg_p95": 319.1642773523927,
  "summary_bg_stdv": 231.15197550477836,
  "summary_csf_k": 0.3233843031078716,
  "summary_csf_mad": 130.19650143978504,
  "summary_csf_mean": 1516.1182984586476,
  "summary_csf_median": 1509.7663082182407,
  "summary_csf_n": 270576.0,
  "summary_csf_p05": 1308.677603751421,
  "summary_csf_p95": 1744.0762755647302,
  "summary_csf_stdv": 133.4416256025145,
  "summary_gm_k": -1.388878682847027,
  "summary_gm_mad": 1084.5356701520107,
  "summary_gm_mean": 1763.007019066563,
  "summary_gm_median": 2052.3535848408937,
  "summary_gm_n": 70129.0,
  "summary_gm_p05": 450.0000172331929,
  "summary_gm_p95": 3111.2393122315398,
  "summary_gm_stdv": 940.6699214056802,
  "summary_wm_k": -0.13456382839072178,
  "summary_wm_mad": 118.92150815192761,
  "summary_wm_mean": 1017.3298514080834,
  "summary_wm_median": 1018.8921299576759,
  "summary_wm_n": 338831.0,
  "summary_wm_p05": 825.8085490763187,
  "summary_wm_p95": 1207.4127903953195,
  "summary_wm_stdv": 116.43406419292761,
  "tpm_overlap_csf": 0.07865160703659058,
  "tpm_overlap_gm": 0.08192480355501175,
  "tpm_overlap_wm": 0.2850172221660614,
  "wm2max": 0.29017623053598707
}