{
  "aor": 0.00028007168458781364,
  "aqi": 0.037381485663082435,
  "bids_meta": {
    "AccelFactPE": 2,
    "AcquisitionNumber": 1,
    "AcquisitionTime": "13:47:7.292500",
    "BandwidthPerPixelPhaseEncode": 22.321,
    "ConversionSoftware": "dcm2niix",
    "ConversionSoftwareVersion": "v1.0.20170724 (OpenJPEG build) GCC6.1.0",
    "DeviceSerialNumber": "35002",
    "EchoTime": 0.028,
    "EffectiveEchoSpacing": 0.000350007,
    "FlipAngle": 90,
    "ImageType": [
      "ORIGINAL",
      "PRIMARY",
      "M",
      "ND",
      "MOSAIC"
    ],
    "InstitutionAddress": "University_Pkwy_1700_North_685_Provo_FC28C0_UT_US_84601",
    "InstitutionName": "Brigham_Young_University",
    "MagneticFieldStrength": 3,
    "Manufacturer": "Siemens",
    "ManufacturersModelName": "TrioTim",
    "PhaseEncodingDirection": "j-",
    "PhaseEncodingLines": 128,
    "ProcedureStepDescription": "Research_KIRWAN",
    "ProtocolName": "12Chan_1.8x1.8x1.8_TR1900_29Slice",
    "RepetitionTime": 1.9,
    "ScanningSequence": "EP",
    "SequenceName": "epfid2d1_128",
    "SequenceVariant": "SK",
    "SeriesDescription": "12Chan_1.8x1.8x1.8_TR1900_29Slice",
    "SliceTiming": [
      0,
      0.9875,
      0.0675,
      1.0525,
      0.1325,
      1.1175,
      0.1975,
      1.185,
      0.2625,
      1.25,
      0.33,
      1.315,
      0.395,
      1.3825,
      0.46,
      1.4475,
      0.5275,
      1.5125,
      0.5925,
      1.58,
      0.6575,
      1.645,
      0.725,
      1.71,
      0.79,
      1.775,
      0.855,
      1.8425,
      0.9225
    ],
    "SoftwareVersions": "syngo_MR_B17",
    "TaskName": "MST",
    "TotalReadoutTime": 0.0437508,
    "TrueEchoSpacing": 0.000700013,
    "dataset": "ds003711",
    "modality": "bold",
    "run_id": 1,
    "subject_id": "11",
    "task_id": "MST"
  },
  "dummy_trs": 0,
  "dvars_nstd": 81.38875964025186,
  "dvars_std": 1.0475223581294961,
  "dvars_vstd": 1.0016614817266187,
  "efc": 0.6564922009389975,
  "fber": 94.8931884765625,
  "fd_mean": 0.1311104301421991,
  "fd_num": 51,
  "fd_perc": 18.27956989247312,
  "fwhm_avg": 2.505776167371859,
  "fwhm_x": 2.3414145132743363,
  "fwhm_y": 2.569447253126786,
  "fwhm_z": 2.606466735714455,
  "gcor": 0.00887114,
  "gsr_x": -0.026430713012814522,
  "gsr_y": 0.06149181351065636,
  "provenance": {
    "md5sum": "af0a2c0330a749584492fd2ebf333db0",
    "settings": {
      "fd_thres": 0.2,
      "testing": false
    },
    "software": "mriqc",
    "version": "22.0.0rc1",
    "webapi_port": null,
    "webapi_url": "https://mriqc.nimh.nih.gov/api/v1"
  },
  "size_t": 279,
  "size_x": 128,
  "size_y": 128,
  "size_z": 29,
  "snr": 4.544857067331639,
  "spacing_tr": 1.899999976158142,
  "spacing_x": 1.765625,
  "spacing_y": 1.7656248807907104,
  "spacing_z": 1.7999999523162842,
  "summary_bg_k": 22.062133337021123,
  "summary_bg_mad": 12.370959960375464,
  "summary_bg_mean": 100.83208465576172,
  "summary_bg_median": 76.86380004882812,
  "summary_bg_n": 293913.0,
  "summary_bg_p05": 65.21863555908203,
  "summary_bg_p95": 229.13404846191395,
  "summary_bg_stdv": 68.39938354492188,
  "summary_fg_k": 0.9371381902533988,
  "summary_fg_mad": 149.93412174301116,
  "summary_fg_mean": 765.959716796875,
  "summary_fg_median": 758.48388671875,
  "summary_fg_n": 110161.0,
  "summary_fg_p05": 509.97491455078125,
  "summary_fg_p95": 1051.4981689453125,
  "summary_fg_stdv": 166.88763427734375,
  "tsnr": 17.558571701985784
}