{
  "aor": 0.00031530465949820786,
  "aqi": 0.05500059462365591,
  "bids_meta": {
    "AccelFactPE": 2,
    "AcquisitionNumber": 1,
    "AcquisitionTime": "15:58:8.087500",
    "BandwidthPerPixelPhaseEncode": 22.321,
    "ConversionSoftware": "dcm2niix",
    "ConversionSoftwareVersion": "v1.0.20170724 (OpenJPEG build) GCC6.1.0",
    "DeviceSerialNumber": "35002",
    "EchoTime": 0.028,
    "EffectiveEchoSpacing": 0.000350007,
    "FlipAngle": 90,
    "ImageType": [
      "ORIGINAL",
      "PRIMARY",
      "M",
      "ND",
      "MOSAIC"
    ],
    "InstitutionAddress": "University_Pkwy_1700_North_685_Provo_FC28C0_UT_US_84601",
    "InstitutionName": "Brigham_Young_University",
    "MagneticFieldStrength": 3,
    "Manufacturer": "Siemens",
    "ManufacturersModelName": "TrioTim",
    "PhaseEncodingDirection": "j-",
    "PhaseEncodingLines": 128,
    "ProcedureStepDescription": "Research_KIRWAN",
    "ProtocolName": "12Chan_1.8x1.8x1.8_TR1900_29Slice",
    "RepetitionTime": 1.9,
    "ScanningSequence": "EP",
    "SequenceName": "epfid2d1_128",
    "SequenceVariant": "SK",
    "SeriesDescription": "12Chan_1.8x1.8x1.8_TR1900_29Slice",
    "SliceTiming": [
      0,
      0.9875,
      0.065,
      1.0525,
      0.1325,
      1.1175,
      0.1975,
      1.1825,
      0.2625,
      1.25,
      0.3275,
      1.315,
      0.395,
      1.38,
      0.46,
      1.4475,
      0.525,
      1.5125,
      0.5925,
      1.5775,
      0.6575,
      1.645,
      0.7225,
      1.71,
      0.79,
      1.775,
      0.855,
      1.8425,
      0.92
    ],
    "SoftwareVersions": "syngo_MR_B17",
    "TaskName": "MST",
    "TotalReadoutTime": 0.0437508,
    "TrueEchoSpacing": 0.000700013,
    "dataset": "ds003711",
    "modality": "bold",
    "run_id": 5,
    "subject_id": "38",
    "task_id": "MST"
  },
  "dummy_trs": 0,
  "dvars_nstd": 87.18443806046764,
  "dvars_std": 1.0403965229136687,
  "dvars_vstd": 1.0055524683093522,
  "efc": 0.6496733018027924,
  "fber": 83.08045959472656,
  "fd_mean": 0.11473406441391498,
  "fd_num": 20,
  "fd_perc": 7.168458781362007,
  "fwhm_avg": 2.2694962560376393,
  "fwhm_x": 2.175382654867257,
  "fwhm_y": 2.3360339823008847,
  "fwhm_z": 2.297072130944777,
  "gcor": 0.00514793,
  "gsr_x": -0.014497579075396061,
  "gsr_y": 0.04076109454035759,
  "provenance": {
    "md5sum": "27a380c049d4c84663863fdd040daa2a",
    "settings": {
      "fd_thres": 0.2,
      "testing": false
    },
    "software": "mriqc",
    "version": "22.0.0rc1",
    "webapi_port": null,
    "webapi_url": "https://mriqc.nimh.nih.gov/api/v1"
  },
  "size_t": 279,
  "size_x": 128,
  "size_y": 128,
  "size_z": 29,
  "snr": 4.91107158012379,
  "spacing_tr": 1.899999976158142,
  "spacing_x": 1.765625,
  "spacing_y": 1.765625,
  "spacing_z": 1.8000000715255737,
  "summary_bg_k": 47.006038289798944,
  "summary_bg_mad": 20.597008789885784,
  "summary_bg_mean": 109.37610626220703,
  "summary_bg_median": 89.87813568115234,
  "summary_bg_n": 302646.0,
  "summary_bg_p05": 68.74193572998047,
  "summary_bg_p95": 209.78942489624023,
  "summary_bg_stdv": 76.7945556640625,
  "summary_fg_k": 1.1284245709747296,
  "summary_fg_mad": 147.45774892125675,
  "summary_fg_mean": 831.9363403320312,
  "summary_fg_median": 823.2509155273438,
  "summary_fg_n": 103141.0,
  "summary_fg_p05": 579.82080078125,
  "summary_fg_p95": 1119.8817138671875,
  "summary_fg_stdv": 167.6308135986328,
  "tsnr": 16.30809030192904
}