{
  "aor": 0.0003274193548387097,
  "aqi": 0.0402452458781362,
  "bids_meta": {
    "AccelFactPE": 2,
    "AcquisitionNumber": 1,
    "AcquisitionTime": "15:13:21.590000",
    "BandwidthPerPixelPhaseEncode": 22.321,
    "ConversionSoftware": "dcm2niix",
    "ConversionSoftwareVersion": "v1.0.20170724 (OpenJPEG build) GCC6.1.0",
    "DeviceSerialNumber": "35002",
    "EchoTime": 0.028,
    "EffectiveEchoSpacing": 0.000350007,
    "FlipAngle": 90,
    "ImageType": [
      "ORIGINAL",
      "PRIMARY",
      "M",
      "ND",
      "MOSAIC"
    ],
    "InstitutionAddress": "University_Pkwy_1700_North_685_Provo_FC28C0_UT_US_84601",
    "InstitutionName": "Brigham_Young_University",
    "MagneticFieldStrength": 3,
    "Manufacturer": "Siemens",
    "ManufacturersModelName": "TrioTim",
    "PhaseEncodingDirection": "j-",
    "PhaseEncodingLines": 128,
    "ProcedureStepDescription": "Research_KIRWAN",
    "ProtocolName": "12Chan_1.8x1.8x1.8_TR1900_29Slice",
    "RepetitionTime": 1.9,
    "ScanningSequence": "EP",
    "SequenceName": "epfid2d1_128",
    "SequenceVariant": "SK",
    "SeriesDescription": "12Chan_1.8x1.8x1.8_TR1900_29Slice",
    "SliceTiming": [
      0,
      0.9875,
      0.065,
      1.0525,
      0.1325,
      1.1175,
      0.1975,
      1.185,
      0.2625,
      1.25,
      0.33,
      1.315,
      0.395,
      1.38,
      0.46,
      1.4475,
      0.5275,
      1.5125,
      0.5925,
      1.5775,
      0.6575,
      1.645,
      0.7225,
      1.71,
      0.79,
      1.775,
      0.855,
      1.8425,
      0.92
    ],
    "SoftwareVersions": "syngo_MR_B17",
    "TaskName": "MST",
    "TotalReadoutTime": 0.0437508,
    "TrueEchoSpacing": 0.000700013,
    "dataset": "ds003711",
    "modality": "bold",
    "run_id": 1,
    "subject_id": "38",
    "task_id": "MST"
  },
  "dummy_trs": 0,
  "dvars_nstd": 73.02625052356115,
  "dvars_std": 1.040570119028777,
  "dvars_vstd": 1.0036655444964033,
  "efc": 0.6316076926954767,
  "fber": 114.31510162353516,
  "fd_mean": 0.09297031705121736,
  "fd_num": 5,
  "fd_perc": 1.7921146953405018,
  "fwhm_avg": 2.330230429683754,
  "fwhm_x": 2.179415221238938,
  "fwhm_y": 2.360642831858407,
  "fwhm_z": 2.4506332359539176,
  "gcor": 0.0041507,
  "gsr_x": -0.010886231437325478,
  "gsr_y": 0.0335392951965332,
  "provenance": {
    "md5sum": "83f054aa74ef46cfe37bbb814737e873",
    "settings": {
      "fd_thres": 0.2,
      "testing": false
    },
    "software": "mriqc",
    "version": "22.0.0rc1",
    "webapi_port": null,
    "webapi_url": "https://mriqc.nimh.nih.gov/api/v1"
  },
  "size_t": 279,
  "size_x": 128,
  "size_y": 128,
  "size_z": 29,
  "snr": 4.916891604230442,
  "spacing_tr": 1.899999976158142,
  "spacing_x": 1.765625,
  "spacing_y": 1.765625,
  "spacing_z": 1.8000000715255737,
  "summary_bg_k": 50.349908651476134,
  "summary_bg_mad": 12.790758362287377,
  "summary_bg_mean": 98.93087005615234,
  "summary_bg_median": 77.42293548583984,
  "summary_bg_n": 302452.0,
  "summary_bg_p05": 64.34247207641602,
  "summary_bg_p95": 197.9462432861328,
  "summary_bg_stdv": 79.1194076538086,
  "summary_fg_k": 1.1811015874633988,
  "summary_fg_mad": 149.397420463839,
  "summary_fg_mean": 843.2223510742188,
  "summary_fg_median": 833.926513671875,
  "summary_fg_n": 103298.0,
  "summary_fg_p05": 587.2922729492187,
  "summary_fg_p95": 1134.8639831542966,
  "summary_fg_stdv": 169.6035919189453,
  "tsnr": 19.236831507005263
}