{
  "aor": 0.00038035842293906806,
  "aqi": 0.0544114505376344,
  "bids_meta": {
    "AccelFactPE": 2,
    "AcquisitionNumber": 1,
    "AcquisitionTime": "15:23:17.682500",
    "BandwidthPerPixelPhaseEncode": 22.321,
    "ConversionSoftware": "dcm2niix",
    "ConversionSoftwareVersion": "v1.0.20170724 (OpenJPEG build) GCC6.1.0",
    "DeviceSerialNumber": "35002",
    "EchoTime": 0.028,
    "EffectiveEchoSpacing": 0.000350007,
    "FlipAngle": 90,
    "ImageType": [
      "ORIGINAL",
      "PRIMARY",
      "M",
      "ND",
      "MOSAIC"
    ],
    "InstitutionAddress": "University_Pkwy_1700_North_685_Provo_FC28C0_UT_US_84601",
    "InstitutionName": "Brigham_Young_University",
    "MagneticFieldStrength": 3,
    "Manufacturer": "Siemens",
    "ManufacturersModelName": "TrioTim",
    "PhaseEncodingDirection": "j-",
    "PhaseEncodingLines": 128,
    "ProcedureStepDescription": "Research_KIRWAN",
    "ProtocolName": "12Chan_1.8x1.8x1.8_TR1900_29Slice",
    "RepetitionTime": 1.9,
    "ScanningSequence": "EP",
    "SequenceName": "epfid2d1_128",
    "SequenceVariant": "SK",
    "SeriesDescription": "12Chan_1.8x1.8x1.8_TR1900_29Slice",
    "SliceTiming": [
      0,
      0.9875,
      0.065,
      1.0525,
      0.1325,
      1.1175,
      0.1975,
      1.1825,
      0.2625,
      1.25,
      0.33,
      1.315,
      0.395,
      1.38,
      0.46,
      1.4475,
      0.525,
      1.5125,
      0.5925,
      1.5775,
      0.6575,
      1.645,
      0.7225,
      1.71,
      0.79,
      1.775,
      0.855,
      1.8425,
      0.92
    ],
    "SoftwareVersions": "syngo_MR_B17",
    "TaskName": "MST",
    "TotalReadoutTime": 0.0437508,
    "TrueEchoSpacing": 0.000700013,
    "dataset": "ds003711",
    "modality": "bold",
    "run_id": 2,
    "subject_id": "38",
    "task_id": "MST"
  },
  "dummy_trs": 0,
  "dvars_nstd": 86.11662287017978,
  "dvars_std": 1.0386969322661865,
  "dvars_vstd": 1.0028302793525177,
  "efc": 0.6474964912573364,
  "fber": 86.55573272705078,
  "fd_mean": 0.09535273269003858,
  "fd_num": 4,
  "fd_perc": 1.4336917562724014,
  "fwhm_avg": 2.2946908636740875,
  "fwhm_x": 2.1754732743362832,
  "fwhm_y": 2.359532743362832,
  "fwhm_z": 2.3490665733231477,
  "gcor": 0.00167634,
  "gsr_x": -0.01561000756919384,
  "gsr_y": 0.042112890630960464,
  "provenance": {
    "md5sum": "40b7c392101fdea7f7cf9422589684d0",
    "settings": {
      "fd_thres": 0.2,
      "testing": false
    },
    "software": "mriqc",
    "version": "22.0.0rc1",
    "webapi_port": null,
    "webapi_url": "https://mriqc.nimh.nih.gov/api/v1"
  },
  "size_t": 279,
  "size_x": 128,
  "size_y": 128,
  "size_z": 29,
  "snr": 4.920548038001496,
  "spacing_tr": 1.899999976158142,
  "spacing_x": 1.765625,
  "spacing_y": 1.765625,
  "spacing_z": 1.8000000715255737,
  "summary_bg_k": 51.38894164285385,
  "summary_bg_mad": 19.84774448512343,
  "summary_bg_mean": 108.22352600097656,
  "summary_bg_median": 88.2258071899414,
  "summary_bg_n": 302855.0,
  "summary_bg_p05": 68.35125732421875,
  "summary_bg_p95": 204.46701812744138,
  "summary_bg_stdv": 78.67697143554688,
  "summary_fg_k": 1.1118293383270794,
  "summary_fg_mad": 147.44725198172142,
  "summary_fg_mean": 834.15625,
  "summary_fg_median": 825.5411987304688,
  "summary_fg_n": 102805.0,
  "summary_fg_p05": 580.54912109375,
  "summary_fg_p95": 1123.1669921874998,
  "summary_fg_stdv": 167.77342224121094,
  "tsnr": 16.246746433898807
}