{
  "aor": 0.00031953405017921143,
  "aqi": 0.0538889265232975,
  "bids_meta": {
    "AccelFactPE": 2,
    "AcquisitionNumber": 1,
    "AcquisitionTime": "15:46:1.830000",
    "BandwidthPerPixelPhaseEncode": 22.321,
    "ConversionSoftware": "dcm2niix",
    "ConversionSoftwareVersion": "v1.0.20170724 (OpenJPEG build) GCC6.1.0",
    "DeviceSerialNumber": "35002",
    "EchoTime": 0.028,
    "EffectiveEchoSpacing": 0.000350007,
    "FlipAngle": 90,
    "ImageType": [
      "ORIGINAL",
      "PRIMARY",
      "M",
      "ND",
      "MOSAIC"
    ],
    "InstitutionAddress": "University_Pkwy_1700_North_685_Provo_FC28C0_UT_US_84601",
    "InstitutionName": "Brigham_Young_University",
    "MagneticFieldStrength": 3,
    "Manufacturer": "Siemens",
    "ManufacturersModelName": "TrioTim",
    "PhaseEncodingDirection": "j-",
    "PhaseEncodingLines": 128,
    "ProcedureStepDescription": "Research_KIRWAN",
    "ProtocolName": "12Chan_1.8x1.8x1.8_TR1900_29Slice",
    "RepetitionTime": 1.9,
    "ScanningSequence": "EP",
    "SequenceName": "epfid2d1_128",
    "SequenceVariant": "SK",
    "SeriesDescription": "12Chan_1.8x1.8x1.8_TR1900_29Slice",
    "SliceTiming": [
      0,
      0.985,
      0.065,
      1.0525,
      0.13,
      1.1175,
      0.1975,
      1.1825,
      0.2625,
      1.2475,
      0.3275,
      1.315,
      0.3925,
      1.38,
      0.46,
      1.445,
      0.525,
      1.5125,
      0.59,
      1.5775,
      0.6575,
      1.6425,
      0.7225,
      1.71,
      0.7875,
      1.775,
      0.855,
      1.84,
      0.92
    ],
    "SoftwareVersions": "syngo_MR_B17",
    "TaskName": "MST",
    "TotalReadoutTime": 0.0437508,
    "TrueEchoSpacing": 0.000700013,
    "dataset": "ds003711",
    "modality": "bold",
    "run_id": 4,
    "subject_id": "38",
    "task_id": "MST"
  },
  "dummy_trs": 0,
  "dvars_nstd": 85.65006585431654,
  "dvars_std": 1.04019404471223,
  "dvars_vstd": 1.004219485503597,
  "efc": 0.646792962216779,
  "fber": 87.0015640258789,
  "fd_mean": 0.10885162806025941,
  "fd_num": 14,
  "fd_perc": 5.017921146953405,
  "fwhm_avg": 2.2795741743218216,
  "fwhm_x": 2.1668474336283183,
  "fwhm_y": 2.34226407079646,
  "fwhm_z": 2.329611018540686,
  "gcor": 0.00413173,
  "gsr_x": -0.014033264480531216,
  "gsr_y": 0.03905007988214493,
  "provenance": {
    "md5sum": "579f71823980c14f938626d3d734b9be",
    "settings": {
      "fd_thres": 0.2,
      "testing": false
    },
    "software": "mriqc",
    "version": "22.0.0rc1",
    "webapi_port": null,
    "webapi_url": "https://mriqc.nimh.nih.gov/api/v1"
  },
  "size_t": 279,
  "size_x": 128,
  "size_y": 128,
  "size_z": 29,
  "snr": 4.901842268606023,
  "spacing_tr": 1.899999976158142,
  "spacing_x": 1.765625,
  "spacing_y": 1.765625,
  "spacing_z": 1.8000000715255737,
  "summary_bg_k": 49.28969859091417,
  "summary_bg_mad": 19.736146634417132,
  "summary_bg_mean": 107.12618255615234,
  "summary_bg_median": 87.78136444091797,
  "summary_bg_n": 303022.0,
  "summary_bg_p05": 68.12903594970703,
  "summary_bg_p95": 204.51576995849618,
  "summary_bg_stdv": 74.50164031982422,
  "summary_fg_k": 1.1404732835322209,
  "summary_fg_mad": 147.10175788563657,
  "summary_fg_mean": 831.7803344726562,
  "summary_fg_median": 822.7437744140625,
  "summary_fg_n": 102824.0,
  "summary_fg_p05": 579.63779296875,
  "summary_fg_p95": 1120.3363830566407,
  "summary_fg_stdv": 167.8429718017578,
  "tsnr": 16.547170248813927
}