{
  "aor": 0.00030179211469534046,
  "aqi": 0.048902013261648745,
  "bids_meta": {
    "AccelFactPE": 2,
    "AcquisitionNumber": 1,
    "AcquisitionTime": "15:21:56.537500",
    "BandwidthPerPixelPhaseEncode": 22.321,
    "ConversionSoftware": "dcm2niix",
    "ConversionSoftwareVersion": "v1.0.20170724 (OpenJPEG build) GCC6.1.0",
    "DeviceSerialNumber": "35002",
    "EchoTime": 0.028,
    "EffectiveEchoSpacing": 0.000350007,
    "FlipAngle": 90,
    "ImageType": [
      "ORIGINAL",
      "PRIMARY",
      "M",
      "ND",
      "MOSAIC"
    ],
    "InstitutionAddress": "University_Pkwy_1700_North_685_Provo_FC28C0_UT_US_84601",
    "InstitutionName": "Brigham_Young_University",
    "MagneticFieldStrength": 3,
    "Manufacturer": "Siemens",
    "ManufacturersModelName": "TrioTim",
    "PhaseEncodingDirection": "j-",
    "PhaseEncodingLines": 128,
    "ProcedureStepDescription": "Research_KIRWAN",
    "ProtocolName": "12Chan_1.8x1.8x1.8_TR1900_29Slice",
    "RepetitionTime": 1.9,
    "ScanningSequence": "EP",
    "SequenceName": "epfid2d1_128",
    "SequenceVariant": "SK",
    "SeriesDescription": "12Chan_1.8x1.8x1.8_TR1900_29Slice",
    "SliceTiming": [
      0,
      0.985,
      0.065,
      1.0525,
      0.13,
      1.1175,
      0.1975,
      1.1825,
      0.2625,
      1.25,
      0.3275,
      1.315,
      0.395,
      1.38,
      0.46,
      1.4475,
      0.525,
      1.5125,
      0.5925,
      1.5775,
      0.6575,
      1.645,
      0.7225,
      1.71,
      0.79,
      1.775,
      0.855,
      1.84,
      0.92
    ],
    "SoftwareVersions": "syngo_MR_B17",
    "TaskName": "MST",
    "TotalReadoutTime": 0.0437508,
    "TrueEchoSpacing": 0.000700013,
    "dataset": "ds003711",
    "modality": "bold",
    "run_id": 5,
    "subject_id": "39",
    "task_id": "MST"
  },
  "dummy_trs": 0,
  "dvars_nstd": 90.84715065194248,
  "dvars_std": 1.013210108345324,
  "dvars_vstd": 1.0012695461870509,
  "efc": 0.6650214202508298,
  "fber": 69.74064636230469,
  "fd_mean": 0.11892590403613489,
  "fd_num": 19,
  "fd_perc": 6.810035842293907,
  "fwhm_avg": 2.3813191254512307,
  "fwhm_x": 2.3526116814159295,
  "fwhm_y": 2.4992623008849555,
  "fwhm_z": 2.292083394052807,
  "gcor": 0.00255112,
  "gsr_x": -0.024691684171557426,
  "gsr_y": 0.05767829343676567,
  "provenance": {
    "md5sum": "891379d15440ff55f31cbb7d1c496783",
    "settings": {
      "fd_thres": 0.2,
      "testing": false
    },
    "software": "mriqc",
    "version": "22.0.0rc1",
    "webapi_port": null,
    "webapi_url": "https://mriqc.nimh.nih.gov/api/v1"
  },
  "size_t": 279,
  "size_x": 128,
  "size_y": 128,
  "size_z": 29,
  "snr": 4.381889780231419,
  "spacing_tr": 1.899999976158142,
  "spacing_x": 1.765625,
  "spacing_y": 1.765625,
  "spacing_z": 1.7999999523162842,
  "summary_bg_k": 25.306976490266248,
  "summary_bg_mad": 18.80620602017457,
  "summary_bg_mean": 119.89520263671875,
  "summary_bg_median": 95.00358581542969,
  "summary_bg_n": 301910.0,
  "summary_bg_p05": 76.46236419677734,
  "summary_bg_p95": 259.1385375976561,
  "summary_bg_stdv": 78.67359924316406,
  "summary_fg_k": 0.8475615038952391,
  "summary_fg_mad": 163.71859415176107,
  "summary_fg_mean": 803.4220581054688,
  "summary_fg_median": 794.7455444335938,
  "summary_fg_n": 103995.0,
  "summary_fg_p05": 520.7648681640625,
  "summary_fg_p95": 1115.0186035156248,
  "summary_fg_stdv": 181.36962890625,
  "tsnr": 14.148891911376268
}