{
  "aor": 0.00018752688172043013,
  "aqi": 0.04893476702508961,
  "bids_meta": {
    "AccelFactPE": 2,
    "AcquisitionNumber": 1,
    "AcquisitionTime": "14:42:25.572500",
    "BandwidthPerPixelPhaseEncode": 22.321,
    "ConversionSoftware": "dcm2niix",
    "ConversionSoftwareVersion": "v1.0.20170724 (OpenJPEG build) GCC6.1.0",
    "DeviceSerialNumber": "35002",
    "EchoTime": 0.028,
    "EffectiveEchoSpacing": 0.000350007,
    "FlipAngle": 90,
    "ImageType": [
      "ORIGINAL",
      "PRIMARY",
      "M",
      "ND",
      "MOSAIC"
    ],
    "InstitutionAddress": "University_Pkwy_1700_North_685_Provo_FC28C0_UT_US_84601",
    "InstitutionName": "Brigham_Young_University",
    "MagneticFieldStrength": 3,
    "Manufacturer": "Siemens",
    "ManufacturersModelName": "TrioTim",
    "PhaseEncodingDirection": "j-",
    "PhaseEncodingLines": 128,
    "ProcedureStepDescription": "Research_KIRWAN",
    "ProtocolName": "12Chan_1.8x1.8x1.8_TR1900_29Slice",
    "RepetitionTime": 1.9,
    "ScanningSequence": "EP",
    "SequenceName": "epfid2d1_128",
    "SequenceVariant": "SK",
    "SeriesDescription": "12Chan_1.8x1.8x1.8_TR1900_29Slice",
    "SliceTiming": [
      0,
      0.9875,
      0.0675,
      1.0525,
      0.1325,
      1.12,
      0.1975,
      1.185,
      0.265,
      1.25,
      0.33,
      1.3175,
      0.395,
      1.3825,
      0.4625,
      1.4475,
      0.5275,
      1.515,
      0.5925,
      1.58,
      0.66,
      1.645,
      0.725,
      1.71,
      0.79,
      1.7775,
      0.855,
      1.8425,
      0.9225
    ],
    "SoftwareVersions": "syngo_MR_B17",
    "TaskName": "MST",
    "TotalReadoutTime": 0.0437508,
    "TrueEchoSpacing": 0.000700013,
    "dataset": "ds003711",
    "modality": "bold",
    "run_id": 1,
    "subject_id": "39",
    "task_id": "MST"
  },
  "dummy_trs": 0,
  "dvars_nstd": 79.17251611571942,
  "dvars_std": 0.9871220337769786,
  "dvars_vstd": 0.9786781761870502,
  "efc": 0.6478838061589589,
  "fber": 87.755615234375,
  "fd_mean": 0.10810247107089345,
  "fd_num": 21,
  "fd_perc": 7.526881720430108,
  "fwhm_avg": 2.4992324859527724,
  "fwhm_x": 2.4252318584070798,
  "fwhm_y": 2.673104424778761,
  "fwhm_z": 2.399361174672476,
  "gcor": 0.00175917,
  "gsr_x": -0.02032848261296749,
  "gsr_y": 0.05469481647014618,
  "provenance": {
    "md5sum": "24a3da2682edf246dd547000a541cb86",
    "settings": {
      "fd_thres": 0.2,
      "testing": false
    },
    "software": "mriqc",
    "version": "22.0.0rc1",
    "webapi_port": null,
    "webapi_url": "https://mriqc.nimh.nih.gov/api/v1"
  },
  "size_t": 279,
  "size_x": 128,
  "size_y": 128,
  "size_z": 29,
  "snr": 4.335482831769112,
  "spacing_tr": 1.899999976158142,
  "spacing_x": 1.765625,
  "spacing_y": 1.765625,
  "spacing_z": 1.7999999523162842,
  "summary_bg_k": 23.44201467117006,
  "summary_bg_mad": 13.130856940960228,
  "summary_bg_mean": 110.68817138671875,
  "summary_bg_median": 85.02509307861328,
  "summary_bg_n": 303921.0,
  "summary_bg_p05": 71.95340728759766,
  "summary_bg_p95": 245.0752716064453,
  "summary_bg_stdv": 74.65277862548828,
  "summary_fg_k": 0.6454385130051672,
  "summary_fg_mad": 171.4079190793847,
  "summary_fg_mean": 812.3304443359375,
  "summary_fg_median": 803.1864013671875,
  "summary_fg_n": 101956.0,
  "summary_fg_p05": 523.997314453125,
  "summary_fg_p95": 1132.0277709960938,
  "summary_fg_stdv": 185.25790405273438,
  "tsnr": 14.894828515069094
}