{
  "aor": 0.0003304301075268817,
  "aqi": 0.04986219928315412,
  "bids_meta": {
    "AccelFactPE": 2,
    "AcquisitionNumber": 1,
    "AcquisitionTime": "15:12:12.817500",
    "BandwidthPerPixelPhaseEncode": 22.321,
    "ConversionSoftware": "dcm2niix",
    "ConversionSoftwareVersion": "v1.0.20170724 (OpenJPEG build) GCC6.1.0",
    "DeviceSerialNumber": "35002",
    "EchoTime": 0.028,
    "EffectiveEchoSpacing": 0.000350007,
    "FlipAngle": 90,
    "ImageType": [
      "ORIGINAL",
      "PRIMARY",
      "M",
      "ND",
      "MOSAIC"
    ],
    "InstitutionAddress": "University_Pkwy_1700_North_685_Provo_FC28C0_UT_US_84601",
    "InstitutionName": "Brigham_Young_University",
    "MagneticFieldStrength": 3,
    "Manufacturer": "Siemens",
    "ManufacturersModelName": "TrioTim",
    "PhaseEncodingDirection": "j-",
    "PhaseEncodingLines": 128,
    "ProcedureStepDescription": "Research_KIRWAN",
    "ProtocolName": "12Chan_1.8x1.8x1.8_TR1900_29Slice",
    "RepetitionTime": 1.9,
    "ScanningSequence": "EP",
    "SequenceName": "epfid2d1_128",
    "SequenceVariant": "SK",
    "SeriesDescription": "12Chan_1.8x1.8x1.8_TR1900_29Slice",
    "SliceTiming": [
      0,
      0.985,
      0.065,
      1.05,
      0.13,
      1.1175,
      0.195,
      1.1825,
      0.2625,
      1.2475,
      0.3275,
      1.315,
      0.3925,
      1.38,
      0.46,
      1.445,
      0.525,
      1.5125,
      0.59,
      1.5775,
      0.6575,
      1.6425,
      0.7225,
      1.7075,
      0.7875,
      1.775,
      0.8525,
      1.84,
      0.92
    ],
    "SoftwareVersions": "syngo_MR_B17",
    "TaskName": "MST",
    "TotalReadoutTime": 0.0437508,
    "TrueEchoSpacing": 0.000700013,
    "dataset": "ds003711",
    "modality": "bold",
    "run_id": 4,
    "subject_id": "39",
    "task_id": "MST"
  },
  "dummy_trs": 0,
  "dvars_nstd": 93.60004886122303,
  "dvars_std": 1.0169946083812949,
  "dvars_vstd": 1.0037034487769783,
  "efc": 0.6695282439759781,
  "fber": 67.67376708984375,
  "fd_mean": 0.12843847152199614,
  "fd_num": 36,
  "fd_perc": 12.903225806451612,
  "fwhm_avg": 2.377234298059459,
  "fwhm_x": 2.309250265486726,
  "fwhm_y": 2.4699525663716817,
  "fwhm_z": 2.3525000623199688,
  "gcor": 0.00824978,
  "gsr_x": -0.02805211953818798,
  "gsr_y": 0.06334451586008072,
  "provenance": {
    "md5sum": "935f6d6f24288eff7fe3894d67539d47",
    "settings": {
      "fd_thres": 0.2,
      "testing": false
    },
    "software": "mriqc",
    "version": "22.0.0rc1",
    "webapi_port": null,
    "webapi_url": "https://mriqc.nimh.nih.gov/api/v1"
  },
  "size_t": 279,
  "size_x": 128,
  "size_y": 128,
  "size_z": 29,
  "snr": 4.335150416835482,
  "spacing_tr": 1.899999976158142,
  "spacing_x": 1.765625,
  "spacing_y": 1.765625,
  "spacing_z": 1.7999999523162842,
  "summary_bg_k": 24.95242991705857,
  "summary_bg_mad": 19.22068808417528,
  "summary_bg_mean": 120.81353759765625,
  "summary_bg_median": 95.80644989013672,
  "summary_bg_n": 301596.0,
  "summary_bg_p05": 77.20071411132812,
  "summary_bg_p95": 258.9068145751953,
  "summary_bg_stdv": 78.56796264648438,
  "summary_fg_k": 0.9047795642233614,
  "summary_fg_mad": 164.22081841401118,
  "summary_fg_mean": 801.17529296875,
  "summary_fg_median": 792.1487426757812,
  "summary_fg_n": 104450.0,
  "summary_fg_p05": 518.888916015625,
  "summary_fg_p95": 1115.0955078124998,
  "summary_fg_stdv": 182.72605895996094,
  "tsnr": 13.911853705532849
}