{
  "aor": 0.0003942293906810036,
  "aqi": 0.04933734587813619,
  "bids_meta": {
    "AccelFactPE": 2,
    "AcquisitionNumber": 1,
    "AcquisitionTime": "14:52:8.787500",
    "BandwidthPerPixelPhaseEncode": 22.321,
    "ConversionSoftware": "dcm2niix",
    "ConversionSoftwareVersion": "v1.0.20170724 (OpenJPEG build) GCC6.1.0",
    "DeviceSerialNumber": "35002",
    "EchoTime": 0.028,
    "EffectiveEchoSpacing": 0.000350007,
    "FlipAngle": 90,
    "ImageType": [
      "ORIGINAL",
      "PRIMARY",
      "M",
      "ND",
      "MOSAIC"
    ],
    "InstitutionAddress": "University_Pkwy_1700_North_685_Provo_FC28C0_UT_US_84601",
    "InstitutionName": "Brigham_Young_University",
    "MagneticFieldStrength": 3,
    "Manufacturer": "Siemens",
    "ManufacturersModelName": "TrioTim",
    "PhaseEncodingDirection": "j-",
    "PhaseEncodingLines": 128,
    "ProcedureStepDescription": "Research_KIRWAN",
    "ProtocolName": "12Chan_1.8x1.8x1.8_TR1900_29Slice",
    "RepetitionTime": 1.9,
    "ScanningSequence": "EP",
    "SequenceName": "epfid2d1_128",
    "SequenceVariant": "SK",
    "SeriesDescription": "12Chan_1.8x1.8x1.8_TR1900_29Slice",
    "SliceTiming": [
      0,
      0.9875,
      0.065,
      1.0525,
      0.1325,
      1.1175,
      0.1975,
      1.185,
      0.2625,
      1.25,
      0.33,
      1.315,
      0.395,
      1.3825,
      0.46,
      1.4475,
      0.5275,
      1.5125,
      0.5925,
      1.5775,
      0.6575,
      1.645,
      0.7225,
      1.71,
      0.79,
      1.775,
      0.855,
      1.8425,
      0.92
    ],
    "SoftwareVersions": "syngo_MR_B17",
    "TaskName": "MST",
    "TotalReadoutTime": 0.0437508,
    "TrueEchoSpacing": 0.000700013,
    "dataset": "ds003711",
    "modality": "bold",
    "run_id": 2,
    "subject_id": "39",
    "task_id": "MST"
  },
  "dummy_trs": 0,
  "dvars_nstd": 91.25786049942442,
  "dvars_std": 1.012610598273381,
  "dvars_vstd": 1.0008284800719427,
  "efc": 0.6651330571190741,
  "fber": 70.45716857910156,
  "fd_mean": 0.12825543398729977,
  "fd_num": 35,
  "fd_perc": 12.544802867383513,
  "fwhm_avg": 2.4058545698373366,
  "fwhm_x": 2.3474293805309734,
  "fwhm_y": 2.5475398230088495,
  "fwhm_z": 2.322594505972187,
  "gcor": 0.00551441,
  "gsr_x": -0.027832653373479843,
  "gsr_y": 0.06239237263798714,
  "provenance": {
    "md5sum": "6412cbdac25838e077c5cfe2ceae05e4",
    "settings": {
      "fd_thres": 0.2,
      "testing": false
    },
    "software": "mriqc",
    "version": "22.0.0rc1",
    "webapi_port": null,
    "webapi_url": "https://mriqc.nimh.nih.gov/api/v1"
  },
  "size_t": 279,
  "size_x": 128,
  "size_y": 128,
  "size_z": 29,
  "snr": 4.369115235159951,
  "spacing_tr": 1.899999976158142,
  "spacing_x": 1.765625,
  "spacing_y": 1.765625,
  "spacing_z": 1.7999999523162842,
  "summary_bg_k": 25.39135775820338,
  "summary_bg_mad": 18.343876914973006,
  "summary_bg_mean": 118.6729736328125,
  "summary_bg_median": 93.70250701904297,
  "summary_bg_n": 302752.0,
  "summary_bg_p05": 76.26881408691406,
  "summary_bg_p95": 255.320613861084,
  "summary_bg_stdv": 77.81685638427734,
  "summary_fg_k": 0.8165248169087791,
  "summary_fg_mad": 165.32869798927754,
  "summary_fg_mean": 800.0072631835938,
  "summary_fg_median": 792.13623046875,
  "summary_fg_n": 103551.0,
  "summary_fg_p05": 516.752685546875,
  "summary_fg_p95": 1110.1522827148438,
  "summary_fg_stdv": 181.30270385742188,
  "tsnr": 14.090670825506095
}