{
  "bids_meta": {
    "AcquisitionNumber": 1,
    "AcquisitionTime": "17:34:8.155000",
    "ConversionSoftware": "dcm2niix",
    "ConversionSoftwareVersion": "v1.0.20170724 (OpenJPEG build) GCC6.1.0",
    "DeviceSerialNumber": "35002",
    "EchoTime": 0.064,
    "EchoTrainLength": 15,
    "FlipAngle": 178,
    "ImageType": [
      "ORIGINAL",
      "PRIMARY",
      "M",
      "ND"
    ],
    "InstitutionAddress": "University_Pkwy_1700_North_685_Provo_FC28C0_UT_US_84601",
    "InstitutionName": "Brigham_Young_University",
    "MagneticFieldStrength": 3,
    "Manufacturer": "Siemens",
    "ManufacturersModelName": "TrioTim",
    "PhaseEncodingDirection": "i-",
    "PhaseEncodingLines": 512,
    "ProcedureStepDescription": "Research_KIRWAN",
    "ProtocolName": "HiRes_T2",
    "RepetitionTime": 10.61,
    "ScanningSequence": "SE",
    "SequenceName": "_tse2d1_15",
    "SequenceVariant": "SK_SP_OSP",
    "SeriesDescription": "HiRes_T2",
    "SoftwareVersions": "syngo_MR_B17",
    "dataset": "ds003711",
    "modality": "T2w",
    "subject_id": "04"
  },
  "cjv": 0.6742718695468356,
  "cnr": 1.1394123152102515,
  "efc": 0.6000014706364659,
  "fber": 110.56018096158822,
  "fwhm_avg": 3.912661958005298,
  "fwhm_x": 4.4384768,
  "fwhm_y": 2.120270674015895,
  "fwhm_z": 5.1792384,
  "icvs_csf": 0.20649267481014535,
  "icvs_gm": 0.5797349037542177,
  "icvs_wm": 0.21377242143563693,
  "inu_med": 1.1221892833709717,
  "inu_range": 0.2883293330669403,
  "provenance": {
    "md5sum": "cf72f12b70b7becf1ca19078566e1655",
    "settings": {
      "testing": false
    },
    "software": "mriqc",
    "version": "22.0.0rc1",
    "warnings": {
      "large_rot_frame": false,
      "small_air_mask": false
    },
    "webapi_port": null,
    "webapi_url": "https://mriqc.nimh.nih.gov/api/v1"
  },
  "qi_1": 0.005099293004069995,
  "qi_2": 9.24804816902925e-05,
  "rpve_csf": 12.375840411033373,
  "rpve_gm": 5.7456620187230385,
  "rpve_wm": 13.336139245846931,
  "size_x": 512,
  "size_y": 19,
  "size_z": 512,
  "snr_csf": 3.927677255395287,
  "snr_gm": 10.252959517281067,
  "snr_total": 6.525948680206107,
  "snr_wm": 5.397209267941968,
  "snrd_csf": 21.104138685361384,
  "snrd_gm": 12.42290193266648,
  "snrd_total": 14.021631193504362,
  "snrd_wm": 8.537852962485225,
  "spacing_x": 0.390625,
  "spacing_y": 2.9999990463256836,
  "spacing_z": 0.390625,
  "summary_bg_k": 32.38184488541088,
  "summary_bg_mad": 82.15137909764111,
  "summary_bg_mean": 209.38279160762335,
  "summary_bg_median": 130.4347787797451,
  "summary_bg_n": 1538798.0,
  "summary_bg_p05": 30.15691313892603,
  "summary_bg_p95": 632.0692851394415,
  "summary_bg_stdv": 346.95382630499626,
  "summary_csf_k": 0.30906442510991416,
  "summary_csf_mad": 607.6536374257672,
  "summary_csf_mean": 2797.3090844927624,
  "summary_csf_median": 2646.371285505593,
  "summary_csf_n": 127082.0,
  "summary_csf_p05": 2001.062379963696,
  "summary_csf_p95": 4094.8021027445793,
  "summary_csf_stdv": 673.7724872348088,
  "summary_gm_k": -0.14408695759482182,
  "summary_gm_mad": 155.57871793712565,
  "summary_gm_mean": 1560.7772642171017,
  "summary_gm_median": 1557.7802746370435,
  "summary_gm_n": 352752.0,
  "summary_gm_p05": 1315.4625308513641,
  "summary_gm_p95": 1814.8904338106513,
  "summary_gm_stdv": 151.93447940284858,
  "summary_wm_k": 0.6693164504461282,
  "summary_wm_mad": 172.9056312276311,
  "summary_wm_mean": 1038.1327480268383,
  "summary_wm_median": 1070.6112794578075,
  "summary_wm_n": 126136.0,
  "summary_wm_p05": 663.1047533359379,
  "summary_wm_p95": 1314.48181822896,
  "summary_wm_stdv": 198.36307662401757,
  "tpm_overlap_csf": 0.13696542382240295,
  "tpm_overlap_gm": 0.37749040126800537,
  "tpm_overlap_wm": 0.18184933066368103,
  "wm2max": 0.24413137753039826
}