{
  "aor": 0.0003205376344086021,
  "aqi": 0.03622526559139785,
  "bids_meta": {
    "AccelFactPE": 2,
    "AcquisitionNumber": 1,
    "AcquisitionTime": "16:39:59.940000",
    "BandwidthPerPixelPhaseEncode": 22.321,
    "ConversionSoftware": "dcm2niix",
    "ConversionSoftwareVersion": "v1.0.20170724 (OpenJPEG build) GCC6.1.0",
    "DeviceSerialNumber": "35002",
    "EchoTime": 0.028,
    "EffectiveEchoSpacing": 0.000350007,
    "FlipAngle": 90,
    "ImageType": [
      "ORIGINAL",
      "PRIMARY",
      "M",
      "ND",
      "MOSAIC"
    ],
    "InstitutionAddress": "University_Pkwy_1700_North_685_Provo_FC28C0_UT_US_84601",
    "InstitutionName": "Brigham_Young_University",
    "MagneticFieldStrength": 3,
    "Manufacturer": "Siemens",
    "ManufacturersModelName": "TrioTim",
    "PhaseEncodingDirection": "j-",
    "PhaseEncodingLines": 128,
    "ProcedureStepDescription": "Research_KIRWAN",
    "ProtocolName": "12Chan_1.8x1.8x1.8_TR1900_29Slice",
    "RepetitionTime": 1.9,
    "ScanningSequence": "EP",
    "SequenceName": "epfid2d1_128",
    "SequenceVariant": "SK",
    "SeriesDescription": "12Chan_1.8x1.8x1.8_TR1900_29Slice",
    "SliceTiming": [
      0,
      0.9875,
      0.065,
      1.0525,
      0.1325,
      1.1175,
      0.1975,
      1.1825,
      0.2625,
      1.25,
      0.33,
      1.315,
      0.395,
      1.38,
      0.46,
      1.4475,
      0.525,
      1.5125,
      0.5925,
      1.5775,
      0.6575,
      1.645,
      0.7225,
      1.71,
      0.79,
      1.775,
      0.855,
      1.8425,
      0.92
    ],
    "SoftwareVersions": "syngo_MR_B17",
    "TaskName": "MST",
    "TotalReadoutTime": 0.0437508,
    "TrueEchoSpacing": 0.000700013,
    "dataset": "ds003711",
    "modality": "bold",
    "run_id": 3,
    "subject_id": "43",
    "task_id": "MST"
  },
  "dummy_trs": 0,
  "dvars_nstd": 85.66237121694246,
  "dvars_std": 1.0327027039568346,
  "dvars_vstd": 1.0063847320503603,
  "efc": 0.648434240950589,
  "fber": 82.31237030029297,
  "fd_mean": 0.1015832863893755,
  "fd_num": 17,
  "fd_perc": 6.093189964157706,
  "fwhm_avg": 2.5126138537045155,
  "fwhm_x": 2.411984424778761,
  "fwhm_y": 2.5932516814159294,
  "fwhm_z": 2.5326054549188566,
  "gcor": 0.00270582,
  "gsr_x": -0.02044839970767498,
  "gsr_y": 0.048336975276470184,
  "provenance": {
    "md5sum": "36af0736528fe514e62ae40d90e00cc1",
    "settings": {
      "fd_thres": 0.2,
      "testing": false
    },
    "software": "mriqc",
    "version": "22.0.0rc1",
    "webapi_port": null,
    "webapi_url": "https://mriqc.nimh.nih.gov/api/v1"
  },
  "size_t": 279,
  "size_x": 128,
  "size_y": 128,
  "size_z": 29,
  "snr": 4.393444424764249,
  "spacing_tr": 1.899999976158142,
  "spacing_x": 1.765625,
  "spacing_y": 1.765625,
  "spacing_z": 1.8000000715255737,
  "summary_bg_k": 32.54034393808611,
  "summary_bg_mad": 14.76224875283606,
  "summary_bg_mean": 114.77824401855469,
  "summary_bg_median": 86.4372787475586,
  "summary_bg_n": 314491.0,
  "summary_bg_p05": 71.89247131347656,
  "summary_bg_p95": 276.01971435546875,
  "summary_bg_stdv": 89.8592758178711,
  "summary_fg_k": 0.8353144133872443,
  "summary_fg_mad": 163.28021118987442,
  "summary_fg_mean": 800.5913696289062,
  "summary_fg_median": 790.3870849609375,
  "summary_fg_n": 93042.0,
  "summary_fg_p05": 526.6525207519531,
  "summary_fg_p95": 1117.9851745605467,
  "summary_fg_stdv": 179.90049743652344,
  "tsnr": 16.14124225534033
}