{
  "aor": 0.00038859712230215833,
  "aqi": 0.04032192194244604,
  "bids_meta": {
    "AccelFactPE": 2,
    "AcquisitionNumber": 1,
    "AcquisitionTime": "16:49:57.572500",
    "BandwidthPerPixelPhaseEncode": 22.321,
    "ConversionSoftware": "dcm2niix",
    "ConversionSoftwareVersion": "v1.0.20170724 (OpenJPEG build) GCC6.1.0",
    "DeviceSerialNumber": "35002",
    "EchoTime": 0.028,
    "EffectiveEchoSpacing": 0.000350007,
    "FlipAngle": 90,
    "ImageType": [
      "ORIGINAL",
      "PRIMARY",
      "M",
      "ND",
      "MOSAIC"
    ],
    "InstitutionAddress": "University_Pkwy_1700_North_685_Provo_FC28C0_UT_US_84601",
    "InstitutionName": "Brigham_Young_University",
    "MagneticFieldStrength": 3,
    "Manufacturer": "Siemens",
    "ManufacturersModelName": "TrioTim",
    "PhaseEncodingDirection": "j-",
    "PhaseEncodingLines": 128,
    "ProcedureStepDescription": "Research_KIRWAN",
    "ProtocolName": "12Chan_1.8x1.8x1.8_TR1900_29Slice",
    "RepetitionTime": 1.9,
    "ScanningSequence": "EP",
    "SequenceName": "epfid2d1_128",
    "SequenceVariant": "SK",
    "SeriesDescription": "12Chan_1.8x1.8x1.8_TR1900_29Slice",
    "SliceTiming": [
      0,
      0.985,
      0.065,
      1.05,
      0.13,
      1.1175,
      0.1975,
      1.1825,
      0.2625,
      1.2475,
      0.3275,
      1.315,
      0.3925,
      1.38,
      0.46,
      1.445,
      0.525,
      1.5125,
      0.59,
      1.5775,
      0.6575,
      1.6425,
      0.7225,
      1.71,
      0.7875,
      1.775,
      0.855,
      1.84,
      0.92
    ],
    "SoftwareVersions": "syngo_MR_B17",
    "TaskName": "MST",
    "TotalReadoutTime": 0.0437508,
    "TrueEchoSpacing": 0.000700013,
    "dataset": "ds003711",
    "modality": "bold",
    "run_id": 4,
    "subject_id": "43",
    "task_id": "MST"
  },
  "dummy_trs": 1,
  "dvars_nstd": 86.09050783754512,
  "dvars_std": 1.033477872888087,
  "dvars_vstd": 1.0059126996389887,
  "efc": 0.6476688238986068,
  "fber": 81.1455307006836,
  "fd_mean": 0.11742262992357913,
  "fd_num": 25,
  "fd_perc": 8.992805755395683,
  "fwhm_avg": 2.493965871380615,
  "fwhm_x": 2.466395752212389,
  "fwhm_y": 2.6296297345132746,
  "fwhm_z": 2.385872127416182,
  "gcor": 0.00264914,
  "gsr_x": -0.021770073100924492,
  "gsr_y": 0.049739934504032135,
  "provenance": {
    "md5sum": "082d458b68ffd54df24750ff3d606d5a",
    "settings": {
      "fd_thres": 0.2,
      "testing": false
    },
    "software": "mriqc",
    "version": "22.0.0rc1",
    "webapi_port": null,
    "webapi_url": "https://mriqc.nimh.nih.gov/api/v1"
  },
  "size_t": 278,
  "size_x": 128,
  "size_y": 128,
  "size_z": 29,
  "snr": 4.385943297568427,
  "spacing_tr": 1.899999976158142,
  "spacing_x": 1.765625,
  "spacing_y": 1.765625,
  "spacing_z": 1.8000000715255737,
  "summary_bg_k": 33.18463017113798,
  "summary_bg_mad": 15.38066327683919,
  "summary_bg_mean": 115.08226013183594,
  "summary_bg_median": 86.6906509399414,
  "summary_bg_n": 314751.0,
  "summary_bg_p05": 71.72662353515625,
  "summary_bg_p95": 276.480224609375,
  "summary_bg_stdv": 90.71932983398438,
  "summary_fg_k": 0.9435510883636882,
  "summary_fg_mad": 162.8729570831615,
  "summary_fg_mean": 801.4417114257812,
  "summary_fg_median": 790.1870727539062,
  "summary_fg_n": 92551.0,
  "summary_fg_p05": 530.0791625976562,
  "summary_fg_p95": 1119.5252075195312,
  "summary_fg_stdv": 180.16256713867188,
  "tsnr": 15.628346947487444
}