{
  "bids_meta": {
    "AcquisitionNumber": 1,
    "AcquisitionTime": "14:47:57.702500",
    "ConversionSoftware": "dcm2niix",
    "ConversionSoftwareVersion": "v1.0.20170724 (OpenJPEG build) GCC6.1.0",
    "DeviceSerialNumber": "35002",
    "EchoTime": 0.064,
    "EchoTrainLength": 15,
    "FlipAngle": 178,
    "ImageType": [
      "ORIGINAL",
      "PRIMARY",
      "M",
      "ND"
    ],
    "InstitutionAddress": "University_Pkwy_1700_North_685_Provo_FC28C0_UT_US_84601",
    "InstitutionName": "Brigham_Young_University",
    "MagneticFieldStrength": 3,
    "Manufacturer": "Siemens",
    "ManufacturersModelName": "TrioTim",
    "PhaseEncodingDirection": "i-",
    "PhaseEncodingLines": 512,
    "ProcedureStepDescription": "Research_KIRWAN",
    "ProtocolName": "HiRes_T2",
    "RepetitionTime": 6.26,
    "ScanningSequence": "SE",
    "SequenceName": "_tse2d1_15",
    "SequenceVariant": "SK_SP_OSP",
    "SeriesDescription": "HiRes_T2",
    "SoftwareVersions": "syngo_MR_B17",
    "dataset": "ds003711",
    "modality": "T2w",
    "subject_id": "22"
  },
  "cjv": 0.6902594967091704,
  "cnr": 1.4471624584848206,
  "efc": 0.5962698394322848,
  "fber": 119.38323326576743,
  "fwhm_avg": 3.493618666608768,
  "fwhm_x": 4.1049088000000005,
  "fwhm_y": 1.9569775998263041,
  "fwhm_z": 4.4189696,
  "icvs_csf": 0.2653919225894371,
  "icvs_gm": 0.5666253888119934,
  "icvs_wm": 0.16798268859856946,
  "inu_med": 1.050287127494812,
  "inu_range": 0.292797940969467,
  "provenance": {
    "md5sum": "4c20718e413253d02a3eff49ae20cc80",
    "settings": {
      "testing": false
    },
    "software": "mriqc",
    "version": "22.0.0rc1",
    "warnings": {
      "large_rot_frame": false,
      "small_air_mask": false
    },
    "webapi_port": null,
    "webapi_url": "https://mriqc.nimh.nih.gov/api/v1"
  },
  "qi_1": 0.006659275293455115,
  "qi_2": 0.0001482847700804004,
  "rpve_csf": 10.32026320628888,
  "rpve_gm": 5.80574812943536,
  "rpve_wm": 16.41233733700299,
  "size_x": 512,
  "size_y": 19,
  "size_z": 512,
  "snr_csf": 4.08864447127589,
  "snr_gm": 10.473801462131561,
  "snr_total": 6.618479242759457,
  "snr_wm": 5.292991794870921,
  "snrd_csf": 17.81606503056083,
  "snrd_gm": 11.364405953417828,
  "snrd_total": 12.371011495005655,
  "snrd_wm": 7.932563501038311,
  "spacing_x": 0.390625,
  "spacing_y": 2.9999985694885254,
  "spacing_z": 0.390625,
  "summary_bg_k": 107.52427078823705,
  "summary_bg_mad": 87.0635905145088,
  "summary_bg_mean": 173.31786070113603,
  "summary_bg_median": 135.24543398618698,
  "summary_bg_n": 1411115.0,
  "summary_bg_p05": 30.835505485534668,
  "summary_bg_p95": 407.32342356443405,
  "summary_bg_stdv": 197.12818359325087,
  "summary_csf_k": 1.008382084930811,
  "summary_csf_mad": 437.33486972732027,
  "summary_csf_mean": 2539.3448733842943,
  "summary_csf_median": 2367.645338475704,
  "summary_csf_n": 178245.0,
  "summary_csf_p05": 1914.5221199989319,
  "summary_csf_p95": 3741.9792833328247,
  "summary_csf_stdv": 579.0766875310765,
  "summary_gm_k": -0.055304477704322785,
  "summary_gm_mad": 144.88188228476176,
  "summary_gm_mean": 1513.127734875532,
  "summary_gm_median": 1510.259573817253,
  "summary_gm_n": 353202.0,
  "summary_gm_p05": 1280.1269409656525,
  "summary_gm_p95": 1755.4698619246483,
  "summary_gm_stdv": 144.1938193426414,
  "summary_wm_k": 1.4642929839849295,
  "summary_wm_mad": 169.9252702899004,
  "summary_wm_mean": 1020.1498995706946,
  "summary_wm_median": 1054.1888437867165,
  "summary_wm_n": 96135.0,
  "summary_wm_p05": 656.9209692537785,
  "summary_wm_p95": 1293.0506454706192,
  "summary_wm_stdv": 199.1658785372326,
  "tpm_overlap_csf": 0.09195169061422348,
  "tpm_overlap_gm": 0.33707496523857117,
  "tpm_overlap_wm": 0.12072326987981796,
  "wm2max": 0.24743228141131393
}