{
  "bids_meta": {
    "AcquisitionNumber": 1,
    "AcquisitionTime": "13:35:5.570000",
    "ConversionSoftware": "dcm2niix",
    "ConversionSoftwareVersion": "v1.0.20170724 (OpenJPEG build) GCC6.1.0",
    "DeviceSerialNumber": "35002",
    "EchoTime": 0.00226,
    "FlipAngle": 9,
    "ImageType": [
      "ORIGINAL",
      "PRIMARY",
      "M",
      "ND",
      "NORM"
    ],
    "InstitutionAddress": "University_Pkwy_1700_North_685_Provo_FC28C0_UT_US_84601",
    "InstitutionName": "Brigham_Young_University",
    "InversionTime": 0.9,
    "MagneticFieldStrength": 3,
    "Manufacturer": "Siemens",
    "ManufacturersModelName": "TrioTim",
    "PhaseEncodingDirection": "i-",
    "PhaseEncodingLines": 215,
    "ProcedureStepDescription": "Research_KIRWAN",
    "ProtocolName": "t1_mpr_sag_iso_mprage",
    "RepetitionTime": 1.9,
    "ScanningSequence": "GR_IR",
    "SequenceName": "_tfl3d1_ns",
    "SequenceVariant": "SP_MP_OSP",
    "SeriesDescription": "t1_mpr_sag_iso_mprage",
    "SoftwareVersions": "syngo_MR_B17",
    "dataset": "ds003711",
    "modality": "T1w",
    "subject_id": "22"
  },
  "cjv": 0.3462292377171498,
  "cnr": 3.876219016130062,
  "efc": 0.6183189284607234,
  "fber": 1926.7257080078125,
  "fwhm_avg": 4.424015839999999,
  "fwhm_x": 4.28058,
  "fwhm_y": 4.6649856,
  "fwhm_z": 4.32648192,
  "icvs_csf": 0.2037500834417133,
  "icvs_gm": 0.4250468435506229,
  "icvs_wm": 0.3712030730076638,
  "inu_med": 1.3536369800567627,
  "inu_range": 0.4603748321533203,
  "provenance": {
    "md5sum": "370d2bb8f26be6be8a33457fb9f06c9f",
    "settings": {
      "testing": false
    },
    "software": "mriqc",
    "version": "22.0.0rc1",
    "warnings": {
      "large_rot_frame": true,
      "small_air_mask": false
    },
    "webapi_port": null,
    "webapi_url": "https://mriqc.nimh.nih.gov/api/v1"
  },
  "qi_1": 8.279280840967952e-06,
  "qi_2": 0.007305277655311868,
  "rpve_csf": 20.92471303244236,
  "rpve_gm": 10.68267043462785,
  "rpve_wm": 14.66340850697727,
  "size_x": 176,
  "size_y": 224,
  "size_z": 256,
  "snr_csf": 3.419789977664073,
  "snr_gm": 14.177468469484118,
  "snr_total": 14.007975594680502,
  "snr_wm": 24.426668336893314,
  "snrd_csf": 31.89658304936838,
  "snrd_gm": 60.714734598466755,
  "snrd_total": 58.20863270512132,
  "snrd_wm": 82.01458046752882,
  "spacing_x": 1.0,
  "spacing_y": 0.9765625,
  "spacing_z": 0.9765625,
  "summary_bg_k": 1.6338735287486745,
  "summary_bg_mad": 7.9881349314257255,
  "summary_bg_mean": 14.267975807189941,
  "summary_bg_median": 13.340791702270508,
  "summary_bg_n": 1739602.0,
  "summary_bg_p05": 2.6627582192420958,
  "summary_bg_p95": 31.966450309753416,
  "summary_bg_stdv": 9.30870246887207,
  "summary_csf_k": -0.9162653173954438,
  "summary_csf_mad": 131.38643679296558,
  "summary_csf_mean": 411.42352294921875,
  "summary_csf_median": 388.9178161621094,
  "summary_csf_n": 17473.0,
  "summary_csf_p05": 251.61072692871093,
  "summary_csf_p95": 599.140185546875,
  "summary_csf_stdv": 113.7223892211914,
  "summary_gm_k": 0.12660126806730032,
  "summary_gm_mad": 51.22366232405177,
  "summary_gm_mean": 739.228271484375,
  "summary_gm_median": 740.300048828125,
  "summary_gm_n": 25722.0,
  "summary_gm_p05": 649.7755462646485,
  "summary_gm_p95": 821.724493408203,
  "summary_gm_stdv": 52.21564483642578,
  "summary_wm_k": 0.465031703322516,
  "summary_wm_mad": 38.695836461223955,
  "summary_wm_mean": 999.00537109375,
  "summary_wm_median": 1000.0109252929688,
  "summary_wm_n": 230852.0,
  "summary_wm_p05": 929.2641479492188,
  "summary_wm_p95": 1063.9575073242188,
  "summary_wm_stdv": 40.9392204284668,
  "tpm_overlap_csf": 0.16627676784992218,
  "tpm_overlap_gm": 0.4496403634548187,
  "tpm_overlap_wm": 0.5030821561813354,
  "wm2max": 0.4512826620336111
}