{
  "bids_meta": {
    "AcquisitionNumber": 1,
    "AcquisitionTime": "14:25:6.427500",
    "ConversionSoftware": "dcm2niix",
    "ConversionSoftwareVersion": "v1.0.20170724 (OpenJPEG build) GCC6.1.0",
    "DeviceSerialNumber": "35002",
    "EchoTime": 0.00226,
    "FlipAngle": 9,
    "ImageType": [
      "ORIGINAL",
      "PRIMARY",
      "M",
      "ND",
      "NORM"
    ],
    "InstitutionAddress": "University_Pkwy_1700_North_685_Provo_FC28C0_UT_US_84601",
    "InstitutionName": "Brigham_Young_University",
    "InversionTime": 0.9,
    "MagneticFieldStrength": 3,
    "Manufacturer": "Siemens",
    "ManufacturersModelName": "TrioTim",
    "PhaseEncodingDirection": "i-",
    "PhaseEncodingLines": 215,
    "ProcedureStepDescription": "Research_KIRWAN",
    "ProtocolName": "t1_mpr_sag_iso_mprage",
    "RepetitionTime": 1.9,
    "ScanningSequence": "GR_IR",
    "SequenceName": "_tfl3d1_ns",
    "SequenceVariant": "SP_MP_OSP",
    "SeriesDescription": "t1_mpr_sag_iso_mprage",
    "SoftwareVersions": "syngo_MR_B17",
    "dataset": "ds003711",
    "modality": "T1w",
    "subject_id": "32"
  },
  "cjv": 0.41781097658586275,
  "cnr": 3.2147481303330054,
  "efc": 0.6245223387293514,
  "fber": 1869.4576416015625,
  "fwhm_avg": 4.161529013333333,
  "fwhm_x": 3.95906,
  "fwhm_y": 4.454840320000001,
  "fwhm_z": 4.07068672,
  "icvs_csf": 0.1964922417573506,
  "icvs_gm": 0.42739703698819326,
  "icvs_wm": 0.37611072125445616,
  "inu_med": 1.330223560333252,
  "inu_range": 0.4679100334644315,
  "provenance": {
    "md5sum": "729839390178102db52691e12d532b7e",
    "settings": {
      "testing": false
    },
    "software": "mriqc",
    "version": "22.0.0rc1",
    "warnings": {
      "large_rot_frame": true,
      "small_air_mask": false
    },
    "webapi_port": null,
    "webapi_url": "https://mriqc.nimh.nih.gov/api/v1"
  },
  "qi_1": 0.0,
  "qi_2": 0.0037981447175978638,
  "rpve_csf": 23.7033128212176,
  "rpve_gm": 11.694480030076571,
  "rpve_wm": 15.791301247996769,
  "size_x": 176,
  "size_y": 224,
  "size_z": 256,
  "snr_csf": 3.4228452342995297,
  "snr_gm": 14.344501472008936,
  "snr_total": 13.118897351705414,
  "snr_wm": 21.58934534880778,
  "snrd_csf": 24.248092321918172,
  "snrd_gm": 46.613469702992006,
  "snrd_total": 43.81022351726511,
  "snrd_wm": 60.56910852688513,
  "spacing_x": 1.0,
  "spacing_y": 0.9765625,
  "spacing_z": 0.9765625,
  "summary_bg_k": 3.0849357804916124,
  "summary_bg_mad": 10.816639495095894,
  "summary_bg_mean": 15.292120933532715,
  "summary_bg_median": 14.651983261108398,
  "summary_bg_n": 1826513.0,
  "summary_bg_p05": 0.0,
  "summary_bg_p95": 34.16839599609375,
  "summary_bg_stdv": 10.640454292297363,
  "summary_csf_k": 1.4707437768914557,
  "summary_csf_mad": 123.14319470042327,
  "summary_csf_mean": 419.79669189453125,
  "summary_csf_median": 400.3485107421875,
  "summary_csf_n": 9840.0,
  "summary_csf_p05": 262.65586242675784,
  "summary_csf_p95": 628.7756347656248,
  "summary_csf_stdv": 116.95771789550781,
  "summary_gm_k": -0.025915373913039552,
  "summary_gm_mad": 53.31857093364125,
  "summary_gm_mean": 768.9498291015625,
  "summary_gm_median": 769.6124267578125,
  "summary_gm_n": 22015.0,
  "summary_gm_p05": 679.4474731445313,
  "summary_gm_p95": 856.9497314453125,
  "summary_gm_stdv": 53.6508674621582,
  "summary_wm_k": 0.417560923254249,
  "summary_wm_mad": 42.95125955249864,
  "summary_wm_mean": 1000.12890625,
  "summary_wm_median": 1000.0272216796875,
  "summary_wm_n": 200600.0,
  "summary_wm_p05": 922.3762359619141,
  "summary_wm_p95": 1076.8421630859375,
  "summary_wm_stdv": 46.320289611816406,
  "tpm_overlap_csf": 0.1601153016090393,
  "tpm_overlap_gm": 0.4393681287765503,
  "tpm_overlap_wm": 0.4941255748271942,
  "wm2max": 0.4091028983550556
}