{
  "bids_meta": {
    "AcquisitionNumber": 1,
    "AcquisitionTime": "15:32:22.095000",
    "ConversionSoftware": "dcm2niix",
    "ConversionSoftwareVersion": "v1.0.20170724 (OpenJPEG build) GCC6.1.0",
    "DeviceSerialNumber": "35002",
    "EchoTime": 0.064,
    "EchoTrainLength": 15,
    "FlipAngle": 178,
    "ImageType": [
      "ORIGINAL",
      "PRIMARY",
      "M",
      "ND"
    ],
    "InstitutionAddress": "University_Pkwy_1700_North_685_Provo_FC28C0_UT_US_84601",
    "InstitutionName": "Brigham_Young_University",
    "MagneticFieldStrength": 3,
    "Manufacturer": "Siemens",
    "ManufacturersModelName": "TrioTim",
    "PhaseEncodingDirection": "i-",
    "PhaseEncodingLines": 512,
    "ProcedureStepDescription": "Research_KIRWAN",
    "ProtocolName": "HiRes_T2",
    "RepetitionTime": 9.44,
    "ScanningSequence": "SE",
    "SequenceName": "_tse2d1_15",
    "SequenceVariant": "SK_SP_OSP",
    "SeriesDescription": "HiRes_T2",
    "SoftwareVersions": "syngo_MR_B17",
    "dataset": "ds003711",
    "modality": "T2w",
    "subject_id": "32"
  },
  "cjv": 0.5966936029591395,
  "cnr": 1.0681403396285505,
  "efc": 0.5902043209629972,
  "fber": 111.40435191799715,
  "fwhm_avg": 3.744182268158538,
  "fwhm_x": 4.3661312,
  "fwhm_y": 1.9465052044756144,
  "fwhm_z": 4.9199104,
  "icvs_csf": 0.21567304912434584,
  "icvs_gm": 0.5506928800055169,
  "icvs_wm": 0.23363407087013732,
  "inu_med": 1.0659152269363403,
  "inu_range": 0.2881765723228453,
  "provenance": {
    "md5sum": "210b7dfcc7a69e6c42889a95686844d4",
    "settings": {
      "testing": false
    },
    "software": "mriqc",
    "version": "22.0.0rc1",
    "warnings": {
      "large_rot_frame": false,
      "small_air_mask": false
    },
    "webapi_port": null,
    "webapi_url": "https://mriqc.nimh.nih.gov/api/v1"
  },
  "qi_1": 0.0,
  "qi_2": 9.680160506779696e-05,
  "rpve_csf": 14.086738957507114,
  "rpve_gm": 6.790327383878879,
  "rpve_wm": 14.332650957419158,
  "size_x": 512,
  "size_y": 19,
  "size_z": 512,
  "snr_csf": 4.393995244291593,
  "snr_gm": 12.215643482021596,
  "snr_total": 7.425273493542825,
  "snr_wm": 5.666181754315284,
  "snrd_csf": 19.986003977862083,
  "snrd_gm": 13.230816489179949,
  "snrd_total": 14.112269720742086,
  "snrd_wm": 9.119988695184228,
  "spacing_x": 0.390625,
  "spacing_y": 3.000007390975952,
  "spacing_z": 0.390625,
  "summary_bg_k": 35.596880458268394,
  "summary_bg_mad": 75.0968185429308,
  "summary_bg_mean": 201.8554699899864,
  "summary_bg_median": 118.0820581689477,
  "summary_bg_n": 1452126.0,
  "summary_bg_p05": 26.87658967077732,
  "summary_bg_p95": 576.7334463968873,
  "summary_bg_stdv": 381.00353073272953,
  "summary_csf_k": 1.4911704197895448,
  "summary_csf_mad": 381.14287966922336,
  "summary_csf_mean": 2436.007686690764,
  "summary_csf_median": 2290.9509615525603,
  "summary_csf_n": 118276.0,
  "summary_csf_p05": 1866.8097505941987,
  "summary_csf_p95": 3545.1454282086343,
  "summary_csf_stdv": 521.3800082604814,
  "summary_gm_k": 0.10539801807990035,
  "summary_gm_mad": 122.0175937079017,
  "summary_gm_mean": 1517.296134438994,
  "summary_gm_median": 1516.6189194992185,
  "summary_gm_n": 288647.0,
  "summary_gm_p05": 1313.692715831101,
  "summary_gm_p95": 1723.7594996541739,
  "summary_gm_stdv": 124.1536145526808,
  "summary_wm_k": 0.8662415384225399,
  "summary_wm_mad": 159.1533830972631,
  "summary_wm_mean": 1012.0383486018601,
  "summary_wm_median": 1045.4039183482528,
  "summary_wm_n": 127192.0,
  "summary_wm_p05": 659.394862942025,
  "summary_wm_p95": 1261.768416851759,
  "summary_wm_stdv": 184.49810721186614,
  "tpm_overlap_csf": 0.07450369000434875,
  "tpm_overlap_gm": 0.33884161710739136,
  "tpm_overlap_wm": 0.15872246026992798,
  "wm2max": 0.26545510750709433
}