{
  "bids_meta": {
    "AcquisitionNumber": 1,
    "AcquisitionTime": "10:44:58.810000",
    "ConversionSoftware": "dcm2niix",
    "ConversionSoftwareVersion": "v1.0.20170724 (OpenJPEG build) GCC6.1.0",
    "DeviceSerialNumber": "35002",
    "EchoTime": 0.00226,
    "FlipAngle": 9,
    "ImageType": [
      "ORIGINAL",
      "PRIMARY",
      "M",
      "ND",
      "NORM"
    ],
    "InstitutionAddress": "University_Pkwy_1700_North_685_Provo_FC28C0_UT_US_84601",
    "InstitutionName": "Brigham_Young_University",
    "InversionTime": 0.9,
    "MagneticFieldStrength": 3,
    "Manufacturer": "Siemens",
    "ManufacturersModelName": "TrioTim",
    "PhaseEncodingDirection": "i-",
    "PhaseEncodingLines": 215,
    "ProcedureStepDescription": "Research_KIRWAN",
    "ProtocolName": "t1_mpr_sag_iso_mprage",
    "RepetitionTime": 1.9,
    "ScanningSequence": "GR_IR",
    "SequenceName": "_tfl3d1_ns",
    "SequenceVariant": "SP_MP_OSP",
    "SeriesDescription": "t1_mpr_sag_iso_mprage",
    "SoftwareVersions": "syngo_MR_B17",
    "dataset": "ds003711",
    "modality": "T1w",
    "subject_id": "40"
  },
  "cjv": 0.4035392507199762,
  "cnr": 3.3793166906944703,
  "efc": 0.6728091229833736,
  "fber": 1290.8468017578125,
  "fwhm_avg": 4.4517968266666665,
  "fwhm_x": 4.23281,
  "fwhm_y": 4.761210879999999,
  "fwhm_z": 4.3613696,
  "icvs_csf": 0.20581117231487503,
  "icvs_gm": 0.4236760315273548,
  "icvs_wm": 0.37051279615777016,
  "inu_med": 1.323975682258606,
  "inu_range": 0.5692063570022583,
  "provenance": {
    "md5sum": "6394927388d934cc2168c9cd0568ad95",
    "settings": {
      "testing": false
    },
    "software": "mriqc",
    "version": "22.0.0rc1",
    "warnings": {
      "large_rot_frame": true,
      "small_air_mask": false
    },
    "webapi_port": null,
    "webapi_url": "https://mriqc.nimh.nih.gov/api/v1"
  },
  "qi_1": 0.0,
  "qi_2": 0.009451251602152988,
  "rpve_csf": 17.48123578534958,
  "rpve_gm": 8.991259997322816,
  "rpve_wm": 12.228669932283944,
  "size_x": 176,
  "size_y": 224,
  "size_z": 256,
  "snr_csf": 3.5970303576944582,
  "snr_gm": 13.463344097331001,
  "snr_total": 12.46329230515147,
  "snr_wm": 20.32950246042895,
  "snrd_csf": 24.781031290987844,
  "snrd_gm": 47.97150704277926,
  "snrd_total": 45.667193427385676,
  "snrd_wm": 64.24904194838993,
  "spacing_x": 1.0,
  "spacing_y": 0.9765625,
  "spacing_z": 0.9765625,
  "summary_bg_k": 1.4406240952809641,
  "summary_bg_mad": 10.19708111009006,
  "summary_bg_mean": 17.188247680664062,
  "summary_bg_median": 16.815597534179688,
  "summary_bg_n": 1657446.0,
  "summary_bg_p05": 3.376673996448517,
  "summary_bg_p95": 37.51136779785156,
  "summary_bg_stdv": 11.205240249633789,
  "summary_csf_k": -0.08005268062029058,
  "summary_csf_mad": 111.95637548594684,
  "summary_csf_mean": 397.06005859375,
  "summary_csf_median": 385.71234130859375,
  "summary_csf_n": 27808.0,
  "summary_csf_p05": 240.64893493652343,
  "summary_csf_p95": 586.9304260253906,
  "summary_csf_stdv": 107.22884368896484,
  "summary_gm_k": 0.17771232411316085,
  "summary_gm_mad": 54.05670486286184,
  "summary_gm_mean": 745.6453857421875,
  "summary_gm_median": 746.66796875,
  "summary_gm_n": 31722.0,
  "summary_gm_p05": 652.3346588134766,
  "summary_gm_p95": 835.2204498291014,
  "summary_gm_stdv": 55.45845031738281,
  "summary_wm_k": 0.13605011615487284,
  "summary_wm_mad": 48.1827622842708,
  "summary_wm_mean": 999.4720458984375,
  "summary_wm_median": 1000.02490234375,
  "summary_wm_n": 275571.0,
  "summary_wm_p05": 917.6720886230469,
  "summary_wm_p95": 1079.8959350585938,
  "summary_wm_stdv": 49.190731048583984,
  "tpm_overlap_csf": 0.18551409244537354,
  "tpm_overlap_gm": 0.4689750075340271,
  "tpm_overlap_wm": 0.509857177734375,
  "wm2max": 0.431938949204858
}