{
  "aor": 0.00026781362007168464,
  "aqi": 0.04200790215053764,
  "bids_meta": {
    "AccelFactPE": 2,
    "AcquisitionNumber": 1,
    "AcquisitionTime": "14:10:14.892500",
    "BandwidthPerPixelPhaseEncode": 22.321,
    "ConversionSoftware": "dcm2niix",
    "ConversionSoftwareVersion": "v1.0.20170724 (OpenJPEG build) GCC6.1.0",
    "DeviceSerialNumber": "35002",
    "EchoTime": 0.028,
    "EffectiveEchoSpacing": 0.000350007,
    "FlipAngle": 90,
    "ImageType": [
      "ORIGINAL",
      "PRIMARY",
      "M",
      "ND",
      "MOSAIC"
    ],
    "InstitutionAddress": "University_Pkwy_1700_North_685_Provo_FC28C0_UT_US_84601",
    "InstitutionName": "Brigham_Young_University",
    "MagneticFieldStrength": 3,
    "Manufacturer": "Siemens",
    "ManufacturersModelName": "TrioTim",
    "PhaseEncodingDirection": "j-",
    "PhaseEncodingLines": 128,
    "ProcedureStepDescription": "Research_KIRWAN",
    "ProtocolName": "12Chan_1.8x1.8x1.8_TR1900_29Slice",
    "RepetitionTime": 1.9,
    "ScanningSequence": "EP",
    "SequenceName": "epfid2d1_128",
    "SequenceVariant": "SK",
    "SeriesDescription": "12Chan_1.8x1.8x1.8_TR1900_29Slice",
    "SliceTiming": [
      0,
      0.9875,
      0.0675,
      1.0525,
      0.1325,
      1.1175,
      0.1975,
      1.185,
      0.2625,
      1.25,
      0.33,
      1.315,
      0.395,
      1.3825,
      0.46,
      1.4475,
      0.5275,
      1.5125,
      0.5925,
      1.58,
      0.6575,
      1.645,
      0.725,
      1.71,
      0.79,
      1.7775,
      0.855,
      1.8425,
      0.9225
    ],
    "SoftwareVersions": "syngo_MR_B17",
    "TaskName": "MST",
    "TotalReadoutTime": 0.0437508,
    "TrueEchoSpacing": 0.000700013,
    "dataset": "ds003711",
    "modality": "bold",
    "run_id": 3,
    "subject_id": "11",
    "task_id": "MST"
  },
  "dummy_trs": 0,
  "dvars_nstd": 87.39233659161869,
  "dvars_std": 1.0462567981294972,
  "dvars_vstd": 1.0032393867625897,
  "efc": 0.6653234901069434,
  "fber": 82.10191345214844,
  "fd_mean": 0.09288453696899178,
  "fd_num": 16,
  "fd_perc": 5.734767025089606,
  "fwhm_avg": 2.422114820801412,
  "fwhm_x": 2.295759292035398,
  "fwhm_y": 2.5010295493923995,
  "fwhm_z": 2.469555620976438,
  "gcor": 0.00607171,
  "gsr_x": -0.031015535816550255,
  "gsr_y": 0.06581169366836548,
  "provenance": {
    "md5sum": "c03d3857fdfaa12a6bba250d84761873",
    "settings": {
      "fd_thres": 0.2,
      "testing": false
    },
    "software": "mriqc",
    "version": "22.0.0rc1",
    "webapi_port": null,
    "webapi_url": "https://mriqc.nimh.nih.gov/api/v1"
  },
  "size_t": 279,
  "size_x": 128,
  "size_y": 128,
  "size_z": 29,
  "snr": 4.564986606394338,
  "spacing_tr": 1.899999976158142,
  "spacing_x": 1.765625,
  "spacing_y": 1.7656248807907104,
  "spacing_z": 1.7999999523162842,
  "summary_bg_k": 22.194231970599866,
  "summary_bg_mad": 14.730373348083338,
  "summary_bg_mean": 106.70601654052734,
  "summary_bg_median": 82.32616424560547,
  "summary_bg_n": 295563.0,
  "summary_bg_p05": 69.01433563232422,
  "summary_bg_p95": 236.81935272216748,
  "summary_bg_stdv": 69.23943328857422,
  "summary_fg_k": 0.8436086175600388,
  "summary_fg_mad": 148.82886640262862,
  "summary_fg_mean": 762.566162109375,
  "summary_fg_median": 754.4695434570312,
  "summary_fg_n": 109013.0,
  "summary_fg_p05": 511.5412231445313,
  "summary_fg_p95": 1047.888916015625,
  "summary_fg_stdv": 165.27235412597656,
  "tsnr": 16.468837110616732
}