{
  "bids_meta": {
    "AcquisitionNumber": 1,
    "AcquisitionTime": "11:01:0.992500",
    "ConversionSoftware": "dcm2niix",
    "ConversionSoftwareVersion": "v1.0.20170724 (OpenJPEG build) GCC6.1.0",
    "DeviceSerialNumber": "35002",
    "EchoTime": 0.00226,
    "FlipAngle": 9,
    "ImageType": [
      "ORIGINAL",
      "PRIMARY",
      "M",
      "ND",
      "NORM"
    ],
    "InstitutionAddress": "University_Pkwy_1700_North_685_Provo_FC28C0_UT_US_84601",
    "InstitutionName": "Brigham_Young_University",
    "InversionTime": 0.9,
    "MagneticFieldStrength": 3,
    "Manufacturer": "Siemens",
    "ManufacturersModelName": "TrioTim",
    "PhaseEncodingDirection": "i-",
    "PhaseEncodingLines": 215,
    "ProcedureStepDescription": "Research_KIRWAN",
    "ProtocolName": "t1_mpr_sag_iso_mprage",
    "RepetitionTime": 1.9,
    "ScanningSequence": "GR_IR",
    "SequenceName": "_tfl3d1_ns",
    "SequenceVariant": "SP_MP_OSP",
    "SeriesDescription": "t1_mpr_sag_iso_mprage",
    "SoftwareVersions": "syngo_MR_B17",
    "dataset": "ds003711",
    "modality": "T1w",
    "subject_id": "49"
  },
  "cjv": 0.39764531390594715,
  "cnr": 3.4230088720327814,
  "efc": 0.6739517055770097,
  "fber": 1195.6551513671875,
  "fwhm_avg": 4.398028453333333,
  "fwhm_x": 4.19631,
  "fwhm_y": 4.7257088000000005,
  "fwhm_z": 4.27206656,
  "icvs_csf": 0.1947417208969968,
  "icvs_gm": 0.42662494278876467,
  "icvs_wm": 0.37863333631423857,
  "inu_med": 1.2901644706726074,
  "inu_range": 0.5071781396865844,
  "provenance": {
    "md5sum": "27e7f63bf6e8ee699b9ef596b323ce38",
    "settings": {
      "testing": false
    },
    "software": "mriqc",
    "version": "22.0.0rc1",
    "warnings": {
      "large_rot_frame": true,
      "small_air_mask": false
    },
    "webapi_port": null,
    "webapi_url": "https://mriqc.nimh.nih.gov/api/v1"
  },
  "qi_1": 0.0,
  "qi_2": 0.005186680844194574,
  "rpve_csf": 19.878656707803696,
  "rpve_gm": 9.869826633636904,
  "rpve_wm": 13.232527795936408,
  "size_x": 176,
  "size_y": 224,
  "size_z": 256,
  "snr_csf": 3.3492401550084616,
  "snr_gm": 13.514777379458513,
  "snr_total": 12.745379099847284,
  "snr_wm": 21.372119765074874,
  "snrd_csf": 20.967327627636866,
  "snrd_gm": 43.19174992782606,
  "snrd_total": 40.6203612736905,
  "snrd_wm": 57.70200626560859,
  "spacing_x": 1.0,
  "spacing_y": 0.9765625,
  "spacing_z": 0.9765625,
  "summary_bg_k": 49.16636227603472,
  "summary_bg_mad": 11.354187005182913,
  "summary_bg_mean": 17.5504150390625,
  "summary_bg_median": 15.327534675598145,
  "summary_bg_n": 1918998.0,
  "summary_bg_p05": 3.7976119041442873,
  "summary_bg_p95": 38.4450963973999,
  "summary_bg_stdv": 11.840907096862793,
  "summary_csf_k": -0.1225338950610122,
  "summary_csf_mad": 109.93173302764333,
  "summary_csf_mean": 381.8314514160156,
  "summary_csf_median": 363.3853454589844,
  "summary_csf_n": 23719.0,
  "summary_csf_p05": 234.81920776367187,
  "summary_csf_p95": 584.8338989257812,
  "summary_csf_stdv": 108.49555969238281,
  "summary_gm_k": 0.04457718915446396,
  "summary_gm_mad": 54.608246642756356,
  "summary_gm_mean": 748.6256713867188,
  "summary_gm_median": 748.5574340820312,
  "summary_gm_n": 27689.0,
  "summary_gm_p05": 657.278125,
  "summary_gm_p95": 840.5525024414062,
  "summary_gm_stdv": 55.38706970214844,
  "summary_wm_k": 0.24168363786431035,
  "summary_wm_mad": 45.39066685873428,
  "summary_wm_mean": 999.92724609375,
  "summary_wm_median": 1000.0350952148438,
  "summary_wm_n": 255253.0,
  "summary_wm_p05": 922.9677612304688,
  "summary_wm_p95": 1076.463623046875,
  "summary_wm_stdv": 46.791481018066406,
  "tpm_overlap_csf": 0.1639695018529892,
  "tpm_overlap_gm": 0.4436284899711609,
  "tpm_overlap_wm": 0.5000419616699219,
  "wm2max": 0.4171912809111603
}