{
  "bids_meta": {
    "AcquisitionNumber": 1,
    "AcquisitionTime": "12:12:6.772500",
    "ConversionSoftware": "dcm2niix",
    "ConversionSoftwareVersion": "v1.0.20170724 (OpenJPEG build) GCC6.1.0",
    "DeviceSerialNumber": "35002",
    "EchoTime": 0.064,
    "EchoTrainLength": 15,
    "FlipAngle": 178,
    "ImageType": [
      "ORIGINAL",
      "PRIMARY",
      "M",
      "ND"
    ],
    "InstitutionAddress": "University_Pkwy_1700_North_685_Provo_FC28C0_UT_US_84601",
    "InstitutionName": "Brigham_Young_University",
    "MagneticFieldStrength": 3,
    "Manufacturer": "Siemens",
    "ManufacturersModelName": "TrioTim",
    "PhaseEncodingDirection": "i-",
    "PhaseEncodingLines": 512,
    "ProcedureStepDescription": "Research_KIRWAN",
    "ProtocolName": "HiRes_T2",
    "RepetitionTime": 8.9,
    "ScanningSequence": "SE",
    "SequenceName": "_tse2d1_15",
    "SequenceVariant": "SK_SP_OSP",
    "SeriesDescription": "HiRes_T2",
    "SoftwareVersions": "syngo_MR_B17",
    "dataset": "ds003711",
    "modality": "T2w",
    "subject_id": "49"
  },
  "cjv": 0.6237067306985766,
  "cnr": 0.9043094642562317,
  "efc": 0.6025319993478845,
  "fber": 98.39197143801654,
  "fwhm_avg": 3.5615688311556557,
  "fwhm_x": 4.1893632,
  "fwhm_y": 1.9555416934669663,
  "fwhm_z": 4.5398016000000005,
  "icvs_csf": 0.20668077683907565,
  "icvs_gm": 0.5836005651275535,
  "icvs_wm": 0.20971865803337075,
  "inu_med": 1.0696371793746948,
  "inu_range": 0.2890503704547882,
  "provenance": {
    "md5sum": "8d96bc91b78db7f3a30e747ee2df8304",
    "settings": {
      "testing": false
    },
    "software": "mriqc",
    "version": "22.0.0rc1",
    "warnings": {
      "large_rot_frame": false,
      "small_air_mask": false
    },
    "webapi_port": null,
    "webapi_url": "https://mriqc.nimh.nih.gov/api/v1"
  },
  "qi_1": 0.008463752844786857,
  "qi_2": 7.455108931401187e-05,
  "rpve_csf": 12.445623224093064,
  "rpve_gm": 5.811291404794315,
  "rpve_wm": 13.766219506373227,
  "size_x": 512,
  "size_y": 19,
  "size_z": 512,
  "snr_csf": 3.595912212497362,
  "snr_gm": 10.837524527994056,
  "snr_total": 6.628357411656297,
  "snr_wm": 5.4516354944774745,
  "snrd_csf": 19.476022195886,
  "snrd_gm": 11.75361329882203,
  "snrd_total": 13.102292606275702,
  "snrd_wm": 8.077242324119076,
  "spacing_x": 0.390625,
  "spacing_y": 3.0000076293945312,
  "spacing_z": 0.390625,
  "summary_bg_k": 25.983910837252992,
  "summary_bg_mad": 85.25377140910756,
  "summary_bg_mean": 249.58054355244818,
  "summary_bg_median": 134.20705330371857,
  "summary_bg_n": 1513121.0,
  "summary_bg_p05": 30.681703329086304,
  "summary_bg_p95": 981.2049362659454,
  "summary_bg_stdv": 472.00241185847875,
  "summary_csf_k": 0.4982800896639752,
  "summary_csf_mad": 597.4542125339666,
  "summary_csf_mean": 2701.9823141888564,
  "summary_csf_median": 2534.4407685399055,
  "summary_csf_n": 119648.0,
  "summary_csf_p05": 1903.8911271095276,
  "summary_csf_p95": 4071.522988796234,
  "summary_csf_stdv": 704.8086903990668,
  "summary_gm_k": 0.033676377154939985,
  "summary_gm_mad": 140.5331602909847,
  "summary_gm_mean": 1529.2043841970622,
  "summary_gm_median": 1529.513389468193,
  "summary_gm_n": 343197.0,
  "summary_gm_p05": 1296.5559532642365,
  "summary_gm_p95": 1762.0644454956055,
  "summary_gm_stdv": 141.13104493412806,
  "summary_wm_k": 1.5041460354236573,
  "summary_wm_mad": 157.85503964089173,
  "summary_wm_mean": 1020.4297139060966,
  "summary_wm_median": 1051.102326631546,
  "summary_wm_n": 119112.0,
  "summary_wm_p05": 655.8518871724606,
  "summary_wm_p95": 1284.3645479679108,
  "summary_wm_stdv": 192.80414390203097,
  "tpm_overlap_csf": 0.10406170785427094,
  "tpm_overlap_gm": 0.3407473564147949,
  "tpm_overlap_wm": 0.16067110002040863,
  "wm2max": 0.24113177644152334
}