{
  "aor": 0.00030057347670250895,
  "aqi": 0.05925202508960573,
  "bids_meta": {
    "AccelFactPE": 2,
    "AcquisitionNumber": 1,
    "AcquisitionTime": "15:33:12.935000",
    "BandwidthPerPixelPhaseEncode": 22.321,
    "ConversionSoftware": "dcm2niix",
    "ConversionSoftwareVersion": "v1.0.20170724 (OpenJPEG build) GCC6.1.0",
    "DeviceSerialNumber": "35002",
    "EchoTime": 0.028,
    "EffectiveEchoSpacing": 0.000350007,
    "FlipAngle": 90,
    "ImageType": [
      "ORIGINAL",
      "PRIMARY",
      "M",
      "ND",
      "MOSAIC"
    ],
    "InstitutionAddress": "University_Pkwy_1700_North_685_Provo_FC28C0_UT_US_84601",
    "InstitutionName": "Brigham_Young_University",
    "MagneticFieldStrength": 3,
    "Manufacturer": "Siemens",
    "ManufacturersModelName": "TrioTim",
    "PhaseEncodingDirection": "j-",
    "PhaseEncodingLines": 128,
    "ProcedureStepDescription": "Research_KIRWAN",
    "ProtocolName": "12Chan_1.8x1.8x1.8_TR1900_29Slice",
    "RepetitionTime": 1.9,
    "ScanningSequence": "EP",
    "SequenceName": "epfid2d1_128",
    "SequenceVariant": "SK",
    "SeriesDescription": "12Chan_1.8x1.8x1.8_TR1900_29Slice",
    "SliceTiming": [
      0,
      0.9875,
      0.0675,
      1.0525,
      0.1325,
      1.1175,
      0.1975,
      1.185,
      0.2625,
      1.25,
      0.33,
      1.315,
      0.395,
      1.3825,
      0.46,
      1.4475,
      0.5275,
      1.5125,
      0.5925,
      1.58,
      0.6575,
      1.645,
      0.725,
      1.71,
      0.79,
      1.775,
      0.855,
      1.8425,
      0.92
    ],
    "SoftwareVersions": "syngo_MR_B17",
    "TaskName": "MST",
    "TotalReadoutTime": 0.0437508,
    "TrueEchoSpacing": 0.000700013,
    "dataset": "ds003711",
    "modality": "bold",
    "run_id": 3,
    "subject_id": "38",
    "task_id": "MST"
  },
  "dummy_trs": 0,
  "dvars_nstd": 87.43778807830938,
  "dvars_std": 1.0338256406834536,
  "dvars_vstd": 0.9990841851079136,
  "efc": 0.6496008462237425,
  "fber": 84.03441619873047,
  "fd_mean": 0.13125328883520496,
  "fd_num": 34,
  "fd_perc": 12.186379928315413,
  "fwhm_avg": 2.278621345703647,
  "fwhm_x": 2.1651766371681416,
  "fwhm_y": 2.338254159292035,
  "fwhm_z": 2.3324332406507637,
  "gcor": 0.00343622,
  "gsr_x": -0.015042068436741829,
  "gsr_y": 0.04045834764838219,
  "provenance": {
    "md5sum": "f728bb42b3f041c48e1ac428be6dc636",
    "settings": {
      "fd_thres": 0.2,
      "testing": false
    },
    "software": "mriqc",
    "version": "22.0.0rc1",
    "webapi_port": null,
    "webapi_url": "https://mriqc.nimh.nih.gov/api/v1"
  },
  "size_t": 279,
  "size_x": 128,
  "size_y": 128,
  "size_z": 29,
  "snr": 4.922426515190549,
  "spacing_tr": 1.899999976158142,
  "spacing_x": 1.765625,
  "spacing_y": 1.765625,
  "spacing_z": 1.8000000715255737,
  "summary_bg_k": 50.99246291822008,
  "summary_bg_mad": 20.761736085632375,
  "summary_bg_mean": 108.8512954711914,
  "summary_bg_median": 89.39067840576172,
  "summary_bg_n": 302722.0,
  "summary_bg_p05": 68.67742156982422,
  "summary_bg_p95": 205.9247283935547,
  "summary_bg_stdv": 76.3522720336914,
  "summary_fg_k": 1.1966984624721961,
  "summary_fg_mad": 145.53680898629355,
  "summary_fg_mean": 831.8836059570312,
  "summary_fg_median": 822.99462890625,
  "summary_fg_n": 103186.0,
  "summary_fg_p05": 579.9453430175781,
  "summary_fg_p95": 1118.5976257324219,
  "summary_fg_stdv": 167.1920623779297,
  "tsnr": 15.951835076790303
}