{
  "bids_meta": {
    "AcquisitionNumber": 1,
    "AcquisitionTime": "10:49:55.895000",
    "ConversionSoftware": "dcm2niix",
    "ConversionSoftwareVersion": "v1.0.20170724 (OpenJPEG build) GCC6.1.0",
    "DeviceSerialNumber": "35002",
    "EchoTime": 0.00226,
    "FlipAngle": 9,
    "ImageType": [
      "ORIGINAL",
      "PRIMARY",
      "M",
      "ND",
      "NORM"
    ],
    "InstitutionAddress": "University_Pkwy_1700_North_685_Provo_FC28C0_UT_US_84601",
    "InstitutionName": "Brigham_Young_University",
    "InversionTime": 0.9,
    "MagneticFieldStrength": 3,
    "Manufacturer": "Siemens",
    "ManufacturersModelName": "TrioTim",
    "PhaseEncodingDirection": "i-",
    "PhaseEncodingLines": 215,
    "ProcedureStepDescription": "Research_KIRWAN",
    "ProtocolName": "t1_mpr_sag_iso_mprage",
    "RepetitionTime": 1.9,
    "ScanningSequence": "GR_IR",
    "SequenceName": "_tfl3d1_ns",
    "SequenceVariant": "SP_MP_OSP",
    "SeriesDescription": "t1_mpr_sag_iso_mprage",
    "SoftwareVersions": "syngo_MR_B17",
    "dataset": "ds003711",
    "modality": "T1w",
    "subject_id": "20"
  },
  "cjv": 0.47240730002095394,
  "cnr": 2.9306947588153522,
  "efc": 0.6705629199420885,
  "fber": 1288.249755859375,
  "fwhm_avg": 4.409553413333334,
  "fwhm_x": 4.16497,
  "fwhm_y": 4.6992486399999995,
  "fwhm_z": 4.3644416,
  "icvs_csf": 0.20841093266295957,
  "icvs_gm": 0.4241600922334885,
  "icvs_wm": 0.367428975103552,
  "inu_med": 1.3229761123657227,
  "inu_range": 0.5840170621871947,
  "provenance": {
    "md5sum": "48c10b8c38980c31cbd4be873d680ca5",
    "settings": {
      "testing": false
    },
    "software": "mriqc",
    "version": "22.0.0rc1",
    "warnings": {
      "large_rot_frame": true,
      "small_air_mask": false
    },
    "webapi_port": null,
    "webapi_url": "https://mriqc.nimh.nih.gov/api/v1"
  },
  "qi_1": 0.0,
  "qi_2": 0.006455632787075354,
  "rpve_csf": 18.059790954126747,
  "rpve_gm": 9.279555423255953,
  "rpve_wm": 12.548215423156218,
  "size_x": 176,
  "size_y": 224,
  "size_z": 256,
  "snr_csf": 3.575805238551328,
  "snr_gm": 13.12409330428407,
  "snr_total": 11.975895934883363,
  "snr_wm": 19.227789261814696,
  "snrd_csf": 22.74520766916595,
  "snrd_gm": 46.61151934366219,
  "snrd_total": 43.34258463035712,
  "snrd_wm": 60.671026878243225,
  "spacing_x": 1.0,
  "spacing_y": 0.9765625,
  "spacing_z": 0.9765625,
  "summary_bg_k": 1.6717366985747422,
  "summary_bg_mad": 10.7984875945363,
  "summary_bg_mean": 16.58648681640625,
  "summary_bg_median": 14.58128833770752,
  "summary_bg_n": 1712983.0,
  "summary_bg_p05": 3.606953167915344,
  "summary_bg_p95": 36.56972160339355,
  "summary_bg_stdv": 10.990617752075195,
  "summary_csf_k": 0.4604271810256697,
  "summary_csf_mad": 98.58678103870166,
  "summary_csf_mean": 392.6447448730469,
  "summary_csf_median": 374.9049072265625,
  "summary_csf_n": 26900.0,
  "summary_csf_p05": 245.29158248901368,
  "summary_csf_p95": 586.2914123535156,
  "summary_csf_stdv": 104.84294128417969,
  "summary_gm_k": 0.040785629408107926,
  "summary_gm_mad": 58.3161095518913,
  "summary_gm_mean": 767.5074462890625,
  "summary_gm_median": 768.2887573242188,
  "summary_gm_n": 25211.0,
  "summary_gm_p05": 669.5028381347656,
  "summary_gm_p95": 861.6656494140625,
  "summary_gm_stdv": 58.53916931152344,
  "summary_wm_k": 0.17140562877377574,
  "summary_wm_mad": 51.159640041972146,
  "summary_wm_mean": 999.5589599609375,
  "summary_wm_median": 1000.0289306640625,
  "summary_wm_n": 251830.0,
  "summary_wm_p05": 913.0148529052734,
  "summary_wm_p95": 1083.3943725585937,
  "summary_wm_stdv": 52.00946044921875,
  "tpm_overlap_csf": 0.16507816314697266,
  "tpm_overlap_gm": 0.44552162289619446,
  "tpm_overlap_wm": 0.48975875973701477,
  "wm2max": 0.4133694897757792
}