{
  "bids_meta": {
    "AcquisitionNumber": 1,
    "AcquisitionTime": "11:53:3.560000",
    "ConversionSoftware": "dcm2niix",
    "ConversionSoftwareVersion": "v1.0.20170724 (OpenJPEG build) GCC6.1.0",
    "DeviceSerialNumber": "35002",
    "EchoTime": 0.064,
    "EchoTrainLength": 15,
    "FlipAngle": 178,
    "ImageType": [
      "ORIGINAL",
      "PRIMARY",
      "M",
      "ND"
    ],
    "InstitutionAddress": "University_Pkwy_1700_North_685_Provo_FC28C0_UT_US_84601",
    "InstitutionName": "Brigham_Young_University",
    "MagneticFieldStrength": 3,
    "Manufacturer": "Siemens",
    "ManufacturersModelName": "TrioTim",
    "PhaseEncodingDirection": "i-",
    "PhaseEncodingLines": 512,
    "ProcedureStepDescription": "Research_KIRWAN",
    "ProtocolName": "HiRes_T2",
    "RepetitionTime": 8.3,
    "ScanningSequence": "SE",
    "SequenceName": "_tse2d1_15",
    "SequenceVariant": "SK_SP_OSP",
    "SeriesDescription": "HiRes_T2",
    "SoftwareVersions": "syngo_MR_B17",
    "dataset": "ds003711",
    "modality": "T2w",
    "subject_id": "20"
  },
  "cjv": 0.6711479104344475,
  "cnr": 1.0320429770854864,
  "efc": 0.6181169621578897,
  "fber": 97.75200548386358,
  "fwhm_avg": 3.572783287300903,
  "fwhm_x": 4.313856,
  "fwhm_y": 1.9216778619027084,
  "fwhm_z": 4.482816000000001,
  "icvs_csf": 0.2291620594728812,
  "icvs_gm": 0.6177591032856341,
  "icvs_wm": 0.15307883724148472,
  "inu_med": 1.1312965154647827,
  "inu_range": 0.29874114394187923,
  "provenance": {
    "md5sum": "c3bfa35ab706b20e46b1184911777162",
    "settings": {
      "testing": false
    },
    "software": "mriqc",
    "version": "22.0.0rc1",
    "warnings": {
      "large_rot_frame": false,
      "small_air_mask": false
    },
    "webapi_port": null,
    "webapi_url": "https://mriqc.nimh.nih.gov/api/v1"
  },
  "qi_1": 0.003637610080636643,
  "qi_2": 9.676695978138902e-05,
  "rpve_csf": 10.866368222474692,
  "rpve_gm": 5.371174677968706,
  "rpve_wm": 17.113508798807793,
  "size_x": 512,
  "size_y": 19,
  "size_z": 512,
  "snr_csf": 4.4712727516383515,
  "snr_gm": 10.381485381134047,
  "snr_total": 6.530024534585775,
  "snr_wm": 4.737315470984925,
  "snrd_csf": 18.939730979747264,
  "snrd_gm": 10.844323078281594,
  "snrd_total": 12.326122560019726,
  "snrd_wm": 7.194313622030321,
  "spacing_x": 0.390625,
  "spacing_y": 3.0000033378601074,
  "spacing_z": 0.390625,
  "summary_bg_k": 24.560164858861306,
  "summary_bg_mad": 97.72451167969415,
  "summary_bg_mean": 266.2250955927519,
  "summary_bg_median": 151.21488690376282,
  "summary_bg_n": 1462109.0,
  "summary_bg_p05": 34.20644450187683,
  "summary_bg_p95": 1058.2112564086794,
  "summary_bg_stdv": 450.2440750058027,
  "summary_csf_k": -0.08782198365742211,
  "summary_csf_mad": 665.8041240190404,
  "summary_csf_mean": 2933.8669592256356,
  "summary_csf_median": 2825.176596403122,
  "summary_csf_n": 156499.0,
  "summary_csf_p05": 2121.316533088684,
  "summary_csf_p95": 4062.8984484672546,
  "summary_csf_stdv": 631.848631728522,
  "summary_gm_k": -0.060768756771951704,
  "summary_gm_mad": 158.786363422039,
  "summary_gm_mean": 1620.2280104967365,
  "summary_gm_median": 1617.6115593910217,
  "summary_gm_n": 433171.0,
  "summary_gm_p05": 1369.808701992035,
  "summary_gm_p95": 1879.4588763713837,
  "summary_gm_stdv": 155.8167865992691,
  "summary_wm_k": 1.3986994728471425,
  "summary_wm_mad": 206.62666358418988,
  "summary_wm_mean": 1041.0255419153698,
  "summary_wm_median": 1073.1518042087555,
  "summary_wm_n": 89926.0,
  "summary_wm_p05": 650.7194470763206,
  "summary_wm_p95": 1357.0351367592812,
  "summary_wm_stdv": 226.530372297224,
  "tpm_overlap_csf": 0.1070406585931778,
  "tpm_overlap_gm": 0.34073540568351746,
  "tpm_overlap_wm": 0.1202850267291069,
  "wm2max": 0.241965572505015
}