{
  "aor": 0.0005139426523297491,
  "aqi": 0.06153123870967743,
  "bids_meta": {
    "AccelFactPE": 2,
    "AcquisitionNumber": 1,
    "AcquisitionTime": "14:37:32.877500",
    "BandwidthPerPixelPhaseEncode": 22.321,
    "ConversionSoftware": "dcm2niix",
    "ConversionSoftwareVersion": "v1.0.20170724 (OpenJPEG build) GCC6.1.0",
    "DeviceSerialNumber": "35002",
    "EchoTime": 0.028,
    "EffectiveEchoSpacing": 0.000350007,
    "FlipAngle": 90,
    "ImageType": [
      "ORIGINAL",
      "PRIMARY",
      "M",
      "ND",
      "MOSAIC"
    ],
    "InstitutionAddress": "University_Pkwy_1700_North_685_Provo_FC28C0_UT_US_84601",
    "InstitutionName": "Brigham_Young_University",
    "MagneticFieldStrength": 3,
    "Manufacturer": "Siemens",
    "ManufacturersModelName": "TrioTim",
    "PhaseEncodingDirection": "j-",
    "PhaseEncodingLines": 128,
    "ProcedureStepDescription": "Research_KIRWAN",
    "ProtocolName": "12Chan_1.8x1.8x1.8_TR1900_29Slice",
    "RepetitionTime": 1.9,
    "ScanningSequence": "EP",
    "SequenceName": "epfid2d1_128",
    "SequenceVariant": "SK",
    "SeriesDescription": "12Chan_1.8x1.8x1.8_TR1900_29Slice",
    "SliceTiming": [
      0,
      0.9875,
      0.065,
      1.0525,
      0.1325,
      1.1175,
      0.1975,
      1.185,
      0.2625,
      1.25,
      0.33,
      1.315,
      0.395,
      1.3825,
      0.46,
      1.4475,
      0.5275,
      1.5125,
      0.5925,
      1.5775,
      0.6575,
      1.645,
      0.7225,
      1.71,
      0.79,
      1.775,
      0.855,
      1.8425,
      0.92
    ],
    "SoftwareVersions": "syngo_MR_B17",
    "TaskName": "MST",
    "TotalReadoutTime": 0.0437508,
    "TrueEchoSpacing": 0.000700013,
    "dataset": "ds003711",
    "modality": "bold",
    "run_id": 5,
    "subject_id": "22",
    "task_id": "MST"
  },
  "dummy_trs": 0,
  "dvars_nstd": 87.6369980188849,
  "dvars_std": 0.9927882480935255,
  "dvars_vstd": 0.9836120034532377,
  "efc": 0.6404996234437941,
  "fber": 90.83568572998047,
  "fd_mean": 0.16890986284194962,
  "fd_num": 57,
  "fd_perc": 20.43010752688172,
  "fwhm_avg": 2.5449216209150425,
  "fwhm_x": 2.5867553982300886,
  "fwhm_y": 2.7074095575221238,
  "fwhm_z": 2.340599906992916,
  "gcor": 0.00852896,
  "gsr_x": -0.018260782584547997,
  "gsr_y": 0.03643116354942322,
  "provenance": {
    "md5sum": "70c0b6c6a1eef3ffafa7ca55ce71314e",
    "settings": {
      "fd_thres": 0.2,
      "testing": false
    },
    "software": "mriqc",
    "version": "22.0.0rc1",
    "webapi_port": null,
    "webapi_url": "https://mriqc.nimh.nih.gov/api/v1"
  },
  "size_t": 279,
  "size_x": 128,
  "size_y": 128,
  "size_z": 29,
  "snr": 4.293715385103114,
  "spacing_tr": 1.899999976158142,
  "spacing_x": 1.765625,
  "spacing_y": 1.765625,
  "spacing_z": 1.8000000715255737,
  "summary_bg_k": 21.816398734452527,
  "summary_bg_mad": 18.05693040405496,
  "summary_bg_mean": 113.44940948486328,
  "summary_bg_median": 88.36200714111328,
  "summary_bg_n": 308529.0,
  "summary_bg_p05": 71.02867126464844,
  "summary_bg_p95": 255.0430145263672,
  "summary_bg_stdv": 77.60943603515625,
  "summary_fg_k": 0.6450929371961598,
  "summary_fg_mad": 178.49683716375978,
  "summary_fg_mean": 860.6790161132812,
  "summary_fg_median": 851.7670288085938,
  "summary_fg_n": 97143.0,
  "summary_fg_p05": 541.3465698242187,
  "summary_fg_p95": 1200.6157470703124,
  "summary_fg_stdv": 198.374267578125,
  "tsnr": 13.500854681013152
}