{
  "aor": 0.0002855913978494624,
  "aqi": 0.03644533620071685,
  "bids_meta": {
    "AccelFactPE": 2,
    "AcquisitionNumber": 1,
    "AcquisitionTime": "14:00:1.187500",
    "BandwidthPerPixelPhaseEncode": 22.321,
    "ConversionSoftware": "dcm2niix",
    "ConversionSoftwareVersion": "v1.0.20170724 (OpenJPEG build) GCC6.1.0",
    "DeviceSerialNumber": "35002",
    "EchoTime": 0.028,
    "EffectiveEchoSpacing": 0.000350007,
    "FlipAngle": 90,
    "ImageType": [
      "ORIGINAL",
      "PRIMARY",
      "M",
      "ND",
      "MOSAIC"
    ],
    "InstitutionAddress": "University_Pkwy_1700_North_685_Provo_FC28C0_UT_US_84601",
    "InstitutionName": "Brigham_Young_University",
    "MagneticFieldStrength": 3,
    "Manufacturer": "Siemens",
    "ManufacturersModelName": "TrioTim",
    "PhaseEncodingDirection": "j-",
    "PhaseEncodingLines": 128,
    "ProcedureStepDescription": "Research_KIRWAN",
    "ProtocolName": "12Chan_1.8x1.8x1.8_TR1900_29Slice",
    "RepetitionTime": 1.9,
    "ScanningSequence": "EP",
    "SequenceName": "epfid2d1_128",
    "SequenceVariant": "SK",
    "SeriesDescription": "12Chan_1.8x1.8x1.8_TR1900_29Slice",
    "SliceTiming": [
      0,
      0.9875,
      0.0675,
      1.0525,
      0.1325,
      1.12,
      0.1975,
      1.185,
      0.265,
      1.25,
      0.33,
      1.3175,
      0.395,
      1.3825,
      0.4625,
      1.4475,
      0.5275,
      1.515,
      0.5925,
      1.58,
      0.66,
      1.645,
      0.725,
      1.71,
      0.79,
      1.7775,
      0.855,
      1.8425,
      0.9225
    ],
    "SoftwareVersions": "syngo_MR_B17",
    "TaskName": "MST",
    "TotalReadoutTime": 0.0437508,
    "TrueEchoSpacing": 0.000700013,
    "dataset": "ds003711",
    "modality": "bold",
    "run_id": 2,
    "subject_id": "22",
    "task_id": "MST"
  },
  "dummy_trs": 0,
  "dvars_nstd": 87.33149724719422,
  "dvars_std": 1.0269510715107915,
  "dvars_vstd": 1.003549130431655,
  "efc": 0.6379757089463454,
  "fber": 88.95116424560547,
  "fd_mean": 0.10895006928360583,
  "fd_num": 5,
  "fd_perc": 1.7921146953405018,
  "fwhm_avg": 2.5418009139700692,
  "fwhm_x": 2.488002831858407,
  "fwhm_y": 2.6263277876106192,
  "fwhm_z": 2.5110721224411807,
  "gcor": 0.00427835,
  "gsr_x": -0.020680712535977364,
  "gsr_y": 0.03655892238020897,
  "provenance": {
    "md5sum": "56f690e455394ce7014a667dc4a7c8c1",
    "settings": {
      "fd_thres": 0.2,
      "testing": false
    },
    "software": "mriqc",
    "version": "22.0.0rc1",
    "webapi_port": null,
    "webapi_url": "https://mriqc.nimh.nih.gov/api/v1"
  },
  "size_t": 279,
  "size_x": 128,
  "size_y": 128,
  "size_z": 29,
  "snr": 4.126806379272121,
  "spacing_tr": 1.899999976158142,
  "spacing_x": 1.765625,
  "spacing_y": 1.765625,
  "spacing_z": 1.8000000715255737,
  "summary_bg_k": 24.15234575802173,
  "summary_bg_mad": 17.706210460916953,
  "summary_bg_mean": 111.70516967773438,
  "summary_bg_median": 88.17921447753906,
  "summary_bg_n": 312061.0,
  "summary_bg_p05": 71.05376434326172,
  "summary_bg_p95": 243.3369140625,
  "summary_bg_stdv": 75.31118774414062,
  "summary_fg_k": 0.4806411722912971,
  "summary_fg_mad": 183.77363056999252,
  "summary_fg_mean": 847.5339965820312,
  "summary_fg_median": 839.51611328125,
  "summary_fg_n": 94209.0,
  "summary_fg_p05": 516.4695068359375,
  "summary_fg_p95": 1196.7899902343745,
  "summary_fg_stdv": 203.42889404296875,
  "tsnr": 15.493119630613364
}