{
  "bids_meta": {
    "AcquisitionNumber": 1,
    "AcquisitionTime": "16:29:42.610000",
    "ConversionSoftware": "dcm2niix",
    "ConversionSoftwareVersion": "v1.0.20170724 (OpenJPEG build) GCC6.1.0",
    "DeviceSerialNumber": "35002",
    "EchoTime": 0.00226,
    "FlipAngle": 9,
    "ImageType": [
      "ORIGINAL",
      "PRIMARY",
      "M",
      "ND",
      "NORM"
    ],
    "InstitutionAddress": "University_Pkwy_1700_North_685_Provo_FC28C0_UT_US_84601",
    "InstitutionName": "Brigham_Young_University",
    "InversionTime": 0.9,
    "MagneticFieldStrength": 3,
    "Manufacturer": "Siemens",
    "ManufacturersModelName": "TrioTim",
    "PhaseEncodingDirection": "i-",
    "PhaseEncodingLines": 215,
    "ProcedureStepDescription": "Research_KIRWAN",
    "ProtocolName": "t1_mpr_sag_iso_mprage",
    "RepetitionTime": 1.9,
    "ScanningSequence": "GR_IR",
    "SequenceName": "_tfl3d1_ns",
    "SequenceVariant": "SP_MP_OSP",
    "SeriesDescription": "t1_mpr_sag_iso_mprage",
    "SoftwareVersions": "syngo_MR_B17",
    "dataset": "ds003711",
    "modality": "T1w",
    "subject_id": "04"
  },
  "cjv": 0.4504926747251504,
  "cnr": 3.0525715726149967,
  "efc": 0.6494253476647086,
  "fber": 1382.5255126953125,
  "fwhm_avg": 4.342702160000001,
  "fwhm_x": 4.09599,
  "fwhm_y": 4.6295449600000005,
  "fwhm_z": 4.302571520000001,
  "icvs_csf": 0.19388592311113653,
  "icvs_gm": 0.4352185971774974,
  "icvs_wm": 0.37089547971136605,
  "inu_med": 1.3420048952102661,
  "inu_range": 0.5951786279678344,
  "provenance": {
    "md5sum": "f09530eee5fd87434c674ee99d4b58ad",
    "settings": {
      "testing": false
    },
    "software": "mriqc",
    "version": "22.0.0rc1",
    "warnings": {
      "large_rot_frame": true,
      "small_air_mask": false
    },
    "webapi_port": null,
    "webapi_url": "https://mriqc.nimh.nih.gov/api/v1"
  },
  "qi_1": 0.0,
  "qi_2": 0.004837527180167576,
  "rpve_csf": 21.469160801020386,
  "rpve_gm": 10.303705090793711,
  "rpve_wm": 14.016122655555586,
  "size_x": 176,
  "size_y": 224,
  "size_z": 256,
  "snr_csf": 3.6081042391707077,
  "snr_gm": 13.591304978790927,
  "snr_total": 11.582336066830416,
  "snr_wm": 17.547598982529617,
  "snrd_csf": 23.13394722026474,
  "snrd_gm": 45.402385693669565,
  "snrd_total": 42.906443056697924,
  "snrd_wm": 60.18299625615948,
  "spacing_x": 1.0,
  "spacing_y": 0.9765625,
  "spacing_z": 0.9765625,
  "summary_bg_k": 273.20805188546854,
  "summary_bg_mad": 10.886064364185826,
  "summary_bg_mean": 16.63408088684082,
  "summary_bg_median": 14.704626083374023,
  "summary_bg_n": 2061741.0,
  "summary_bg_p05": 3.6348135471343994,
  "summary_bg_p95": 37.11431121826172,
  "summary_bg_stdv": 12.023268699645996,
  "summary_csf_k": 0.050275824230903154,
  "summary_csf_mad": 112.27791212735949,
  "summary_csf_mean": 400.14324951171875,
  "summary_csf_median": 384.4049072265625,
  "summary_csf_n": 21524.0,
  "summary_csf_p05": 254.40508499145508,
  "summary_csf_p95": 590.8401550292969,
  "summary_csf_stdv": 106.53682708740234,
  "summary_gm_k": 0.02332721495179868,
  "summary_gm_mad": 54.40409926696603,
  "summary_gm_mean": 753.8538208007812,
  "summary_gm_median": 754.4281005859375,
  "summary_gm_n": 24947.0,
  "summary_gm_p05": 660.9642028808594,
  "summary_gm_p95": 844.6940856933593,
  "summary_gm_stdv": 55.50703048706055,
  "summary_wm_k": -0.010485756697576676,
  "summary_wm_mad": 56.237715523898345,
  "summary_wm_mean": 999.211669921875,
  "summary_wm_median": 1000.0299072265625,
  "summary_wm_n": 221975.0,
  "summary_wm_p05": 902.4158386230469,
  "summary_wm_p95": 1091.4495239257812,
  "summary_wm_stdv": 56.98942947387695,
  "tpm_overlap_csf": 0.16662946343421936,
  "tpm_overlap_gm": 0.45262250304222107,
  "tpm_overlap_wm": 0.5001064538955688,
  "wm2max": 0.42830838526110615
}