{
  "bids_meta": {
    "AcquisitionNumber": 1,
    "AcquisitionTime": "13:14:18.272500",
    "ConversionSoftware": "dcm2niix",
    "ConversionSoftwareVersion": "v1.0.20170724 (OpenJPEG build) GCC6.1.0",
    "DeviceSerialNumber": "35002",
    "EchoTime": 0.00226,
    "FlipAngle": 9,
    "ImageType": [
      "ORIGINAL",
      "PRIMARY",
      "M",
      "ND",
      "NORM"
    ],
    "InstitutionAddress": "University_Pkwy_1700_North_685_Provo_FC28C0_UT_US_84601",
    "InstitutionName": "Brigham_Young_University",
    "InversionTime": 0.9,
    "MagneticFieldStrength": 3,
    "Manufacturer": "Siemens",
    "ManufacturersModelName": "TrioTim",
    "PhaseEncodingDirection": "i-",
    "PhaseEncodingLines": 215,
    "ProcedureStepDescription": "Research_KIRWAN",
    "ProtocolName": "t1_mpr_sag_iso_mprage",
    "RepetitionTime": 1.9,
    "ScanningSequence": "GR_IR",
    "SequenceName": "_tfl3d1_ns",
    "SequenceVariant": "SP_MP_OSP",
    "SeriesDescription": "t1_mpr_sag_iso_mprage",
    "SoftwareVersions": "syngo_MR_B17",
    "dataset": "ds003711",
    "modality": "T1w",
    "subject_id": "02"
  },
  "cjv": 0.3329779917404568,
  "cnr": 3.9591015072846476,
  "efc": 0.6120151122595461,
  "fber": 1992.787841796875,
  "fwhm_avg": 4.30413192,
  "fwhm_x": 4.12623,
  "fwhm_y": 4.567152640000001,
  "fwhm_z": 4.21901312,
  "icvs_csf": 0.19918952450095712,
  "icvs_gm": 0.43486792946802005,
  "icvs_wm": 0.3659425460310229,
  "inu_med": 1.3614121675491333,
  "inu_range": 0.4659237265586853,
  "provenance": {
    "md5sum": "3dc1f459de8c04ceb17353038e053ef4",
    "settings": {
      "testing": false
    },
    "software": "mriqc",
    "version": "22.0.0rc1",
    "warnings": {
      "large_rot_frame": true,
      "small_air_mask": false
    },
    "webapi_port": null,
    "webapi_url": "https://mriqc.nimh.nih.gov/api/v1"
  },
  "qi_1": 0.0,
  "qi_2": 0.005782048585732535,
  "rpve_csf": 20.58362297192892,
  "rpve_gm": 10.263798542267706,
  "rpve_wm": 14.3735554294009,
  "size_x": 176,
  "size_y": 224,
  "size_z": 256,
  "snr_csf": 2.1099116569076286,
  "snr_gm": 14.431924715939216,
  "snr_total": 13.490654108585447,
  "snr_wm": 23.930125952909503,
  "snrd_csf": 26.97888553500536,
  "snrd_gm": 55.98435412993783,
  "snrd_total": 53.000134490874736,
  "snrd_wm": 76.03716380768101,
  "spacing_x": 1.0,
  "spacing_y": 0.9765625,
  "spacing_z": 0.9765625,
  "summary_bg_k": 3.03800739613788,
  "summary_bg_mad": 8.616118510189112,
  "summary_bg_mean": 13.919193267822266,
  "summary_bg_median": 11.39853286743164,
  "summary_bg_n": 2187862.0,
  "summary_bg_p05": 2.7637503385543822,
  "summary_bg_p95": 30.780398178100583,
  "summary_bg_stdv": 9.394471168518066,
  "summary_csf_k": 46.01544520524936,
  "summary_csf_mad": 95.38161746882167,
  "summary_csf_mean": 386.0075988769531,
  "summary_csf_median": 354.8166198730469,
  "summary_csf_n": 17733.0,
  "summary_csf_p05": 239.7570373535156,
  "summary_csf_p95": 568.5154418945311,
  "summary_csf_stdv": 168.16183471679688,
  "summary_gm_k": 0.32821498733210763,
  "summary_gm_mad": 48.316055318197726,
  "summary_gm_mean": 733.7410278320312,
  "summary_gm_median": 736.2861328125,
  "summary_gm_n": 25734.0,
  "summary_gm_p05": 642.3870330810547,
  "summary_gm_p95": 812.3600341796875,
  "summary_gm_stdv": 51.016883850097656,
  "summary_wm_k": 0.38161714085321075,
  "summary_wm_mad": 39.499350035395125,
  "summary_wm_mean": 998.8286743164062,
  "summary_wm_median": 1000.0134887695312,
  "summary_wm_n": 230721.0,
  "summary_wm_p05": 927.2276611328125,
  "summary_wm_p95": 1065.51123046875,
  "summary_wm_stdv": 41.78880310058594,
  "tpm_overlap_csf": 0.172448992729187,
  "tpm_overlap_gm": 0.4571560025215149,
  "tpm_overlap_wm": 0.5134578347206116,
  "wm2max": 0.42983448664964746
}