{
  "bids_meta": {
    "AcquisitionNumber": 1,
    "AcquisitionTime": "14:22:31.852500",
    "ConversionSoftware": "dcm2niix",
    "ConversionSoftwareVersion": "v1.0.20170724 (OpenJPEG build) GCC6.1.0",
    "DeviceSerialNumber": "35002",
    "EchoTime": 0.064,
    "EchoTrainLength": 15,
    "FlipAngle": 178,
    "ImageType": [
      "ORIGINAL",
      "PRIMARY",
      "M",
      "ND"
    ],
    "InstitutionAddress": "University_Pkwy_1700_North_685_Provo_FC28C0_UT_US_84601",
    "InstitutionName": "Brigham_Young_University",
    "MagneticFieldStrength": 3,
    "Manufacturer": "Siemens",
    "ManufacturersModelName": "TrioTim",
    "PhaseEncodingDirection": "i-",
    "PhaseEncodingLines": 512,
    "ProcedureStepDescription": "Research_KIRWAN",
    "ProtocolName": "HiRes_T2",
    "RepetitionTime": 6.26,
    "ScanningSequence": "SE",
    "SequenceName": "_tse2d1_15",
    "SequenceVariant": "SK_SP_OSP",
    "SeriesDescription": "HiRes_T2",
    "SoftwareVersions": "syngo_MR_B17",
    "dataset": "ds003711",
    "modality": "T2w",
    "subject_id": "02"
  },
  "cjv": 0.5861585131482067,
  "cnr": 1.0912900285917229,
  "efc": 0.5881515556430706,
  "fber": 118.62457669621644,
  "fwhm_avg": 3.3381971573849607,
  "fwhm_x": 4.0760320000000005,
  "fwhm_y": 1.8407930721548806,
  "fwhm_z": 4.0977664,
  "icvs_csf": 0.19397439461677654,
  "icvs_gm": 0.5578872222897521,
  "icvs_wm": 0.2481383830934714,
  "inu_med": 1.0453426837921143,
  "inu_range": 0.31401622593402867,
  "provenance": {
    "md5sum": "ee48dae068c8ffdbc3fb1c72b48d7cf6",
    "settings": {
      "testing": false
    },
    "software": "mriqc",
    "version": "22.0.0rc1",
    "warnings": {
      "large_rot_frame": false,
      "small_air_mask": false
    },
    "webapi_port": null,
    "webapi_url": "https://mriqc.nimh.nih.gov/api/v1"
  },
  "qi_1": 0.02542658195382204,
  "qi_2": 7.203437172850149e-05,
  "rpve_csf": 14.51371330460942,
  "rpve_gm": 6.430443421029883,
  "rpve_wm": 13.085154673839947,
  "size_x": 512,
  "size_y": 19,
  "size_z": 512,
  "snr_csf": 4.337063147280925,
  "snr_gm": 11.020340080718238,
  "snr_total": 6.964820097167485,
  "snr_wm": 5.537057063503291,
  "snrd_csf": 22.018411026339596,
  "snrd_gm": 13.17659473869236,
  "snrd_total": 14.701686690048737,
  "snrd_wm": 8.910054305114254,
  "spacing_x": 0.390625,
  "spacing_y": 2.999994993209839,
  "spacing_z": 0.390625,
  "summary_bg_k": 28.826478317486032,
  "summary_bg_mad": 77.44065996951116,
  "summary_bg_mean": 217.38632613342307,
  "summary_bg_median": 121.28663731366396,
  "summary_bg_n": 1531317.0,
  "summary_bg_p05": 27.542788684368134,
  "summary_bg_p95": 768.7389056012034,
  "summary_bg_stdv": 396.75838612929067,
  "summary_csf_k": 1.0257311615728542,
  "summary_csf_mad": 566.2939409823198,
  "summary_csf_mean": 2679.7200852507817,
  "summary_csf_median": 2602.6951635703444,
  "summary_csf_n": 115905.0,
  "summary_csf_p05": 1887.2909009143712,
  "summary_csf_p95": 3716.8993329554796,
  "summary_csf_stdv": 600.102845509434,
  "summary_gm_k": 0.19862222565238286,
  "summary_gm_mad": 138.40148081180052,
  "summary_gm_mean": 1556.618278131897,
  "summary_gm_median": 1557.544700101018,
  "summary_gm_n": 322902.0,
  "summary_gm_p05": 1321.758755542338,
  "summary_gm_p95": 1785.9531119763851,
  "summary_gm_stdv": 141.33341411420233,
  "summary_wm_k": 1.6530488359177848,
  "summary_wm_mad": 157.21474848800946,
  "summary_wm_mean": 1023.767170019478,
  "summary_wm_median": 1053.2165658697486,
  "summary_wm_n": 146912.0,
  "summary_wm_p05": 664.5681441128254,
  "summary_wm_p95": 1282.7070158720016,
  "summary_wm_stdv": 190.21168994096985,
  "tpm_overlap_csf": 0.08113447576761246,
  "tpm_overlap_gm": 0.3348029553890228,
  "tpm_overlap_wm": 0.17239609360694885,
  "wm2max": 0.2532604743294047
}