{
  "bids_meta": {
    "AcquisitionNumber": 1,
    "AcquisitionTime": "12:01:31.787500",
    "ConversionSoftware": "dcm2niix",
    "ConversionSoftwareVersion": "v1.0.20170724 (OpenJPEG build) GCC6.1.0",
    "DeviceSerialNumber": "35002",
    "EchoTime": 0.064,
    "EchoTrainLength": 15,
    "FlipAngle": 178,
    "ImageType": [
      "ORIGINAL",
      "PRIMARY",
      "M",
      "ND"
    ],
    "InstitutionAddress": "University_Pkwy_1700_North_685_Provo_FC28C0_UT_US_84601",
    "InstitutionName": "Brigham_Young_University",
    "MagneticFieldStrength": 3,
    "Manufacturer": "Siemens",
    "ManufacturersModelName": "TrioTim",
    "PhaseEncodingDirection": "i-",
    "PhaseEncodingLines": 512,
    "ProcedureStepDescription": "Research_KIRWAN",
    "ProtocolName": "HiRes_T2",
    "RepetitionTime": 6.26,
    "ScanningSequence": "SE",
    "SequenceName": "_tse2d1_15",
    "SequenceVariant": "SK_SP_OSP",
    "SeriesDescription": "HiRes_T2",
    "SoftwareVersions": "syngo_MR_B17",
    "dataset": "ds003711",
    "modality": "T2w",
    "subject_id": "45"
  },
  "cjv": 0.5726105913444518,
  "cnr": 1.229949957806197,
  "efc": 0.5837332609617577,
  "fber": 96.543800736924,
  "fwhm_avg": 3.6452444173138105,
  "fwhm_x": 4.3936,
  "fwhm_y": 1.98006,
  "fwhm_z": 4.562073251941433,
  "icvs_csf": 0.1756176671072281,
  "icvs_gm": 0.574158131194996,
  "icvs_wm": 0.2502242016977758,
  "inu_med": 1.1040602922439575,
  "inu_range": 0.2881550133228301,
  "provenance": {
    "md5sum": "26358808a85680d6b73cc5c34c9880cd",
    "settings": {
      "testing": false
    },
    "software": "mriqc",
    "version": "22.0.0rc1",
    "warnings": {
      "large_rot_frame": false,
      "small_air_mask": false
    },
    "webapi_port": null,
    "webapi_url": "https://mriqc.nimh.nih.gov/api/v1"
  },
  "qi_1": 0.0,
  "qi_2": 0.00011034717632612183,
  "rpve_csf": 17.123981300804523,
  "rpve_gm": 6.8744656817447405,
  "rpve_wm": 13.803898950282615,
  "size_x": 512,
  "size_y": 19,
  "size_z": 512,
  "snr_csf": 4.419287597447635,
  "snr_gm": 10.77163590724149,
  "snr_total": 6.844631954533065,
  "snr_wm": 5.342972358910069,
  "snrd_csf": 22.081958046490364,
  "snrd_gm": 12.60076430447711,
  "snrd_total": 14.333783872908768,
  "snrd_wm": 8.318629267758826,
  "spacing_x": 0.390625,
  "spacing_y": 3.0,
  "spacing_z": 0.3906250298023224,
  "summary_bg_k": 39.71088601547382,
  "summary_bg_mad": 82.58459913189934,
  "summary_bg_mean": 211.16599026873536,
  "summary_bg_median": 132.30401869118214,
  "summary_bg_n": 1466571.0,
  "summary_bg_p05": 30.452955946326256,
  "summary_bg_p95": 647.1466394588351,
  "summary_bg_stdv": 363.79534423103223,
  "summary_csf_k": 1.0854656041030584,
  "summary_csf_mad": 619.5741977751529,
  "summary_csf_mean": 2860.9362025744604,
  "summary_csf_median": 2783.587838768959,
  "summary_csf_n": 98614.0,
  "summary_csf_p05": 2044.0160515010357,
  "summary_csf_p95": 3893.145980305224,
  "summary_csf_stdv": 629.8693316062518,
  "summary_gm_k": 0.050101573593339666,
  "summary_gm_mad": 146.9575868166417,
  "summary_gm_mean": 1589.3170815391343,
  "summary_gm_median": 1588.4159458726645,
  "summary_gm_n": 319285.0,
  "summary_gm_p05": 1348.5456037968397,
  "summary_gm_p95": 1833.0632222145796,
  "summary_gm_stdv": 147.46260197534517,
  "summary_wm_k": 1.3407648754683228,
  "summary_wm_mad": 162.13392968927252,
  "summary_wm_mean": 1016.9021528484883,
  "summary_wm_median": 1048.62237380445,
  "summary_wm_n": 135500.0,
  "summary_wm_p05": 640.2797964513302,
  "summary_wm_p95": 1284.1422936022282,
  "summary_wm_stdv": 196.26126318871096,
  "tpm_overlap_csf": 0.11079074442386627,
  "tpm_overlap_gm": 0.37649908661842346,
  "tpm_overlap_wm": 0.21767695248126984,
  "wm2max": 0.25665490531766083
}