{
  "aor": 0.00031666666666666665,
  "aqi": 0.031495016845878146,
  "bids_meta": {
    "AccelFactPE": 2,
    "AcquisitionNumber": 1,
    "AcquisitionTime": "15:09:15.917500",
    "BandwidthPerPixelPhaseEncode": 22.321,
    "ConversionSoftware": "dcm2niix",
    "ConversionSoftwareVersion": "v1.0.20170724 (OpenJPEG build) GCC6.1.0",
    "DeviceSerialNumber": "35002",
    "EchoTime": 0.028,
    "EffectiveEchoSpacing": 0.000350007,
    "FlipAngle": 90,
    "ImageType": [
      "ORIGINAL",
      "PRIMARY",
      "M",
      "ND",
      "MOSAIC"
    ],
    "InstitutionAddress": "University_Pkwy_1700_North_685_Provo_FC28C0_UT_US_84601",
    "InstitutionName": "Brigham_Young_University",
    "MagneticFieldStrength": 3,
    "Manufacturer": "Siemens",
    "ManufacturersModelName": "TrioTim",
    "PhaseEncodingDirection": "j-",
    "PhaseEncodingLines": 128,
    "ProcedureStepDescription": "Research_KIRWAN",
    "ProtocolName": "12Chan_1.8x1.8x1.8_TR1900_29Slice",
    "RepetitionTime": 1.9,
    "ScanningSequence": "EP",
    "SequenceName": "epfid2d1_128",
    "SequenceVariant": "SK",
    "SeriesDescription": "12Chan_1.8x1.8x1.8_TR1900_29Slice",
    "SliceTiming": [
      0,
      0.985,
      0.065,
      1.0525,
      0.13,
      1.1175,
      0.1975,
      1.1825,
      0.2625,
      1.25,
      0.3275,
      1.315,
      0.395,
      1.38,
      0.46,
      1.4475,
      0.525,
      1.5125,
      0.5925,
      1.5775,
      0.6575,
      1.6425,
      0.7225,
      1.71,
      0.7875,
      1.775,
      0.855,
      1.84,
      0.92
    ],
    "SoftwareVersions": "syngo_MR_B17",
    "TaskName": "MST",
    "TotalReadoutTime": 0.0437508,
    "TrueEchoSpacing": 0.000700013,
    "dataset": "ds003711",
    "modality": "bold",
    "run_id": 1,
    "subject_id": "03",
    "task_id": "MST"
  },
  "dummy_trs": 0,
  "dvars_nstd": 73.81296240172657,
  "dvars_std": 1.0425503049280576,
  "dvars_vstd": 1.001868653453238,
  "efc": 0.6144132305090483,
  "fber": 118.91564178466797,
  "fd_mean": 0.08779801643892397,
  "fd_num": 12,
  "fd_perc": 4.301075268817204,
  "fwhm_avg": 2.512025478882154,
  "fwhm_x": 2.3108927433628317,
  "fwhm_y": 2.653406017699115,
  "fwhm_z": 2.5717776755845145,
  "gcor": 0.0134397,
  "gsr_x": -0.0326252207159996,
  "gsr_y": 0.0531083419919014,
  "provenance": {
    "md5sum": "965b0f7e7b2b5d460cc8f44a30713db9",
    "settings": {
      "fd_thres": 0.2,
      "testing": false
    },
    "software": "mriqc",
    "version": "22.0.0rc1",
    "webapi_port": null,
    "webapi_url": "https://mriqc.nimh.nih.gov/api/v1"
  },
  "size_t": 279,
  "size_x": 128,
  "size_y": 128,
  "size_z": 29,
  "snr": 4.313500381537625,
  "spacing_tr": 1.899999976158142,
  "spacing_x": 1.765625,
  "spacing_y": 1.765625,
  "spacing_z": 1.8000000715255737,
  "summary_bg_k": 41.91279609065662,
  "summary_bg_mad": 9.278231281638856,
  "summary_bg_mean": 94.24345397949219,
  "summary_bg_median": 71.87096405029297,
  "summary_bg_n": 314541.0,
  "summary_bg_p05": 62.63799285888672,
  "summary_bg_p95": 199.01434326171875,
  "summary_bg_stdv": 79.18372344970703,
  "summary_fg_k": 1.156713069262187,
  "summary_fg_mad": 162.06858384583876,
  "summary_fg_mean": 809.7999267578125,
  "summary_fg_median": 795.55908203125,
  "summary_fg_n": 90902.0,
  "summary_fg_p05": 539.4422912597656,
  "summary_fg_p95": 1131.3669921874998,
  "summary_fg_stdv": 184.4336700439453,
  "tsnr": 18.71490148146404
}