{
  "aor": 0.0011463082437275988,
  "aqi": 0.04266187096774194,
  "bids_meta": {
    "AccelFactPE": 2,
    "AcquisitionNumber": 1,
    "AcquisitionTime": "15:19:21.650000",
    "BandwidthPerPixelPhaseEncode": 22.321,
    "ConversionSoftware": "dcm2niix",
    "ConversionSoftwareVersion": "v1.0.20170724 (OpenJPEG build) GCC6.1.0",
    "DeviceSerialNumber": "35002",
    "EchoTime": 0.028,
    "EffectiveEchoSpacing": 0.000350007,
    "FlipAngle": 90,
    "ImageType": [
      "ORIGINAL",
      "PRIMARY",
      "M",
      "ND",
      "MOSAIC"
    ],
    "InstitutionAddress": "University_Pkwy_1700_North_685_Provo_FC28C0_UT_US_84601",
    "InstitutionName": "Brigham_Young_University",
    "MagneticFieldStrength": 3,
    "Manufacturer": "Siemens",
    "ManufacturersModelName": "TrioTim",
    "PhaseEncodingDirection": "j-",
    "PhaseEncodingLines": 128,
    "ProcedureStepDescription": "Research_KIRWAN",
    "ProtocolName": "12Chan_1.8x1.8x1.8_TR1900_29Slice",
    "RepetitionTime": 1.9,
    "ScanningSequence": "EP",
    "SequenceName": "epfid2d1_128",
    "SequenceVariant": "SK",
    "SeriesDescription": "12Chan_1.8x1.8x1.8_TR1900_29Slice",
    "SliceTiming": [
      0,
      0.985,
      0.065,
      1.05,
      0.13,
      1.1175,
      0.1975,
      1.1825,
      0.2625,
      1.2475,
      0.3275,
      1.315,
      0.3925,
      1.38,
      0.46,
      1.445,
      0.525,
      1.5125,
      0.59,
      1.5775,
      0.6575,
      1.6425,
      0.7225,
      1.71,
      0.7875,
      1.775,
      0.855,
      1.84,
      0.92
    ],
    "SoftwareVersions": "syngo_MR_B17",
    "TaskName": "MST",
    "TotalReadoutTime": 0.0437508,
    "TrueEchoSpacing": 0.000700013,
    "dataset": "ds003711",
    "modality": "bold",
    "run_id": 2,
    "subject_id": "03",
    "task_id": "MST"
  },
  "dummy_trs": 0,
  "dvars_nstd": 86.38311819762588,
  "dvars_std": 1.0504852177697845,
  "dvars_vstd": 1.0079524898920862,
  "efc": 0.6264139770746987,
  "fber": 100.98809051513672,
  "fd_mean": 0.12704164778579635,
  "fd_num": 33,
  "fd_perc": 11.827956989247312,
  "fwhm_avg": 2.4584982166811082,
  "fwhm_x": 2.2740106194690264,
  "fwhm_y": 2.604550796460177,
  "fwhm_z": 2.4969332341141213,
  "gcor": 0.0170022,
  "gsr_x": -0.039138782769441605,
  "gsr_y": 0.06543979048728943,
  "provenance": {
    "md5sum": "8e6f43ed9a68b952bfe16e9d909c8cba",
    "settings": {
      "fd_thres": 0.2,
      "testing": false
    },
    "software": "mriqc",
    "version": "22.0.0rc1",
    "webapi_port": null,
    "webapi_url": "https://mriqc.nimh.nih.gov/api/v1"
  },
  "size_t": 279,
  "size_x": 128,
  "size_y": 128,
  "size_z": 29,
  "snr": 4.3463150139646824,
  "spacing_tr": 1.899999976158142,
  "spacing_x": 1.765625,
  "spacing_y": 1.765625,
  "spacing_z": 1.8000000715255737,
  "summary_bg_k": 35.98099201834059,
  "summary_bg_mad": 13.752597003997177,
  "summary_bg_mean": 102.00325012207031,
  "summary_bg_median": 77.67024993896484,
  "summary_bg_n": 316802.0,
  "summary_bg_p05": 65.08243560791016,
  "summary_bg_p95": 217.8852996826172,
  "summary_bg_stdv": 82.98575592041016,
  "summary_fg_k": 1.1323408836406008,
  "summary_fg_mad": 157.25682295919222,
  "summary_fg_mean": 801.6624755859375,
  "summary_fg_median": 787.0358276367188,
  "summary_fg_n": 90103.0,
  "summary_fg_p05": 538.1433715820312,
  "summary_fg_p95": 1122.5616210937496,
  "summary_fg_stdv": 181.08016967773438,
  "tsnr": 15.98909764259588
}