{
  "aor": 0.0016466666666666665,
  "aqi": 0.03535382974910395,
  "bids_meta": {
    "AccelFactPE": 2,
    "AcquisitionNumber": 1,
    "AcquisitionTime": "12:01:15.297500",
    "BandwidthPerPixelPhaseEncode": 22.321,
    "ConversionSoftware": "dcm2niix",
    "ConversionSoftwareVersion": "v1.0.20170724 (OpenJPEG build) GCC6.1.0",
    "DeviceSerialNumber": "35002",
    "EchoTime": 0.028,
    "EffectiveEchoSpacing": 0.000350007,
    "FlipAngle": 90,
    "ImageType": [
      "ORIGINAL",
      "PRIMARY",
      "M",
      "ND",
      "MOSAIC"
    ],
    "InstitutionAddress": "University_Pkwy_1700_North_685_Provo_FC28C0_UT_US_84601",
    "InstitutionName": "Brigham_Young_University",
    "MagneticFieldStrength": 3,
    "Manufacturer": "Siemens",
    "ManufacturersModelName": "TrioTim",
    "PhaseEncodingDirection": "j-",
    "PhaseEncodingLines": 128,
    "ProcedureStepDescription": "Research_KIRWAN",
    "ProtocolName": "12Chan_1.8x1.8x1.8_TR1900_29Slice",
    "RepetitionTime": 1.9,
    "ScanningSequence": "EP",
    "SequenceName": "epfid2d1_128",
    "SequenceVariant": "SK",
    "SeriesDescription": "12Chan_1.8x1.8x1.8_TR1900_29Slice",
    "SliceTiming": [
      0,
      0.985,
      0.065,
      1.05,
      0.13,
      1.1175,
      0.195,
      1.1825,
      0.2625,
      1.2475,
      0.3275,
      1.315,
      0.3925,
      1.38,
      0.46,
      1.445,
      0.525,
      1.5125,
      0.59,
      1.5775,
      0.6575,
      1.6425,
      0.7225,
      1.7075,
      0.7875,
      1.775,
      0.8525,
      1.84,
      0.92
    ],
    "SoftwareVersions": "syngo_MR_B17",
    "TaskName": "MST",
    "TotalReadoutTime": 0.0437508,
    "TrueEchoSpacing": 0.000700013,
    "dataset": "ds003711",
    "modality": "bold",
    "run_id": 1,
    "subject_id": "12",
    "task_id": "MST"
  },
  "dummy_trs": 0,
  "dvars_nstd": 70.0829382972662,
  "dvars_std": 1.0292245994964033,
  "dvars_vstd": 1.015154051330935,
  "efc": 0.6184138948412828,
  "fber": 122.0442886352539,
  "fd_mean": 0.07442992219273707,
  "fd_num": 7,
  "fd_perc": 2.5089605734767026,
  "fwhm_avg": 2.7135406284697887,
  "fwhm_x": 2.5087830088495577,
  "fwhm_y": 2.7566499115044247,
  "fwhm_z": 2.8751889650553855,
  "gcor": 0.0122337,
  "gsr_x": -0.01299324817955494,
  "gsr_y": 0.038623109459877014,
  "provenance": {
    "md5sum": "067ae0dc18650807914b543c12ea2138",
    "settings": {
      "fd_thres": 0.2,
      "testing": false
    },
    "software": "mriqc",
    "version": "22.0.0rc1",
    "webapi_port": null,
    "webapi_url": "https://mriqc.nimh.nih.gov/api/v1"
  },
  "size_t": 279,
  "size_x": 128,
  "size_y": 128,
  "size_z": 29,
  "snr": 4.34553007509158,
  "spacing_tr": 1.899999976158142,
  "spacing_x": 1.765625,
  "spacing_y": 1.765625,
  "spacing_z": 1.7999999523162842,
  "summary_bg_k": 31.215015546206565,
  "summary_bg_mad": 9.283536308192804,
  "summary_bg_mean": 94.46932220458984,
  "summary_bg_median": 71.86738586425781,
  "summary_bg_n": 310697.0,
  "summary_bg_p05": 61.74193572998047,
  "summary_bg_p95": 219.48674011230486,
  "summary_bg_stdv": 76.13020324707031,
  "summary_fg_k": 1.0531358415199827,
  "summary_fg_mad": 162.11382927487028,
  "summary_fg_mean": 808.5077514648438,
  "summary_fg_median": 805.6594848632812,
  "summary_fg_n": 92909.0,
  "summary_fg_p05": 498.4946228027344,
  "summary_fg_p95": 1107.225830078125,
  "summary_fg_stdv": 185.39859008789062,
  "tsnr": 17.80406344268704
}