{
  "bids_meta": {
    "AcquisitionNumber": 1,
    "AcquisitionTime": "14:56:4.997500",
    "ConversionSoftware": "dcm2niix",
    "ConversionSoftwareVersion": "v1.0.20170724 (OpenJPEG build) GCC6.1.0",
    "DeviceSerialNumber": "35002",
    "EchoTime": 0.064,
    "EchoTrainLength": 15,
    "FlipAngle": 178,
    "ImageType": [
      "ORIGINAL",
      "PRIMARY",
      "M",
      "ND"
    ],
    "InstitutionAddress": "University_Pkwy_1700_North_685_Provo_FC28C0_UT_US_84601",
    "InstitutionName": "Brigham_Young_University",
    "MagneticFieldStrength": 3,
    "Manufacturer": "Siemens",
    "ManufacturersModelName": "TrioTim",
    "PhaseEncodingDirection": "i-",
    "PhaseEncodingLines": 512,
    "ProcedureStepDescription": "Research_KIRWAN",
    "ProtocolName": "HiRes_T2",
    "RepetitionTime": 7.37,
    "ScanningSequence": "SE",
    "SequenceName": "_tse2d1_15",
    "SequenceVariant": "SK_SP_OSP",
    "SeriesDescription": "HiRes_T2",
    "SoftwareVersions": "syngo_MR_B17",
    "dataset": "ds003711",
    "modality": "T2w",
    "subject_id": "18"
  },
  "cjv": 0.584820106545112,
  "cnr": 0.9242845869534976,
  "efc": 0.5883214513138987,
  "fber": 113.54522233978241,
  "fwhm_avg": 3.805812559611107,
  "fwhm_x": 4.5724672,
  "fwhm_y": 2.029943278833321,
  "fwhm_z": 4.8150272,
  "icvs_csf": 0.21669429910399587,
  "icvs_gm": 0.517561577381804,
  "icvs_wm": 0.2657441235142001,
  "inu_med": 1.0533061027526855,
  "inu_range": 0.29088169932365415,
  "provenance": {
    "md5sum": "8a662fa4f4999cba33de16c675931717",
    "settings": {
      "testing": false
    },
    "software": "mriqc",
    "version": "22.0.0rc1",
    "warnings": {
      "large_rot_frame": false,
      "small_air_mask": false
    },
    "webapi_port": null,
    "webapi_url": "https://mriqc.nimh.nih.gov/api/v1"
  },
  "qi_1": 0.042376975985874345,
  "qi_2": 9.05214151172924e-05,
  "rpve_csf": 14.038777628543484,
  "rpve_gm": 6.768137774593078,
  "rpve_wm": 12.252866581175429,
  "size_x": 512,
  "size_y": 19,
  "size_z": 512,
  "snr_csf": 4.957669262656716,
  "snr_gm": 10.62460142934818,
  "snr_total": 7.0971443998407935,
  "snr_wm": 5.709162507517484,
  "snrd_csf": 22.29417068871675,
  "snrd_gm": 12.34274763893097,
  "snrd_total": 14.335866617875553,
  "snrd_wm": 8.370681525978934,
  "spacing_x": 0.390625,
  "spacing_y": 3.000005006790161,
  "spacing_z": 0.390625,
  "summary_bg_k": 21.68766490694859,
  "summary_bg_mad": 81.57335707692599,
  "summary_bg_mean": 252.01249497865012,
  "summary_bg_median": 125.14102058112621,
  "summary_bg_n": 1514228.0,
  "summary_bg_p05": 28.204460255801678,
  "summary_bg_p95": 1055.714643113315,
  "summary_bg_stdv": 481.7373300912808,
  "summary_csf_k": 1.4612615892836534,
  "summary_csf_mad": 575.6454251769193,
  "summary_csf_mean": 2773.429775699426,
  "summary_csf_median": 2775.9263698533177,
  "summary_csf_n": 158191.0,
  "summary_csf_p05": 1896.337733168155,
  "summary_csf_p95": 3584.483158171177,
  "summary_csf_stdv": 559.9239176316657,
  "summary_gm_k": 0.16141052396717415,
  "summary_gm_mad": 143.20370098835744,
  "summary_gm_mean": 1536.526240862804,
  "summary_gm_median": 1536.839343599975,
  "summary_gm_n": 313210.0,
  "summary_gm_p05": 1298.6201331317425,
  "summary_gm_p95": 1772.541848383844,
  "summary_gm_stdv": 144.6488981679764,
  "summary_wm_k": 1.7548135046081557,
  "summary_wm_mad": 146.03432221184698,
  "summary_wm_mean": 1015.5478299688898,
  "summary_wm_median": 1042.2632851451635,
  "summary_wm_n": 169189.0,
  "summary_wm_p05": 662.5878586247563,
  "summary_wm_p95": 1264.948346734047,
  "summary_wm_stdv": 182.55921137184862,
  "tpm_overlap_csf": 0.08324509114027023,
  "tpm_overlap_gm": 0.3446330726146698,
  "tpm_overlap_wm": 0.19314336776733398,
  "wm2max": 0.25132884108316245
}