{
  "bids_meta": {
    "AcquisitionNumber": 1,
    "AcquisitionTime": "13:46:47.415000",
    "ConversionSoftware": "dcm2niix",
    "ConversionSoftwareVersion": "v1.0.20170724 (OpenJPEG build) GCC6.1.0",
    "DeviceSerialNumber": "35002",
    "EchoTime": 0.00226,
    "FlipAngle": 9,
    "ImageType": [
      "ORIGINAL",
      "PRIMARY",
      "M",
      "ND",
      "NORM"
    ],
    "InstitutionAddress": "University_Pkwy_1700_North_685_Provo_FC28C0_UT_US_84601",
    "InstitutionName": "Brigham_Young_University",
    "InversionTime": 0.9,
    "MagneticFieldStrength": 3,
    "Manufacturer": "Siemens",
    "ManufacturersModelName": "TrioTim",
    "PhaseEncodingDirection": "i-",
    "PhaseEncodingLines": 215,
    "ProcedureStepDescription": "Research_KIRWAN",
    "ProtocolName": "t1_mpr_sag_iso_mprage",
    "RepetitionTime": 1.9,
    "ScanningSequence": "GR_IR",
    "SequenceName": "_tfl3d1_ns",
    "SequenceVariant": "SP_MP_OSP",
    "SeriesDescription": "t1_mpr_sag_iso_mprage",
    "SoftwareVersions": "syngo_MR_B17",
    "dataset": "ds003711",
    "modality": "T1w",
    "subject_id": "18"
  },
  "cjv": 0.36830757020046967,
  "cnr": 3.617536420739898,
  "efc": 0.6428128876454879,
  "fber": 1349.8931884765625,
  "fwhm_avg": 4.260408000000001,
  "fwhm_x": 3.9866,
  "fwhm_y": 4.57585664,
  "fwhm_z": 4.21876736,
  "icvs_csf": 0.21522625054915182,
  "icvs_gm": 0.42396031254008276,
  "icvs_wm": 0.36081343691076545,
  "inu_med": 1.2829208374023438,
  "inu_range": 0.49926286935806274,
  "provenance": {
    "md5sum": "7b3554fe55e343f1aa2e3b7067ad9da1",
    "settings": {
      "testing": false
    },
    "software": "mriqc",
    "version": "22.0.0rc1",
    "warnings": {
      "large_rot_frame": true,
      "small_air_mask": false
    },
    "webapi_port": null,
    "webapi_url": "https://mriqc.nimh.nih.gov/api/v1"
  },
  "qi_1": 0.0,
  "qi_2": 0.006663276838351472,
  "rpve_csf": 19.13257990430622,
  "rpve_gm": 9.951164445802608,
  "rpve_wm": 13.533839546088071,
  "size_x": 176,
  "size_y": 224,
  "size_z": 256,
  "snr_csf": 4.016173667010666,
  "snr_gm": 14.289284418950718,
  "snr_total": 12.841046308031139,
  "snr_wm": 20.217680838132036,
  "snrd_csf": 21.392373540872924,
  "snrd_gm": 48.50263650155891,
  "snrd_total": 45.19364179556226,
  "snrd_wm": 65.68591534425494,
  "spacing_x": 1.0,
  "spacing_y": 0.9765625,
  "spacing_z": 0.9765625,
  "summary_bg_k": 2.0024563313281742,
  "summary_bg_mad": 9.974109161463215,
  "summary_bg_mean": 15.89604663848877,
  "summary_bg_median": 13.441692352294922,
  "summary_bg_n": 1937486.0,
  "summary_bg_p05": 3.323271632194519,
  "summary_bg_p95": 36.488810539245605,
  "summary_bg_stdv": 10.613377571105957,
  "summary_csf_k": 1.6201324292498924,
  "summary_csf_mad": 62.64523744705838,
  "summary_csf_mean": 346.68719482421875,
  "summary_csf_median": 325.6877136230469,
  "summary_csf_n": 37722.0,
  "summary_csf_p05": 251.10805587768556,
  "summary_csf_p95": 512.1513397216796,
  "summary_csf_stdv": 81.09295654296875,
  "summary_gm_k": 0.29436341139109423,
  "summary_gm_mad": 50.13175438523355,
  "summary_gm_mean": 735.623046875,
  "summary_gm_median": 738.4273071289062,
  "summary_gm_n": 19882.0,
  "summary_gm_p05": 645.973519897461,
  "summary_gm_p95": 815.3576385498047,
  "summary_gm_stdv": 51.675697326660156,
  "summary_wm_k": 0.39748286134830124,
  "summary_wm_mad": 46.21987983659537,
  "summary_wm_mean": 999.3173217773438,
  "summary_wm_median": 1000.0337524414062,
  "summary_wm_n": 221160.0,
  "summary_wm_p05": 914.9316253662109,
  "summary_wm_p95": 1079.6122314453123,
  "summary_wm_stdv": 49.46321487426758,
  "tpm_overlap_csf": 0.17397142946720123,
  "tpm_overlap_gm": 0.4328196048736572,
  "tpm_overlap_wm": 0.483582079410553,
  "wm2max": 0.4266986634055535
}