{
  "aor": 0.0007422580645161291,
  "aqi": 0.04171057275985663,
  "bids_meta": {
    "AccelFactPE": 2,
    "AcquisitionNumber": 1,
    "AcquisitionTime": "11:04:4.720000",
    "BandwidthPerPixelPhaseEncode": 22.321,
    "ConversionSoftware": "dcm2niix",
    "ConversionSoftwareVersion": "v1.0.20170724 (OpenJPEG build) GCC6.1.0",
    "DeviceSerialNumber": "35002",
    "EchoTime": 0.028,
    "EffectiveEchoSpacing": 0.000350007,
    "FlipAngle": 90,
    "ImageType": [
      "ORIGINAL",
      "PRIMARY",
      "M",
      "ND",
      "MOSAIC"
    ],
    "InstitutionAddress": "University_Pkwy_1700_North_685_Provo_FC28C0_UT_US_84601",
    "InstitutionName": "Brigham_Young_University",
    "MagneticFieldStrength": 3,
    "Manufacturer": "Siemens",
    "ManufacturersModelName": "TrioTim",
    "PhaseEncodingDirection": "j-",
    "PhaseEncodingLines": 128,
    "ProcedureStepDescription": "Research_KIRWAN",
    "ProtocolName": "12Chan_1.8x1.8x1.8_TR1900_29Slice",
    "RepetitionTime": 1.9,
    "ScanningSequence": "EP",
    "SequenceName": "epfid2d1_128",
    "SequenceVariant": "SK",
    "SeriesDescription": "12Chan_1.8x1.8x1.8_TR1900_29Slice",
    "SliceTiming": [
      0,
      0.9875,
      0.065,
      1.0525,
      0.1325,
      1.1175,
      0.1975,
      1.1825,
      0.2625,
      1.25,
      0.3275,
      1.315,
      0.395,
      1.38,
      0.46,
      1.4475,
      0.525,
      1.5125,
      0.5925,
      1.5775,
      0.6575,
      1.645,
      0.7225,
      1.71,
      0.79,
      1.775,
      0.855,
      1.8425,
      0.92
    ],
    "SoftwareVersions": "syngo_MR_B17",
    "TaskName": "MST",
    "TotalReadoutTime": 0.0437508,
    "TrueEchoSpacing": 0.000700013,
    "dataset": "ds003711",
    "modality": "bold",
    "run_id": 1,
    "subject_id": "30",
    "task_id": "MST"
  },
  "dummy_trs": 0,
  "dvars_nstd": 86.02893812863314,
  "dvars_std": 1.009783883381295,
  "dvars_vstd": 1.0028945479496403,
  "efc": 0.6886949936298263,
  "fber": 66.52393341064453,
  "fd_mean": 0.10937753215457298,
  "fd_num": 11,
  "fd_perc": 3.942652329749104,
  "fwhm_avg": 2.573209166079241,
  "fwhm_x": 2.4371369911504424,
  "fwhm_y": 2.701762831858407,
  "fwhm_z": 2.5807276752288737,
  "gcor": 0.0101847,
  "gsr_x": -0.02145996131002903,
  "gsr_y": 0.10232627391815186,
  "provenance": {
    "md5sum": "234a5d46a777083e203215c157ce43b8",
    "settings": {
      "fd_thres": 0.2,
      "testing": false
    },
    "software": "mriqc",
    "version": "22.0.0rc1",
    "webapi_port": null,
    "webapi_url": "https://mriqc.nimh.nih.gov/api/v1"
  },
  "size_t": 279,
  "size_x": 128,
  "size_y": 128,
  "size_z": 29,
  "snr": 4.32767482985729,
  "spacing_tr": 1.899999976158142,
  "spacing_x": 1.765625,
  "spacing_y": 1.765625,
  "spacing_z": 1.8000000715255737,
  "summary_bg_k": 12.455309984885886,
  "summary_bg_mad": 19.05596078842869,
  "summary_bg_mean": 126.18122863769531,
  "summary_bg_median": 88.0179214477539,
  "summary_bg_n": 296976.0,
  "summary_bg_p05": 71.24372863769531,
  "summary_bg_p95": 347.61827850341797,
  "summary_bg_stdv": 97.5702133178711,
  "summary_fg_k": 0.985960247512514,
  "summary_fg_mad": 148.61630337703843,
  "summary_fg_mean": 724.3490600585938,
  "summary_fg_median": 733.1971435546875,
  "summary_fg_n": 103607.0,
  "summary_fg_p05": 421.9361877441406,
  "summary_fg_p95": 981.6577026367187,
  "summary_fg_stdv": 169.4197540283203,
  "tsnr": 14.671874564839527
}