{
  "aor": 0.0006543369175627241,
  "aqi": 0.053793653046594975,
  "bids_meta": {
    "AccelFactPE": 2,
    "AcquisitionNumber": 1,
    "AcquisitionTime": "11:35:21.925000",
    "BandwidthPerPixelPhaseEncode": 22.321,
    "ConversionSoftware": "dcm2niix",
    "ConversionSoftwareVersion": "v1.0.20170724 (OpenJPEG build) GCC6.1.0",
    "DeviceSerialNumber": "35002",
    "EchoTime": 0.028,
    "EffectiveEchoSpacing": 0.000350007,
    "FlipAngle": 90,
    "ImageType": [
      "ORIGINAL",
      "PRIMARY",
      "M",
      "ND",
      "MOSAIC"
    ],
    "InstitutionAddress": "University_Pkwy_1700_North_685_Provo_FC28C0_UT_US_84601",
    "InstitutionName": "Brigham_Young_University",
    "MagneticFieldStrength": 3,
    "Manufacturer": "Siemens",
    "ManufacturersModelName": "TrioTim",
    "PhaseEncodingDirection": "j-",
    "PhaseEncodingLines": 128,
    "ProcedureStepDescription": "Research_KIRWAN",
    "ProtocolName": "12Chan_1.8x1.8x1.8_TR1900_29Slice",
    "RepetitionTime": 1.9,
    "ScanningSequence": "EP",
    "SequenceName": "epfid2d1_128",
    "SequenceVariant": "SK",
    "SeriesDescription": "12Chan_1.8x1.8x1.8_TR1900_29Slice",
    "SliceTiming": [
      0,
      0.9875,
      0.0675,
      1.0525,
      0.1325,
      1.1175,
      0.1975,
      1.185,
      0.2625,
      1.25,
      0.33,
      1.315,
      0.395,
      1.3825,
      0.46,
      1.4475,
      0.5275,
      1.5125,
      0.5925,
      1.58,
      0.6575,
      1.645,
      0.725,
      1.71,
      0.79,
      1.7775,
      0.855,
      1.8425,
      0.9225
    ],
    "SoftwareVersions": "syngo_MR_B17",
    "TaskName": "MST",
    "TotalReadoutTime": 0.0437508,
    "TrueEchoSpacing": 0.000700013,
    "dataset": "ds003711",
    "modality": "bold",
    "run_id": 4,
    "subject_id": "30",
    "task_id": "MST"
  },
  "dummy_trs": 0,
  "dvars_nstd": 99.33273743557564,
  "dvars_std": 1.0233881532014386,
  "dvars_vstd": 1.007817487194245,
  "efc": 0.6941049379420097,
  "fber": 55.26193618774414,
  "fd_mean": 0.1403153981661358,
  "fd_num": 37,
  "fd_perc": 13.261648745519713,
  "fwhm_avg": 2.678894049850957,
  "fwhm_x": 2.6110244247787606,
  "fwhm_y": 2.854518938053097,
  "fwhm_z": 2.5711387867210127,
  "gcor": 0.00306007,
  "gsr_x": -0.022054549306631088,
  "gsr_y": 0.09826595336198807,
  "provenance": {
    "md5sum": "b553f8a248c2605c9ec6ac35cc4df0d9",
    "settings": {
      "fd_thres": 0.2,
      "testing": false
    },
    "software": "mriqc",
    "version": "22.0.0rc1",
    "webapi_port": null,
    "webapi_url": "https://mriqc.nimh.nih.gov/api/v1"
  },
  "size_t": 279,
  "size_x": 128,
  "size_y": 128,
  "size_z": 29,
  "snr": 3.956339900808818,
  "spacing_tr": 1.899999976158142,
  "spacing_x": 1.765625,
  "spacing_y": 1.765625,
  "spacing_z": 1.8000000715255737,
  "summary_bg_k": 21.473993356214145,
  "summary_bg_mad": 22.913914097018527,
  "summary_bg_mean": 124.2962875366211,
  "summary_bg_median": 93.92831420898438,
  "summary_bg_n": 282468.0,
  "summary_bg_p05": 72.72401428222656,
  "summary_bg_p95": 282.34874725341774,
  "summary_bg_stdv": 87.41019439697266,
  "summary_fg_k": 0.865499315865494,
  "summary_fg_mad": 153.59280287078883,
  "summary_fg_mean": 700.264404296875,
  "summary_fg_median": 713.1917724609375,
  "summary_fg_n": 107744.0,
  "summary_fg_p05": 365.7908569335938,
  "summary_fg_p95": 970.1412200927733,
  "summary_fg_stdv": 180.26470947265625,
  "tsnr": 12.558340332703665
}