{
  "aor": 0.0003355197132616487,
  "aqi": 0.047791195698924725,
  "bids_meta": {
    "AccelFactPE": 2,
    "AcquisitionNumber": 1,
    "AcquisitionTime": "11:24:48.287500",
    "BandwidthPerPixelPhaseEncode": 22.321,
    "ConversionSoftware": "dcm2niix",
    "ConversionSoftwareVersion": "v1.0.20170724 (OpenJPEG build) GCC6.1.0",
    "DeviceSerialNumber": "35002",
    "EchoTime": 0.028,
    "EffectiveEchoSpacing": 0.000350007,
    "FlipAngle": 90,
    "ImageType": [
      "ORIGINAL",
      "PRIMARY",
      "M",
      "ND",
      "MOSAIC"
    ],
    "InstitutionAddress": "University_Pkwy_1700_North_685_Provo_FC28C0_UT_US_84601",
    "InstitutionName": "Brigham_Young_University",
    "MagneticFieldStrength": 3,
    "Manufacturer": "Siemens",
    "ManufacturersModelName": "TrioTim",
    "PhaseEncodingDirection": "j-",
    "PhaseEncodingLines": 128,
    "ProcedureStepDescription": "Research_KIRWAN",
    "ProtocolName": "12Chan_1.8x1.8x1.8_TR1900_29Slice",
    "RepetitionTime": 1.9,
    "ScanningSequence": "EP",
    "SequenceName": "epfid2d1_128",
    "SequenceVariant": "SK",
    "SeriesDescription": "12Chan_1.8x1.8x1.8_TR1900_29Slice",
    "SliceTiming": [
      0,
      0.985,
      0.065,
      1.0525,
      0.13,
      1.1175,
      0.1975,
      1.1825,
      0.2625,
      1.25,
      0.3275,
      1.315,
      0.395,
      1.38,
      0.46,
      1.4475,
      0.525,
      1.5125,
      0.5925,
      1.5775,
      0.6575,
      1.6425,
      0.7225,
      1.71,
      0.7875,
      1.775,
      0.855,
      1.84,
      0.92
    ],
    "SoftwareVersions": "syngo_MR_B17",
    "TaskName": "MST",
    "TotalReadoutTime": 0.0437508,
    "TrueEchoSpacing": 0.000700013,
    "dataset": "ds003711",
    "modality": "bold",
    "run_id": 3,
    "subject_id": "30",
    "task_id": "MST"
  },
  "dummy_trs": 0,
  "dvars_nstd": 95.65146727535974,
  "dvars_std": 1.013041885791367,
  "dvars_vstd": 1.0016767242086333,
  "efc": 0.6979566808597124,
  "fber": 56.43487548828125,
  "fd_mean": 0.11060461328052895,
  "fd_num": 17,
  "fd_perc": 6.093189964157706,
  "fwhm_avg": 2.4521309926611123,
  "fwhm_x": 2.4517380530973454,
  "fwhm_y": 2.643171681415929,
  "fwhm_z": 2.261483243470063,
  "gcor": 0.00328472,
  "gsr_x": -0.024890750646591187,
  "gsr_y": 0.10725622624158859,
  "provenance": {
    "md5sum": "77be333f919f3e9b986b12d5a48472ff",
    "settings": {
      "fd_thres": 0.2,
      "testing": false
    },
    "software": "mriqc",
    "version": "22.0.0rc1",
    "webapi_port": null,
    "webapi_url": "https://mriqc.nimh.nih.gov/api/v1"
  },
  "size_t": 279,
  "size_x": 128,
  "size_y": 128,
  "size_z": 29,
  "snr": 4.3173877618061764,
  "spacing_tr": 1.899999976158142,
  "spacing_x": 1.765625,
  "spacing_y": 1.765625,
  "spacing_z": 1.8000000715255737,
  "summary_bg_k": 13.060548441515792,
  "summary_bg_mad": 22.74387046336073,
  "summary_bg_mean": 131.29930114746094,
  "summary_bg_median": 93.90322875976562,
  "summary_bg_n": 296364.0,
  "summary_bg_p05": 73.9820785522461,
  "summary_bg_p95": 350.1469421386719,
  "summary_bg_stdv": 98.99022674560547,
  "summary_fg_k": 1.0846038743546718,
  "summary_fg_mad": 143.86028485895875,
  "summary_fg_mean": 713.9168701171875,
  "summary_fg_median": 720.3619995117188,
  "summary_fg_n": 104295.0,
  "summary_fg_p05": 419.2118347167969,
  "summary_fg_p95": 970.4236755371093,
  "summary_fg_stdv": 166.85055541992188,
  "tsnr": 13.555998056486715
}