{
  "aor": 0.0008492831541218638,
  "aqi": 0.0541157017921147,
  "bids_meta": {
    "AccelFactPE": 2,
    "AcquisitionNumber": 1,
    "AcquisitionTime": "11:14:45.677500",
    "BandwidthPerPixelPhaseEncode": 22.321,
    "ConversionSoftware": "dcm2niix",
    "ConversionSoftwareVersion": "v1.0.20170724 (OpenJPEG build) GCC6.1.0",
    "DeviceSerialNumber": "35002",
    "EchoTime": 0.028,
    "EffectiveEchoSpacing": 0.000350007,
    "FlipAngle": 90,
    "ImageType": [
      "ORIGINAL",
      "PRIMARY",
      "M",
      "ND",
      "MOSAIC"
    ],
    "InstitutionAddress": "University_Pkwy_1700_North_685_Provo_FC28C0_UT_US_84601",
    "InstitutionName": "Brigham_Young_University",
    "MagneticFieldStrength": 3,
    "Manufacturer": "Siemens",
    "ManufacturersModelName": "TrioTim",
    "PhaseEncodingDirection": "j-",
    "PhaseEncodingLines": 128,
    "ProcedureStepDescription": "Research_KIRWAN",
    "ProtocolName": "12Chan_1.8x1.8x1.8_TR1900_29Slice",
    "RepetitionTime": 1.9,
    "ScanningSequence": "EP",
    "SequenceName": "epfid2d1_128",
    "SequenceVariant": "SK",
    "SeriesDescription": "12Chan_1.8x1.8x1.8_TR1900_29Slice",
    "SliceTiming": [
      0,
      0.985,
      0.065,
      1.0525,
      0.13,
      1.1175,
      0.1975,
      1.1825,
      0.2625,
      1.25,
      0.3275,
      1.315,
      0.395,
      1.38,
      0.46,
      1.445,
      0.525,
      1.5125,
      0.59,
      1.5775,
      0.6575,
      1.6425,
      0.7225,
      1.71,
      0.7875,
      1.775,
      0.855,
      1.84,
      0.92
    ],
    "SoftwareVersions": "syngo_MR_B17",
    "TaskName": "MST",
    "TotalReadoutTime": 0.0437508,
    "TrueEchoSpacing": 0.000700013,
    "dataset": "ds003711",
    "modality": "bold",
    "run_id": 2,
    "subject_id": "30",
    "task_id": "MST"
  },
  "dummy_trs": 0,
  "dvars_nstd": 93.56622240366902,
  "dvars_std": 1.0112938447482014,
  "dvars_vstd": 1.0038768109352518,
  "efc": 0.695605207388843,
  "fber": 58.20293426513672,
  "fd_mean": 0.1290216651442891,
  "fd_num": 32,
  "fd_perc": 11.469534050179211,
  "fwhm_avg": 2.5069439782581644,
  "fwhm_x": 2.5005366371681412,
  "fwhm_y": 2.735467610619469,
  "fwhm_z": 2.2848276869868824,
  "gcor": 0.00277794,
  "gsr_x": -0.02441536821424961,
  "gsr_y": 0.10865113884210587,
  "provenance": {
    "md5sum": "a62c87e50bab96adaf1f8acefe5cfa8d",
    "settings": {
      "fd_thres": 0.2,
      "testing": false
    },
    "software": "mriqc",
    "version": "22.0.0rc1",
    "webapi_port": null,
    "webapi_url": "https://mriqc.nimh.nih.gov/api/v1"
  },
  "size_t": 279,
  "size_x": 128,
  "size_y": 128,
  "size_z": 29,
  "snr": 4.305092067573564,
  "spacing_tr": 1.899999976158142,
  "spacing_x": 1.765625,
  "spacing_y": 1.765625,
  "spacing_z": 1.8000000715255737,
  "summary_bg_k": 13.173249668380642,
  "summary_bg_mad": 22.97235987997002,
  "summary_bg_mean": 131.3989715576172,
  "summary_bg_median": 93.74193572998047,
  "summary_bg_n": 296505.0,
  "summary_bg_p05": 73.6057357788086,
  "summary_bg_p95": 351.3297424316406,
  "summary_bg_stdv": 99.77091217041016,
  "summary_fg_k": 0.9557905376331837,
  "summary_fg_mad": 148.57635166320358,
  "summary_fg_mean": 722.2247924804688,
  "summary_fg_median": 729.2239990234375,
  "summary_fg_n": 103980.0,
  "summary_fg_p05": 421.5358367919922,
  "summary_fg_p95": 982.7139739990233,
  "summary_fg_stdv": 169.3855743408203,
  "tsnr": 13.21467191039119
}