{
  "aor": 0.0008670967741935483,
  "aqi": 0.04444437455197132,
  "bids_meta": {
    "AccelFactPE": 2,
    "AcquisitionNumber": 1,
    "AcquisitionTime": "08:29:4.105000",
    "BandwidthPerPixelPhaseEncode": 22.321,
    "ConversionSoftware": "dcm2niix",
    "ConversionSoftwareVersion": "v1.0.20170724 (OpenJPEG build) GCC6.1.0",
    "DeviceSerialNumber": "35002",
    "EchoTime": 0.028,
    "EffectiveEchoSpacing": 0.000350007,
    "FlipAngle": 90,
    "ImageType": [
      "ORIGINAL",
      "PRIMARY",
      "M",
      "ND",
      "MOSAIC"
    ],
    "InstitutionAddress": "University_Pkwy_1700_North_685_Provo_FC28C0_UT_US_84601",
    "InstitutionName": "Brigham_Young_University",
    "MagneticFieldStrength": 3,
    "Manufacturer": "Siemens",
    "ManufacturersModelName": "TrioTim",
    "PhaseEncodingDirection": "j-",
    "PhaseEncodingLines": 128,
    "ProcedureStepDescription": "Research_KIRWAN",
    "ProtocolName": "12Chan_1.8x1.8x1.8_TR1900_29Slice",
    "RepetitionTime": 1.9,
    "ScanningSequence": "EP",
    "SequenceName": "epfid2d1_128",
    "SequenceVariant": "SK",
    "SeriesDescription": "12Chan_1.8x1.8x1.8_TR1900_29Slice",
    "SliceTiming": [
      0,
      0.9875,
      0.0675,
      1.0525,
      0.1325,
      1.12,
      0.1975,
      1.185,
      0.265,
      1.25,
      0.33,
      1.3175,
      0.395,
      1.3825,
      0.4625,
      1.4475,
      0.5275,
      1.5125,
      0.5925,
      1.58,
      0.66,
      1.645,
      0.725,
      1.71,
      0.79,
      1.7775,
      0.855,
      1.8425,
      0.9225
    ],
    "SoftwareVersions": "syngo_MR_B17",
    "TaskName": "MST",
    "TotalReadoutTime": 0.0437508,
    "TrueEchoSpacing": 0.000700013,
    "dataset": "ds003711",
    "modality": "bold",
    "run_id": 5,
    "subject_id": "29",
    "task_id": "MST"
  },
  "dummy_trs": 0,
  "dvars_nstd": 83.23443737989203,
  "dvars_std": 1.0376735349640285,
  "dvars_vstd": 1.0103359327697843,
  "efc": 0.644309150283651,
  "fber": 100.95211791992188,
  "fd_mean": 0.17454930105639718,
  "fd_num": 83,
  "fd_perc": 29.74910394265233,
  "fwhm_avg": 2.5741156676478636,
  "fwhm_x": 2.4156601769911505,
  "fwhm_y": 2.668669914693236,
  "fwhm_z": 2.638016911259206,
  "gcor": 0.00761658,
  "gsr_x": -0.03050537034869194,
  "gsr_y": 0.06610891222953796,
  "provenance": {
    "md5sum": "889b17f216bf63cc5abadf25de446c77",
    "settings": {
      "fd_thres": 0.2,
      "testing": false
    },
    "software": "mriqc",
    "version": "22.0.0rc1",
    "webapi_port": null,
    "webapi_url": "https://mriqc.nimh.nih.gov/api/v1"
  },
  "size_t": 279,
  "size_x": 128,
  "size_y": 128,
  "size_z": 29,
  "snr": 4.206929494089536,
  "spacing_tr": 1.899999976158142,
  "spacing_x": 1.765625,
  "spacing_y": 1.7656248807907104,
  "spacing_z": 1.7999998331069946,
  "summary_bg_k": 25.768606767353393,
  "summary_bg_mad": 17.30765478793535,
  "summary_bg_mean": 113.6698989868164,
  "summary_bg_median": 85.40143585205078,
  "summary_bg_n": 296864.0,
  "summary_bg_p05": 67.32975006103516,
  "summary_bg_p95": 268.9784851074219,
  "summary_bg_stdv": 92.53095245361328,
  "summary_fg_k": 0.9866193263636105,
  "summary_fg_mad": 183.45741026649105,
  "summary_fg_mean": 884.1539306640625,
  "summary_fg_median": 869.3924560546875,
  "summary_fg_n": 107216.0,
  "summary_fg_p05": 578.7527008056641,
  "summary_fg_p95": 1250.48388671875,
  "summary_fg_stdv": 206.65628051757812,
  "tsnr": 15.390273182827514
}