{
  "aor": 0.0009031182795698924,
  "aqi": 0.04320878637992832,
  "bids_meta": {
    "AccelFactPE": 2,
    "AcquisitionNumber": 1,
    "AcquisitionTime": "07:53:16.055000",
    "BandwidthPerPixelPhaseEncode": 22.321,
    "ConversionSoftware": "dcm2niix",
    "ConversionSoftwareVersion": "v1.0.20170724 (OpenJPEG build) GCC6.1.0",
    "DeviceSerialNumber": "35002",
    "EchoTime": 0.028,
    "EffectiveEchoSpacing": 0.000350007,
    "FlipAngle": 90,
    "ImageType": [
      "ORIGINAL",
      "PRIMARY",
      "M",
      "ND",
      "MOSAIC"
    ],
    "InstitutionAddress": "University_Pkwy_1700_North_685_Provo_FC28C0_UT_US_84601",
    "InstitutionName": "Brigham_Young_University",
    "MagneticFieldStrength": 3,
    "Manufacturer": "Siemens",
    "ManufacturersModelName": "TrioTim",
    "PhaseEncodingDirection": "j-",
    "PhaseEncodingLines": 128,
    "ProcedureStepDescription": "Research_KIRWAN",
    "ProtocolName": "12Chan_1.8x1.8x1.8_TR1900_29Slice",
    "RepetitionTime": 1.9,
    "ScanningSequence": "EP",
    "SequenceName": "epfid2d1_128",
    "SequenceVariant": "SK",
    "SeriesDescription": "12Chan_1.8x1.8x1.8_TR1900_29Slice",
    "SliceTiming": [
      0,
      0.9875,
      0.0675,
      1.0525,
      0.1325,
      1.12,
      0.1975,
      1.185,
      0.265,
      1.25,
      0.33,
      1.315,
      0.395,
      1.3825,
      0.46,
      1.4475,
      0.5275,
      1.5125,
      0.5925,
      1.58,
      0.6575,
      1.645,
      0.725,
      1.71,
      0.79,
      1.7775,
      0.855,
      1.8425,
      0.9225
    ],
    "SoftwareVersions": "syngo_MR_B17",
    "TaskName": "MST",
    "TotalReadoutTime": 0.0437508,
    "TrueEchoSpacing": 0.000700013,
    "dataset": "ds003711",
    "modality": "bold",
    "run_id": 2,
    "subject_id": "29",
    "task_id": "MST"
  },
  "dummy_trs": 0,
  "dvars_nstd": 80.44530654492809,
  "dvars_std": 1.0219889963309354,
  "dvars_vstd": 0.9872990170143882,
  "efc": 0.629009209105453,
  "fber": 106.17233276367188,
  "fd_mean": 0.1329431844455524,
  "fd_num": 39,
  "fd_perc": 13.978494623655914,
  "fwhm_avg": 2.7574445414707114,
  "fwhm_x": 2.560883539823009,
  "fwhm_y": 2.829944261865144,
  "fwhm_z": 2.881505822723981,
  "gcor": 0.0075436,
  "gsr_x": -0.027581047266721725,
  "gsr_y": 0.05551499128341675,
  "provenance": {
    "md5sum": "78d330b4f899c8469c64784b166864fe",
    "settings": {
      "fd_thres": 0.2,
      "testing": false
    },
    "software": "mriqc",
    "version": "22.0.0rc1",
    "webapi_port": null,
    "webapi_url": "https://mriqc.nimh.nih.gov/api/v1"
  },
  "size_t": 279,
  "size_x": 128,
  "size_y": 128,
  "size_z": 29,
  "snr": 3.971074426106144,
  "spacing_tr": 1.899999976158142,
  "spacing_x": 1.765625,
  "spacing_y": 1.7656248807907104,
  "spacing_z": 1.7999998331069946,
  "summary_bg_k": 23.18774254484535,
  "summary_bg_mad": 15.3149103570991,
  "summary_bg_mean": 107.49236297607422,
  "summary_bg_median": 83.11469268798828,
  "summary_bg_n": 306466.0,
  "summary_bg_p05": 68.4372787475586,
  "summary_bg_p95": 241.63261032104492,
  "summary_bg_stdv": 72.37698364257812,
  "summary_fg_k": 0.8811282310805595,
  "summary_fg_mad": 195.4882603368364,
  "summary_fg_mean": 889.0318603515625,
  "summary_fg_median": 868.888916015625,
  "summary_fg_n": 98108.0,
  "summary_fg_p05": 567.3214904785157,
  "summary_fg_p95": 1286.9914184570312,
  "summary_fg_stdv": 218.80337524414062,
  "tsnr": 15.211534270085394
}