{
  "aor": 0.0002897849462365592,
  "aqi": 0.02718414516129032,
  "bids_meta": {
    "AccelFactPE": 2,
    "AcquisitionNumber": 1,
    "AcquisitionTime": "07:39:33.442500",
    "BandwidthPerPixelPhaseEncode": 22.321,
    "ConversionSoftware": "dcm2niix",
    "ConversionSoftwareVersion": "v1.0.20170724 (OpenJPEG build) GCC6.1.0",
    "DeviceSerialNumber": "35002",
    "EchoTime": 0.028,
    "EffectiveEchoSpacing": 0.000350007,
    "FlipAngle": 90,
    "ImageType": [
      "ORIGINAL",
      "PRIMARY",
      "M",
      "ND",
      "MOSAIC"
    ],
    "InstitutionAddress": "University_Pkwy_1700_North_685_Provo_FC28C0_UT_US_84601",
    "InstitutionName": "Brigham_Young_University",
    "MagneticFieldStrength": 3,
    "Manufacturer": "Siemens",
    "ManufacturersModelName": "TrioTim",
    "PhaseEncodingDirection": "j-",
    "PhaseEncodingLines": 128,
    "ProcedureStepDescription": "Research_KIRWAN",
    "ProtocolName": "12Chan_1.8x1.8x1.8_TR1900_29Slice",
    "RepetitionTime": 1.9,
    "ScanningSequence": "EP",
    "SequenceName": "epfid2d1_128",
    "SequenceVariant": "SK",
    "SeriesDescription": "12Chan_1.8x1.8x1.8_TR1900_29Slice",
    "SliceTiming": [
      0,
      0.985,
      0.065,
      1.0525,
      0.13,
      1.1175,
      0.1975,
      1.1825,
      0.2625,
      1.25,
      0.3275,
      1.315,
      0.395,
      1.38,
      0.46,
      1.445,
      0.525,
      1.5125,
      0.5925,
      1.5775,
      0.6575,
      1.6425,
      0.7225,
      1.71,
      0.7875,
      1.775,
      0.855,
      1.84,
      0.92
    ],
    "SoftwareVersions": "syngo_MR_B17",
    "TaskName": "MST",
    "TotalReadoutTime": 0.0437508,
    "TrueEchoSpacing": 0.000700013,
    "dataset": "ds003711",
    "modality": "bold",
    "run_id": 1,
    "subject_id": "29",
    "task_id": "MST"
  },
  "dummy_trs": 0,
  "dvars_nstd": 73.39878839733812,
  "dvars_std": 1.0429373962949637,
  "dvars_vstd": 0.9971593794964021,
  "efc": 0.6213249616623907,
  "fber": 120.21077728271484,
  "fd_mean": 0.0728689457625027,
  "fd_num": 1,
  "fd_perc": 0.35842293906810035,
  "fwhm_avg": 2.676614923802217,
  "fwhm_x": 2.4871306194690264,
  "fwhm_y": 2.736136113938601,
  "fwhm_z": 2.8065780379990244,
  "gcor": 0.0113454,
  "gsr_x": -0.026086600497364998,
  "gsr_y": 0.05315690487623215,
  "provenance": {
    "md5sum": "5fee93fcc9a2e7efed4923f6905bc62c",
    "settings": {
      "fd_thres": 0.2,
      "testing": false
    },
    "software": "mriqc",
    "version": "22.0.0rc1",
    "webapi_port": null,
    "webapi_url": "https://mriqc.nimh.nih.gov/api/v1"
  },
  "size_t": 279,
  "size_x": 128,
  "size_y": 128,
  "size_z": 29,
  "snr": 3.9518499867356662,
  "spacing_tr": 1.899999976158142,
  "spacing_x": 1.765625,
  "spacing_y": 1.7656248807907104,
  "spacing_z": 1.7999998331069946,
  "summary_bg_k": 23.386785758659155,
  "summary_bg_mad": 11.807688303004527,
  "summary_bg_mean": 104.03966522216797,
  "summary_bg_median": 78.38710021972656,
  "summary_bg_n": 307754.0,
  "summary_bg_p05": 66.88172149658203,
  "summary_bg_p95": 246.63100280761694,
  "summary_bg_stdv": 75.36424255371094,
  "summary_fg_k": 1.0702170359866976,
  "summary_fg_mad": 196.47402249914663,
  "summary_fg_mean": 893.7322998046875,
  "summary_fg_median": 872.6272583007812,
  "summary_fg_n": 98303.0,
  "summary_fg_p05": 573.4996643066406,
  "summary_fg_p95": 1293.9032348632809,
  "summary_fg_stdv": 220.81375122070312,
  "tsnr": 18.604259190615267
}