{
  "aor": 0.000319068100358423,
  "aqi": 0.05630408996415771,
  "bids_meta": {
    "AccelFactPE": 2,
    "AcquisitionNumber": 1,
    "AcquisitionTime": "14:50:54.802500",
    "BandwidthPerPixelPhaseEncode": 22.321,
    "ConversionSoftware": "dcm2niix",
    "ConversionSoftwareVersion": "v1.0.20170724 (OpenJPEG build) GCC6.1.0",
    "DeviceSerialNumber": "35002",
    "EchoTime": 0.028,
    "EffectiveEchoSpacing": 0.000350007,
    "FlipAngle": 90,
    "ImageType": [
      "ORIGINAL",
      "PRIMARY",
      "M",
      "ND",
      "MOSAIC"
    ],
    "InstitutionAddress": "University_Pkwy_1700_North_685_Provo_FC28C0_UT_US_84601",
    "InstitutionName": "Brigham_Young_University",
    "MagneticFieldStrength": 3,
    "Manufacturer": "Siemens",
    "ManufacturersModelName": "TrioTim",
    "PhaseEncodingDirection": "j-",
    "PhaseEncodingLines": 128,
    "ProcedureStepDescription": "Research_KIRWAN",
    "ProtocolName": "12Chan_1.8x1.8x1.8_TR1900_29Slice",
    "RepetitionTime": 1.9,
    "ScanningSequence": "EP",
    "SequenceName": "epfid2d1_128",
    "SequenceVariant": "SK",
    "SeriesDescription": "12Chan_1.8x1.8x1.8_TR1900_29Slice",
    "SliceTiming": [
      0,
      0.9875,
      0.0675,
      1.0525,
      0.1325,
      1.12,
      0.1975,
      1.185,
      0.265,
      1.25,
      0.33,
      1.3175,
      0.395,
      1.3825,
      0.4625,
      1.4475,
      0.5275,
      1.5125,
      0.5925,
      1.58,
      0.6575,
      1.645,
      0.725,
      1.71,
      0.79,
      1.7775,
      0.855,
      1.8425,
      0.9225
    ],
    "SoftwareVersions": "syngo_MR_B17",
    "TaskName": "MST",
    "TotalReadoutTime": 0.0437508,
    "TrueEchoSpacing": 0.000700013,
    "dataset": "ds003711",
    "modality": "bold",
    "run_id": 2,
    "subject_id": "32",
    "task_id": "MST"
  },
  "dummy_trs": 0,
  "dvars_nstd": 79.81353951899284,
  "dvars_std": 0.9937972687769787,
  "dvars_vstd": 0.9854452807194247,
  "efc": 0.6482218599376522,
  "fber": 86.28822326660156,
  "fd_mean": 0.09864666573229446,
  "fd_num": 17,
  "fd_perc": 6.093189964157706,
  "fwhm_avg": 2.3511646040189076,
  "fwhm_x": 2.262428318584071,
  "fwhm_y": 2.486343362831858,
  "fwhm_z": 2.3047221306407932,
  "gcor": 0.00460394,
  "gsr_x": -0.03049689717590809,
  "gsr_y": 0.06358601897954941,
  "provenance": {
    "md5sum": "1390cdd66d55b35636c43ff592b811eb",
    "settings": {
      "fd_thres": 0.2,
      "testing": false
    },
    "software": "mriqc",
    "version": "22.0.0rc1",
    "webapi_port": null,
    "webapi_url": "https://mriqc.nimh.nih.gov/api/v1"
  },
  "size_t": 279,
  "size_x": 128,
  "size_y": 128,
  "size_z": 29,
  "snr": 4.985939678991669,
  "spacing_tr": 1.899999976158142,
  "spacing_x": 1.765625,
  "spacing_y": 1.765625,
  "spacing_z": 1.8000000715255737,
  "summary_bg_k": 28.37452038219706,
  "summary_bg_mad": 15.463699950469328,
  "summary_bg_mean": 108.87349700927734,
  "summary_bg_median": 83.44802856445312,
  "summary_bg_n": 311837.0,
  "summary_bg_p05": 69.11469268798828,
  "summary_bg_p95": 239.46665954589847,
  "summary_bg_stdv": 78.87957763671875,
  "summary_fg_k": 1.1806226542726925,
  "summary_fg_mad": 138.31238084196903,
  "summary_fg_mean": 780.9719848632812,
  "summary_fg_median": 781.8135986328125,
  "summary_fg_n": 92127.0,
  "summary_fg_p05": 524.4143310546875,
  "summary_fg_p95": 1035.2455078125,
  "summary_fg_stdv": 156.8028106689453,
  "tsnr": 15.157842338085175
}