{
  "aor": 0.0003836559139784946,
  "aqi": 0.03801529605734767,
  "bids_meta": {
    "AccelFactPE": 2,
    "AcquisitionNumber": 1,
    "AcquisitionTime": "09:59:1.990000",
    "BandwidthPerPixelPhaseEncode": 22.321,
    "ConversionSoftware": "dcm2niix",
    "ConversionSoftwareVersion": "v1.0.20170724 (OpenJPEG build) GCC6.1.0",
    "DeviceSerialNumber": "35002",
    "EchoTime": 0.028,
    "EffectiveEchoSpacing": 0.000350007,
    "FlipAngle": 90,
    "ImageType": [
      "ORIGINAL",
      "PRIMARY",
      "M",
      "ND",
      "MOSAIC"
    ],
    "InstitutionAddress": "University_Pkwy_1700_North_685_Provo_FC28C0_UT_US_84601",
    "InstitutionName": "Brigham_Young_University",
    "MagneticFieldStrength": 3,
    "Manufacturer": "Siemens",
    "ManufacturersModelName": "TrioTim",
    "PhaseEncodingDirection": "j-",
    "PhaseEncodingLines": 128,
    "ProcedureStepDescription": "Research_KIRWAN",
    "ProtocolName": "12Chan_1.8x1.8x1.8_TR1900_29Slice",
    "RepetitionTime": 1.9,
    "ScanningSequence": "EP",
    "SequenceName": "epfid2d1_128",
    "SequenceVariant": "SK",
    "SeriesDescription": "12Chan_1.8x1.8x1.8_TR1900_29Slice",
    "SliceTiming": [
      0,
      0.9875,
      0.0675,
      1.0525,
      0.1325,
      1.12,
      0.1975,
      1.185,
      0.265,
      1.25,
      0.33,
      1.3175,
      0.395,
      1.3825,
      0.4625,
      1.4475,
      0.5275,
      1.5125,
      0.5925,
      1.58,
      0.66,
      1.645,
      0.725,
      1.71,
      0.79,
      1.7775,
      0.855,
      1.8425,
      0.9225
    ],
    "SoftwareVersions": "syngo_MR_B17",
    "TaskName": "MST",
    "TotalReadoutTime": 0.0437508,
    "TrueEchoSpacing": 0.000700013,
    "dataset": "ds003711",
    "modality": "bold",
    "run_id": 4,
    "subject_id": "05",
    "task_id": "MST"
  },
  "dummy_trs": 0,
  "dvars_nstd": 86.57976276730211,
  "dvars_std": 1.024928503776978,
  "dvars_vstd": 1.00594889086331,
  "efc": 0.6614225944516204,
  "fber": 76.83589172363281,
  "fd_mean": 0.09051367050589794,
  "fd_num": 14,
  "fd_perc": 5.017921146953405,
  "fwhm_avg": 2.590816355918904,
  "fwhm_x": 2.4472410619469023,
  "fwhm_y": 2.656124601769912,
  "fwhm_z": 2.669083404039897,
  "gcor": 0.00563634,
  "gsr_x": -0.020104030147194862,
  "gsr_y": 0.06478900462388992,
  "provenance": {
    "md5sum": "e7186ee540fb733bd1e6abdbfbf06ea8",
    "settings": {
      "fd_thres": 0.2,
      "testing": false
    },
    "software": "mriqc",
    "version": "22.0.0rc1",
    "webapi_port": null,
    "webapi_url": "https://mriqc.nimh.nih.gov/api/v1"
  },
  "size_t": 279,
  "size_x": 128,
  "size_y": 128,
  "size_z": 29,
  "snr": 4.244081716365672,
  "spacing_tr": 1.899999976158142,
  "spacing_x": 1.765625,
  "spacing_y": 1.765625,
  "spacing_z": 1.7999999523162842,
  "summary_bg_k": 16.151699430028476,
  "summary_bg_mad": 18.264165780376686,
  "summary_bg_mean": 113.65774536132812,
  "summary_bg_median": 86.87813568115234,
  "summary_bg_n": 303803.0,
  "summary_bg_p05": 69.87096405029297,
  "summary_bg_p95": 275.87311096191354,
  "summary_bg_stdv": 76.08134460449219,
  "summary_fg_k": 0.8463106165806962,
  "summary_fg_mad": 165.06043784054953,
  "summary_fg_mean": 779.90771484375,
  "summary_fg_median": 774.562744140625,
  "summary_fg_n": 99110.0,
  "summary_fg_p05": 492.74266204833987,
  "summary_fg_p95": 1086.6211914062496,
  "summary_fg_stdv": 182.50328063964844,
  "tsnr": 15.16828019975219
}