{
  "aor": 0.0004483870967741935,
  "aqi": 0.037498235842293906,
  "bids_meta": {
    "AccelFactPE": 2,
    "AcquisitionNumber": 1,
    "AcquisitionTime": "10:09:29.565000",
    "BandwidthPerPixelPhaseEncode": 22.321,
    "ConversionSoftware": "dcm2niix",
    "ConversionSoftwareVersion": "v1.0.20170724 (OpenJPEG build) GCC6.1.0",
    "DeviceSerialNumber": "35002",
    "EchoTime": 0.028,
    "EffectiveEchoSpacing": 0.000350007,
    "FlipAngle": 90,
    "ImageType": [
      "ORIGINAL",
      "PRIMARY",
      "M",
      "ND",
      "MOSAIC"
    ],
    "InstitutionAddress": "University_Pkwy_1700_North_685_Provo_FC28C0_UT_US_84601",
    "InstitutionName": "Brigham_Young_University",
    "MagneticFieldStrength": 3,
    "Manufacturer": "Siemens",
    "ManufacturersModelName": "TrioTim",
    "PhaseEncodingDirection": "j-",
    "PhaseEncodingLines": 128,
    "ProcedureStepDescription": "Research_KIRWAN",
    "ProtocolName": "12Chan_1.8x1.8x1.8_TR1900_29Slice",
    "RepetitionTime": 1.9,
    "ScanningSequence": "EP",
    "SequenceName": "epfid2d1_128",
    "SequenceVariant": "SK",
    "SeriesDescription": "12Chan_1.8x1.8x1.8_TR1900_29Slice",
    "SliceTiming": [
      0,
      0.9875,
      0.0675,
      1.0525,
      0.1325,
      1.1175,
      0.1975,
      1.185,
      0.2625,
      1.25,
      0.33,
      1.315,
      0.395,
      1.3825,
      0.46,
      1.4475,
      0.5275,
      1.5125,
      0.5925,
      1.58,
      0.6575,
      1.645,
      0.725,
      1.71,
      0.79,
      1.7775,
      0.855,
      1.8425,
      0.9225
    ],
    "SoftwareVersions": "syngo_MR_B17",
    "TaskName": "MST",
    "TotalReadoutTime": 0.0437508,
    "TrueEchoSpacing": 0.000700013,
    "dataset": "ds003711",
    "modality": "bold",
    "run_id": 5,
    "subject_id": "05",
    "task_id": "MST"
  },
  "dummy_trs": 0,
  "dvars_nstd": 87.49250977291368,
  "dvars_std": 1.0268907842086326,
  "dvars_vstd": 1.0087297979856111,
  "efc": 0.6631555671568234,
  "fber": 76.11738586425781,
  "fd_mean": 0.11260332399683726,
  "fd_num": 32,
  "fd_perc": 11.469534050179211,
  "fwhm_avg": 2.5714519768316855,
  "fwhm_x": 2.4358626548672566,
  "fwhm_y": 2.631498761061947,
  "fwhm_z": 2.6469945145658524,
  "gcor": 0.00578411,
  "gsr_x": -0.021035069599747658,
  "gsr_y": 0.06698919087648392,
  "provenance": {
    "md5sum": "a2723a2e336e7a7bd2004270244ccda5",
    "settings": {
      "fd_thres": 0.2,
      "testing": false
    },
    "software": "mriqc",
    "version": "22.0.0rc1",
    "webapi_port": null,
    "webapi_url": "https://mriqc.nimh.nih.gov/api/v1"
  },
  "size_t": 279,
  "size_x": 128,
  "size_y": 128,
  "size_z": 29,
  "snr": 4.2315346351204814,
  "spacing_tr": 1.899999976158142,
  "spacing_x": 1.765625,
  "spacing_y": 1.765625,
  "spacing_z": 1.7999999523162842,
  "summary_bg_k": 15.331560049229385,
  "summary_bg_mad": 17.56803092065462,
  "summary_bg_mean": 114.08206176757812,
  "summary_bg_median": 86.5627212524414,
  "summary_bg_n": 303599.0,
  "summary_bg_p05": 70.51971435546875,
  "summary_bg_p95": 279.9430145263671,
  "summary_bg_stdv": 76.54342651367188,
  "summary_fg_k": 0.9227757341583267,
  "summary_fg_mad": 162.86309357963265,
  "summary_fg_mean": 777.3165893554688,
  "summary_fg_median": 771.0824584960938,
  "summary_fg_n": 99294.0,
  "summary_fg_p05": 491.7621780395508,
  "summary_fg_p95": 1083.5118713378904,
  "summary_fg_stdv": 182.2219696044922,
  "tsnr": 15.265126927115489
}