{
  "aor": 0.0008021376811594204,
  "aqi": 0.032561270652173915,
  "bids_meta": {
    "AccelFactPE": 2,
    "AcquisitionNumber": 1,
    "AcquisitionTime": "09:38:49.690000",
    "BandwidthPerPixelPhaseEncode": 22.321,
    "ConversionSoftware": "dcm2niix",
    "ConversionSoftwareVersion": "v1.0.20170724 (OpenJPEG build) GCC6.1.0",
    "DeviceSerialNumber": "35002",
    "EchoTime": 0.028,
    "EffectiveEchoSpacing": 0.000350007,
    "FlipAngle": 90,
    "ImageType": [
      "ORIGINAL",
      "PRIMARY",
      "M",
      "ND",
      "MOSAIC"
    ],
    "InstitutionAddress": "University_Pkwy_1700_North_685_Provo_FC28C0_UT_US_84601",
    "InstitutionName": "Brigham_Young_University",
    "MagneticFieldStrength": 3,
    "Manufacturer": "Siemens",
    "ManufacturersModelName": "TrioTim",
    "PhaseEncodingDirection": "j-",
    "PhaseEncodingLines": 128,
    "ProcedureStepDescription": "Research_KIRWAN",
    "ProtocolName": "12Chan_1.8x1.8x1.8_TR1900_29Slice",
    "RepetitionTime": 1.9,
    "ScanningSequence": "EP",
    "SequenceName": "epfid2d1_128",
    "SequenceVariant": "SK",
    "SeriesDescription": "12Chan_1.8x1.8x1.8_TR1900_29Slice",
    "SliceTiming": [
      0,
      0.9875,
      0.0675,
      1.0525,
      0.1325,
      1.12,
      0.1975,
      1.185,
      0.265,
      1.25,
      0.33,
      1.3175,
      0.395,
      1.3825,
      0.4625,
      1.4475,
      0.5275,
      1.5125,
      0.5925,
      1.58,
      0.66,
      1.645,
      0.725,
      1.71,
      0.79,
      1.7775,
      0.855,
      1.8425,
      0.9225
    ],
    "SoftwareVersions": "syngo_MR_B17",
    "TaskName": "MST",
    "TotalReadoutTime": 0.0437508,
    "TrueEchoSpacing": 0.000700013,
    "dataset": "ds003711",
    "modality": "bold",
    "run_id": 2,
    "subject_id": "05",
    "task_id": "MST"
  },
  "dummy_trs": 3,
  "dvars_nstd": 80.81389162938181,
  "dvars_std": 1.0262686983272729,
  "dvars_vstd": 1.0063125644363635,
  "efc": 0.6534186103470815,
  "fber": 87.65975189208984,
  "fd_mean": 0.11927392829621557,
  "fd_num": 30,
  "fd_perc": 10.869565217391305,
  "fwhm_avg": 2.634278710038252,
  "fwhm_x": 2.4643058407079645,
  "fwhm_y": 2.6796913274336283,
  "fwhm_z": 2.758838961973163,
  "gcor": 0.00990168,
  "gsr_x": -0.01881995052099228,
  "gsr_y": 0.06130411475896835,
  "provenance": {
    "md5sum": "a8b0dbf553594f0873a1c2ed34544ba1",
    "settings": {
      "fd_thres": 0.2,
      "testing": false
    },
    "software": "mriqc",
    "version": "22.0.0rc1",
    "webapi_port": null,
    "webapi_url": "https://mriqc.nimh.nih.gov/api/v1"
  },
  "size_t": 276,
  "size_x": 128,
  "size_y": 128,
  "size_z": 29,
  "snr": 4.238574647425451,
  "spacing_tr": 1.899999976158142,
  "spacing_x": 1.765625,
  "spacing_y": 1.765625,
  "spacing_z": 1.7999999523162842,
  "summary_bg_k": 17.25698324793561,
  "summary_bg_mad": 14.611151642585222,
  "summary_bg_mean": 109.41280364990234,
  "summary_bg_median": 81.66667175292969,
  "summary_bg_n": 304009.0,
  "summary_bg_p05": 68.4456558227539,
  "summary_bg_p95": 274.1840698242185,
  "summary_bg_stdv": 76.99442291259766,
  "summary_fg_k": 0.8321537335693523,
  "summary_fg_mad": 167.21181274557037,
  "summary_fg_mean": 785.2576904296875,
  "summary_fg_median": 779.8551025390625,
  "summary_fg_n": 99123.0,
  "summary_fg_p05": 495.4753662109375,
  "summary_fg_p95": 1096.0202880859374,
  "summary_fg_stdv": 183.989013671875,
  "tsnr": 16.59510823508026
}