{
  "bids_meta": {
    "AcquisitionNumber": 1,
    "AcquisitionTime": "14:42:58.487500",
    "ConversionSoftware": "dcm2niix",
    "ConversionSoftwareVersion": "v1.0.20170724 (OpenJPEG build) GCC6.1.0",
    "DeviceSerialNumber": "35002",
    "EchoTime": 0.00226,
    "FlipAngle": 9,
    "ImageType": [
      "ORIGINAL",
      "PRIMARY",
      "M",
      "ND",
      "NORM"
    ],
    "InstitutionAddress": "University_Pkwy_1700_North_685_Provo_FC28C0_UT_US_84601",
    "InstitutionName": "Brigham_Young_University",
    "InversionTime": 0.9,
    "MagneticFieldStrength": 3,
    "Manufacturer": "Siemens",
    "ManufacturersModelName": "TrioTim",
    "PhaseEncodingDirection": "i-",
    "PhaseEncodingLines": 215,
    "ProcedureStepDescription": "Research_KIRWAN",
    "ProtocolName": "t1_mpr_sag_iso_mprage",
    "RepetitionTime": 1.9,
    "ScanningSequence": "GR_IR",
    "SequenceName": "_tfl3d1_ns",
    "SequenceVariant": "SP_MP_OSP",
    "SeriesDescription": "t1_mpr_sag_iso_mprage",
    "SoftwareVersions": "syngo_MR_B17",
    "dataset": "ds003711",
    "modality": "T1w",
    "subject_id": "33"
  },
  "cjv": 0.32210165125390966,
  "cnr": 4.162910273862415,
  "efc": 0.6316126463961269,
  "fber": 1675.16845703125,
  "fwhm_avg": 4.4991596,
  "fwhm_x": 4.24569,
  "fwhm_y": 4.8113152,
  "fwhm_z": 4.440473600000001,
  "icvs_csf": 0.1982395179462836,
  "icvs_gm": 0.4170039376344681,
  "icvs_wm": 0.38475654441924834,
  "inu_med": 1.3175146579742432,
  "inu_range": 0.46495407819747925,
  "provenance": {
    "md5sum": "a9ccb47a7ee0306ffcef0ebd34af5eb8",
    "settings": {
      "testing": false
    },
    "software": "mriqc",
    "version": "22.0.0rc1",
    "warnings": {
      "large_rot_frame": true,
      "small_air_mask": false
    },
    "webapi_port": null,
    "webapi_url": "https://mriqc.nimh.nih.gov/api/v1"
  },
  "qi_1": 0.0,
  "qi_2": 0.003660724386120211,
  "rpve_csf": 21.247419896668298,
  "rpve_gm": 10.696282330378894,
  "rpve_wm": 14.005817225708357,
  "size_x": 176,
  "size_y": 224,
  "size_z": 256,
  "snr_csf": 3.5561483886874474,
  "snr_gm": 14.158276682544749,
  "snr_total": 15.159395685943666,
  "snr_wm": 27.763761986598805,
  "snrd_csf": 28.104563361977903,
  "snrd_gm": 55.2573806622923,
  "snrd_total": 52.87397096862844,
  "snrd_wm": 75.25996888161512,
  "spacing_x": 1.0,
  "spacing_y": 0.9765625,
  "spacing_z": 0.9765625,
  "summary_bg_k": 154.47209568405017,
  "summary_bg_mad": 8.705065721466411,
  "summary_bg_mean": 13.301854133605957,
  "summary_bg_median": 11.758134841918945,
  "summary_bg_n": 2004786.0,
  "summary_bg_p05": 2.9068644642829895,
  "summary_bg_p95": 29.72530746459961,
  "summary_bg_stdv": 9.470638275146484,
  "summary_csf_k": -0.29268148938861893,
  "summary_csf_mad": 106.56769013371908,
  "summary_csf_mean": 393.1831359863281,
  "summary_csf_median": 373.4368591308594,
  "summary_csf_n": 22459.0,
  "summary_csf_p05": 252.12093811035157,
  "summary_csf_p95": 590.6653686523435,
  "summary_csf_stdv": 105.00926971435547,
  "summary_gm_k": 0.08340926475756882,
  "summary_gm_mad": 50.85654091288984,
  "summary_gm_mean": 733.6427001953125,
  "summary_gm_median": 734.2274780273438,
  "summary_gm_n": 27560.0,
  "summary_gm_p05": 645.9407562255859,
  "summary_gm_p95": 817.8786773681641,
  "summary_gm_stdv": 51.85759353637695,
  "summary_wm_k": 0.3393544311565386,
  "summary_wm_mad": 34.75247109397982,
  "summary_wm_mean": 999.0969848632812,
  "summary_wm_median": 1000.0100708007812,
  "summary_wm_n": 245920.0,
  "summary_wm_p05": 938.2277770996094,
  "summary_wm_p95": 1056.5807556152345,
  "summary_wm_stdv": 36.018463134765625,
  "tpm_overlap_csf": 0.165790393948555,
  "tpm_overlap_gm": 0.4449579119682312,
  "tpm_overlap_wm": 0.5021989345550537,
  "wm2max": 0.4493228193911983
}