{
  "bids_meta": {
    "AcquisitionNumber": 1,
    "AcquisitionTime": "15:47:59.832500",
    "ConversionSoftware": "dcm2niix",
    "ConversionSoftwareVersion": "v1.0.20170724 (OpenJPEG build) GCC6.1.0",
    "DeviceSerialNumber": "35002",
    "EchoTime": 0.064,
    "EchoTrainLength": 15,
    "FlipAngle": 178,
    "ImageType": [
      "ORIGINAL",
      "PRIMARY",
      "M",
      "ND"
    ],
    "InstitutionAddress": "University_Pkwy_1700_North_685_Provo_FC28C0_UT_US_84601",
    "InstitutionName": "Brigham_Young_University",
    "MagneticFieldStrength": 3,
    "Manufacturer": "Siemens",
    "ManufacturersModelName": "TrioTim",
    "PhaseEncodingDirection": "i-",
    "PhaseEncodingLines": 512,
    "ProcedureStepDescription": "Research_KIRWAN",
    "ProtocolName": "HiRes_T2",
    "RepetitionTime": 7.37,
    "ScanningSequence": "SE",
    "SequenceName": "_tse2d1_15",
    "SequenceVariant": "SK_SP_OSP",
    "SeriesDescription": "HiRes_T2",
    "SoftwareVersions": "syngo_MR_B17",
    "dataset": "ds003711",
    "modality": "T2w",
    "subject_id": "33"
  },
  "cjv": 0.5810619837796223,
  "cnr": 0.7537698124016006,
  "efc": 0.5936326126114982,
  "fber": 105.49861625048673,
  "fwhm_avg": 3.4949155647856904,
  "fwhm_x": 4.2714624,
  "fwhm_y": 1.9306350210972811,
  "fwhm_z": 4.28264927325979,
  "icvs_csf": 0.20070861131529255,
  "icvs_gm": 0.543104497337225,
  "icvs_wm": 0.25618689134748246,
  "inu_med": 1.0138884782791138,
  "inu_range": 0.22938769459724417,
  "provenance": {
    "md5sum": "2958139869111467eca90a21f89e05d8",
    "settings": {
      "testing": false
    },
    "software": "mriqc",
    "version": "22.0.0rc1",
    "warnings": {
      "large_rot_frame": false,
      "small_air_mask": false
    },
    "webapi_port": null,
    "webapi_url": "https://mriqc.nimh.nih.gov/api/v1"
  },
  "qi_1": 0.0,
  "qi_2": 9.396717667579089e-05,
  "rpve_csf": 13.591227948422558,
  "rpve_gm": 6.364087144276714,
  "rpve_wm": 12.70458128487564,
  "size_x": 512,
  "size_y": 19,
  "size_z": 512,
  "snr_csf": 3.7895826404096833,
  "snr_gm": 10.42783934079651,
  "snr_total": 6.622797458501386,
  "snr_wm": 5.650970394297964,
  "snrd_csf": 19.567168291573132,
  "snrd_gm": 11.9181026189927,
  "snrd_total": 13.16386252323815,
  "snrd_wm": 8.006316659148618,
  "spacing_x": 0.390625,
  "spacing_y": 2.99999737739563,
  "spacing_z": 0.3906250298023224,
  "summary_bg_k": 13.38133127935646,
  "summary_bg_mad": 84.39318262616763,
  "summary_bg_mean": 322.153534862352,
  "summary_bg_median": 124.65026944875717,
  "summary_bg_n": 1499586.0,
  "summary_bg_p05": 27.88229711353779,
  "summary_bg_p95": 1699.1799888014793,
  "summary_bg_stdv": 626.0421219950797,
  "summary_csf_k": 0.6262657594105243,
  "summary_csf_mad": 591.8965927238672,
  "summary_csf_mean": 2662.823310519692,
  "summary_csf_median": 2520.598250478506,
  "summary_csf_n": 103867.0,
  "summary_csf_p05": 1888.8567920029163,
  "summary_csf_p95": 3922.141953483224,
  "summary_csf_stdv": 665.1355454802145,
  "summary_gm_k": 0.030644260401035073,
  "summary_gm_mad": 145.9000784384593,
  "summary_gm_mean": 1534.4931639315546,
  "summary_gm_median": 1535.2629549056292,
  "summary_gm_n": 281908.0,
  "summary_gm_p05": 1291.1722569912672,
  "summary_gm_p95": 1776.941689401865,
  "summary_gm_stdv": 147.22706993682536,
  "summary_wm_k": 1.7081942225266946,
  "summary_wm_mad": 146.90135348656636,
  "summary_wm_mean": 1001.067588587745,
  "summary_wm_median": 1031.355557590723,
  "summary_wm_n": 148777.0,
  "summary_wm_p05": 649.3970306962729,
  "summary_wm_p95": 1246.03959751129,
  "summary_wm_stdv": 182.5088470669292,
  "tpm_overlap_csf": 0.08040246367454529,
  "tpm_overlap_gm": 0.3268335163593292,
  "tpm_overlap_wm": 0.186048224568367,
  "wm2max": 0.2404895277946503
}