{
  "aor": 0.00027311827956989256,
  "aqi": 0.027374954838709675,
  "bids_meta": {
    "AccelFactPE": 2,
    "AcquisitionNumber": 1,
    "AcquisitionTime": "17:10:51.615000",
    "BandwidthPerPixelPhaseEncode": 22.321,
    "ConversionSoftware": "dcm2niix",
    "ConversionSoftwareVersion": "v1.0.20170724 (OpenJPEG build) GCC6.1.0",
    "DeviceSerialNumber": "35002",
    "EchoTime": 0.028,
    "EffectiveEchoSpacing": 0.000350007,
    "FlipAngle": 90,
    "ImageType": [
      "ORIGINAL",
      "PRIMARY",
      "M",
      "ND",
      "MOSAIC"
    ],
    "InstitutionAddress": "University_Pkwy_1700_North_685_Provo_FC28C0_UT_US_84601",
    "InstitutionName": "Brigham_Young_University",
    "MagneticFieldStrength": 3,
    "Manufacturer": "Siemens",
    "ManufacturersModelName": "TrioTim",
    "PhaseEncodingDirection": "j-",
    "PhaseEncodingLines": 128,
    "ProcedureStepDescription": "Research_KIRWAN",
    "ProtocolName": "12Chan_1.8x1.8x1.8_TR1900_29Slice",
    "RepetitionTime": 1.9,
    "ScanningSequence": "EP",
    "SequenceName": "epfid2d1_128",
    "SequenceVariant": "SK",
    "SeriesDescription": "12Chan_1.8x1.8x1.8_TR1900_29Slice",
    "SliceTiming": [
      0,
      0.985,
      0.065,
      1.05,
      0.13,
      1.1175,
      0.195,
      1.1825,
      0.2625,
      1.2475,
      0.3275,
      1.315,
      0.3925,
      1.38,
      0.46,
      1.445,
      0.525,
      1.5125,
      0.59,
      1.5775,
      0.6575,
      1.6425,
      0.7225,
      1.7075,
      0.7875,
      1.775,
      0.8525,
      1.84,
      0.92
    ],
    "SoftwareVersions": "syngo_MR_B17",
    "TaskName": "MST",
    "TotalReadoutTime": 0.0437508,
    "TrueEchoSpacing": 0.000700013,
    "dataset": "ds003711",
    "modality": "bold",
    "run_id": 4,
    "subject_id": "34",
    "task_id": "MST"
  },
  "dummy_trs": 0,
  "dvars_nstd": 84.29434462118707,
  "dvars_std": 1.0468514596402885,
  "dvars_vstd": 1.003319295143885,
  "efc": 0.6513458496982417,
  "fber": 86.41212463378906,
  "fd_mean": 0.09778221907475734,
  "fd_num": 6,
  "fd_perc": 2.150537634408602,
  "fwhm_avg": 2.777718586662081,
  "fwhm_x": 2.577449911504425,
  "fwhm_y": 2.8640113274336283,
  "fwhm_z": 2.891694521048189,
  "gcor": 0.00534697,
  "gsr_x": -0.027219638228416443,
  "gsr_y": 0.06410398334264755,
  "provenance": {
    "md5sum": "ac1a57a10d2b8bfaea7454ef19910879",
    "settings": {
      "fd_thres": 0.2,
      "testing": false
    },
    "software": "mriqc",
    "version": "22.0.0rc1",
    "webapi_port": null,
    "webapi_url": "https://mriqc.nimh.nih.gov/api/v1"
  },
  "size_t": 279,
  "size_x": 128,
  "size_y": 128,
  "size_z": 29,
  "snr": 3.7582040278458133,
  "spacing_tr": 1.899999976158142,
  "spacing_x": 1.765625,
  "spacing_y": 1.765625,
  "spacing_z": 1.7999999523162842,
  "summary_bg_k": 11.524730238858236,
  "summary_bg_mad": 19.82117410692466,
  "summary_bg_mean": 122.59935760498047,
  "summary_bg_median": 89.12903594970703,
  "summary_bg_n": 305605.0,
  "summary_bg_p05": 71.38710021972656,
  "summary_bg_p95": 326.9233093261718,
  "summary_bg_stdv": 88.08015441894531,
  "summary_fg_k": 0.5409557764502444,
  "summary_fg_mad": 201.38414694850775,
  "summary_fg_mean": 859.2056884765625,
  "summary_fg_median": 840.0501708984375,
  "summary_fg_n": 100583.0,
  "summary_fg_p05": 527.76162109375,
  "summary_fg_p95": 1259.7085937499996,
  "summary_fg_stdv": 223.52325439453125,
  "tsnr": 16.717456463258713
}