{
  "aor": 0.00028946236559139785,
  "aqi": 0.027872842293906807,
  "bids_meta": {
    "AccelFactPE": 2,
    "AcquisitionNumber": 1,
    "AcquisitionTime": "16:44:9.242500",
    "BandwidthPerPixelPhaseEncode": 22.321,
    "ConversionSoftware": "dcm2niix",
    "ConversionSoftwareVersion": "v1.0.20170724 (OpenJPEG build) GCC6.1.0",
    "DeviceSerialNumber": "35002",
    "EchoTime": 0.028,
    "EffectiveEchoSpacing": 0.000350007,
    "FlipAngle": 90,
    "ImageType": [
      "ORIGINAL",
      "PRIMARY",
      "M",
      "ND",
      "MOSAIC"
    ],
    "InstitutionAddress": "University_Pkwy_1700_North_685_Provo_FC28C0_UT_US_84601",
    "InstitutionName": "Brigham_Young_University",
    "MagneticFieldStrength": 3,
    "Manufacturer": "Siemens",
    "ManufacturersModelName": "TrioTim",
    "PhaseEncodingDirection": "j-",
    "PhaseEncodingLines": 128,
    "ProcedureStepDescription": "Research_KIRWAN",
    "ProtocolName": "12Chan_1.8x1.8x1.8_TR1900_29Slice",
    "RepetitionTime": 1.9,
    "ScanningSequence": "EP",
    "SequenceName": "epfid2d1_128",
    "SequenceVariant": "SK",
    "SeriesDescription": "12Chan_1.8x1.8x1.8_TR1900_29Slice",
    "SliceTiming": [
      0,
      0.9875,
      0.0675,
      1.0525,
      0.1325,
      1.1175,
      0.1975,
      1.185,
      0.265,
      1.25,
      0.33,
      1.315,
      0.395,
      1.3825,
      0.46,
      1.4475,
      0.5275,
      1.5125,
      0.5925,
      1.58,
      0.6575,
      1.645,
      0.725,
      1.71,
      0.79,
      1.7775,
      0.855,
      1.8425,
      0.9225
    ],
    "SoftwareVersions": "syngo_MR_B17",
    "TaskName": "MST",
    "TotalReadoutTime": 0.0437508,
    "TrueEchoSpacing": 0.000700013,
    "dataset": "ds003711",
    "modality": "bold",
    "run_id": 2,
    "subject_id": "34",
    "task_id": "MST"
  },
  "dummy_trs": 0,
  "dvars_nstd": 86.15074887723013,
  "dvars_std": 1.0455697007913674,
  "dvars_vstd": 1.00499777233813,
  "efc": 0.6518939000130742,
  "fber": 85.46530151367188,
  "fd_mean": 0.08022441606312924,
  "fd_num": 2,
  "fd_perc": 0.7168458781362007,
  "fwhm_avg": 2.749914017413308,
  "fwhm_x": 2.568665486725664,
  "fwhm_y": 2.81825982300885,
  "fwhm_z": 2.862816742505411,
  "gcor": 0.00433525,
  "gsr_x": -0.026622440665960312,
  "gsr_y": 0.06361495703458786,
  "provenance": {
    "md5sum": "e514cc75dbca27542411499b1888d48d",
    "settings": {
      "fd_thres": 0.2,
      "testing": false
    },
    "software": "mriqc",
    "version": "22.0.0rc1",
    "webapi_port": null,
    "webapi_url": "https://mriqc.nimh.nih.gov/api/v1"
  },
  "size_t": 279,
  "size_x": 128,
  "size_y": 128,
  "size_z": 29,
  "snr": 3.769096117624504,
  "spacing_tr": 1.899999976158142,
  "spacing_x": 1.765625,
  "spacing_y": 1.765625,
  "spacing_z": 1.7999999523162842,
  "summary_bg_k": 12.340456913450042,
  "summary_bg_mad": 19.321653259059165,
  "summary_bg_mean": 122.59814453125,
  "summary_bg_median": 90.08602142333984,
  "summary_bg_n": 304631.0,
  "summary_bg_p05": 72.34408569335938,
  "summary_bg_p95": 322.7598571777344,
  "summary_bg_stdv": 87.30217742919922,
  "summary_fg_k": 0.6041855100198479,
  "summary_fg_mad": 200.36920148447217,
  "summary_fg_mean": 862.5020141601562,
  "summary_fg_median": 843.18994140625,
  "summary_fg_n": 101385.0,
  "summary_fg_p05": 530.7921142578125,
  "summary_fg_p95": 1263.6895996093742,
  "summary_fg_stdv": 223.71034240722656,
  "tsnr": 16.415171598899178
}