{
  "aor": 0.0002952688172043011,
  "aqi": 0.0304618917562724,
  "bids_meta": {
    "AccelFactPE": 2,
    "AcquisitionNumber": 1,
    "AcquisitionTime": "17:21:16.295000",
    "BandwidthPerPixelPhaseEncode": 22.321,
    "ConversionSoftware": "dcm2niix",
    "ConversionSoftwareVersion": "v1.0.20170724 (OpenJPEG build) GCC6.1.0",
    "DeviceSerialNumber": "35002",
    "EchoTime": 0.028,
    "EffectiveEchoSpacing": 0.000350007,
    "FlipAngle": 90,
    "ImageType": [
      "ORIGINAL",
      "PRIMARY",
      "M",
      "ND",
      "MOSAIC"
    ],
    "InstitutionAddress": "University_Pkwy_1700_North_685_Provo_FC28C0_UT_US_84601",
    "InstitutionName": "Brigham_Young_University",
    "MagneticFieldStrength": 3,
    "Manufacturer": "Siemens",
    "ManufacturersModelName": "TrioTim",
    "PhaseEncodingDirection": "j-",
    "PhaseEncodingLines": 128,
    "ProcedureStepDescription": "Research_KIRWAN",
    "ProtocolName": "12Chan_1.8x1.8x1.8_TR1900_29Slice",
    "RepetitionTime": 1.9,
    "ScanningSequence": "EP",
    "SequenceName": "epfid2d1_128",
    "SequenceVariant": "SK",
    "SeriesDescription": "12Chan_1.8x1.8x1.8_TR1900_29Slice",
    "SliceTiming": [
      0,
      0.985,
      0.065,
      1.0525,
      0.13,
      1.1175,
      0.1975,
      1.1825,
      0.2625,
      1.2475,
      0.3275,
      1.315,
      0.3925,
      1.38,
      0.46,
      1.445,
      0.525,
      1.5125,
      0.59,
      1.5775,
      0.6575,
      1.6425,
      0.7225,
      1.71,
      0.7875,
      1.775,
      0.855,
      1.84,
      0.92
    ],
    "SoftwareVersions": "syngo_MR_B17",
    "TaskName": "MST",
    "TotalReadoutTime": 0.0437508,
    "TrueEchoSpacing": 0.000700013,
    "dataset": "ds003711",
    "modality": "bold",
    "run_id": 5,
    "subject_id": "34",
    "task_id": "MST"
  },
  "dummy_trs": 0,
  "dvars_nstd": 87.76052082539569,
  "dvars_std": 1.0419462498920862,
  "dvars_vstd": 1.0009159244244603,
  "efc": 0.6547816098000979,
  "fber": 80.60114288330078,
  "fd_mean": 0.0876602028901719,
  "fd_num": 9,
  "fd_perc": 3.225806451612903,
  "fwhm_avg": 2.7201958061077582,
  "fwhm_x": 2.5823830088495576,
  "fwhm_y": 2.815354336283186,
  "fwhm_z": 2.762850073190532,
  "gcor": 0.00236942,
  "gsr_x": -0.026390818879008293,
  "gsr_y": 0.06445898115634918,
  "provenance": {
    "md5sum": "90963df72aa535a43a9131ec12a74132",
    "settings": {
      "fd_thres": 0.2,
      "testing": false
    },
    "software": "mriqc",
    "version": "22.0.0rc1",
    "webapi_port": null,
    "webapi_url": "https://mriqc.nimh.nih.gov/api/v1"
  },
  "size_t": 279,
  "size_x": 128,
  "size_y": 128,
  "size_z": 29,
  "snr": 3.736197708336606,
  "spacing_tr": 1.899999976158142,
  "spacing_x": 1.765625,
  "spacing_y": 1.765625,
  "spacing_z": 1.7999999523162842,
  "summary_bg_k": 12.048984025425112,
  "summary_bg_mad": 21.101834664305226,
  "summary_bg_mean": 125.92909240722656,
  "summary_bg_median": 92.63082122802734,
  "summary_bg_n": 305537.0,
  "summary_bg_p05": 73.07527160644531,
  "summary_bg_p95": 329.86523437500006,
  "summary_bg_stdv": 88.83944702148438,
  "summary_fg_k": 0.6419682720154989,
  "summary_fg_mad": 201.96867264616625,
  "summary_fg_mean": 863.2445068359375,
  "summary_fg_median": 843.388916015625,
  "summary_fg_n": 100498.0,
  "summary_fg_p05": 530.6071624755859,
  "summary_fg_p95": 1268.606475830078,
  "summary_fg_stdv": 225.73342895507812,
  "tsnr": 15.823872245789971
}