{
  "aor": 0.0004558064516129032,
  "aqi": 0.03406086666666667,
  "bids_meta": {
    "AccelFactPE": 2,
    "AcquisitionNumber": 1,
    "AcquisitionTime": "09:26:12.942500",
    "BandwidthPerPixelPhaseEncode": 22.321,
    "ConversionSoftware": "dcm2niix",
    "ConversionSoftwareVersion": "v1.0.20170724 (OpenJPEG build) GCC6.1.0",
    "DeviceSerialNumber": "35002",
    "EchoTime": 0.028,
    "EffectiveEchoSpacing": 0.000350007,
    "FlipAngle": 90,
    "ImageType": [
      "ORIGINAL",
      "PRIMARY",
      "M",
      "ND",
      "MOSAIC"
    ],
    "InstitutionAddress": "University_Pkwy_1700_North_685_Provo_FC28C0_UT_US_84601",
    "InstitutionName": "Brigham_Young_University",
    "MagneticFieldStrength": 3,
    "Manufacturer": "Siemens",
    "ManufacturersModelName": "TrioTim",
    "PhaseEncodingDirection": "j-",
    "PhaseEncodingLines": 128,
    "ProcedureStepDescription": "Research_KIRWAN",
    "ProtocolName": "12Chan_1.8x1.8x1.8_TR1900_29Slice",
    "RepetitionTime": 1.9,
    "ScanningSequence": "EP",
    "SequenceName": "epfid2d1_128",
    "SequenceVariant": "SK",
    "SeriesDescription": "12Chan_1.8x1.8x1.8_TR1900_29Slice",
    "SliceTiming": [
      0,
      0.985,
      0.065,
      1.05,
      0.13,
      1.1175,
      0.195,
      1.1825,
      0.2625,
      1.2475,
      0.3275,
      1.315,
      0.3925,
      1.38,
      0.46,
      1.445,
      0.525,
      1.5125,
      0.59,
      1.5775,
      0.6575,
      1.6425,
      0.7225,
      1.7075,
      0.7875,
      1.775,
      0.855,
      1.84,
      0.92
    ],
    "SoftwareVersions": "syngo_MR_B17",
    "TaskName": "MST",
    "TotalReadoutTime": 0.0437508,
    "TrueEchoSpacing": 0.000700013,
    "dataset": "ds003711",
    "modality": "bold",
    "run_id": 1,
    "subject_id": "05",
    "task_id": "MST"
  },
  "dummy_trs": 0,
  "dvars_nstd": 75.67111370712234,
  "dvars_std": 1.0158210746043168,
  "dvars_vstd": 0.9974562045683457,
  "efc": 0.6472148520319646,
  "fber": 95.33435821533203,
  "fd_mean": 0.10396090307282889,
  "fd_num": 23,
  "fd_perc": 8.243727598566307,
  "fwhm_avg": 2.6882052554917295,
  "fwhm_x": 2.540267610619469,
  "fwhm_y": 2.7588814159292037,
  "fwhm_z": 2.7654667399265165,
  "gcor": 0.0111909,
  "gsr_x": -0.015504486858844757,
  "gsr_y": 0.05518036708235741,
  "provenance": {
    "md5sum": "96d1af8f5d1bc21885efa2bec35fa87b",
    "settings": {
      "fd_thres": 0.2,
      "testing": false
    },
    "software": "mriqc",
    "version": "22.0.0rc1",
    "webapi_port": null,
    "webapi_url": "https://mriqc.nimh.nih.gov/api/v1"
  },
  "size_t": 279,
  "size_x": 128,
  "size_y": 128,
  "size_z": 29,
  "snr": 4.1646161150493395,
  "spacing_tr": 1.899999976158142,
  "spacing_x": 1.765625,
  "spacing_y": 1.765625,
  "spacing_z": 1.7999999523162842,
  "summary_bg_k": 15.87871920828179,
  "summary_bg_mad": 12.413468040950598,
  "summary_bg_mean": 104.61190032958984,
  "summary_bg_median": 77.71684265136719,
  "summary_bg_n": 302178.0,
  "summary_bg_p05": 66.01433563232422,
  "summary_bg_p95": 261.1940826416014,
  "summary_bg_stdv": 73.70040893554688,
  "summary_fg_k": 0.9198949117642616,
  "summary_fg_mad": 169.11764070723703,
  "summary_fg_mean": 784.761962890625,
  "summary_fg_median": 779.4444580078125,
  "summary_fg_n": 99563.0,
  "summary_fg_p05": 490.2659454345703,
  "summary_fg_p95": 1098.5254272460936,
  "summary_fg_stdv": 187.1578369140625,
  "tsnr": 16.496752986568026
}