{
  "bids_meta": {
    "AcquisitionNumber": 1,
    "AcquisitionTime": "15:31:28.517500",
    "ConversionSoftware": "dcm2niix",
    "ConversionSoftwareVersion": "v1.0.20170724 (OpenJPEG build) GCC6.1.0",
    "DeviceSerialNumber": "35002",
    "EchoTime": 0.064,
    "EchoTrainLength": 15,
    "FlipAngle": 178,
    "ImageType": [
      "ORIGINAL",
      "PRIMARY",
      "M",
      "ND"
    ],
    "InstitutionAddress": "University_Pkwy_1700_North_685_Provo_FC28C0_UT_US_84601",
    "InstitutionName": "Brigham_Young_University",
    "MagneticFieldStrength": 3,
    "Manufacturer": "Siemens",
    "ManufacturersModelName": "TrioTim",
    "PhaseEncodingDirection": "i-",
    "PhaseEncodingLines": 512,
    "ProcedureStepDescription": "Research_KIRWAN",
    "ProtocolName": "HiRes_T2",
    "RepetitionTime": 9.25,
    "ScanningSequence": "SE",
    "SequenceName": "_tse2d1_15",
    "SequenceVariant": "SK_SP_OSP",
    "SeriesDescription": "HiRes_T2",
    "SoftwareVersions": "syngo_MR_B17",
    "dataset": "ds003711",
    "modality": "T2w",
    "subject_id": "39"
  },
  "cjv": 0.5398115582591391,
  "cnr": 0.9708404373465577,
  "efc": 0.5964091361123602,
  "fber": 91.99672329361195,
  "fwhm_avg": 3.8039195210271664,
  "fwhm_x": 4.6336768,
  "fwhm_y": 2.0520401630814997,
  "fwhm_z": 4.726041599999999,
  "icvs_csf": 0.11364824787094796,
  "icvs_gm": 0.4506190443100635,
  "icvs_wm": 0.43573270781898854,
  "inu_med": 1.036266565322876,
  "inu_range": 0.24166312217712405,
  "provenance": {
    "md5sum": "8512015a4a76c443ff1f144cdc0806aa",
    "settings": {
      "testing": false
    },
    "software": "mriqc",
    "version": "22.0.0rc1",
    "warnings": {
      "large_rot_frame": false,
      "small_air_mask": false
    },
    "webapi_port": null,
    "webapi_url": "https://mriqc.nimh.nih.gov/api/v1"
  },
  "qi_1": 0.011028392623505162,
  "qi_2": 7.988439731313768e-05,
  "rpve_csf": 30.930206363766843,
  "rpve_gm": 8.22539587951998,
  "rpve_wm": 8.788338991927311,
  "size_x": 512,
  "size_y": 19,
  "size_z": 512,
  "snr_csf": 2.3525200147195977,
  "snr_gm": 11.450828466819575,
  "snr_total": 7.39936934867746,
  "snr_wm": 8.394759564493208,
  "snrd_csf": 21.596681597050967,
  "snrd_gm": 12.896606229532507,
  "snrd_total": 14.460139288102662,
  "snrd_wm": 8.887130037724512,
  "spacing_x": 0.390625,
  "spacing_y": 2.999999761581421,
  "spacing_z": 0.390625,
  "summary_bg_k": 17.36705523436399,
  "summary_bg_mad": 75.77460340974005,
  "summary_bg_mean": 239.30957908047534,
  "summary_bg_median": 115.15246164798737,
  "summary_bg_n": 1833765.0,
  "summary_bg_p05": 26.65203332901001,
  "summary_bg_p95": 1176.6088831424713,
  "summary_bg_stdv": 442.95647901431965,
  "summary_csf_k": -1.0090371427595963,
  "summary_csf_mad": 1000.2944962387003,
  "summary_csf_mean": 2241.941326610031,
  "summary_csf_median": 2497.922629594803,
  "summary_csf_n": 83893.0,
  "summary_csf_p05": 486.79154992103577,
  "summary_csf_p95": 3531.629581093788,
  "summary_csf_stdv": 1061.8008460587673,
  "summary_gm_k": 0.15087781257110144,
  "summary_gm_mad": 128.42168215914532,
  "summary_gm_mean": 1496.242445286523,
  "summary_gm_median": 1491.6515947580338,
  "summary_gm_n": 314590.0,
  "summary_gm_p05": 1289.8016364574432,
  "summary_gm_p95": 1716.5477230548859,
  "summary_gm_stdv": 130.26561600251793,
  "summary_wm_k": -0.05154266900332738,
  "summary_wm_mad": 121.91343401352349,
  "summary_wm_mean": 1022.7628840808006,
  "summary_wm_median": 1027.9062148332596,
  "summary_wm_n": 322880.0,
  "summary_wm_p05": 813.9060648679733,
  "summary_wm_p95": 1218.31147646904,
  "summary_wm_stdv": 122.44598730405905,
  "tpm_overlap_csf": 0.05548473447561264,
  "tpm_overlap_gm": 0.2904016673564911,
  "tpm_overlap_wm": 0.2557483911514282,
  "wm2max": 0.2782133222342155
}