{
  "aor": 0.00045673835125448024,
  "aqi": 0.04681269999999999,
  "bids_meta": {
    "AccelFactPE": 2,
    "AcquisitionNumber": 1,
    "AcquisitionTime": "15:53:15.507500",
    "BandwidthPerPixelPhaseEncode": 22.321,
    "ConversionSoftware": "dcm2niix",
    "ConversionSoftwareVersion": "v1.0.20170724 (OpenJPEG build) GCC6.1.0",
    "DeviceSerialNumber": "35002",
    "EchoTime": 0.028,
    "EffectiveEchoSpacing": 0.000350007,
    "FlipAngle": 90,
    "ImageType": [
      "ORIGINAL",
      "PRIMARY",
      "M",
      "ND",
      "MOSAIC"
    ],
    "InstitutionAddress": "University_Pkwy_1700_North_685_Provo_FC28C0_UT_US_84601",
    "InstitutionName": "Brigham_Young_University",
    "MagneticFieldStrength": 3,
    "Manufacturer": "Siemens",
    "ManufacturersModelName": "TrioTim",
    "PhaseEncodingDirection": "j-",
    "PhaseEncodingLines": 128,
    "ProcedureStepDescription": "Research_KIRWAN",
    "ProtocolName": "12Chan_1.8x1.8x1.8_TR1900_29Slice",
    "RepetitionTime": 1.9,
    "ScanningSequence": "EP",
    "SequenceName": "epfid2d1_128",
    "SequenceVariant": "SK",
    "SeriesDescription": "12Chan_1.8x1.8x1.8_TR1900_29Slice",
    "SliceTiming": [
      0,
      0.9875,
      0.0675,
      1.0525,
      0.1325,
      1.12,
      0.1975,
      1.185,
      0.265,
      1.25,
      0.33,
      1.315,
      0.395,
      1.3825,
      0.4625,
      1.4475,
      0.5275,
      1.5125,
      0.5925,
      1.58,
      0.6575,
      1.645,
      0.725,
      1.71,
      0.79,
      1.7775,
      0.855,
      1.8425,
      0.9225
    ],
    "SoftwareVersions": "syngo_MR_B17",
    "TaskName": "MST",
    "TotalReadoutTime": 0.0437508,
    "TrueEchoSpacing": 0.000700013,
    "dataset": "ds003711",
    "modality": "bold",
    "run_id": 5,
    "subject_id": "03",
    "task_id": "MST"
  },
  "dummy_trs": 0,
  "dvars_nstd": 87.24395834294971,
  "dvars_std": 1.0394006932733815,
  "dvars_vstd": 1.0072010039208639,
  "efc": 0.6295740591431768,
  "fber": 101.64153289794922,
  "fd_mean": 0.12408865746395502,
  "fd_num": 43,
  "fd_perc": 15.412186379928315,
  "fwhm_avg": 2.4041341205230737,
  "fwhm_x": 2.2199221238938054,
  "fwhm_y": 2.5604247787610617,
  "fwhm_z": 2.4320554589143546,
  "gcor": 0.0167656,
  "gsr_x": -0.035877399146556854,
  "gsr_y": 0.058950405567884445,
  "provenance": {
    "md5sum": "3c0c1f35d6bfc3250ebe89e65a5d6408",
    "settings": {
      "fd_thres": 0.2,
      "testing": false
    },
    "software": "mriqc",
    "version": "22.0.0rc1",
    "webapi_port": null,
    "webapi_url": "https://mriqc.nimh.nih.gov/api/v1"
  },
  "size_t": 279,
  "size_x": 128,
  "size_y": 128,
  "size_z": 29,
  "snr": 4.5356414492405905,
  "spacing_tr": 1.899999976158142,
  "spacing_x": 1.765625,
  "spacing_y": 1.765625,
  "spacing_z": 1.8000000715255737,
  "summary_bg_k": 36.00906903712171,
  "summary_bg_mad": 14.161774041443936,
  "summary_bg_mean": 102.12401580810547,
  "summary_bg_median": 78.34408569335938,
  "summary_bg_n": 313661.0,
  "summary_bg_p05": 65.36559295654297,
  "summary_bg_p95": 215.6630859375,
  "summary_bg_stdv": 81.7686996459961,
  "summary_fg_k": 1.1441986300721902,
  "summary_fg_mad": 156.0877263184462,
  "summary_fg_mean": 807.9049682617188,
  "summary_fg_median": 795.5823974609375,
  "summary_fg_n": 93166.0,
  "summary_fg_p05": 548.1657867431641,
  "summary_fg_p95": 1111.7947692871094,
  "summary_fg_stdv": 175.40586853027344,
  "tsnr": 15.53364992281422
}