{
  "aor": 0.0014444086021505377,
  "aqi": 0.05091340931899642,
  "bids_meta": {
    "AccelFactPE": 2,
    "AcquisitionNumber": 1,
    "AcquisitionTime": "15:29:25.917500",
    "BandwidthPerPixelPhaseEncode": 22.321,
    "ConversionSoftware": "dcm2niix",
    "ConversionSoftwareVersion": "v1.0.20170724 (OpenJPEG build) GCC6.1.0",
    "DeviceSerialNumber": "35002",
    "EchoTime": 0.028,
    "EffectiveEchoSpacing": 0.000350007,
    "FlipAngle": 90,
    "ImageType": [
      "ORIGINAL",
      "PRIMARY",
      "M",
      "ND",
      "MOSAIC"
    ],
    "InstitutionAddress": "University_Pkwy_1700_North_685_Provo_FC28C0_UT_US_84601",
    "InstitutionName": "Brigham_Young_University",
    "MagneticFieldStrength": 3,
    "Manufacturer": "Siemens",
    "ManufacturersModelName": "TrioTim",
    "PhaseEncodingDirection": "j-",
    "PhaseEncodingLines": 128,
    "ProcedureStepDescription": "Research_KIRWAN",
    "ProtocolName": "12Chan_1.8x1.8x1.8_TR1900_29Slice",
    "RepetitionTime": 1.9,
    "ScanningSequence": "EP",
    "SequenceName": "epfid2d1_128",
    "SequenceVariant": "SK",
    "SeriesDescription": "12Chan_1.8x1.8x1.8_TR1900_29Slice",
    "SliceTiming": [
      0,
      0.9875,
      0.0675,
      1.0525,
      0.1325,
      1.12,
      0.1975,
      1.185,
      0.265,
      1.25,
      0.33,
      1.315,
      0.395,
      1.3825,
      0.46,
      1.4475,
      0.5275,
      1.5125,
      0.5925,
      1.58,
      0.6575,
      1.645,
      0.725,
      1.71,
      0.79,
      1.7775,
      0.855,
      1.8425,
      0.9225
    ],
    "SoftwareVersions": "syngo_MR_B17",
    "TaskName": "MST",
    "TotalReadoutTime": 0.0437508,
    "TrueEchoSpacing": 0.000700013,
    "dataset": "ds003711",
    "modality": "bold",
    "run_id": 3,
    "subject_id": "03",
    "task_id": "MST"
  },
  "dummy_trs": 0,
  "dvars_nstd": 93.48292780266178,
  "dvars_std": 1.0571727967985616,
  "dvars_vstd": 1.0168653587050354,
  "efc": 0.630748847507158,
  "fber": 93.77302551269531,
  "fd_mean": 0.13926752501485842,
  "fd_num": 43,
  "fd_perc": 15.412186379928315,
  "fwhm_avg": 2.4586171980407077,
  "fwhm_x": 2.2924573451327435,
  "fwhm_y": 2.6391221238938054,
  "fwhm_z": 2.444272125095574,
  "gcor": 0.0126543,
  "gsr_x": -0.039831288158893585,
  "gsr_y": 0.06723672151565552,
  "provenance": {
    "md5sum": "44f575cd868bfd0209a4144da7390388",
    "settings": {
      "fd_thres": 0.2,
      "testing": false
    },
    "software": "mriqc",
    "version": "22.0.0rc1",
    "webapi_port": null,
    "webapi_url": "https://mriqc.nimh.nih.gov/api/v1"
  },
  "size_t": 279,
  "size_x": 128,
  "size_y": 128,
  "size_z": 29,
  "snr": 4.320613229477214,
  "spacing_tr": 1.899999976158142,
  "spacing_x": 1.765625,
  "spacing_y": 1.765625,
  "spacing_z": 1.8000000715255737,
  "summary_bg_k": 36.42355653149802,
  "summary_bg_mad": 16.345827457582807,
  "summary_bg_mean": 104.23136138916016,
  "summary_bg_median": 80.415771484375,
  "summary_bg_n": 316711.0,
  "summary_bg_p05": 65.38351440429688,
  "summary_bg_p95": 217.9175567626953,
  "summary_bg_stdv": 81.67935180664062,
  "summary_fg_k": 1.176476989783004,
  "summary_fg_mad": 158.13358888296546,
  "summary_fg_mean": 798.875244140625,
  "summary_fg_median": 785.1541137695312,
  "summary_fg_n": 90017.0,
  "summary_fg_p05": 534.0186401367188,
  "summary_fg_p95": 1120.12255859375,
  "summary_fg_stdv": 181.72183227539062,
  "tsnr": 14.550097234081477
}