{
  "aor": 0.0006296014492753624,
  "aqi": 0.0501880963768116,
  "bids_meta": {
    "AccelFactPE": 2,
    "AcquisitionNumber": 1,
    "AcquisitionTime": "15:40:52.377500",
    "BandwidthPerPixelPhaseEncode": 22.321,
    "ConversionSoftware": "dcm2niix",
    "ConversionSoftwareVersion": "v1.0.20170724 (OpenJPEG build) GCC6.1.0",
    "DeviceSerialNumber": "35002",
    "EchoTime": 0.028,
    "EffectiveEchoSpacing": 0.000350007,
    "FlipAngle": 90,
    "ImageType": [
      "ORIGINAL",
      "PRIMARY",
      "M",
      "ND",
      "MOSAIC"
    ],
    "InstitutionAddress": "University_Pkwy_1700_North_685_Provo_FC28C0_UT_US_84601",
    "InstitutionName": "Brigham_Young_University",
    "MagneticFieldStrength": 3,
    "Manufacturer": "Siemens",
    "ManufacturersModelName": "TrioTim",
    "PhaseEncodingDirection": "j-",
    "PhaseEncodingLines": 128,
    "ProcedureStepDescription": "Research_KIRWAN",
    "ProtocolName": "12Chan_1.8x1.8x1.8_TR1900_29Slice",
    "RepetitionTime": 1.9,
    "ScanningSequence": "EP",
    "SequenceName": "epfid2d1_128",
    "SequenceVariant": "SK",
    "SeriesDescription": "12Chan_1.8x1.8x1.8_TR1900_29Slice",
    "SliceTiming": [
      0,
      0.9875,
      0.065,
      1.0525,
      0.1325,
      1.1175,
      0.1975,
      1.185,
      0.2625,
      1.25,
      0.33,
      1.315,
      0.395,
      1.3825,
      0.46,
      1.4475,
      0.5275,
      1.5125,
      0.5925,
      1.5775,
      0.6575,
      1.645,
      0.7225,
      1.71,
      0.79,
      1.775,
      0.855,
      1.8425,
      0.92
    ],
    "SoftwareVersions": "syngo_MR_B17",
    "TaskName": "MST",
    "TotalReadoutTime": 0.0437508,
    "TrueEchoSpacing": 0.000700013,
    "dataset": "ds003711",
    "modality": "bold",
    "run_id": 4,
    "subject_id": "03",
    "task_id": "MST"
  },
  "dummy_trs": 3,
  "dvars_nstd": 89.34408572119999,
  "dvars_std": 1.0351259277818177,
  "dvars_vstd": 1.000041633963636,
  "efc": 0.6294106140972423,
  "fber": 97.33504486083984,
  "fd_mean": 0.1678682046172768,
  "fd_num": 68,
  "fd_perc": 24.63768115942029,
  "fwhm_avg": 2.432000413878633,
  "fwhm_x": 2.2879093805309734,
  "fwhm_y": 2.601469734513274,
  "fwhm_z": 2.406622126591651,
  "gcor": 0.00909191,
  "gsr_x": -0.03926616162061691,
  "gsr_y": 0.06541680544614792,
  "provenance": {
    "md5sum": "710d06b8e9fa9437d8eba3dafd72d542",
    "settings": {
      "fd_thres": 0.2,
      "testing": false
    },
    "software": "mriqc",
    "version": "22.0.0rc1",
    "webapi_port": null,
    "webapi_url": "https://mriqc.nimh.nih.gov/api/v1"
  },
  "size_t": 276,
  "size_x": 128,
  "size_y": 128,
  "size_z": 29,
  "snr": 4.368787263370432,
  "spacing_tr": 1.899999976158142,
  "spacing_x": 1.765625,
  "spacing_y": 1.765625,
  "spacing_z": 1.8000000715255737,
  "summary_bg_k": 35.57122874840588,
  "summary_bg_mad": 15.019412460094092,
  "summary_bg_mean": 103.88421630859375,
  "summary_bg_median": 79.37681579589844,
  "summary_bg_n": 316453.0,
  "summary_bg_p05": 65.97826385498047,
  "summary_bg_p95": 220.36015014648424,
  "summary_bg_stdv": 82.93775939941406,
  "summary_fg_k": 1.1256782700049666,
  "summary_fg_mad": 158.82643213772548,
  "summary_fg_mean": 804.2100830078125,
  "summary_fg_median": 789.2808227539062,
  "summary_fg_n": 90366.0,
  "summary_fg_p05": 542.4637603759766,
  "summary_fg_p95": 1124.8450927734375,
  "summary_fg_stdv": 180.66259765625,
  "tsnr": 14.90731506049633
}