{
  "bids_meta": {
    "AcquisitionNumber": 1,
    "AcquisitionTime": "10:27:50.970000",
    "ConversionSoftware": "dcm2niix",
    "ConversionSoftwareVersion": "v1.0.20170724 (OpenJPEG build) GCC6.1.0",
    "DeviceSerialNumber": "35002",
    "EchoTime": 0.00226,
    "FlipAngle": 9,
    "ImageType": [
      "ORIGINAL",
      "PRIMARY",
      "M",
      "ND",
      "NORM"
    ],
    "InstitutionAddress": "University_Pkwy_1700_North_685_Provo_FC28C0_UT_US_84601",
    "InstitutionName": "Brigham_Young_University",
    "InversionTime": 0.9,
    "MagneticFieldStrength": 3,
    "Manufacturer": "Siemens",
    "ManufacturersModelName": "TrioTim",
    "PhaseEncodingDirection": "i-",
    "PhaseEncodingLines": 215,
    "ProcedureStepDescription": "Research_KIRWAN",
    "ProtocolName": "t1_mpr_sag_iso_mprage",
    "RepetitionTime": 1.9,
    "ScanningSequence": "GR_IR",
    "SequenceName": "_tfl3d1_ns",
    "SequenceVariant": "SP_MP_OSP",
    "SeriesDescription": "t1_mpr_sag_iso_mprage",
    "SoftwareVersions": "syngo_MR_B17",
    "dataset": "ds003711",
    "modality": "T1w",
    "subject_id": "09"
  },
  "cjv": 0.3782378117115685,
  "cnr": 3.5122635151827186,
  "efc": 0.6557670603108279,
  "fber": 1379.9376220703125,
  "fwhm_avg": 4.2678932,
  "fwhm_x": 4.10439,
  "fwhm_y": 4.489697280000001,
  "fwhm_z": 4.20959232,
  "icvs_csf": 0.20965640591897294,
  "icvs_gm": 0.40809405587890807,
  "icvs_wm": 0.382249538202119,
  "inu_med": 1.3218724727630615,
  "inu_range": 0.4713462233543395,
  "provenance": {
    "md5sum": "e09424dd9e29d50d015014deada96f86",
    "settings": {
      "testing": false
    },
    "software": "mriqc",
    "version": "22.0.0rc1",
    "warnings": {
      "large_rot_frame": true,
      "small_air_mask": false
    },
    "webapi_port": null,
    "webapi_url": "https://mriqc.nimh.nih.gov/api/v1"
  },
  "qi_1": 0.0,
  "qi_2": 0.005786486784961362,
  "rpve_csf": 21.28098519147632,
  "rpve_gm": 11.232560642746835,
  "rpve_wm": 14.685229885647793,
  "size_x": 176,
  "size_y": 224,
  "size_z": 256,
  "snr_csf": 3.3330816463267534,
  "snr_gm": 13.389628232673207,
  "snr_total": 13.52606616229263,
  "snr_wm": 23.855488607877927,
  "snrd_csf": 23.891195574960385,
  "snrd_gm": 49.10015676110761,
  "snrd_total": 46.11118230702558,
  "snrd_wm": 65.34219458500873,
  "spacing_x": 1.0,
  "spacing_y": 0.9765625,
  "spacing_z": 0.9765625,
  "summary_bg_k": 1.813313187246293,
  "summary_bg_mad": 10.026646527647038,
  "summary_bg_mean": 15.145759582519531,
  "summary_bg_median": 13.544546127319336,
  "summary_bg_n": 1862049.0,
  "summary_bg_p05": 3.3539664268493654,
  "summary_bg_p95": 33.85884628295898,
  "summary_bg_stdv": 10.108899116516113,
  "summary_csf_k": -0.17784116614216172,
  "summary_csf_mad": 111.6447702162066,
  "summary_csf_mean": 386.7520446777344,
  "summary_csf_median": 365.6468811035156,
  "summary_csf_n": 22531.0,
  "summary_csf_p05": 244.0231704711914,
  "summary_csf_p95": 593.0726013183594,
  "summary_csf_stdv": 109.69991302490234,
  "summary_gm_k": 0.09324499150370968,
  "summary_gm_mad": 54.02892416943648,
  "summary_gm_mean": 751.433837890625,
  "summary_gm_median": 751.4617309570312,
  "summary_gm_n": 12859.0,
  "summary_gm_p05": 657.3877014160156,
  "summary_gm_p95": 844.6898559570312,
  "summary_gm_stdv": 56.12049102783203,
  "summary_wm_k": 0.46260865209582525,
  "summary_wm_mad": 39.99306815698732,
  "summary_wm_mean": 999.1389770507812,
  "summary_wm_median": 1000.040771484375,
  "summary_wm_n": 230376.0,
  "summary_wm_p05": 928.5210418701172,
  "summary_wm_p95": 1065.8735046386719,
  "summary_wm_stdv": 41.920692443847656,
  "tpm_overlap_csf": 0.17850026488304138,
  "tpm_overlap_gm": 0.45031997561454773,
  "tpm_overlap_wm": 0.5176606178283691,
  "wm2max": 0.441248048200144
}