{
  "bids_meta": {
    "AcquisitionNumber": 1,
    "AcquisitionTime": "11:36:1.257500",
    "ConversionSoftware": "dcm2niix",
    "ConversionSoftwareVersion": "v1.0.20170724 (OpenJPEG build) GCC6.1.0",
    "DeviceSerialNumber": "35002",
    "EchoTime": 0.064,
    "EchoTrainLength": 15,
    "FlipAngle": 178,
    "ImageType": [
      "ORIGINAL",
      "PRIMARY",
      "M",
      "ND"
    ],
    "InstitutionAddress": "University_Pkwy_1700_North_685_Provo_FC28C0_UT_US_84601",
    "InstitutionName": "Brigham_Young_University",
    "MagneticFieldStrength": 3,
    "Manufacturer": "Siemens",
    "ManufacturersModelName": "TrioTim",
    "PhaseEncodingDirection": "i-",
    "PhaseEncodingLines": 512,
    "ProcedureStepDescription": "Research_KIRWAN",
    "ProtocolName": "HiRes_T2",
    "RepetitionTime": 6.26,
    "ScanningSequence": "SE",
    "SequenceName": "_tse2d1_15",
    "SequenceVariant": "SK_SP_OSP",
    "SeriesDescription": "HiRes_T2",
    "SoftwareVersions": "syngo_MR_B17",
    "dataset": "ds003711",
    "modality": "T2w",
    "subject_id": "09"
  },
  "cjv": 0.614789510550022,
  "cnr": 1.157036280979193,
  "efc": 0.6050846672004752,
  "fber": 74.1863502885092,
  "fwhm_avg": 3.74577215665105,
  "fwhm_x": 4.512563544281276,
  "fwhm_y": 1.9681193256718743,
  "fwhm_z": 4.7566336,
  "icvs_csf": 0.22251974711315956,
  "icvs_gm": 0.5468714435336919,
  "icvs_wm": 0.23060880935314856,
  "inu_med": 1.109447956085205,
  "inu_range": 0.2648464590311048,
  "provenance": {
    "md5sum": "5d90f7bbefd48a7291114b15333bf98c",
    "settings": {
      "testing": false
    },
    "software": "mriqc",
    "version": "22.0.0rc1",
    "warnings": {
      "large_rot_frame": false,
      "small_air_mask": false
    },
    "webapi_port": null,
    "webapi_url": "https://mriqc.nimh.nih.gov/api/v1"
  },
  "qi_1": 0.015475491381394866,
  "qi_2": 0.00013132911942698346,
  "rpve_csf": 13.611447128576621,
  "rpve_gm": 6.770448158867219,
  "rpve_wm": 14.248129110946552,
  "size_x": 512,
  "size_y": 19,
  "size_z": 512,
  "snr_csf": 4.174367681146592,
  "snr_gm": 10.130154899663419,
  "snr_total": 6.613586101206532,
  "snr_wm": 5.536235722809585,
  "snrd_csf": 17.945669910747956,
  "snrd_gm": 10.138725652871212,
  "snrd_total": 11.650191338450716,
  "snrd_wm": 6.8661784517329805,
  "spacing_x": 0.3906249701976776,
  "spacing_y": 2.9999959468841553,
  "spacing_z": 0.390625,
  "summary_bg_k": 25.83364321413424,
  "summary_bg_mad": 98.88695959522323,
  "summary_bg_mean": 241.835437965207,
  "summary_bg_median": 155.5766063556075,
  "summary_bg_n": 1482052.0,
  "summary_bg_p05": 35.91443728655577,
  "summary_bg_p95": 819.0070357918739,
  "summary_bg_stdv": 352.696645258919,
  "summary_csf_k": -0.02290826418478309,
  "summary_csf_mad": 637.4405549292081,
  "summary_csf_mean": 2837.856122871941,
  "summary_csf_median": 2708.737899698317,
  "summary_csf_n": 128262.0,
  "summary_csf_p05": 2018.0756441876292,
  "summary_csf_p95": 4042.9395116865635,
  "summary_csf_stdv": 648.89524526504,
  "summary_gm_k": -0.004135273996677569,
  "summary_gm_mad": 150.72947214041127,
  "summary_gm_mean": 1532.0556785142687,
  "summary_gm_median": 1530.3496925532818,
  "summary_gm_n": 281078.0,
  "summary_gm_p05": 1285.5000563710928,
  "summary_gm_p95": 1783.3294101431966,
  "summary_gm_stdv": 151.06846691112318,
  "summary_wm_k": 1.376142820158969,
  "summary_wm_mad": 152.9529659064577,
  "summary_wm_mean": 1010.859433286086,
  "summary_wm_median": 1036.3880474120378,
  "summary_wm_n": 121846.0,
  "summary_wm_p05": 654.2150216270238,
  "summary_wm_p95": 1274.9230572581291,
  "summary_wm_stdv": 187.2000843954302,
  "tpm_overlap_csf": 0.08737067133188248,
  "tpm_overlap_gm": 0.3577928841114044,
  "tpm_overlap_wm": 0.1822144091129303,
  "wm2max": 0.24320835347527794
}