{
  "aor": 0.00031702508960573475,
  "aqi": 0.054780901433691756,
  "bids_meta": {
    "AccelFactPE": 2,
    "AcquisitionNumber": 1,
    "AcquisitionTime": "11:24:54.150000",
    "BandwidthPerPixelPhaseEncode": 22.321,
    "ConversionSoftware": "dcm2niix",
    "ConversionSoftwareVersion": "v1.0.20170724 (OpenJPEG build) GCC6.1.0",
    "DeviceSerialNumber": "35002",
    "EchoTime": 0.028,
    "EffectiveEchoSpacing": 0.000350007,
    "FlipAngle": 90,
    "ImageType": [
      "ORIGINAL",
      "PRIMARY",
      "M",
      "ND",
      "MOSAIC"
    ],
    "InstitutionAddress": "University_Pkwy_1700_North_685_Provo_FC28C0_UT_US_84601",
    "InstitutionName": "Brigham_Young_University",
    "MagneticFieldStrength": 3,
    "Manufacturer": "Siemens",
    "ManufacturersModelName": "TrioTim",
    "PhaseEncodingDirection": "j-",
    "PhaseEncodingLines": 128,
    "ProcedureStepDescription": "Research_KIRWAN",
    "ProtocolName": "12Chan_1.8x1.8x1.8_TR1900_29Slice",
    "RepetitionTime": 1.9,
    "ScanningSequence": "EP",
    "SequenceName": "epfid2d1_128",
    "SequenceVariant": "SK",
    "SeriesDescription": "12Chan_1.8x1.8x1.8_TR1900_29Slice",
    "SliceTiming": [
      0,
      0.9875,
      0.065,
      1.0525,
      0.1325,
      1.1175,
      0.1975,
      1.185,
      0.2625,
      1.25,
      0.33,
      1.315,
      0.395,
      1.3825,
      0.46,
      1.4475,
      0.5275,
      1.5125,
      0.5925,
      1.5775,
      0.6575,
      1.645,
      0.725,
      1.71,
      0.79,
      1.775,
      0.855,
      1.8425,
      0.92
    ],
    "SoftwareVersions": "syngo_MR_B17",
    "TaskName": "MST",
    "TotalReadoutTime": 0.0437508,
    "TrueEchoSpacing": 0.000700013,
    "dataset": "ds003711",
    "modality": "bold",
    "run_id": 3,
    "subject_id": "24",
    "task_id": "MST"
  },
  "dummy_trs": 0,
  "dvars_nstd": 92.76992221543163,
  "dvars_std": 1.0262954466187049,
  "dvars_vstd": 1.0047477469064743,
  "efc": 0.6654838461715721,
  "fber": 71.64497375488281,
  "fd_mean": 0.1791451897420296,
  "fd_num": 106,
  "fd_perc": 37.992831541218635,
  "fwhm_avg": 2.2179845257908783,
  "fwhm_x": 2.1240580530973454,
  "fwhm_y": 2.3700899115044245,
  "fwhm_z": 2.159805612770865,
  "gcor": 0.00397911,
  "gsr_x": -0.017697038128972054,
  "gsr_y": 0.043776482343673706,
  "provenance": {
    "md5sum": "0b18cd2cff94c2f6bad2e84c2a44d6a1",
    "settings": {
      "fd_thres": 0.2,
      "testing": false
    },
    "software": "mriqc",
    "version": "22.0.0rc1",
    "webapi_port": null,
    "webapi_url": "https://mriqc.nimh.nih.gov/api/v1"
  },
  "size_t": 279,
  "size_x": 128,
  "size_y": 128,
  "size_z": 29,
  "snr": 4.774342222837841,
  "spacing_tr": 1.899999976158142,
  "spacing_x": 1.765625,
  "spacing_y": 1.765625,
  "spacing_z": 1.7999999523162842,
  "summary_bg_k": 28.61160133155833,
  "summary_bg_mad": 16.855958358556197,
  "summary_bg_mean": 115.8462142944336,
  "summary_bg_median": 90.03225708007812,
  "summary_bg_n": 308789.0,
  "summary_bg_p05": 73.24014282226562,
  "summary_bg_p95": 257.4903259277337,
  "summary_bg_stdv": 80.9341812133789,
  "summary_fg_k": 1.2733459573107346,
  "summary_fg_mad": 138.24333631726688,
  "summary_fg_mean": 771.4222412109375,
  "summary_fg_median": 772.2616577148438,
  "summary_fg_n": 94617.0,
  "summary_fg_p05": 498.2874450683594,
  "summary_fg_p95": 1031.4774414062497,
  "summary_fg_stdv": 161.75161743164062,
  "tsnr": 14.479102409211919
}