{
  "aor": 0.0002959139784946236,
  "aqi": 0.04440489390681004,
  "bids_meta": {
    "AccelFactPE": 2,
    "AcquisitionNumber": 1,
    "AcquisitionTime": "11:03:35.660000",
    "BandwidthPerPixelPhaseEncode": 22.321,
    "ConversionSoftware": "dcm2niix",
    "ConversionSoftwareVersion": "v1.0.20170724 (OpenJPEG build) GCC6.1.0",
    "DeviceSerialNumber": "35002",
    "EchoTime": 0.028,
    "EffectiveEchoSpacing": 0.000350007,
    "FlipAngle": 90,
    "ImageType": [
      "ORIGINAL",
      "PRIMARY",
      "M",
      "ND",
      "MOSAIC"
    ],
    "InstitutionAddress": "University_Pkwy_1700_North_685_Provo_FC28C0_UT_US_84601",
    "InstitutionName": "Brigham_Young_University",
    "MagneticFieldStrength": 3,
    "Manufacturer": "Siemens",
    "ManufacturersModelName": "TrioTim",
    "PhaseEncodingDirection": "j-",
    "PhaseEncodingLines": 128,
    "ProcedureStepDescription": "Research_KIRWAN",
    "ProtocolName": "12Chan_1.8x1.8x1.8_TR1900_29Slice",
    "RepetitionTime": 1.9,
    "ScanningSequence": "EP",
    "SequenceName": "epfid2d1_128",
    "SequenceVariant": "SK",
    "SeriesDescription": "12Chan_1.8x1.8x1.8_TR1900_29Slice",
    "SliceTiming": [
      0,
      0.9875,
      0.065,
      1.0525,
      0.1325,
      1.1175,
      0.1975,
      1.1825,
      0.2625,
      1.25,
      0.33,
      1.315,
      0.395,
      1.38,
      0.46,
      1.4475,
      0.525,
      1.5125,
      0.5925,
      1.5775,
      0.6575,
      1.645,
      0.7225,
      1.71,
      0.79,
      1.775,
      0.855,
      1.8425,
      0.92
    ],
    "SoftwareVersions": "syngo_MR_B17",
    "TaskName": "MST",
    "TotalReadoutTime": 0.0437508,
    "TrueEchoSpacing": 0.000700013,
    "dataset": "ds003711",
    "modality": "bold",
    "run_id": 1,
    "subject_id": "24",
    "task_id": "MST"
  },
  "dummy_trs": 0,
  "dvars_nstd": 83.66230784866902,
  "dvars_std": 1.0239402783812956,
  "dvars_vstd": 1.0027088326978422,
  "efc": 0.6535496481856324,
  "fber": 84.29411315917969,
  "fd_mean": 0.15041644739064494,
  "fd_num": 60,
  "fd_perc": 21.50537634408602,
  "fwhm_avg": 2.2632991024301776,
  "fwhm_x": 2.118286725663717,
  "fwhm_y": 2.388332743362832,
  "fwhm_z": 2.283277838263984,
  "gcor": 0.00920864,
  "gsr_x": -0.017091428861021996,
  "gsr_y": 0.04291683807969093,
  "provenance": {
    "md5sum": "e7befadafac93d3878b6fbac08056fe0",
    "settings": {
      "fd_thres": 0.2,
      "testing": false
    },
    "software": "mriqc",
    "version": "22.0.0rc1",
    "webapi_port": null,
    "webapi_url": "https://mriqc.nimh.nih.gov/api/v1"
  },
  "size_t": 279,
  "size_x": 128,
  "size_y": 128,
  "size_z": 29,
  "snr": 4.78044984645454,
  "spacing_tr": 1.899999976158142,
  "spacing_x": 1.765625,
  "spacing_y": 1.765625,
  "spacing_z": 1.7999999523162842,
  "summary_bg_k": 24.96082636721951,
  "summary_bg_mad": 13.348736304461625,
  "summary_bg_mean": 109.40619659423828,
  "summary_bg_median": 82.8136215209961,
  "summary_bg_n": 310460.0,
  "summary_bg_p05": 69.71326446533203,
  "summary_bg_p95": 255.15054321289062,
  "summary_bg_stdv": 79.26403045654297,
  "summary_fg_k": 1.175068064334492,
  "summary_fg_mad": 141.3865815175172,
  "summary_fg_mean": 772.8162841796875,
  "summary_fg_median": 772.7670288085938,
  "summary_fg_n": 93538.0,
  "summary_fg_p05": 506.3829742431641,
  "summary_fg_p95": 1033.372802734375,
  "summary_fg_stdv": 161.65066528320312,
  "tsnr": 15.836171977804042
}