{
  "aor": 0.00034089605734767027,
  "aqi": 0.05344591362007168,
  "bids_meta": {
    "AccelFactPE": 2,
    "AcquisitionNumber": 1,
    "AcquisitionTime": "11:14:47.337500",
    "BandwidthPerPixelPhaseEncode": 22.321,
    "ConversionSoftware": "dcm2niix",
    "ConversionSoftwareVersion": "v1.0.20170724 (OpenJPEG build) GCC6.1.0",
    "DeviceSerialNumber": "35002",
    "EchoTime": 0.028,
    "EffectiveEchoSpacing": 0.000350007,
    "FlipAngle": 90,
    "ImageType": [
      "ORIGINAL",
      "PRIMARY",
      "M",
      "ND",
      "MOSAIC"
    ],
    "InstitutionAddress": "University_Pkwy_1700_North_685_Provo_FC28C0_UT_US_84601",
    "InstitutionName": "Brigham_Young_University",
    "MagneticFieldStrength": 3,
    "Manufacturer": "Siemens",
    "ManufacturersModelName": "TrioTim",
    "PhaseEncodingDirection": "j-",
    "PhaseEncodingLines": 128,
    "ProcedureStepDescription": "Research_KIRWAN",
    "ProtocolName": "12Chan_1.8x1.8x1.8_TR1900_29Slice",
    "RepetitionTime": 1.9,
    "ScanningSequence": "EP",
    "SequenceName": "epfid2d1_128",
    "SequenceVariant": "SK",
    "SeriesDescription": "12Chan_1.8x1.8x1.8_TR1900_29Slice",
    "SliceTiming": [
      0,
      0.9875,
      0.0675,
      1.0525,
      0.1325,
      1.1175,
      0.1975,
      1.185,
      0.265,
      1.25,
      0.33,
      1.315,
      0.395,
      1.3825,
      0.46,
      1.4475,
      0.5275,
      1.5125,
      0.5925,
      1.58,
      0.6575,
      1.645,
      0.725,
      1.71,
      0.79,
      1.7775,
      0.855,
      1.8425,
      0.9225
    ],
    "SoftwareVersions": "syngo_MR_B17",
    "TaskName": "MST",
    "TotalReadoutTime": 0.0437508,
    "TrueEchoSpacing": 0.000700013,
    "dataset": "ds003711",
    "modality": "bold",
    "run_id": 2,
    "subject_id": "24",
    "task_id": "MST"
  },
  "dummy_trs": 0,
  "dvars_nstd": 89.81151674097119,
  "dvars_std": 1.0169695266906478,
  "dvars_vstd": 0.9989823749640285,
  "efc": 0.660508310177761,
  "fber": 75.21197509765625,
  "fd_mean": 0.18961677224024417,
  "fd_num": 106,
  "fd_perc": 37.992831541218635,
  "fwhm_avg": 2.2998334480792284,
  "fwhm_x": 2.2121401769911504,
  "fwhm_y": 2.456965663716814,
  "fwhm_z": 2.230394503529721,
  "gcor": 0.00436712,
  "gsr_x": -0.016014866530895233,
  "gsr_y": 0.0430949442088604,
  "provenance": {
    "md5sum": "c632856a233beffb6f92d8577ad5a27c",
    "settings": {
      "fd_thres": 0.2,
      "testing": false
    },
    "software": "mriqc",
    "version": "22.0.0rc1",
    "webapi_port": null,
    "webapi_url": "https://mriqc.nimh.nih.gov/api/v1"
  },
  "size_t": 279,
  "size_x": 128,
  "size_y": 128,
  "size_z": 29,
  "snr": 4.734538586245252,
  "spacing_tr": 1.899999976158142,
  "spacing_x": 1.765625,
  "spacing_y": 1.765625,
  "spacing_z": 1.7999999523162842,
  "summary_bg_k": 25.70580423571134,
  "summary_bg_mad": 16.01636155473237,
  "summary_bg_mean": 112.94125366210938,
  "summary_bg_median": 87.45877838134766,
  "summary_bg_n": 308766.0,
  "summary_bg_p05": 71.87813568115234,
  "summary_bg_p95": 250.30466079711914,
  "summary_bg_stdv": 77.36640930175781,
  "summary_fg_k": 1.174618218603542,
  "summary_fg_mad": 140.24671342392554,
  "summary_fg_mean": 769.9934692382812,
  "summary_fg_median": 769.9014282226562,
  "summary_fg_n": 94106.0,
  "summary_fg_p05": 497.0313720703125,
  "summary_fg_p95": 1031.8306274414062,
  "summary_fg_stdv": 162.6129608154297,
  "tsnr": 14.26928156876238
}